{
  "aor": 0.004978454106280192,
  "aqi": 0.012200545362318842,
  "bids_meta": {
    "AcquisitionMatrixPE": 64,
    "BandwidthPerPixelPhaseEncode": 30.637,
    "BaseResolution": 64,
    "DerivedVendorReportedEchoSpacing": 0.000510004,
    "DwellTime": 3.5e-06,
    "EchoTime": 0.03,
    "EffectiveEchoSpacing": 0.000510004,
    "FlipAngle": 78,
    "ImagingFrequency": 123.143,
    "InstitutionName": "Virginia_Tech_Carilion_Research_Institute",
    "MagneticFieldStrength": 3,
    "Manufacturer": "Siemens",
    "ManufacturersModelName": "TrioTim",
    "Modality": "MR",
    "PartialFourier": 1,
    "PercentPhaseFOV": 100,
    "PercentSampling": 100,
    "PhaseEncodingDirection": "j-",
    "PhaseEncodingSteps": 64,
    "PhaseResolution": 1,
    "PixelBandwidth": 2232,
    "ReceiveCoilName": "HeadMatrix",
    "ReconMatrixPE": 64,
    "RepetitionTime": 2,
    "SAR": 0.149361,
    "ShimSetting": [
      5774,
      -10010,
      1683,
      307,
      -116,
      -314,
      244,
      -382
    ],
    "SliceThickness": 3,
    "SliceTiming": [
      1.945,
      1.8825,
      1.82,
      1.7575,
      1.695,
      1.6325,
      1.5675,
      1.505,
      1.4425,
      1.38,
      1.3175,
      1.255,
      1.1925,
      1.13,
      1.0675,
      1.005,
      0.9425,
      0.8775,
      0.815,
      0.7525,
      0.69,
      0.6275,
      0.565,
      0.5025,
      0.44,
      0.3775,
      0.315,
      0.2525,
      0.1875,
      0.125,
      0.0625,
      0
    ],
    "SoftwareVersions": "syngo_MR_B17",
    "SpacingBetweenSlices": 3.15,
    "TaskName": "DG",
    "TotalReadoutTime": 0.0321303,
    "TxRefAmp": 322.857,
    "dataset": "ds004128",
    "modality": "bold",
    "run_id": 2,
    "subject_id": "BQEOSS",
    "task_id": "DG"
  },
  "dummy_trs": 0,
  "dvars_nstd": 28.047566343112933,
  "dvars_std": 1.1998110039516139,
  "dvars_vstd": 1.0408373651612894,
  "efc": 0.5999320320834677,
  "fber": 778.4397583007812,
  "fd_mean": 0.24399853063662286,
  "fd_num": 305,
  "fd_perc": 49.11433172302738,
  "fwhm_avg": 1.8550728378430268,
  "fwhm_x": 1.74516,
  "fwhm_y": 1.90763,
  "fwhm_z": 1.9124285135290806,
  "gcor": 0.0694344,
  "gsr_x": -0.011552132666110992,
  "gsr_y": 0.025373617187142372,
  "provenance": {
    "md5sum": "d0388103a601e9419af7a2d844ebe3ab",
    "settings": {
      "fd_thres": 0.2,
      "testing": false
    },
    "software": "mriqc",
    "version": "23.0.0",
    "webapi_port": null,
    "webapi_url": "https://mriqc.nimh.nih.gov/api/v1"
  },
  "size_t": 621,
  "size_x": 64,
  "size_y": 64,
  "size_z": 32,
  "snr": 6.11749395275498,
  "spacing_tr": 2.0,
  "spacing_x": 3.0,
  "spacing_y": 3.0,
  "spacing_z": 3.1500000953674316,
  "summary_bg_k": 23.97144082106281,
  "summary_bg_mad": 8.100594566163112,
  "summary_bg_mean": 47.725128173828125,
  "summary_bg_median": 25.388084411621094,
  "summary_bg_n": 68326.0,
  "summary_bg_p05": 19.628019332885742,
  "summary_bg_p95": 153.96820068359375,
  "summary_bg_stdv": 57.503074645996094,
  "summary_fg_k": 0.9526522890286464,
  "summary_fg_mad": 115.11296808776146,
  "summary_fg_mean": 760.7659301757812,
  "summary_fg_median": 749.3197021484375,
  "summary_fg_n": 31812.0,
  "summary_fg_p05": 578.9197418212891,
  "summary_fg_p95": 969.4017150878906,
  "summary_fg_stdv": 122.48609161376953,
  "tsnr": 50.15391558880219
}