{
  "bids_meta": {
    "AcquisitionMatrixPE": 230,
    "BaseResolution": 256,
    "DwellTime": 8.2e-06,
    "EchoTime": 0.00298,
    "FlipAngle": 9,
    "ImagingFrequency": 123.143,
    "InstitutionName": "Virginia_Tech_Carilion_Research_Institute",
    "InversionTime": 0.9,
    "MagneticFieldStrength": 3,
    "Manufacturer": "Siemens",
    "ManufacturersModelName": "TrioTim",
    "Modality": "MR",
    "ParallelReductionFactorInPlane": 2,
    "PartialFourier": 1,
    "PercentPhaseFOV": 93.75,
    "PercentSampling": 96,
    "PhaseEncodingSteps": 230,
    "PhaseResolution": 0.96,
    "PixelBandwidth": 238,
    "ReconMatrixPE": 240,
    "RefLinesPE": 24,
    "RepetitionTime": 2.3,
    "SAR": 0.103976,
    "ShimSetting": [
      5773,
      -10058,
      1620,
      121,
      -144,
      -489,
      193,
      -298
    ],
    "SliceThickness": 1,
    "SoftwareVersions": "syngo_MR_B17",
    "TxRefAmp": 322.857,
    "dataset": "ds004128",
    "modality": "T1w",
    "subject_id": "ITSFVT"
  },
  "cjv": 0.4132781221272674,
  "cnr": 3.30500863530306,
  "efc": 0.6610693010718433,
  "fber": 8491.933120818077,
  "fwhm_avg": 3.4535066666666663,
  "fwhm_x": 3.55249,
  "fwhm_y": 3.49754,
  "fwhm_z": 3.31049,
  "icvs_csf": 0.200634932846518,
  "icvs_gm": 0.45653015856224927,
  "icvs_wm": 0.3428349085912327,
  "inu_med": 0.727078914642334,
  "inu_range": 0.39174465537071224,
  "provenance": {
    "md5sum": "254248b3d22066f192c2dd84b420a0f0",
    "settings": {
      "testing": false
    },
    "software": "mriqc",
    "version": "23.0.0",
    "warnings": {
      "large_rot_frame": false,
      "small_air_mask": false
    },
    "webapi_port": null,
    "webapi_url": "https://mriqc.nimh.nih.gov/api/v1"
  },
  "qi_1": 0.0,
  "qi_2": 0.0036900898770392387,
  "rpve_csf": 12.293173221572312,
  "rpve_gm": 5.589551949038876,
  "rpve_wm": 8.095424510936489,
  "size_x": 160,
  "size_y": 184,
  "size_z": 176,
  "snr_csf": 2.0584465897176565,
  "snr_gm": 10.35870214453945,
  "snr_total": 9.505249785924999,
  "snr_wm": 16.09860062351789,
  "snrd_csf": 9.061174554201804,
  "snrd_gm": 26.16351694344065,
  "snrd_total": 24.327964311430197,
  "snrd_wm": 37.759201436648134,
  "spacing_x": 1.0,
  "spacing_y": 1.0,
  "spacing_z": 1.0,
  "summary_bg_k": 7.90978859385387,
  "summary_bg_mad": 0.0,
  "summary_bg_mean": 10.418619376385866,
  "summary_bg_median": 0.0,
  "summary_bg_n": 1026632.0,
  "summary_bg_p05": 0.0,
  "summary_bg_p95": 45.67647701874375,
  "summary_bg_stdv": 17.35037741951285,
  "summary_csf_k": 1.3875501154983674,
  "summary_csf_mad": 101.61389543914832,
  "summary_csf_mean": 255.15858183278786,
  "summary_csf_median": 239.97262002155185,
  "summary_csf_n": 29848.0,
  "summary_csf_p05": 89.66461272910237,
  "summary_csf_p95": 474.633809548616,
  "summary_csf_stdv": 116.57752077481845,
  "summary_gm_k": 0.02531705892321856,
  "summary_gm_mad": 66.43465067992254,
  "summary_gm_mean": 691.9475728120962,
  "summary_gm_median": 692.9043991304934,
  "summary_gm_n": 26227.0,
  "summary_gm_p05": 579.616697337851,
  "summary_gm_p95": 799.5299973819403,
  "summary_gm_stdv": 66.88976858134079,
  "summary_wm_k": 0.2682112414692095,
  "summary_wm_mad": 60.48124002836125,
  "summary_wm_mean": 1001.4669994090419,
  "summary_wm_median": 999.9999938718975,
  "summary_wm_n": 164703.0,
  "summary_wm_p05": 902.578137293458,
  "summary_wm_p95": 1105.8635569922626,
  "summary_wm_stdv": 62.11701137793526,
  "tpm_overlap_csf": 0.1779657587700124,
  "tpm_overlap_gm": 0.4825861863229614,
  "tpm_overlap_wm": 0.5033667631860855,
  "wm2max": 0.41113792236483193
}