{
  "bids_meta": {
    "AcquisitionMatrixPE": 230,
    "BaseResolution": 256,
    "DwellTime": 8.2e-06,
    "EchoTime": 0.00298,
    "FlipAngle": 9,
    "ImagingFrequency": 123.143,
    "InstitutionName": "Virginia_Tech_Carilion_Research_Institute",
    "InversionTime": 0.9,
    "MagneticFieldStrength": 3,
    "Manufacturer": "Siemens",
    "ManufacturersModelName": "TrioTim",
    "Modality": "MR",
    "ParallelReductionFactorInPlane": 2,
    "PartialFourier": 1,
    "PercentPhaseFOV": 93.75,
    "PercentSampling": 96,
    "PhaseEncodingSteps": 230,
    "PhaseResolution": 0.96,
    "PixelBandwidth": 238,
    "ReconMatrixPE": 240,
    "RefLinesPE": 24,
    "RepetitionTime": 2.3,
    "SAR": 0.103976,
    "ShimSetting": [
      5773,
      -10058,
      1620,
      121,
      -144,
      -489,
      193,
      -298
    ],
    "SliceThickness": 1,
    "SoftwareVersions": "syngo_MR_B17",
    "TxRefAmp": 322.857,
    "dataset": "ds004128",
    "modality": "T1w",
    "subject_id": "INTQZE"
  },
  "cjv": 0.4263230029709461,
  "cnr": 3.2311782781538754,
  "efc": 0.6666700994328826,
  "fber": 11881.0,
  "fwhm_avg": 3.813266666666667,
  "fwhm_x": 3.87114,
  "fwhm_y": 3.9991,
  "fwhm_z": 3.56956,
  "icvs_csf": 0.22186176315428063,
  "icvs_gm": 0.393865243093134,
  "icvs_wm": 0.3842729937525854,
  "inu_med": 0.6334255337715149,
  "inu_range": 0.2699049189686775,
  "provenance": {
    "md5sum": "afd870e257e24ff5f68e4de5ce2d8c6b",
    "settings": {
      "testing": false
    },
    "software": "mriqc",
    "version": "23.0.0",
    "warnings": {
      "large_rot_frame": false,
      "small_air_mask": false
    },
    "webapi_port": null,
    "webapi_url": "https://mriqc.nimh.nih.gov/api/v1"
  },
  "qi_1": 0.0,
  "qi_2": 0.0035483963480771215,
  "rpve_csf": 13.427108109931385,
  "rpve_gm": 7.4094755054011925,
  "rpve_wm": 8.925351423642068,
  "size_x": 160,
  "size_y": 195,
  "size_z": 200,
  "snr_csf": 1.8399376381478436,
  "snr_gm": 8.323291305674722,
  "snr_total": 9.302775446165963,
  "snr_wm": 17.745097394675323,
  "snrd_csf": 9.667711732789801,
  "snrd_gm": 30.69242929079901,
  "snrd_total": 28.567361881532467,
  "snrd_wm": 45.341944621008594,
  "spacing_x": 1.0,
  "spacing_y": 1.0,
  "spacing_z": 1.0,
  "summary_bg_k": 9.109717603951527,
  "summary_bg_mad": 0.0,
  "summary_bg_mean": 7.832282842520392,
  "summary_bg_median": 0.0,
  "summary_bg_n": 1070455.0,
  "summary_bg_p05": 0.0,
  "summary_bg_p95": 38.286595076322556,
  "summary_bg_stdv": 14.449364850005587,
  "summary_csf_k": 2.3503103222300687,
  "summary_csf_mad": 114.2312649553776,
  "summary_csf_mean": 225.85496443558964,
  "summary_csf_median": 213.2262748517096,
  "summary_csf_n": 44535.0,
  "summary_csf_p05": 60.47541722282767,
  "summary_csf_p95": 433.86068943254634,
  "summary_csf_stdv": 115.88647163874899,
  "summary_gm_k": -0.08293825905764818,
  "summary_gm_mad": 82.44823333021607,
  "summary_gm_mean": 676.925674816268,
  "summary_gm_median": 676.9370606727898,
  "summary_gm_n": 19363.0,
  "summary_gm_p05": 542.2615893557668,
  "summary_gm_p95": 810.4971580423413,
  "summary_gm_stdv": 81.32835382268175,
  "summary_wm_k": 0.1765030492997246,
  "summary_wm_mad": 55.29778380540096,
  "summary_wm_mean": 1000.348810447405,
  "summary_wm_median": 1000.0395350307226,
  "summary_wm_n": 224188.0,
  "summary_wm_p05": 908.1991695687175,
  "summary_wm_p95": 1093.42243893072,
  "summary_wm_stdv": 56.35569545924921,
  "tpm_overlap_csf": 0.1672431241496927,
  "tpm_overlap_gm": 0.450478509123789,
  "tpm_overlap_wm": 0.5128198772100945,
  "wm2max": 0.49697302270278515
}