{
  "bids_meta": {
    "AcquisitionMatrixPE": 230,
    "BaseResolution": 256,
    "DwellTime": 8.2e-06,
    "EchoTime": 0.00298,
    "FlipAngle": 9,
    "ImagingFrequency": 123.143,
    "InstitutionName": "Virginia_Tech_Carilion_Research_Institute",
    "InversionTime": 0.9,
    "MagneticFieldStrength": 3,
    "Manufacturer": "Siemens",
    "ManufacturersModelName": "TrioTim",
    "Modality": "MR",
    "ParallelReductionFactorInPlane": 2,
    "PartialFourier": 1,
    "PercentPhaseFOV": 93.75,
    "PercentSampling": 96,
    "PhaseEncodingSteps": 230,
    "PhaseResolution": 0.96,
    "PixelBandwidth": 238,
    "ReconMatrixPE": 240,
    "RefLinesPE": 24,
    "RepetitionTime": 2.3,
    "SAR": 0.103976,
    "ShimSetting": [
      5773,
      -10058,
      1620,
      121,
      -144,
      -489,
      193,
      -298
    ],
    "SliceThickness": 1,
    "SoftwareVersions": "syngo_MR_B17",
    "TxRefAmp": 322.857,
    "dataset": "ds004128",
    "modality": "T1w",
    "subject_id": "CTOBJA"
  },
  "cjv": 0.4203719704909176,
  "cnr": 3.2370402283667983,
  "efc": 0.6570780840631592,
  "fber": 8996.5225,
  "fwhm_avg": 3.4987033333333337,
  "fwhm_x": 3.54917,
  "fwhm_y": 3.6225,
  "fwhm_z": 3.32444,
  "icvs_csf": 0.21448052955375269,
  "icvs_gm": 0.4426546536383556,
  "icvs_wm": 0.3428648168078917,
  "inu_med": 0.7398695945739746,
  "inu_range": 0.3728888571262359,
  "provenance": {
    "md5sum": "1ca4572a0ef2229cda44360be6f6c277",
    "settings": {
      "testing": false
    },
    "software": "mriqc",
    "version": "23.0.0",
    "warnings": {
      "large_rot_frame": false,
      "small_air_mask": false
    },
    "webapi_port": null,
    "webapi_url": "https://mriqc.nimh.nih.gov/api/v1"
  },
  "qi_1": 0.0,
  "qi_2": 0.0036625656713944496,
  "rpve_csf": 11.62697770300342,
  "rpve_gm": 5.672533065874951,
  "rpve_wm": 8.041740212660255,
  "size_x": 160,
  "size_y": 187,
  "size_z": 161,
  "snr_csf": 2.0383362890734906,
  "snr_gm": 9.629581462923161,
  "snr_total": 9.389665777817399,
  "snr_wm": 16.501079581455542,
  "snrd_csf": 7.920708145001513,
  "snrd_gm": 24.919307927311515,
  "snrd_total": 22.97673612941203,
  "snrd_wm": 36.090192315923055,
  "spacing_x": 1.0,
  "spacing_y": 1.0,
  "spacing_z": 1.0,
  "summary_bg_k": 7.617904520243844,
  "summary_bg_mad": 0.0,
  "summary_bg_mean": 11.086493138179346,
  "summary_bg_median": 0.0,
  "summary_bg_n": 1048142.0,
  "summary_bg_p05": 0.0,
  "summary_bg_p95": 49.67398937791586,
  "summary_bg_stdv": 18.153533793282513,
  "summary_csf_k": 1.351383469230826,
  "summary_csf_mad": 99.43585490137649,
  "summary_csf_mean": 229.05073030764456,
  "summary_csf_median": 219.47924581356347,
  "summary_csf_n": 32912.0,
  "summary_csf_p05": 72.23747678101063,
  "summary_csf_p95": 423.5780003564431,
  "summary_csf_stdv": 107.674044086866,
  "summary_gm_k": 0.08791422576705532,
  "summary_gm_mad": 70.6576493734757,
  "summary_gm_mean": 688.9090721881882,
  "summary_gm_median": 690.5027694441378,
  "summary_gm_n": 22145.0,
  "summary_gm_p05": 566.8325523659587,
  "summary_gm_p95": 803.792066462338,
  "summary_gm_stdv": 71.70479645843942,
  "summary_wm_k": 0.20496467274585362,
  "summary_wm_mad": 59.464358383618176,
  "summary_wm_mean": 1001.8720330953144,
  "summary_wm_median": 1000.0429312326014,
  "summary_wm_n": 151395.0,
  "summary_wm_p05": 905.0703815929592,
  "summary_wm_p95": 1103.9379245601594,
  "summary_wm_stdv": 60.60449702880427,
  "tpm_overlap_csf": 0.17612531780604318,
  "tpm_overlap_gm": 0.468023091369943,
  "tpm_overlap_wm": 0.49599629902253894,
  "wm2max": 0.4134316976715317
}