{
  "aor": 0.003262592024539878,
  "aqi": 0.010821026273006134,
  "bids_meta": {
    "AcquisitionMatrixPE": 64,
    "BandwidthPerPixelPhaseEncode": 30.637,
    "BaseResolution": 64,
    "DerivedVendorReportedEchoSpacing": 0.000510004,
    "DwellTime": 3.5e-06,
    "EchoTime": 0.03,
    "EffectiveEchoSpacing": 0.000510004,
    "FlipAngle": 78,
    "ImagingFrequency": 123.143,
    "InstitutionName": "Virginia_Tech_Carilion_Research_Institute",
    "MagneticFieldStrength": 3,
    "Manufacturer": "Siemens",
    "ManufacturersModelName": "TrioTim",
    "Modality": "MR",
    "PartialFourier": 1,
    "PercentPhaseFOV": 100,
    "PercentSampling": 100,
    "PhaseEncodingDirection": "j-",
    "PhaseEncodingSteps": 64,
    "PhaseResolution": 1,
    "PixelBandwidth": 2232,
    "ReceiveCoilName": "HeadMatrix",
    "ReconMatrixPE": 64,
    "RepetitionTime": 2,
    "SAR": 0.149361,
    "ShimSetting": [
      5774,
      -10010,
      1683,
      307,
      -116,
      -314,
      244,
      -382
    ],
    "SliceThickness": 3,
    "SliceTiming": [
      1.945,
      1.8825,
      1.82,
      1.7575,
      1.695,
      1.6325,
      1.5675,
      1.505,
      1.4425,
      1.38,
      1.3175,
      1.255,
      1.1925,
      1.13,
      1.0675,
      1.005,
      0.9425,
      0.8775,
      0.815,
      0.7525,
      0.69,
      0.6275,
      0.565,
      0.5025,
      0.44,
      0.3775,
      0.315,
      0.2525,
      0.1875,
      0.125,
      0.0625,
      0
    ],
    "SoftwareVersions": "syngo_MR_B17",
    "SpacingBetweenSlices": 3.15,
    "TaskName": "DG",
    "TotalReadoutTime": 0.0321303,
    "TxRefAmp": 322.857,
    "dataset": "ds004128",
    "modality": "bold",
    "run_id": 2,
    "subject_id": "INTQZE",
    "task_id": "DG"
  },
  "dummy_trs": 1,
  "dvars_nstd": 24.132525372242693,
  "dvars_std": 1.1262689111674349,
  "dvars_vstd": 1.023704453732719,
  "efc": 0.6046322480900519,
  "fber": 598.26953125,
  "fd_mean": 0.22731018723144875,
  "fd_num": 370,
  "fd_perc": 56.74846625766871,
  "fwhm_avg": 1.8017680236139846,
  "fwhm_x": 1.73297,
  "fwhm_y": 1.81795,
  "fwhm_z": 1.8543840708419537,
  "gcor": 0.073906,
  "gsr_x": -0.015870295464992523,
  "gsr_y": 0.02432543784379959,
  "provenance": {
    "md5sum": "2e5bf02fc93c6ab19bad0007818f0867",
    "settings": {
      "fd_thres": 0.2,
      "testing": false
    },
    "software": "mriqc",
    "version": "23.0.0",
    "webapi_port": null,
    "webapi_url": "https://mriqc.nimh.nih.gov/api/v1"
  },
  "size_t": 652,
  "size_x": 64,
  "size_y": 64,
  "size_z": 32,
  "snr": 6.098875233645712,
  "spacing_tr": 2.0,
  "spacing_x": 3.0,
  "spacing_y": 3.0,
  "spacing_z": 3.1500000953674316,
  "summary_bg_k": 18.54144435213046,
  "summary_bg_mad": 12.906824199110543,
  "summary_bg_mean": 50.53761672973633,
  "summary_bg_median": 29.391103744506836,
  "summary_bg_n": 67978.0,
  "summary_bg_p05": 19.38496971130371,
  "summary_bg_p95": 155.92361068725577,
  "summary_bg_stdv": 56.492862701416016,
  "summary_fg_k": 1.908715024453019,
  "summary_fg_mad": 107.01344810053784,
  "summary_fg_mean": 770.48486328125,
  "summary_fg_median": 761.0935668945312,
  "summary_fg_n": 31864.0,
  "summary_fg_p05": 585.8072204589844,
  "summary_fg_p95": 977.5945556640623,
  "summary_fg_stdv": 124.79048919677734,
  "tsnr": 53.34508427232504
}