{
  "aor": 0.00036556438791732914,
  "aqi": 0.007744950015898251,
  "bids_meta": {
    "AcquisitionMatrixPE": 64,
    "BandwidthPerPixelPhaseEncode": 30.637,
    "BaseResolution": 64,
    "DerivedVendorReportedEchoSpacing": 0.000510004,
    "DwellTime": 3.5e-06,
    "EchoTime": 0.03,
    "EffectiveEchoSpacing": 0.000510004,
    "FlipAngle": 78,
    "ImagingFrequency": 123.143,
    "InstitutionName": "Virginia_Tech_Carilion_Research_Institute",
    "MagneticFieldStrength": 3,
    "Manufacturer": "Siemens",
    "ManufacturersModelName": "TrioTim",
    "Modality": "MR",
    "PartialFourier": 1,
    "PercentPhaseFOV": 100,
    "PercentSampling": 100,
    "PhaseEncodingDirection": "j-",
    "PhaseEncodingSteps": 64,
    "PhaseResolution": 1,
    "PixelBandwidth": 2232,
    "ReceiveCoilName": "HeadMatrix",
    "ReconMatrixPE": 64,
    "RepetitionTime": 2,
    "SAR": 0.149361,
    "ShimSetting": [
      5774,
      -10010,
      1683,
      307,
      -116,
      -314,
      244,
      -382
    ],
    "SliceThickness": 3,
    "SliceTiming": [
      1.945,
      1.8825,
      1.82,
      1.7575,
      1.695,
      1.6325,
      1.5675,
      1.505,
      1.4425,
      1.38,
      1.3175,
      1.255,
      1.1925,
      1.13,
      1.0675,
      1.005,
      0.9425,
      0.8775,
      0.815,
      0.7525,
      0.69,
      0.6275,
      0.565,
      0.5025,
      0.44,
      0.3775,
      0.315,
      0.2525,
      0.1875,
      0.125,
      0.0625,
      0
    ],
    "SoftwareVersions": "syngo_MR_B17",
    "SpacingBetweenSlices": 3.15,
    "TaskName": "DG",
    "TotalReadoutTime": 0.0321303,
    "TxRefAmp": 322.857,
    "dataset": "ds004128",
    "modality": "bold",
    "run_id": 1,
    "subject_id": "AS4C6",
    "task_id": "DG"
  },
  "dummy_trs": 1,
  "dvars_nstd": 24.9320937540127,
  "dvars_std": 1.1741372815445859,
  "dvars_vstd": 0.9869481897770702,
  "efc": 0.5861724646228126,
  "fber": 920.8284912109375,
  "fd_mean": 0.2261522699750618,
  "fd_num": 347,
  "fd_perc": 55.16693163751987,
  "fwhm_avg": 1.8126429446454644,
  "fwhm_x": 1.72543,
  "fwhm_y": 1.89741,
  "fwhm_z": 1.8150888339363935,
  "gcor": 0.0964796,
  "gsr_x": -0.011661994270980358,
  "gsr_y": 0.02888672426342964,
  "provenance": {
    "md5sum": "e4cba837c3ad1fea1795d083f7c5819a",
    "settings": {
      "fd_thres": 0.2,
      "testing": false
    },
    "software": "mriqc",
    "version": "23.0.0",
    "webapi_port": null,
    "webapi_url": "https://mriqc.nimh.nih.gov/api/v1"
  },
  "size_t": 629,
  "size_x": 64,
  "size_y": 64,
  "size_z": 32,
  "snr": 6.84668568444613,
  "spacing_tr": 2.0,
  "spacing_x": 3.0,
  "spacing_y": 3.0,
  "spacing_z": 3.1500000953674316,
  "summary_bg_k": 18.117122784485176,
  "summary_bg_mad": 9.183179118761526,
  "summary_bg_mean": 54.47248458862305,
  "summary_bg_median": 27.146265029907227,
  "summary_bg_n": 70547.0,
  "summary_bg_p05": 19.8696346282959,
  "summary_bg_p95": 204.2737716674792,
  "summary_bg_stdv": 75.87323760986328,
  "summary_fg_k": 1.5546192104102063,
  "summary_fg_mad": 110.67185775574131,
  "summary_fg_mean": 867.4263916015625,
  "summary_fg_median": 860.661376953125,
  "summary_fg_n": 30079.0,
  "summary_fg_p05": 673.0629638671875,
  "summary_fg_p95": 1072.0666259765624,
  "summary_fg_stdv": 125.70272827148438,
  "tsnr": 61.607396890060045
}