{
  "aor": 0.0002481081081081081,
  "aqi": 0.006800015840840841,
  "bids_meta": {
    "AcquisitionMatrixPE": 64,
    "BandwidthPerPixelPhaseEncode": 30.637,
    "BaseResolution": 64,
    "DerivedVendorReportedEchoSpacing": 0.000510004,
    "DwellTime": 3.5e-06,
    "EchoTime": 0.03,
    "EffectiveEchoSpacing": 0.000510004,
    "FlipAngle": 78,
    "ImagingFrequency": 123.143,
    "InstitutionName": "Virginia_Tech_Carilion_Research_Institute",
    "MagneticFieldStrength": 3,
    "Manufacturer": "Siemens",
    "ManufacturersModelName": "TrioTim",
    "Modality": "MR",
    "PartialFourier": 1,
    "PercentPhaseFOV": 100,
    "PercentSampling": 100,
    "PhaseEncodingDirection": "j-",
    "PhaseEncodingSteps": 64,
    "PhaseResolution": 1,
    "PixelBandwidth": 2232,
    "ReceiveCoilName": "HeadMatrix",
    "ReconMatrixPE": 64,
    "RepetitionTime": 2,
    "SAR": 0.149361,
    "ShimSetting": [
      5774,
      -10010,
      1683,
      307,
      -116,
      -314,
      244,
      -382
    ],
    "SliceThickness": 3,
    "SliceTiming": [
      1.945,
      1.8825,
      1.82,
      1.7575,
      1.695,
      1.6325,
      1.5675,
      1.505,
      1.4425,
      1.38,
      1.3175,
      1.255,
      1.1925,
      1.13,
      1.0675,
      1.005,
      0.9425,
      0.8775,
      0.815,
      0.7525,
      0.69,
      0.6275,
      0.565,
      0.5025,
      0.44,
      0.3775,
      0.315,
      0.2525,
      0.1875,
      0.125,
      0.0625,
      0
    ],
    "SoftwareVersions": "syngo_MR_B17",
    "SpacingBetweenSlices": 3.15,
    "TaskName": "DG",
    "TotalReadoutTime": 0.0321303,
    "TxRefAmp": 322.857,
    "dataset": "ds004128",
    "modality": "bold",
    "run_id": 2,
    "subject_id": "AS4C6",
    "task_id": "DG"
  },
  "dummy_trs": 0,
  "dvars_nstd": 24.92025993166919,
  "dvars_std": 1.1699373228270677,
  "dvars_vstd": 0.9844669006015031,
  "efc": 0.5871916430921026,
  "fber": 925.983642578125,
  "fd_mean": 0.1952764366164816,
  "fd_num": 292,
  "fd_perc": 43.84384384384384,
  "fwhm_avg": 1.8121243203783157,
  "fwhm_x": 1.7282666666666666,
  "fwhm_y": 1.9001000000000001,
  "fwhm_z": 1.8080062944682804,
  "gcor": 0.107032,
  "gsr_x": -0.011939717456698418,
  "gsr_y": 0.028749845921993256,
  "provenance": {
    "md5sum": "23df99edf7dcee9fca87b5d6ac7f8feb",
    "settings": {
      "fd_thres": 0.2,
      "testing": false
    },
    "software": "mriqc",
    "version": "23.0.0",
    "webapi_port": null,
    "webapi_url": "https://mriqc.nimh.nih.gov/api/v1"
  },
  "size_t": 666,
  "size_x": 64,
  "size_y": 64,
  "size_z": 32,
  "snr": 6.913110504165401,
  "spacing_tr": 2.0,
  "spacing_x": 3.0,
  "spacing_y": 3.0,
  "spacing_z": 3.1500000953674316,
  "summary_bg_k": 17.822712782785764,
  "summary_bg_mad": 8.35021077029082,
  "summary_bg_mean": 55.05518341064453,
  "summary_bg_median": 27.006006240844727,
  "summary_bg_n": 70518.0,
  "summary_bg_p05": 21.049551010131836,
  "summary_bg_p95": 205.12793655395467,
  "summary_bg_stdv": 76.58902740478516,
  "summary_fg_k": 1.6225232414806747,
  "summary_fg_mad": 109.74595529603982,
  "summary_fg_mean": 867.2089233398438,
  "summary_fg_median": 861.8318481445312,
  "summary_fg_n": 30133.0,
  "summary_fg_p05": 673.6594970703126,
  "summary_fg_p95": 1066.8916259765624,
  "summary_fg_stdv": 124.66422271728516,
  "tsnr": 64.56500847067218
}