{
  "aor": 0.0024011911357340724,
  "aqi": 0.016999580484764545,
  "bids_meta": {
    "AcquisitionMatrixPE": 64,
    "BandwidthPerPixelPhaseEncode": 30.637,
    "BaseResolution": 64,
    "DerivedVendorReportedEchoSpacing": 0.000510004,
    "DwellTime": 3.5e-06,
    "EchoTime": 0.03,
    "EffectiveEchoSpacing": 0.000510004,
    "FlipAngle": 78,
    "ImagingFrequency": 123.143,
    "InstitutionName": "Virginia_Tech_Carilion_Research_Institute",
    "MagneticFieldStrength": 3,
    "Manufacturer": "Siemens",
    "ManufacturersModelName": "TrioTim",
    "Modality": "MR",
    "PartialFourier": 1,
    "PercentPhaseFOV": 100,
    "PercentSampling": 100,
    "PhaseEncodingDirection": "j-",
    "PhaseEncodingSteps": 64,
    "PhaseResolution": 1,
    "PixelBandwidth": 2232,
    "ReceiveCoilName": "HeadMatrix",
    "ReconMatrixPE": 64,
    "RepetitionTime": 2,
    "SAR": 0.149361,
    "ShimSetting": [
      5774,
      -10010,
      1683,
      307,
      -116,
      -314,
      244,
      -382
    ],
    "SliceThickness": 3,
    "SliceTiming": [
      1.945,
      1.8825,
      1.82,
      1.7575,
      1.695,
      1.6325,
      1.5675,
      1.505,
      1.4425,
      1.38,
      1.3175,
      1.255,
      1.1925,
      1.13,
      1.0675,
      1.005,
      0.9425,
      0.8775,
      0.815,
      0.7525,
      0.69,
      0.6275,
      0.565,
      0.5025,
      0.44,
      0.3775,
      0.315,
      0.2525,
      0.1875,
      0.125,
      0.0625,
      0
    ],
    "SoftwareVersions": "syngo_MR_B17",
    "SpacingBetweenSlices": 3.15,
    "TaskName": "DG",
    "TotalReadoutTime": 0.0321303,
    "TxRefAmp": 322.857,
    "dataset": "ds004128",
    "modality": "bold",
    "run_id": 2,
    "subject_id": "MFYQGO",
    "task_id": "DG"
  },
  "dummy_trs": 1,
  "dvars_nstd": 22.02510109696253,
  "dvars_std": 1.0844450469902913,
  "dvars_vstd": 0.9757904003744802,
  "efc": 0.6013745853809799,
  "fber": 693.0064086914062,
  "fd_mean": 0.16855576807284461,
  "fd_num": 180,
  "fd_perc": 24.930747922437675,
  "fwhm_avg": 1.9427406157439246,
  "fwhm_x": 1.9132066666666667,
  "fwhm_y": 2.0147866666666667,
  "fwhm_z": 1.9002285138984403,
  "gcor": 0.0352145,
  "gsr_x": -0.0074882409535348415,
  "gsr_y": 0.029387932270765305,
  "provenance": {
    "md5sum": "4bf2dda45e5313df2c8b882d3b80aeeb",
    "settings": {
      "fd_thres": 0.2,
      "testing": false
    },
    "software": "mriqc",
    "version": "23.0.0",
    "webapi_port": null,
    "webapi_url": "https://mriqc.nimh.nih.gov/api/v1"
  },
  "size_t": 722,
  "size_x": 64,
  "size_y": 64,
  "size_z": 32,
  "snr": 7.262277323837856,
  "spacing_tr": 2.0,
  "spacing_x": 3.0,
  "spacing_y": 3.0,
  "spacing_z": 3.1500000953674316,
  "summary_bg_k": 20.763655401205988,
  "summary_bg_mad": 12.895764519551646,
  "summary_bg_mean": 57.0460090637207,
  "summary_bg_median": 30.091411590576172,
  "summary_bg_n": 69165.0,
  "summary_bg_p05": 20.393904876708984,
  "summary_bg_p95": 195.73849487304756,
  "summary_bg_stdv": 72.5461196899414,
  "summary_fg_k": 1.6459462675726604,
  "summary_fg_mad": 100.55715160488181,
  "summary_fg_mean": 833.99072265625,
  "summary_fg_median": 831.3780517578125,
  "summary_fg_n": 31004.0,
  "summary_fg_p05": 649.3863677978516,
  "summary_fg_p95": 1021.8464569091797,
  "summary_fg_stdv": 114.47712707519531,
  "tsnr": 47.52278158208355
}