{
  "aor": 0.0011194410876132928,
  "aqi": 0.014121576132930512,
  "bids_meta": {
    "AcquisitionMatrixPE": 64,
    "BandwidthPerPixelPhaseEncode": 30.637,
    "BaseResolution": 64,
    "DerivedVendorReportedEchoSpacing": 0.000510004,
    "DwellTime": 3.5e-06,
    "EchoTime": 0.03,
    "EffectiveEchoSpacing": 0.000510004,
    "FlipAngle": 78,
    "ImagingFrequency": 123.143,
    "InstitutionName": "Virginia_Tech_Carilion_Research_Institute",
    "MagneticFieldStrength": 3,
    "Manufacturer": "Siemens",
    "ManufacturersModelName": "TrioTim",
    "Modality": "MR",
    "PartialFourier": 1,
    "PercentPhaseFOV": 100,
    "PercentSampling": 100,
    "PhaseEncodingDirection": "j-",
    "PhaseEncodingSteps": 64,
    "PhaseResolution": 1,
    "PixelBandwidth": 2232,
    "ReceiveCoilName": "HeadMatrix",
    "ReconMatrixPE": 64,
    "RepetitionTime": 2,
    "SAR": 0.149361,
    "ShimSetting": [
      5774,
      -10010,
      1683,
      307,
      -116,
      -314,
      244,
      -382
    ],
    "SliceThickness": 3,
    "SliceTiming": [
      1.945,
      1.8825,
      1.82,
      1.7575,
      1.695,
      1.6325,
      1.5675,
      1.505,
      1.4425,
      1.38,
      1.3175,
      1.255,
      1.1925,
      1.13,
      1.0675,
      1.005,
      0.9425,
      0.8775,
      0.815,
      0.7525,
      0.69,
      0.6275,
      0.565,
      0.5025,
      0.44,
      0.3775,
      0.315,
      0.2525,
      0.1875,
      0.125,
      0.0625,
      0
    ],
    "SoftwareVersions": "syngo_MR_B17",
    "SpacingBetweenSlices": 3.15,
    "TaskName": "DG",
    "TotalReadoutTime": 0.0321303,
    "TxRefAmp": 322.857,
    "dataset": "ds004128",
    "modality": "bold",
    "run_id": 2,
    "subject_id": "YLXWJX",
    "task_id": "DG"
  },
  "dummy_trs": 1,
  "dvars_nstd": 24.47283262054463,
  "dvars_std": 1.1516235349167934,
  "dvars_vstd": 0.9463584831164902,
  "efc": 0.5890431496908415,
  "fber": 976.0540771484375,
  "fd_mean": 0.09925186200328927,
  "fd_num": 27,
  "fd_perc": 4.078549848942598,
  "fwhm_avg": 1.900176118279731,
  "fwhm_x": 1.8126966666666666,
  "fwhm_y": 1.9767333333333335,
  "fwhm_z": 1.911098354839193,
  "gcor": 0.0470074,
  "gsr_x": -0.015065446496009827,
  "gsr_y": 0.024297602474689484,
  "provenance": {
    "md5sum": "d99b2bc3aed026c57cc17c9e28a44511",
    "settings": {
      "fd_thres": 0.2,
      "testing": false
    },
    "software": "mriqc",
    "version": "23.0.0",
    "webapi_port": null,
    "webapi_url": "https://mriqc.nimh.nih.gov/api/v1"
  },
  "size_t": 662,
  "size_x": 64,
  "size_y": 64,
  "size_z": 32,
  "snr": 7.17921262349318,
  "spacing_tr": 2.0,
  "spacing_x": 3.0,
  "spacing_y": 3.0,
  "spacing_z": 3.1500000953674316,
  "summary_bg_k": 27.920150500528706,
  "summary_bg_mad": 8.94712240414671,
  "summary_bg_mean": 49.2442741394043,
  "summary_bg_median": 26.432024002075195,
  "summary_bg_n": 69052.0,
  "summary_bg_p05": 18.74773406982422,
  "summary_bg_p95": 158.12696762084948,
  "summary_bg_stdv": 64.54256439208984,
  "summary_fg_k": 1.4989086931058253,
  "summary_fg_mad": 110.37771722160726,
  "summary_fg_mean": 866.1143188476562,
  "summary_fg_median": 863.2922973632812,
  "summary_fg_n": 30716.0,
  "summary_fg_p05": 676.0120697021484,
  "summary_fg_p95": 1055.3342590332031,
  "summary_fg_stdv": 120.2469253540039,
  "tsnr": 52.20619126490783
}