{
  "aor": 0.0014512578616352203,
  "aqi": 0.010709482688679247,
  "bids_meta": {
    "AcquisitionMatrixPE": 64,
    "BandwidthPerPixelPhaseEncode": 30.637,
    "BaseResolution": 64,
    "DerivedVendorReportedEchoSpacing": 0.000510004,
    "DwellTime": 3.5e-06,
    "EchoTime": 0.03,
    "EffectiveEchoSpacing": 0.000510004,
    "FlipAngle": 78,
    "ImagingFrequency": 123.143,
    "InstitutionName": "Virginia_Tech_Carilion_Research_Institute",
    "MagneticFieldStrength": 3,
    "Manufacturer": "Siemens",
    "ManufacturersModelName": "TrioTim",
    "Modality": "MR",
    "PartialFourier": 1,
    "PercentPhaseFOV": 100,
    "PercentSampling": 100,
    "PhaseEncodingDirection": "j-",
    "PhaseEncodingSteps": 64,
    "PhaseResolution": 1,
    "PixelBandwidth": 2232,
    "ReceiveCoilName": "HeadMatrix",
    "ReconMatrixPE": 64,
    "RepetitionTime": 2,
    "SAR": 0.149361,
    "ShimSetting": [
      5774,
      -10010,
      1683,
      307,
      -116,
      -314,
      244,
      -382
    ],
    "SliceThickness": 3,
    "SliceTiming": [
      1.945,
      1.8825,
      1.82,
      1.7575,
      1.695,
      1.6325,
      1.5675,
      1.505,
      1.4425,
      1.38,
      1.3175,
      1.255,
      1.1925,
      1.13,
      1.0675,
      1.005,
      0.9425,
      0.8775,
      0.815,
      0.7525,
      0.69,
      0.6275,
      0.565,
      0.5025,
      0.44,
      0.3775,
      0.315,
      0.2525,
      0.1875,
      0.125,
      0.0625,
      0
    ],
    "SoftwareVersions": "syngo_MR_B17",
    "SpacingBetweenSlices": 3.15,
    "TaskName": "DG",
    "TotalReadoutTime": 0.0321303,
    "TxRefAmp": 322.857,
    "dataset": "ds004128",
    "modality": "bold",
    "run_id": 1,
    "subject_id": "UYWGQY",
    "task_id": "DG"
  },
  "dummy_trs": 0,
  "dvars_nstd": 22.781864926314956,
  "dvars_std": 1.1066842575590543,
  "dvars_vstd": 0.9919070327401565,
  "efc": 0.5623637825756047,
  "fber": 1196.917724609375,
  "fd_mean": 0.1640557320932406,
  "fd_num": 140,
  "fd_perc": 22.0125786163522,
  "fwhm_avg": 1.9065028910094435,
  "fwhm_x": 1.8148099999999998,
  "fwhm_y": 2.017673333333333,
  "fwhm_z": 1.887025339694997,
  "gcor": 0.0999178,
  "gsr_x": -0.019324282184243202,
  "gsr_y": 0.022978002205491066,
  "provenance": {
    "md5sum": "1f701031046116164a8a91434c271661",
    "settings": {
      "fd_thres": 0.2,
      "testing": false
    },
    "software": "mriqc",
    "version": "23.0.0",
    "webapi_port": null,
    "webapi_url": "https://mriqc.nimh.nih.gov/api/v1"
  },
  "size_t": 636,
  "size_x": 64,
  "size_y": 64,
  "size_z": 32,
  "snr": 6.713817253447319,
  "spacing_tr": 2.0,
  "spacing_x": 3.0,
  "spacing_y": 3.0,
  "spacing_z": 3.1500000953674316,
  "summary_bg_k": 34.99565970347516,
  "summary_bg_mad": 5.545771826146631,
  "summary_bg_mean": 42.99729919433594,
  "summary_bg_median": 23.484275817871094,
  "summary_bg_n": 72875.0,
  "summary_bg_p05": 19.408803939819336,
  "summary_bg_p95": 131.80235595703138,
  "summary_bg_stdv": 54.67879104614258,
  "summary_fg_k": 1.656363718396066,
  "summary_fg_mad": 114.51581891540314,
  "summary_fg_mean": 849.1232299804688,
  "summary_fg_median": 844.7020263671875,
  "summary_fg_n": 27916.0,
  "summary_fg_p05": 650.3317260742188,
  "summary_fg_p95": 1047.4810485839844,
  "summary_fg_stdv": 125.8132095336914,
  "tsnr": 57.41934044798836
}