{
  "aor": 0.002375129032258064,
  "aqi": 0.011725288774193548,
  "bids_meta": {
    "AcquisitionMatrixPE": 64,
    "BandwidthPerPixelPhaseEncode": 30.637,
    "BaseResolution": 64,
    "DerivedVendorReportedEchoSpacing": 0.000510004,
    "DwellTime": 3.5e-06,
    "EchoTime": 0.03,
    "EffectiveEchoSpacing": 0.000510004,
    "FlipAngle": 78,
    "ImagingFrequency": 123.143,
    "InstitutionName": "Virginia_Tech_Carilion_Research_Institute",
    "MagneticFieldStrength": 3,
    "Manufacturer": "Siemens",
    "ManufacturersModelName": "TrioTim",
    "Modality": "MR",
    "PartialFourier": 1,
    "PercentPhaseFOV": 100,
    "PercentSampling": 100,
    "PhaseEncodingDirection": "j-",
    "PhaseEncodingSteps": 64,
    "PhaseResolution": 1,
    "PixelBandwidth": 2232,
    "ReceiveCoilName": "HeadMatrix",
    "ReconMatrixPE": 64,
    "RepetitionTime": 2,
    "SAR": 0.149361,
    "ShimSetting": [
      5774,
      -10010,
      1683,
      307,
      -116,
      -314,
      244,
      -382
    ],
    "SliceThickness": 3,
    "SliceTiming": [
      1.945,
      1.8825,
      1.82,
      1.7575,
      1.695,
      1.6325,
      1.5675,
      1.505,
      1.4425,
      1.38,
      1.3175,
      1.255,
      1.1925,
      1.13,
      1.0675,
      1.005,
      0.9425,
      0.8775,
      0.815,
      0.7525,
      0.69,
      0.6275,
      0.565,
      0.5025,
      0.44,
      0.3775,
      0.315,
      0.2525,
      0.1875,
      0.125,
      0.0625,
      0
    ],
    "SoftwareVersions": "syngo_MR_B17",
    "SpacingBetweenSlices": 3.15,
    "TaskName": "DG",
    "TotalReadoutTime": 0.0321303,
    "TxRefAmp": 322.857,
    "dataset": "ds004128",
    "modality": "bold",
    "run_id": 2,
    "subject_id": "GSNICS",
    "task_id": "DG"
  },
  "dummy_trs": 1,
  "dvars_nstd": 22.9989200803716,
  "dvars_std": 1.1038449479806143,
  "dvars_vstd": 1.0143138271890144,
  "efc": 0.6362683283705768,
  "fber": 220.36058044433594,
  "fd_mean": 0.27480937704031916,
  "fd_num": 464,
  "fd_perc": 74.83870967741936,
  "fwhm_avg": 1.8715116203883184,
  "fwhm_x": 1.7146133333333333,
  "fwhm_y": 1.9356200000000001,
  "fwhm_z": 1.9643015278316216,
  "gcor": 0.0644337,
  "gsr_x": -0.008494535461068153,
  "gsr_y": 0.029869206249713898,
  "provenance": {
    "md5sum": "30bea11fc9b5f3759a2074e2837eb35b",
    "settings": {
      "fd_thres": 0.2,
      "testing": false
    },
    "software": "mriqc",
    "version": "23.0.0",
    "webapi_port": null,
    "webapi_url": "https://mriqc.nimh.nih.gov/api/v1"
  },
  "size_t": 620,
  "size_x": 64,
  "size_y": 64,
  "size_z": 32,
  "snr": 7.174074289268328,
  "spacing_tr": 2.0,
  "spacing_x": 3.0,
  "spacing_y": 3.0,
  "spacing_z": 3.1500000953674316,
  "summary_bg_k": 17.43113939469245,
  "summary_bg_mad": 37.11048752906635,
  "summary_bg_mean": 78.84969329833984,
  "summary_bg_median": 57.946773529052734,
  "summary_bg_n": 67401.0,
  "summary_bg_p05": 23.391935348510742,
  "summary_bg_p95": 203.0580596923828,
  "summary_bg_stdv": 72.54302978515625,
  "summary_fg_k": 1.793120485029302,
  "summary_fg_mad": 114.46401289916203,
  "summary_fg_mean": 906.0677490234375,
  "summary_fg_median": 904.6419677734375,
  "summary_fg_n": 32482.0,
  "summary_fg_p05": 702.5418182373047,
  "summary_fg_p95": 1107.3104736328125,
  "summary_fg_stdv": 126.09683227539062,
  "tsnr": 52.117458201246336
}