{
  "aor": 0.0008679216867469878,
  "aqi": 0.009864486746987953,
  "bids_meta": {
    "AcquisitionMatrixPE": 64,
    "BandwidthPerPixelPhaseEncode": 30.637,
    "BaseResolution": 64,
    "DerivedVendorReportedEchoSpacing": 0.000510004,
    "DwellTime": 3.5e-06,
    "EchoTime": 0.03,
    "EffectiveEchoSpacing": 0.000510004,
    "FlipAngle": 78,
    "ImagingFrequency": 123.143,
    "InstitutionName": "Virginia_Tech_Carilion_Research_Institute",
    "MagneticFieldStrength": 3,
    "Manufacturer": "Siemens",
    "ManufacturersModelName": "TrioTim",
    "Modality": "MR",
    "PartialFourier": 1,
    "PercentPhaseFOV": 100,
    "PercentSampling": 100,
    "PhaseEncodingDirection": "j-",
    "PhaseEncodingSteps": 64,
    "PhaseResolution": 1,
    "PixelBandwidth": 2232,
    "ReceiveCoilName": "HeadMatrix",
    "ReconMatrixPE": 64,
    "RepetitionTime": 2,
    "SAR": 0.149361,
    "ShimSetting": [
      5774,
      -10010,
      1683,
      307,
      -116,
      -314,
      244,
      -382
    ],
    "SliceThickness": 3,
    "SliceTiming": [
      1.945,
      1.8825,
      1.82,
      1.7575,
      1.695,
      1.6325,
      1.5675,
      1.505,
      1.4425,
      1.38,
      1.3175,
      1.255,
      1.1925,
      1.13,
      1.0675,
      1.005,
      0.9425,
      0.8775,
      0.815,
      0.7525,
      0.69,
      0.6275,
      0.565,
      0.5025,
      0.44,
      0.3775,
      0.315,
      0.2525,
      0.1875,
      0.125,
      0.0625,
      0
    ],
    "SoftwareVersions": "syngo_MR_B17",
    "SpacingBetweenSlices": 3.15,
    "TaskName": "DG",
    "TotalReadoutTime": 0.0321303,
    "TxRefAmp": 322.857,
    "dataset": "ds004128",
    "modality": "bold",
    "run_id": 1,
    "subject_id": "GSNICS",
    "task_id": "DG"
  },
  "dummy_trs": 2,
  "dvars_nstd": 22.653440026545997,
  "dvars_std": 1.0997363159125186,
  "dvars_vstd": 0.9909062718099544,
  "efc": 0.6360530928029986,
  "fber": 237.28831481933594,
  "fd_mean": 0.2570359739018115,
  "fd_num": 480,
  "fd_perc": 72.28915662650603,
  "fwhm_avg": 1.8567409855789814,
  "fwhm_x": 1.6966933333333334,
  "fwhm_y": 1.9202566666666667,
  "fwhm_z": 1.9532729567369442,
  "gcor": 0.0977496,
  "gsr_x": -0.00802868977189064,
  "gsr_y": 0.027934605255723,
  "provenance": {
    "md5sum": "a59bb432022d80274ed7ef3f5fe6fb08",
    "settings": {
      "fd_thres": 0.2,
      "testing": false
    },
    "software": "mriqc",
    "version": "23.0.0",
    "webapi_port": null,
    "webapi_url": "https://mriqc.nimh.nih.gov/api/v1"
  },
  "size_t": 664,
  "size_x": 64,
  "size_y": 64,
  "size_z": 32,
  "snr": 7.160841933008374,
  "spacing_tr": 2.0,
  "spacing_x": 3.0,
  "spacing_y": 3.0,
  "spacing_z": 3.1500000953674316,
  "summary_bg_k": 18.81208012334021,
  "summary_bg_mad": 36.00669135377008,
  "summary_bg_mean": 77.08316040039062,
  "summary_bg_median": 56.582828521728516,
  "summary_bg_n": 66733.0,
  "summary_bg_p05": 23.567168045043946,
  "summary_bg_p95": 198.60059204101557,
  "summary_bg_stdv": 70.97801971435547,
  "summary_fg_k": 1.840975858911703,
  "summary_fg_mad": 114.5935053170503,
  "summary_fg_mean": 912.8338623046875,
  "summary_fg_median": 909.4238891601562,
  "summary_fg_n": 33104.0,
  "summary_fg_p05": 712.1083465576172,
  "summary_fg_p95": 1116.485302734375,
  "summary_fg_stdv": 126.9976577758789,
  "tsnr": 56.59101292747073
}