{
  "aor": 0.0025879682539682544,
  "aqi": 0.010154782634920635,
  "bids_meta": {
    "AcquisitionMatrixPE": 64,
    "BandwidthPerPixelPhaseEncode": 30.637,
    "BaseResolution": 64,
    "DerivedVendorReportedEchoSpacing": 0.000510004,
    "DwellTime": 3.5e-06,
    "EchoTime": 0.03,
    "EffectiveEchoSpacing": 0.000510004,
    "FlipAngle": 78,
    "ImagingFrequency": 123.143,
    "InstitutionName": "Virginia_Tech_Carilion_Research_Institute",
    "MagneticFieldStrength": 3,
    "Manufacturer": "Siemens",
    "ManufacturersModelName": "TrioTim",
    "Modality": "MR",
    "PartialFourier": 1,
    "PercentPhaseFOV": 100,
    "PercentSampling": 100,
    "PhaseEncodingDirection": "j-",
    "PhaseEncodingSteps": 64,
    "PhaseResolution": 1,
    "PixelBandwidth": 2232,
    "ReceiveCoilName": "HeadMatrix",
    "ReconMatrixPE": 64,
    "RepetitionTime": 2,
    "SAR": 0.149361,
    "ShimSetting": [
      5774,
      -10010,
      1683,
      307,
      -116,
      -314,
      244,
      -382
    ],
    "SliceThickness": 3,
    "SliceTiming": [
      1.945,
      1.8825,
      1.82,
      1.7575,
      1.695,
      1.6325,
      1.5675,
      1.505,
      1.4425,
      1.38,
      1.3175,
      1.255,
      1.1925,
      1.13,
      1.0675,
      1.005,
      0.9425,
      0.8775,
      0.815,
      0.7525,
      0.69,
      0.6275,
      0.565,
      0.5025,
      0.44,
      0.3775,
      0.315,
      0.2525,
      0.1875,
      0.125,
      0.0625,
      0
    ],
    "SoftwareVersions": "syngo_MR_B17",
    "SpacingBetweenSlices": 3.15,
    "TaskName": "DG",
    "TotalReadoutTime": 0.0321303,
    "TxRefAmp": 322.857,
    "dataset": "ds004128",
    "modality": "bold",
    "run_id": 2,
    "subject_id": "ITSFVT",
    "task_id": "DG"
  },
  "dummy_trs": 0,
  "dvars_nstd": 23.89912844227342,
  "dvars_std": 1.2655635986645477,
  "dvars_vstd": 1.0297148412082677,
  "efc": 0.6049772774005887,
  "fber": 1063.4749755859375,
  "fd_mean": 0.11040729672624276,
  "fd_num": 41,
  "fd_perc": 6.507936507936508,
  "fwhm_avg": 1.8590484941565115,
  "fwhm_x": 1.7835366666666665,
  "fwhm_y": 1.9077166666666667,
  "fwhm_z": 1.8858921491362017,
  "gcor": 0.11342,
  "gsr_x": -0.0067431009374558926,
  "gsr_y": 0.021194379776716232,
  "provenance": {
    "md5sum": "3c919147cccb10c79936d6f462d6e98b",
    "settings": {
      "fd_thres": 0.2,
      "testing": false
    },
    "software": "mriqc",
    "version": "23.0.0",
    "webapi_port": null,
    "webapi_url": "https://mriqc.nimh.nih.gov/api/v1"
  },
  "size_t": 630,
  "size_x": 64,
  "size_y": 64,
  "size_z": 32,
  "snr": 7.518128730727579,
  "spacing_tr": 2.0,
  "spacing_x": 3.0,
  "spacing_y": 3.0,
  "spacing_z": 3.1499998569488525,
  "summary_bg_k": 24.754560914095727,
  "summary_bg_mad": 8.722644277604994,
  "summary_bg_mean": 53.02607345581055,
  "summary_bg_median": 27.697620391845703,
  "summary_bg_n": 65842.0,
  "summary_bg_p05": 21.417461395263672,
  "summary_bg_p95": 165.8987388610839,
  "summary_bg_stdv": 68.61119079589844,
  "summary_fg_k": 2.649496749015639,
  "summary_fg_mad": 111.29642565809274,
  "summary_fg_mean": 947.968505859375,
  "summary_fg_median": 945.8849487304688,
  "summary_fg_n": 34510.0,
  "summary_fg_p05": 752.854525756836,
  "summary_fg_p95": 1145.8671752929688,
  "summary_fg_stdv": 125.81205749511719,
  "tsnr": 65.67663039301988
}