{
  "aor": 0.0006902733812949641,
  "aqi": 0.0074872397122302155,
  "bids_meta": {
    "AcquisitionMatrixPE": 64,
    "BandwidthPerPixelPhaseEncode": 30.637,
    "BaseResolution": 64,
    "DerivedVendorReportedEchoSpacing": 0.000510004,
    "DwellTime": 3.5e-06,
    "EchoTime": 0.03,
    "EffectiveEchoSpacing": 0.000510004,
    "FlipAngle": 78,
    "ImagingFrequency": 123.143,
    "InstitutionName": "Virginia_Tech_Carilion_Research_Institute",
    "MagneticFieldStrength": 3,
    "Manufacturer": "Siemens",
    "ManufacturersModelName": "TrioTim",
    "Modality": "MR",
    "PartialFourier": 1,
    "PercentPhaseFOV": 100,
    "PercentSampling": 100,
    "PhaseEncodingDirection": "j-",
    "PhaseEncodingSteps": 64,
    "PhaseResolution": 1,
    "PixelBandwidth": 2232,
    "ReceiveCoilName": "HeadMatrix",
    "ReconMatrixPE": 64,
    "RepetitionTime": 2,
    "SAR": 0.149361,
    "ShimSetting": [
      5774,
      -10010,
      1683,
      307,
      -116,
      -314,
      244,
      -382
    ],
    "SliceThickness": 3,
    "SliceTiming": [
      1.945,
      1.8825,
      1.82,
      1.7575,
      1.695,
      1.6325,
      1.5675,
      1.505,
      1.4425,
      1.38,
      1.3175,
      1.255,
      1.1925,
      1.13,
      1.0675,
      1.005,
      0.9425,
      0.8775,
      0.815,
      0.7525,
      0.69,
      0.6275,
      0.565,
      0.5025,
      0.44,
      0.3775,
      0.315,
      0.2525,
      0.1875,
      0.125,
      0.0625,
      0
    ],
    "SoftwareVersions": "syngo_MR_B17",
    "SpacingBetweenSlices": 3.15,
    "TaskName": "DG",
    "TotalReadoutTime": 0.0321303,
    "TxRefAmp": 322.857,
    "dataset": "ds004128",
    "modality": "bold",
    "run_id": 1,
    "subject_id": "ITSFVT",
    "task_id": "DG"
  },
  "dummy_trs": 1,
  "dvars_nstd": 24.510098077982704,
  "dvars_std": 1.2707844529106633,
  "dvars_vstd": 0.9991602246974066,
  "efc": 0.6043454199420323,
  "fber": 1074.0218505859375,
  "fd_mean": 0.10662612916224708,
  "fd_num": 23,
  "fd_perc": 3.3093525179856114,
  "fwhm_avg": 1.8391353190627318,
  "fwhm_x": 1.7759066666666667,
  "fwhm_y": 1.8880166666666665,
  "fwhm_z": 1.8534826238548623,
  "gcor": 0.117145,
  "gsr_x": -0.006320806220173836,
  "gsr_y": 0.021347621455788612,
  "provenance": {
    "md5sum": "35bd068d31a21b8e7e684d92edd202f1",
    "settings": {
      "fd_thres": 0.2,
      "testing": false
    },
    "software": "mriqc",
    "version": "23.0.0",
    "webapi_port": null,
    "webapi_url": "https://mriqc.nimh.nih.gov/api/v1"
  },
  "size_t": 695,
  "size_x": 64,
  "size_y": 64,
  "size_z": 32,
  "snr": 7.447893062728333,
  "spacing_tr": 2.0,
  "spacing_x": 3.0,
  "spacing_y": 3.0,
  "spacing_z": 3.1499998569488525,
  "summary_bg_k": 26.304103242989513,
  "summary_bg_mad": 8.782550639562414,
  "summary_bg_mean": 51.86506271362305,
  "summary_bg_median": 27.51654624938965,
  "summary_bg_n": 65691.0,
  "summary_bg_p05": 21.04172706604004,
  "summary_bg_p95": 159.64173126220703,
  "summary_bg_stdv": 67.03900146484375,
  "summary_fg_k": 2.5484594003907874,
  "summary_fg_mad": 112.25535728098727,
  "summary_fg_mean": 946.0030517578125,
  "summary_fg_median": 943.6834716796875,
  "summary_fg_n": 34635.0,
  "summary_fg_p05": 749.5975708007812,
  "summary_fg_p95": 1146.4149169921873,
  "summary_fg_stdv": 126.70292663574219,
  "tsnr": 72.84677385678515
}