{
  "bids_meta": {
    "AcquisitionMatrixPE": 230,
    "BaseResolution": 256,
    "DwellTime": 8.2e-06,
    "EchoTime": 0.00298,
    "FlipAngle": 9,
    "ImagingFrequency": 123.143,
    "InstitutionName": "Virginia_Tech_Carilion_Research_Institute",
    "InversionTime": 0.9,
    "MagneticFieldStrength": 3,
    "Manufacturer": "Siemens",
    "ManufacturersModelName": "TrioTim",
    "Modality": "MR",
    "ParallelReductionFactorInPlane": 2,
    "PartialFourier": 1,
    "PercentPhaseFOV": 93.75,
    "PercentSampling": 96,
    "PhaseEncodingSteps": 230,
    "PhaseResolution": 0.96,
    "PixelBandwidth": 238,
    "ReconMatrixPE": 240,
    "RefLinesPE": 24,
    "RepetitionTime": 2.3,
    "SAR": 0.103976,
    "ShimSetting": [
      5773,
      -10058,
      1620,
      121,
      -144,
      -489,
      193,
      -298
    ],
    "SliceThickness": 1,
    "SoftwareVersions": "syngo_MR_B17",
    "TxRefAmp": 322.857,
    "dataset": "ds004128",
    "modality": "T1w",
    "subject_id": "FPAEIY"
  },
  "cjv": 0.45190548182851636,
  "cnr": 3.005466912728341,
  "efc": 0.7016799023654144,
  "fber": 5097.055424745603,
  "fwhm_avg": 3.7080233333333332,
  "fwhm_x": 3.72965,
  "fwhm_y": 3.88173,
  "fwhm_z": 3.51269,
  "icvs_csf": 0.2016678806753073,
  "icvs_gm": 0.4325775001555602,
  "icvs_wm": 0.3657546191691325,
  "inu_med": 0.8137956857681274,
  "inu_range": 0.48663598895072935,
  "provenance": {
    "md5sum": "3563dd74d3e0b9ccfdda92ef3702d481",
    "settings": {
      "testing": false
    },
    "software": "mriqc",
    "version": "23.0.0",
    "warnings": {
      "large_rot_frame": false,
      "small_air_mask": false
    },
    "webapi_port": null,
    "webapi_url": "https://mriqc.nimh.nih.gov/api/v1"
  },
  "qi_1": 0.0,
  "qi_2": 0.0024419244238933825,
  "rpve_csf": 13.464180056426045,
  "rpve_gm": 6.35950243256298,
  "rpve_wm": 8.418390568030981,
  "size_x": 160,
  "size_y": 205,
  "size_z": 200,
  "snr_csf": 1.7129164314626903,
  "snr_gm": 8.217622594835742,
  "snr_total": 7.729562459298969,
  "snr_wm": 13.258148351598475,
  "snrd_csf": 5.435947057935202,
  "snrd_gm": 17.64938541507942,
  "snrd_total": 16.600793961285717,
  "snrd_wm": 26.71704941084253,
  "spacing_x": 1.0,
  "spacing_y": 1.0,
  "spacing_z": 1.0,
  "summary_bg_k": 61.82325584706197,
  "summary_bg_mad": 0.0,
  "summary_bg_mean": 14.18331784354223,
  "summary_bg_median": 0.0,
  "summary_bg_n": 1323625.0,
  "summary_bg_p05": 0.0,
  "summary_bg_p95": 61.71821227669716,
  "summary_bg_stdv": 24.523532409395777,
  "summary_csf_k": 0.7948411625499068,
  "summary_csf_mad": 118.26851911682358,
  "summary_csf_mean": 215.8799998269781,
  "summary_csf_median": 203.4822425544262,
  "summary_csf_n": 28980.0,
  "summary_csf_p05": 47.60595586895943,
  "summary_csf_p95": 429.6471881434321,
  "summary_csf_stdv": 118.7908108363826,
  "summary_gm_k": -0.00613267547835461,
  "summary_gm_mad": 79.41177418010727,
  "summary_gm_mean": 660.8859346044358,
  "summary_gm_median": 660.6643673479557,
  "summary_gm_n": 26629.0,
  "summary_gm_p05": 527.4318375349045,
  "summary_gm_p95": 793.9335523724556,
  "summary_gm_stdv": 80.39453681746713,
  "summary_wm_k": 0.23261326889940204,
  "summary_wm_mad": 73.97726439874836,
  "summary_wm_mean": 1002.4736358364524,
  "summary_wm_median": 1000.0916253626347,
  "summary_wm_n": 212111.0,
  "summary_wm_p05": 883.1156818270683,
  "summary_wm_p95": 1130.1718069911003,
  "summary_wm_stdv": 75.43204687153415,
  "tpm_overlap_csf": 0.15204353888066002,
  "tpm_overlap_gm": 0.4522720604212126,
  "tpm_overlap_wm": 0.4875717263382544,
  "wm2max": 0.39640768228172113
}