{
  "bids_meta": {
    "AcquisitionMatrixPE": 230,
    "BaseResolution": 256,
    "DwellTime": 8.2e-06,
    "EchoTime": 0.00298,
    "FlipAngle": 9,
    "ImagingFrequency": 123.143,
    "InstitutionName": "Virginia_Tech_Carilion_Research_Institute",
    "InversionTime": 0.9,
    "MagneticFieldStrength": 3,
    "Manufacturer": "Siemens",
    "ManufacturersModelName": "TrioTim",
    "Modality": "MR",
    "ParallelReductionFactorInPlane": 2,
    "PartialFourier": 1,
    "PercentPhaseFOV": 93.75,
    "PercentSampling": 96,
    "PhaseEncodingSteps": 230,
    "PhaseResolution": 0.96,
    "PixelBandwidth": 238,
    "ReconMatrixPE": 240,
    "RefLinesPE": 24,
    "RepetitionTime": 2.3,
    "SAR": 0.103976,
    "ShimSetting": [
      5773,
      -10058,
      1620,
      121,
      -144,
      -489,
      193,
      -298
    ],
    "SliceThickness": 1,
    "SoftwareVersions": "syngo_MR_B17",
    "TxRefAmp": 322.857,
    "dataset": "ds004128",
    "modality": "T1w",
    "subject_id": "EMBPMN"
  },
  "cjv": 0.4160328938137021,
  "cnr": 3.295136309554907,
  "efc": 0.6596703487385224,
  "fber": 11113.279462280354,
  "fwhm_avg": 3.8185033333333336,
  "fwhm_x": 3.84706,
  "fwhm_y": 4.01333,
  "fwhm_z": 3.59512,
  "icvs_csf": 0.20828935509735277,
  "icvs_gm": 0.41234902871698975,
  "icvs_wm": 0.3793616161856575,
  "inu_med": 0.614702433347702,
  "inu_range": 0.29125629663467406,
  "provenance": {
    "md5sum": "c174285268cf846339990ff8c32079f6",
    "settings": {
      "testing": false
    },
    "software": "mriqc",
    "version": "23.0.0",
    "warnings": {
      "large_rot_frame": false,
      "small_air_mask": false
    },
    "webapi_port": null,
    "webapi_url": "https://mriqc.nimh.nih.gov/api/v1"
  },
  "qi_1": 0.0,
  "qi_2": 0.0034725020920797316,
  "rpve_csf": 11.697556911366016,
  "rpve_gm": 5.992877239726895,
  "rpve_wm": 7.643208082323434,
  "size_x": 160,
  "size_y": 188,
  "size_z": 165,
  "snr_csf": 1.7778820743329724,
  "snr_gm": 8.520175621190274,
  "snr_total": 9.32620091683153,
  "snr_wm": 17.68054505497134,
  "snrd_csf": 9.08611390708484,
  "snrd_gm": 31.431465263314454,
  "snrd_total": 29.01159148580568,
  "snrd_wm": 46.517195287017756,
  "spacing_x": 1.0,
  "spacing_y": 1.0,
  "spacing_z": 1.0,
  "summary_bg_k": 8.57751598442507,
  "summary_bg_mad": 0.0,
  "summary_bg_mean": 8.251756590768778,
  "summary_bg_median": 0.0,
  "summary_bg_n": 988082.0,
  "summary_bg_p05": 0.0,
  "summary_bg_p95": 37.863970041275024,
  "summary_bg_stdv": 14.08426649517035,
  "summary_csf_k": 2.0157507870858202,
  "summary_csf_mad": 96.40717051160574,
  "summary_csf_mean": 208.97769581847174,
  "summary_csf_median": 195.33527624607086,
  "summary_csf_n": 28145.0,
  "summary_csf_p05": 55.6223934173584,
  "summary_csf_p95": 414.62892417907705,
  "summary_csf_stdv": 109.86769531891863,
  "summary_gm_k": -0.0036666386151540387,
  "summary_gm_mad": 79.2814926624953,
  "summary_gm_mean": 675.9905626348151,
  "summary_gm_median": 675.720556974411,
  "summary_gm_n": 19953.0,
  "summary_gm_p05": 545.1156934499741,
  "summary_gm_p95": 806.3992294073105,
  "summary_gm_stdv": 79.30630235786528,
  "summary_wm_k": 0.17852787481766352,
  "summary_wm_mad": 55.644774353179926,
  "summary_wm_mean": 1001.0140406944183,
  "summary_wm_median": 1000.0369007587433,
  "summary_wm_n": 203373.0,
  "summary_wm_p05": 910.0269368886948,
  "summary_wm_p95": 1095.5234856367108,
  "summary_wm_stdv": 56.56129033460065,
  "tpm_overlap_csf": 0.17086721337108446,
  "tpm_overlap_gm": 0.45154111506519334,
  "tpm_overlap_wm": 0.5120232299680698,
  "wm2max": 0.4997381206639578
}