{
  "aor": 0.0007199593495934959,
  "aqi": 0.00850087039295393,
  "bids_meta": {
    "AcquisitionMatrixPE": 64,
    "BandwidthPerPixelPhaseEncode": 30.637,
    "BaseResolution": 64,
    "DerivedVendorReportedEchoSpacing": 0.000510004,
    "DwellTime": 3.5e-06,
    "EchoTime": 0.03,
    "EffectiveEchoSpacing": 0.000510004,
    "FlipAngle": 78,
    "ImagingFrequency": 123.143,
    "InstitutionName": "Virginia_Tech_Carilion_Research_Institute",
    "MagneticFieldStrength": 3,
    "Manufacturer": "Siemens",
    "ManufacturersModelName": "TrioTim",
    "Modality": "MR",
    "PartialFourier": 1,
    "PercentPhaseFOV": 100,
    "PercentSampling": 100,
    "PhaseEncodingDirection": "j-",
    "PhaseEncodingSteps": 64,
    "PhaseResolution": 1,
    "PixelBandwidth": 2232,
    "ReceiveCoilName": "HeadMatrix",
    "ReconMatrixPE": 64,
    "RepetitionTime": 2,
    "SAR": 0.149361,
    "ShimSetting": [
      5774,
      -10010,
      1683,
      307,
      -116,
      -314,
      244,
      -382
    ],
    "SliceThickness": 3,
    "SliceTiming": [
      1.945,
      1.8825,
      1.82,
      1.7575,
      1.695,
      1.6325,
      1.5675,
      1.505,
      1.4425,
      1.38,
      1.3175,
      1.255,
      1.1925,
      1.13,
      1.0675,
      1.005,
      0.9425,
      0.8775,
      0.815,
      0.7525,
      0.69,
      0.6275,
      0.565,
      0.5025,
      0.44,
      0.3775,
      0.315,
      0.2525,
      0.1875,
      0.125,
      0.0625,
      0
    ],
    "SoftwareVersions": "syngo_MR_B17",
    "SpacingBetweenSlices": 3.15,
    "TaskName": "DG",
    "TotalReadoutTime": 0.0321303,
    "TxRefAmp": 322.857,
    "dataset": "ds004128",
    "modality": "bold",
    "run_id": 2,
    "subject_id": "AIMMAY",
    "task_id": "DG"
  },
  "dummy_trs": 1,
  "dvars_nstd": 26.23484145926731,
  "dvars_std": 1.1863720578290378,
  "dvars_vstd": 0.9903534653459966,
  "efc": 0.6365185304182907,
  "fber": 585.49462890625,
  "fd_mean": 0.15326391791124477,
  "fd_num": 95,
  "fd_perc": 12.872628726287262,
  "fwhm_avg": 1.8824006642558888,
  "fwhm_x": 1.8109466666666665,
  "fwhm_y": 1.89836,
  "fwhm_z": 1.9378953261010001,
  "gcor": 0.0723672,
  "gsr_x": -0.017878247424960136,
  "gsr_y": 0.035903360694646835,
  "provenance": {
    "md5sum": "4753e97139c662345a668996c8001881",
    "settings": {
      "fd_thres": 0.2,
      "testing": false
    },
    "software": "mriqc",
    "version": "23.0.0",
    "webapi_port": null,
    "webapi_url": "https://mriqc.nimh.nih.gov/api/v1"
  },
  "size_t": 738,
  "size_x": 64,
  "size_y": 64,
  "size_z": 32,
  "snr": 6.069846840685578,
  "spacing_tr": 2.0,
  "spacing_x": 3.0,
  "spacing_y": 3.0,
  "spacing_z": 3.1499998569488525,
  "summary_bg_k": 12.578626767130002,
  "summary_bg_mad": 15.788307625377506,
  "summary_bg_mean": 68.16439056396484,
  "summary_bg_median": 33.27913284301758,
  "summary_bg_n": 63585.0,
  "summary_bg_p05": 21.571815490722656,
  "summary_bg_p95": 239.24770202636716,
  "summary_bg_stdv": 80.23397064208984,
  "summary_fg_k": 1.541186359555498,
  "summary_fg_mad": 135.22410883799202,
  "summary_fg_mean": 875.1026611328125,
  "summary_fg_median": 867.4322509765625,
  "summary_fg_n": 35603.0,
  "summary_fg_p05": 663.17509765625,
  "summary_fg_p95": 1108.6340087890626,
  "summary_fg_stdv": 142.9064178466797,
  "tsnr": 55.92806796892546
}