{
  "aor": 0.0003730920060331825,
  "aqi": 0.005648542805429864,
  "bids_meta": {
    "AcquisitionMatrixPE": 64,
    "BandwidthPerPixelPhaseEncode": 30.637,
    "BaseResolution": 64,
    "DerivedVendorReportedEchoSpacing": 0.000510004,
    "DwellTime": 3.5e-06,
    "EchoTime": 0.03,
    "EffectiveEchoSpacing": 0.000510004,
    "FlipAngle": 78,
    "ImagingFrequency": 123.143,
    "InstitutionName": "Virginia_Tech_Carilion_Research_Institute",
    "MagneticFieldStrength": 3,
    "Manufacturer": "Siemens",
    "ManufacturersModelName": "TrioTim",
    "Modality": "MR",
    "PartialFourier": 1,
    "PercentPhaseFOV": 100,
    "PercentSampling": 100,
    "PhaseEncodingDirection": "j-",
    "PhaseEncodingSteps": 64,
    "PhaseResolution": 1,
    "PixelBandwidth": 2232,
    "ReceiveCoilName": "HeadMatrix",
    "ReconMatrixPE": 64,
    "RepetitionTime": 2,
    "SAR": 0.149361,
    "ShimSetting": [
      5774,
      -10010,
      1683,
      307,
      -116,
      -314,
      244,
      -382
    ],
    "SliceThickness": 3,
    "SliceTiming": [
      1.945,
      1.8825,
      1.82,
      1.7575,
      1.695,
      1.6325,
      1.5675,
      1.505,
      1.4425,
      1.38,
      1.3175,
      1.255,
      1.1925,
      1.13,
      1.0675,
      1.005,
      0.9425,
      0.8775,
      0.815,
      0.7525,
      0.69,
      0.6275,
      0.565,
      0.5025,
      0.44,
      0.3775,
      0.315,
      0.2525,
      0.1875,
      0.125,
      0.0625,
      0
    ],
    "SoftwareVersions": "syngo_MR_B17",
    "SpacingBetweenSlices": 3.15,
    "TaskName": "DG",
    "TotalReadoutTime": 0.0321303,
    "TxRefAmp": 322.857,
    "dataset": "ds004128",
    "modality": "bold",
    "run_id": 2,
    "subject_id": "YKAOLD",
    "task_id": "DG"
  },
  "dummy_trs": 1,
  "dvars_nstd": 26.900957441842902,
  "dvars_std": 1.1449580078700916,
  "dvars_vstd": 0.994903656540785,
  "efc": 0.642942576727079,
  "fber": 492.9627990722656,
  "fd_mean": 0.16051184997054033,
  "fd_num": 118,
  "fd_perc": 17.79788838612368,
  "fwhm_avg": 2.074407968928684,
  "fwhm_x": 1.96922,
  "fwhm_y": 2.1122799999999997,
  "fwhm_z": 2.1417239067860514,
  "gcor": 0.0956786,
  "gsr_x": -0.02764587663114071,
  "gsr_y": 0.04302733391523361,
  "provenance": {
    "md5sum": "a021ba9ef9b4b645e06c53206ced3750",
    "settings": {
      "fd_thres": 0.2,
      "testing": false
    },
    "software": "mriqc",
    "version": "23.0.0",
    "webapi_port": null,
    "webapi_url": "https://mriqc.nimh.nih.gov/api/v1"
  },
  "size_t": 663,
  "size_x": 64,
  "size_y": 64,
  "size_z": 32,
  "snr": 5.304185278216086,
  "spacing_tr": 2.0,
  "spacing_x": 3.0,
  "spacing_y": 3.0,
  "spacing_z": 3.1499998569488525,
  "summary_bg_k": 9.275912155307067,
  "summary_bg_mad": 15.435387623252842,
  "summary_bg_mean": 67.40772247314453,
  "summary_bg_median": 34.162139892578125,
  "summary_bg_n": 62890.0,
  "summary_bg_p05": 23.111614227294922,
  "summary_bg_p95": 253.329271697998,
  "summary_bg_stdv": 79.13167572021484,
  "summary_fg_k": 1.0888323051422626,
  "summary_fg_mad": 137.4303212029991,
  "summary_fg_mean": 837.9804077148438,
  "summary_fg_median": 821.0633544921875,
  "summary_fg_n": 36820.0,
  "summary_fg_p05": 614.8596649169922,
  "summary_fg_p95": 1111.3307739257812,
  "summary_fg_stdv": 154.79327392578125,
  "tsnr": 57.829359781346284
}