{
  "aor": 0.0008776254180602005,
  "aqi": 0.006730485133779264,
  "bids_meta": {
    "AcquisitionMatrixPE": 64,
    "BandwidthPerPixelPhaseEncode": 30.637,
    "BaseResolution": 64,
    "DerivedVendorReportedEchoSpacing": 0.000510004,
    "DwellTime": 3.5e-06,
    "EchoTime": 0.03,
    "EffectiveEchoSpacing": 0.000510004,
    "FlipAngle": 78,
    "ImagingFrequency": 123.143,
    "InstitutionName": "Virginia_Tech_Carilion_Research_Institute",
    "MagneticFieldStrength": 3,
    "Manufacturer": "Siemens",
    "ManufacturersModelName": "TrioTim",
    "Modality": "MR",
    "PartialFourier": 1,
    "PercentPhaseFOV": 100,
    "PercentSampling": 100,
    "PhaseEncodingDirection": "j-",
    "PhaseEncodingSteps": 64,
    "PhaseResolution": 1,
    "PixelBandwidth": 2232,
    "ReceiveCoilName": "HeadMatrix",
    "ReconMatrixPE": 64,
    "RepetitionTime": 2,
    "SAR": 0.149361,
    "ShimSetting": [
      5774,
      -10010,
      1683,
      307,
      -116,
      -314,
      244,
      -382
    ],
    "SliceThickness": 3,
    "SliceTiming": [
      1.945,
      1.8825,
      1.82,
      1.7575,
      1.695,
      1.6325,
      1.5675,
      1.505,
      1.4425,
      1.38,
      1.3175,
      1.255,
      1.1925,
      1.13,
      1.0675,
      1.005,
      0.9425,
      0.8775,
      0.815,
      0.7525,
      0.69,
      0.6275,
      0.565,
      0.5025,
      0.44,
      0.3775,
      0.315,
      0.2525,
      0.1875,
      0.125,
      0.0625,
      0
    ],
    "SoftwareVersions": "syngo_MR_B17",
    "SpacingBetweenSlices": 3.15,
    "TaskName": "DG",
    "TotalReadoutTime": 0.0321303,
    "TxRefAmp": 322.857,
    "dataset": "ds004128",
    "modality": "bold",
    "run_id": 1,
    "subject_id": "YKAOLD",
    "task_id": "DG"
  },
  "dummy_trs": 1,
  "dvars_nstd": 28.0540802826298,
  "dvars_std": 1.1418047946231147,
  "dvars_vstd": 0.9896371151926306,
  "efc": 0.6419065159146793,
  "fber": 500.79595947265625,
  "fd_mean": 0.18813123243298135,
  "fd_num": 184,
  "fd_perc": 30.76923076923077,
  "fwhm_avg": 2.091855217982837,
  "fwhm_x": 1.9798033333333331,
  "fwhm_y": 2.12914,
  "fwhm_z": 2.1666223206151773,
  "gcor": 0.0598091,
  "gsr_x": -0.027640903368592262,
  "gsr_y": 0.0431988500058651,
  "provenance": {
    "md5sum": "c959e410dba4a976d0e552f193498968",
    "settings": {
      "fd_thres": 0.2,
      "testing": false
    },
    "software": "mriqc",
    "version": "23.0.0",
    "webapi_port": null,
    "webapi_url": "https://mriqc.nimh.nih.gov/api/v1"
  },
  "size_t": 598,
  "size_x": 64,
  "size_y": 64,
  "size_z": 32,
  "snr": 5.2646518198826495,
  "spacing_tr": 2.0,
  "spacing_x": 3.0,
  "spacing_y": 3.0,
  "spacing_z": 3.1499998569488525,
  "summary_bg_k": 9.738570803580632,
  "summary_bg_mad": 15.641701123958049,
  "summary_bg_mean": 66.70820617675781,
  "summary_bg_median": 33.99163818359375,
  "summary_bg_n": 62833.0,
  "summary_bg_p05": 22.31939697265625,
  "summary_bg_p95": 253.15517883300774,
  "summary_bg_stdv": 79.5460433959961,
  "summary_fg_k": 1.017409186237673,
  "summary_fg_mad": 138.50675520508852,
  "summary_fg_mean": 837.227294921875,
  "summary_fg_median": 820.7608642578125,
  "summary_fg_n": 36783.0,
  "summary_fg_p05": 612.9625366210937,
  "summary_fg_p95": 1115.7633666992188,
  "summary_fg_stdv": 155.898193359375,
  "tsnr": 54.70933754259022
}