{
  "aor": 0.00011041554959785523,
  "aqi": 0.0052103529356568356,
  "bids_meta": {
    "AcquisitionMatrixPE": 64,
    "BandwidthPerPixelPhaseEncode": 30.637,
    "BaseResolution": 64,
    "DerivedVendorReportedEchoSpacing": 0.000510004,
    "DwellTime": 3.5e-06,
    "EchoTime": 0.03,
    "EffectiveEchoSpacing": 0.000510004,
    "FlipAngle": 78,
    "ImagingFrequency": 123.143,
    "InstitutionName": "Virginia_Tech_Carilion_Research_Institute",
    "MagneticFieldStrength": 3,
    "Manufacturer": "Siemens",
    "ManufacturersModelName": "TrioTim",
    "Modality": "MR",
    "PartialFourier": 1,
    "PercentPhaseFOV": 100,
    "PercentSampling": 100,
    "PhaseEncodingDirection": "j-",
    "PhaseEncodingSteps": 64,
    "PhaseResolution": 1,
    "PixelBandwidth": 2232,
    "ReceiveCoilName": "HeadMatrix",
    "ReconMatrixPE": 64,
    "RepetitionTime": 2,
    "SAR": 0.149361,
    "ShimSetting": [
      5774,
      -10010,
      1683,
      307,
      -116,
      -314,
      244,
      -382
    ],
    "SliceThickness": 3,
    "SliceTiming": [
      1.945,
      1.8825,
      1.82,
      1.7575,
      1.695,
      1.6325,
      1.5675,
      1.505,
      1.4425,
      1.38,
      1.3175,
      1.255,
      1.1925,
      1.13,
      1.0675,
      1.005,
      0.9425,
      0.8775,
      0.815,
      0.7525,
      0.69,
      0.6275,
      0.565,
      0.5025,
      0.44,
      0.3775,
      0.315,
      0.2525,
      0.1875,
      0.125,
      0.0625,
      0
    ],
    "SoftwareVersions": "syngo_MR_B17",
    "SpacingBetweenSlices": 3.15,
    "TaskName": "DG",
    "TotalReadoutTime": 0.0321303,
    "TxRefAmp": 322.857,
    "dataset": "ds004128",
    "modality": "bold",
    "run_id": 2,
    "subject_id": "WAMSNL",
    "task_id": "DG"
  },
  "dummy_trs": 1,
  "dvars_nstd": 23.06355991995971,
  "dvars_std": 1.1093950342550343,
  "dvars_vstd": 0.9634534884429525,
  "efc": 0.5924281453267579,
  "fber": 858.9681396484375,
  "fd_mean": 0.1744438443267932,
  "fd_num": 232,
  "fd_perc": 31.099195710455763,
  "fwhm_avg": 2.0270833125866283,
  "fwhm_x": 1.9734433333333332,
  "fwhm_y": 2.0520066666666668,
  "fwhm_z": 2.0557999377598857,
  "gcor": 0.185543,
  "gsr_x": 0.0036129842046648264,
  "gsr_y": 0.01752098836004734,
  "provenance": {
    "md5sum": "2bbf13d25f25aaf64126aa7149bd00db",
    "settings": {
      "fd_thres": 0.2,
      "testing": false
    },
    "software": "mriqc",
    "version": "23.0.0",
    "webapi_port": null,
    "webapi_url": "https://mriqc.nimh.nih.gov/api/v1"
  },
  "size_t": 746,
  "size_x": 64,
  "size_y": 64,
  "size_z": 32,
  "snr": 6.0664860123795,
  "spacing_tr": 2.0,
  "spacing_x": 3.0,
  "spacing_y": 3.0,
  "spacing_z": 3.1500000953674316,
  "summary_bg_k": 20.39857775990005,
  "summary_bg_mad": 11.228823939653594,
  "summary_bg_mean": 57.232269287109375,
  "summary_bg_median": 30.284183502197266,
  "summary_bg_n": 68195.0,
  "summary_bg_p05": 22.029491424560547,
  "summary_bg_p95": 186.21595764160134,
  "summary_bg_stdv": 74.61698913574219,
  "summary_fg_k": 1.5126139775413012,
  "summary_fg_mad": 133.47691135050997,
  "summary_fg_mean": 940.6980590820312,
  "summary_fg_median": 927.2888793945312,
  "summary_fg_n": 31742.0,
  "summary_fg_p05": 710.0104064941406,
  "summary_fg_p95": 1203.9493041992184,
  "summary_fg_stdv": 152.85195922851562,
  "tsnr": 61.537232756847516
}