{
  "aor": 0.0025408413793103447,
  "aqi": 0.006770873186206896,
  "bids_meta": {
    "AcquisitionMatrixPE": 64,
    "BandwidthPerPixelPhaseEncode": 30.637,
    "BaseResolution": 64,
    "DerivedVendorReportedEchoSpacing": 0.000510004,
    "DwellTime": 3.5e-06,
    "EchoTime": 0.03,
    "EffectiveEchoSpacing": 0.000510004,
    "FlipAngle": 78,
    "ImagingFrequency": 123.143,
    "InstitutionName": "Virginia_Tech_Carilion_Research_Institute",
    "MagneticFieldStrength": 3,
    "Manufacturer": "Siemens",
    "ManufacturersModelName": "TrioTim",
    "Modality": "MR",
    "PartialFourier": 1,
    "PercentPhaseFOV": 100,
    "PercentSampling": 100,
    "PhaseEncodingDirection": "j-",
    "PhaseEncodingSteps": 64,
    "PhaseResolution": 1,
    "PixelBandwidth": 2232,
    "ReceiveCoilName": "HeadMatrix",
    "ReconMatrixPE": 64,
    "RepetitionTime": 2,
    "SAR": 0.149361,
    "ShimSetting": [
      5774,
      -10010,
      1683,
      307,
      -116,
      -314,
      244,
      -382
    ],
    "SliceThickness": 3,
    "SliceTiming": [
      1.945,
      1.8825,
      1.82,
      1.7575,
      1.695,
      1.6325,
      1.5675,
      1.505,
      1.4425,
      1.38,
      1.3175,
      1.255,
      1.1925,
      1.13,
      1.0675,
      1.005,
      0.9425,
      0.8775,
      0.815,
      0.7525,
      0.69,
      0.6275,
      0.565,
      0.5025,
      0.44,
      0.3775,
      0.315,
      0.2525,
      0.1875,
      0.125,
      0.0625,
      0
    ],
    "SoftwareVersions": "syngo_MR_B17",
    "SpacingBetweenSlices": 3.15,
    "TaskName": "DG",
    "TotalReadoutTime": 0.0321303,
    "TxRefAmp": 322.857,
    "dataset": "ds004128",
    "modality": "bold",
    "run_id": 1,
    "subject_id": "WAMSNL",
    "task_id": "DG"
  },
  "dummy_trs": 0,
  "dvars_nstd": 24.846252106933676,
  "dvars_std": 1.1604343750552497,
  "dvars_vstd": 1.0173290260911596,
  "efc": 0.5899737960082986,
  "fber": 862.9921264648438,
  "fd_mean": 0.2575271919517009,
  "fd_num": 429,
  "fd_perc": 59.172413793103445,
  "fwhm_avg": 2.0358688157851295,
  "fwhm_x": 2.0038133333333334,
  "fwhm_y": 2.10279,
  "fwhm_z": 2.0010031140220548,
  "gcor": 0.154465,
  "gsr_x": 0.00326172006316483,
  "gsr_y": 0.018106769770383835,
  "provenance": {
    "md5sum": "d128523f2e32ed8fa11d36d16a6c6a4c",
    "settings": {
      "fd_thres": 0.2,
      "testing": false
    },
    "software": "mriqc",
    "version": "23.0.0",
    "webapi_port": null,
    "webapi_url": "https://mriqc.nimh.nih.gov/api/v1"
  },
  "size_t": 725,
  "size_x": 64,
  "size_y": 64,
  "size_z": 32,
  "snr": 6.05678670111473,
  "spacing_tr": 2.0,
  "spacing_x": 3.0,
  "spacing_y": 3.0,
  "spacing_z": 3.1500000953674316,
  "summary_bg_k": 20.645784966904177,
  "summary_bg_mad": 12.345478300312761,
  "summary_bg_mean": 55.886390686035156,
  "summary_bg_median": 30.186208724975586,
  "summary_bg_n": 68240.0,
  "summary_bg_p05": 19.60413932800293,
  "summary_bg_p95": 180.7082130432126,
  "summary_bg_stdv": 72.98970031738281,
  "summary_fg_k": 1.4302575611111266,
  "summary_fg_mad": 132.7021286237738,
  "summary_fg_mean": 934.075439453125,
  "summary_fg_median": 920.6441650390625,
  "summary_fg_n": 31687.0,
  "summary_fg_p05": 704.0717529296875,
  "summary_fg_p95": 1197.0526123046875,
  "summary_fg_stdv": 151.9996795654297,
  "tsnr": 57.19091207301244
}