{
  "aor": 0.0036439747634069404,
  "aqi": 0.007219060914826498,
  "bids_meta": {
    "AcquisitionMatrixPE": 64,
    "BandwidthPerPixelPhaseEncode": 30.637,
    "BaseResolution": 64,
    "DerivedVendorReportedEchoSpacing": 0.000510004,
    "DwellTime": 3.5e-06,
    "EchoTime": 0.03,
    "EffectiveEchoSpacing": 0.000510004,
    "FlipAngle": 78,
    "ImagingFrequency": 123.143,
    "InstitutionName": "Virginia_Tech_Carilion_Research_Institute",
    "MagneticFieldStrength": 3,
    "Manufacturer": "Siemens",
    "ManufacturersModelName": "TrioTim",
    "Modality": "MR",
    "PartialFourier": 1,
    "PercentPhaseFOV": 100,
    "PercentSampling": 100,
    "PhaseEncodingDirection": "j-",
    "PhaseEncodingSteps": 64,
    "PhaseResolution": 1,
    "PixelBandwidth": 2232,
    "ReceiveCoilName": "HeadMatrix",
    "ReconMatrixPE": 64,
    "RepetitionTime": 2,
    "SAR": 0.149361,
    "ShimSetting": [
      5774,
      -10010,
      1683,
      307,
      -116,
      -314,
      244,
      -382
    ],
    "SliceThickness": 3,
    "SliceTiming": [
      1.945,
      1.8825,
      1.82,
      1.7575,
      1.695,
      1.6325,
      1.5675,
      1.505,
      1.4425,
      1.38,
      1.3175,
      1.255,
      1.1925,
      1.13,
      1.0675,
      1.005,
      0.9425,
      0.8775,
      0.815,
      0.7525,
      0.69,
      0.6275,
      0.565,
      0.5025,
      0.44,
      0.3775,
      0.315,
      0.2525,
      0.1875,
      0.125,
      0.0625,
      0
    ],
    "SoftwareVersions": "syngo_MR_B17",
    "SpacingBetweenSlices": 3.15,
    "TaskName": "DG",
    "TotalReadoutTime": 0.0321303,
    "TxRefAmp": 322.857,
    "dataset": "ds004128",
    "modality": "bold",
    "run_id": 2,
    "subject_id": "ZKYEJO",
    "task_id": "DG"
  },
  "dummy_trs": 1,
  "dvars_nstd": 24.673909472069486,
  "dvars_std": 1.2500816231911527,
  "dvars_vstd": 1.0554266659399685,
  "efc": 0.6100490194121496,
  "fber": 839.1697387695312,
  "fd_mean": 0.16397143205492332,
  "fd_num": 152,
  "fd_perc": 23.974763406940063,
  "fwhm_avg": 2.099336433712464,
  "fwhm_x": 1.9839466666666665,
  "fwhm_y": 2.2020500000000003,
  "fwhm_z": 2.1120126344707235,
  "gcor": 0.0790384,
  "gsr_x": -0.013567859306931496,
  "gsr_y": 0.02785378508269787,
  "provenance": {
    "md5sum": "7e8030df24e12a0be2204b40c4dc7f5d",
    "settings": {
      "fd_thres": 0.2,
      "testing": false
    },
    "software": "mriqc",
    "version": "23.0.0",
    "webapi_port": null,
    "webapi_url": "https://mriqc.nimh.nih.gov/api/v1"
  },
  "size_t": 634,
  "size_x": 64,
  "size_y": 64,
  "size_z": 32,
  "snr": 6.052586839569907,
  "spacing_tr": 2.0,
  "spacing_x": 3.0,
  "spacing_y": 3.0,
  "spacing_z": 3.1500000953674316,
  "summary_bg_k": 18.06771600935885,
  "summary_bg_mad": 11.853801878705612,
  "summary_bg_mean": 60.36758041381836,
  "summary_bg_median": 31.8990535736084,
  "summary_bg_n": 65179.0,
  "summary_bg_p05": 23.39432144165039,
  "summary_bg_p95": 196.2340759277343,
  "summary_bg_stdv": 73.40348815917969,
  "summary_fg_k": 1.177340865294159,
  "summary_fg_mad": 137.85856918878264,
  "summary_fg_mean": 987.910400390625,
  "summary_fg_median": 976.1546020507812,
  "summary_fg_n": 34411.0,
  "summary_fg_p05": 745.4061889648438,
  "summary_fg_p95": 1278.6522216796875,
  "summary_fg_stdv": 161.2765655517578,
  "tsnr": 62.764672100543976
}