{
  "aor": 0.0014114798206278025,
  "aqi": 0.009219339402092675,
  "bids_meta": {
    "AcquisitionMatrixPE": 64,
    "BandwidthPerPixelPhaseEncode": 30.637,
    "BaseResolution": 64,
    "DerivedVendorReportedEchoSpacing": 0.000510004,
    "DwellTime": 3.5e-06,
    "EchoTime": 0.03,
    "EffectiveEchoSpacing": 0.000510004,
    "FlipAngle": 78,
    "ImagingFrequency": 123.143,
    "InstitutionName": "Virginia_Tech_Carilion_Research_Institute",
    "MagneticFieldStrength": 3,
    "Manufacturer": "Siemens",
    "ManufacturersModelName": "TrioTim",
    "Modality": "MR",
    "PartialFourier": 1,
    "PercentPhaseFOV": 100,
    "PercentSampling": 100,
    "PhaseEncodingDirection": "j-",
    "PhaseEncodingSteps": 64,
    "PhaseResolution": 1,
    "PixelBandwidth": 2232,
    "ReceiveCoilName": "HeadMatrix",
    "ReconMatrixPE": 64,
    "RepetitionTime": 2,
    "SAR": 0.149361,
    "ShimSetting": [
      5774,
      -10010,
      1683,
      307,
      -116,
      -314,
      244,
      -382
    ],
    "SliceThickness": 3,
    "SliceTiming": [
      1.945,
      1.8825,
      1.82,
      1.7575,
      1.695,
      1.6325,
      1.5675,
      1.505,
      1.4425,
      1.38,
      1.3175,
      1.255,
      1.1925,
      1.13,
      1.0675,
      1.005,
      0.9425,
      0.8775,
      0.815,
      0.7525,
      0.69,
      0.6275,
      0.565,
      0.5025,
      0.44,
      0.3775,
      0.315,
      0.2525,
      0.1875,
      0.125,
      0.0625,
      0
    ],
    "SoftwareVersions": "syngo_MR_B17",
    "SpacingBetweenSlices": 3.15,
    "TaskName": "DG",
    "TotalReadoutTime": 0.0321303,
    "TxRefAmp": 322.857,
    "dataset": "ds004128",
    "modality": "bold",
    "run_id": 2,
    "subject_id": "CYZNJD",
    "task_id": "DG"
  },
  "dummy_trs": 0,
  "dvars_nstd": 27.717751642799396,
  "dvars_std": 1.2339556411976034,
  "dvars_vstd": 1.0107269705389228,
  "efc": 0.6733296497588952,
  "fber": 187.87713623046875,
  "fd_mean": 0.09068211749420146,
  "fd_num": 57,
  "fd_perc": 8.52017937219731,
  "fwhm_avg": 1.8771863256526469,
  "fwhm_x": 1.7176366666666667,
  "fwhm_y": 1.9746333333333332,
  "fwhm_z": 1.939288976957941,
  "gcor": 0.0523531,
  "gsr_x": -0.025387655943632126,
  "gsr_y": 0.050663650035858154,
  "provenance": {
    "md5sum": "d5c76e277df9252cfd3eed81d51936a0",
    "settings": {
      "fd_thres": 0.2,
      "testing": false
    },
    "software": "mriqc",
    "version": "23.0.0",
    "webapi_port": null,
    "webapi_url": "https://mriqc.nimh.nih.gov/api/v1"
  },
  "size_t": 669,
  "size_x": 64,
  "size_y": 64,
  "size_z": 32,
  "snr": 5.956967323600096,
  "spacing_tr": 2.0,
  "spacing_x": 3.0,
  "spacing_y": 3.0,
  "spacing_z": 3.1499998569488525,
  "summary_bg_k": 9.058105485158174,
  "summary_bg_mad": 39.25238917238371,
  "summary_bg_mean": 88.99771118164062,
  "summary_bg_median": 64.79671478271484,
  "summary_bg_n": 60001.0,
  "summary_bg_p05": 27.947683334350586,
  "summary_bg_p95": 242.68161010742188,
  "summary_bg_stdv": 74.33027648925781,
  "summary_fg_k": 0.8543916666028548,
  "summary_fg_mad": 149.97773833659755,
  "summary_fg_mean": 943.721923828125,
  "summary_fg_median": 934.6591796875,
  "summary_fg_n": 39101.0,
  "summary_fg_p05": 708.1181030273438,
  "summary_fg_p95": 1210.1644287109375,
  "summary_fg_stdv": 156.89984130859375,
  "tsnr": 50.859617426467594
}