{
  "aor": 0.00034467084639498436,
  "aqi": 0.0112052684169279,
  "bids_meta": {
    "AcquisitionMatrixPE": 64,
    "BandwidthPerPixelPhaseEncode": 30.637,
    "BaseResolution": 64,
    "DerivedVendorReportedEchoSpacing": 0.000510004,
    "DwellTime": 3.5e-06,
    "EchoTime": 0.03,
    "EffectiveEchoSpacing": 0.000510004,
    "FlipAngle": 78,
    "ImagingFrequency": 123.143,
    "InstitutionName": "Virginia_Tech_Carilion_Research_Institute",
    "MagneticFieldStrength": 3,
    "Manufacturer": "Siemens",
    "ManufacturersModelName": "TrioTim",
    "Modality": "MR",
    "PartialFourier": 1,
    "PercentPhaseFOV": 100,
    "PercentSampling": 100,
    "PhaseEncodingDirection": "j-",
    "PhaseEncodingSteps": 64,
    "PhaseResolution": 1,
    "PixelBandwidth": 2232,
    "ReceiveCoilName": "HeadMatrix",
    "ReconMatrixPE": 64,
    "RepetitionTime": 2,
    "SAR": 0.149361,
    "ShimSetting": [
      5774,
      -10010,
      1683,
      307,
      -116,
      -314,
      244,
      -382
    ],
    "SliceThickness": 3,
    "SliceTiming": [
      1.945,
      1.8825,
      1.82,
      1.7575,
      1.695,
      1.6325,
      1.5675,
      1.505,
      1.4425,
      1.38,
      1.3175,
      1.255,
      1.1925,
      1.13,
      1.0675,
      1.005,
      0.9425,
      0.8775,
      0.815,
      0.7525,
      0.69,
      0.6275,
      0.565,
      0.5025,
      0.44,
      0.3775,
      0.315,
      0.2525,
      0.1875,
      0.125,
      0.0625,
      0
    ],
    "SoftwareVersions": "syngo_MR_B17",
    "SpacingBetweenSlices": 3.15,
    "TaskName": "DG",
    "TotalReadoutTime": 0.0321303,
    "TxRefAmp": 322.857,
    "dataset": "ds004128",
    "modality": "bold",
    "run_id": 2,
    "subject_id": "HWWOES",
    "task_id": "DG"
  },
  "dummy_trs": 1,
  "dvars_nstd": 23.68831688111459,
  "dvars_std": 1.10449467153846,
  "dvars_vstd": 0.9753625144427013,
  "efc": 0.5880649466712685,
  "fber": 852.9367065429688,
  "fd_mean": 0.14652073694479154,
  "fd_num": 91,
  "fd_perc": 14.263322884012538,
  "fwhm_avg": 1.9017883406492935,
  "fwhm_x": 1.7908866666666665,
  "fwhm_y": 2.01798,
  "fwhm_z": 1.8964983552812134,
  "gcor": 0.0512871,
  "gsr_x": -0.009018637239933014,
  "gsr_y": 0.019809113815426826,
  "provenance": {
    "md5sum": "e4cb667313b30239f314db98cebd0954",
    "settings": {
      "fd_thres": 0.2,
      "testing": false
    },
    "software": "mriqc",
    "version": "23.0.0",
    "webapi_port": null,
    "webapi_url": "https://mriqc.nimh.nih.gov/api/v1"
  },
  "size_t": 638,
  "size_x": 64,
  "size_y": 64,
  "size_z": 32,
  "snr": 6.775807093610396,
  "spacing_tr": 2.0,
  "spacing_x": 3.0,
  "spacing_y": 3.0,
  "spacing_z": 3.1500000953674316,
  "summary_bg_k": 21.821353610245808,
  "summary_bg_mad": 10.104002779054232,
  "summary_bg_mean": 52.23234176635742,
  "summary_bg_median": 27.354230880737305,
  "summary_bg_n": 69743.0,
  "summary_bg_p05": 19.650468826293945,
  "summary_bg_p95": 178.04749145507796,
  "summary_bg_stdv": 70.45314025878906,
  "summary_fg_k": 1.1983986779909754,
  "summary_fg_mad": 106.67998928857537,
  "summary_fg_mean": 839.7531127929688,
  "summary_fg_median": 831.8667602539062,
  "summary_fg_n": 30910.0,
  "summary_fg_p05": 652.9066589355468,
  "summary_fg_p95": 1054.5560668945313,
  "summary_fg_stdv": 122.76815032958984,
  "tsnr": 59.97647609061096
}