{
  "aor": 0.0011766574965612106,
  "aqi": 0.011190699174690509,
  "bids_meta": {
    "AcquisitionMatrixPE": 64,
    "BandwidthPerPixelPhaseEncode": 30.637,
    "BaseResolution": 64,
    "DerivedVendorReportedEchoSpacing": 0.000510004,
    "DwellTime": 3.5e-06,
    "EchoTime": 0.03,
    "EffectiveEchoSpacing": 0.000510004,
    "FlipAngle": 78,
    "ImagingFrequency": 123.143,
    "InstitutionName": "Virginia_Tech_Carilion_Research_Institute",
    "MagneticFieldStrength": 3,
    "Manufacturer": "Siemens",
    "ManufacturersModelName": "TrioTim",
    "Modality": "MR",
    "PartialFourier": 1,
    "PercentPhaseFOV": 100,
    "PercentSampling": 100,
    "PhaseEncodingDirection": "j-",
    "PhaseEncodingSteps": 64,
    "PhaseResolution": 1,
    "PixelBandwidth": 2232,
    "ReceiveCoilName": "HeadMatrix",
    "ReconMatrixPE": 64,
    "RepetitionTime": 2,
    "SAR": 0.149361,
    "ShimSetting": [
      5774,
      -10010,
      1683,
      307,
      -116,
      -314,
      244,
      -382
    ],
    "SliceThickness": 3,
    "SliceTiming": [
      1.945,
      1.8825,
      1.82,
      1.7575,
      1.695,
      1.6325,
      1.5675,
      1.505,
      1.4425,
      1.38,
      1.3175,
      1.255,
      1.1925,
      1.13,
      1.0675,
      1.005,
      0.9425,
      0.8775,
      0.815,
      0.7525,
      0.69,
      0.6275,
      0.565,
      0.5025,
      0.44,
      0.3775,
      0.315,
      0.2525,
      0.1875,
      0.125,
      0.0625,
      0
    ],
    "SoftwareVersions": "syngo_MR_B17",
    "SpacingBetweenSlices": 3.15,
    "TaskName": "DG",
    "TotalReadoutTime": 0.0321303,
    "TxRefAmp": 322.857,
    "dataset": "ds004128",
    "modality": "bold",
    "run_id": 1,
    "subject_id": "LLRNNM",
    "task_id": "DG"
  },
  "dummy_trs": 0,
  "dvars_nstd": 20.555332798801647,
  "dvars_std": 1.019175088016529,
  "dvars_vstd": 0.9965322818181823,
  "efc": 0.628217625381958,
  "fber": 649.1031494140625,
  "fd_mean": 0.1026757069777492,
  "fd_num": 40,
  "fd_perc": 5.502063273727648,
  "fwhm_avg": 1.9632508797514108,
  "fwhm_x": 1.8694199999999999,
  "fwhm_y": 2.0663199999999997,
  "fwhm_z": 1.9540126392542327,
  "gcor": 0.096121,
  "gsr_x": -0.006749595049768686,
  "gsr_y": 0.0452563539147377,
  "provenance": {
    "md5sum": "4e781faa9259de66aec1f57764731f0f",
    "settings": {
      "fd_thres": 0.2,
      "testing": false
    },
    "software": "mriqc",
    "version": "23.0.0",
    "webapi_port": null,
    "webapi_url": "https://mriqc.nimh.nih.gov/api/v1"
  },
  "size_t": 727,
  "size_x": 64,
  "size_y": 64,
  "size_z": 32,
  "snr": 6.33706398047015,
  "spacing_tr": 2.0,
  "spacing_x": 3.0,
  "spacing_y": 3.0,
  "spacing_z": 3.1500000953674316,
  "summary_bg_k": 9.035038128227548,
  "summary_bg_mad": 11.548799613764666,
  "summary_bg_mean": 71.78092956542969,
  "summary_bg_median": 31.39202308654785,
  "summary_bg_n": 65702.0,
  "summary_bg_p05": 22.022077655792238,
  "summary_bg_p95": 269.05728912353516,
  "summary_bg_stdv": 89.75355529785156,
  "summary_fg_k": 1.4669192850640291,
  "summary_fg_mad": 119.21695472806758,
  "summary_fg_mean": 844.048828125,
  "summary_fg_median": 836.95458984375,
  "summary_fg_n": 33456.0,
  "summary_fg_p05": 635.7324523925781,
  "summary_fg_p95": 1057.5361022949219,
  "summary_fg_stdv": 132.07095336914062,
  "tsnr": 51.19420875329524
}