{
  "aor": 0.0017679542395693136,
  "aqi": 0.008277138855989234,
  "bids_meta": {
    "AcquisitionMatrixPE": 64,
    "BandwidthPerPixelPhaseEncode": 30.637,
    "BaseResolution": 64,
    "DerivedVendorReportedEchoSpacing": 0.000510004,
    "DwellTime": 3.5e-06,
    "EchoTime": 0.03,
    "EffectiveEchoSpacing": 0.000510004,
    "FlipAngle": 78,
    "ImagingFrequency": 123.143,
    "InstitutionName": "Virginia_Tech_Carilion_Research_Institute",
    "MagneticFieldStrength": 3,
    "Manufacturer": "Siemens",
    "ManufacturersModelName": "TrioTim",
    "Modality": "MR",
    "PartialFourier": 1,
    "PercentPhaseFOV": 100,
    "PercentSampling": 100,
    "PhaseEncodingDirection": "j-",
    "PhaseEncodingSteps": 64,
    "PhaseResolution": 1,
    "PixelBandwidth": 2232,
    "ReceiveCoilName": "HeadMatrix",
    "ReconMatrixPE": 64,
    "RepetitionTime": 2,
    "SAR": 0.149361,
    "ShimSetting": [
      5774,
      -10010,
      1683,
      307,
      -116,
      -314,
      244,
      -382
    ],
    "SliceThickness": 3,
    "SliceTiming": [
      1.945,
      1.8825,
      1.82,
      1.7575,
      1.695,
      1.6325,
      1.5675,
      1.505,
      1.4425,
      1.38,
      1.3175,
      1.255,
      1.1925,
      1.13,
      1.0675,
      1.005,
      0.9425,
      0.8775,
      0.815,
      0.7525,
      0.69,
      0.6275,
      0.565,
      0.5025,
      0.44,
      0.3775,
      0.315,
      0.2525,
      0.1875,
      0.125,
      0.0625,
      0
    ],
    "SoftwareVersions": "syngo_MR_B17",
    "SpacingBetweenSlices": 3.15,
    "TaskName": "DG",
    "TotalReadoutTime": 0.0321303,
    "TxRefAmp": 322.857,
    "dataset": "ds004128",
    "modality": "bold",
    "run_id": 2,
    "subject_id": "LLRNNM",
    "task_id": "DG"
  },
  "dummy_trs": 0,
  "dvars_nstd": 20.500750266644197,
  "dvars_std": 1.0219279983557945,
  "dvars_vstd": 1.0026930596630734,
  "efc": 0.6306809595406485,
  "fber": 651.3754272460938,
  "fd_mean": 0.09441392778098338,
  "fd_num": 48,
  "fd_perc": 6.460296096904441,
  "fwhm_avg": 1.9004880761567282,
  "fwhm_x": 1.8246433333333334,
  "fwhm_y": 1.98604,
  "fwhm_z": 1.8907808951368517,
  "gcor": 0.0766682,
  "gsr_x": -0.005077601410448551,
  "gsr_y": 0.040549956262111664,
  "provenance": {
    "md5sum": "1ed18443cbd5bd807f973cc7d8d8294c",
    "settings": {
      "fd_thres": 0.2,
      "testing": false
    },
    "software": "mriqc",
    "version": "23.0.0",
    "webapi_port": null,
    "webapi_url": "https://mriqc.nimh.nih.gov/api/v1"
  },
  "size_t": 743,
  "size_x": 64,
  "size_y": 64,
  "size_z": 32,
  "snr": 6.472765282019057,
  "spacing_tr": 2.0,
  "spacing_x": 3.0,
  "spacing_y": 3.0,
  "spacing_z": 3.1500000953674316,
  "summary_bg_k": 9.744716821674322,
  "summary_bg_mad": 11.242234967602474,
  "summary_bg_mean": 80.1327133178711,
  "summary_bg_median": 31.481157302856445,
  "summary_bg_n": 66504.0,
  "summary_bg_p05": 22.959623336791992,
  "summary_bg_p95": 311.9849258422851,
  "summary_bg_stdv": 108.99659729003906,
  "summary_fg_k": 1.5308448910005836,
  "summary_fg_mad": 117.43686381367957,
  "summary_fg_mean": 846.7693481445312,
  "summary_fg_median": 838.9111328125,
  "summary_fg_n": 33385.0,
  "summary_fg_p05": 647.0745239257812,
  "summary_fg_p95": 1057.0497802734374,
  "summary_fg_stdv": 129.60435485839844,
  "tsnr": 55.61762604222167
}