{
  "bids_meta": {
    "AcquisitionMatrixPE": 230,
    "BaseResolution": 256,
    "DwellTime": 8.2e-06,
    "EchoTime": 0.00298,
    "FlipAngle": 9,
    "ImagingFrequency": 123.143,
    "InstitutionName": "Virginia_Tech_Carilion_Research_Institute",
    "InversionTime": 0.9,
    "MagneticFieldStrength": 3,
    "Manufacturer": "Siemens",
    "ManufacturersModelName": "TrioTim",
    "Modality": "MR",
    "ParallelReductionFactorInPlane": 2,
    "PartialFourier": 1,
    "PercentPhaseFOV": 93.75,
    "PercentSampling": 96,
    "PhaseEncodingSteps": 230,
    "PhaseResolution": 0.96,
    "PixelBandwidth": 238,
    "ReconMatrixPE": 240,
    "RefLinesPE": 24,
    "RepetitionTime": 2.3,
    "SAR": 0.103976,
    "ShimSetting": [
      5773,
      -10058,
      1620,
      121,
      -144,
      -489,
      193,
      -298
    ],
    "SliceThickness": 1,
    "SoftwareVersions": "syngo_MR_B17",
    "TxRefAmp": 322.857,
    "dataset": "ds004128",
    "modality": "T1w",
    "subject_id": "YLXWJX"
  },
  "cjv": 0.40492785248393676,
  "cnr": 3.3668019035137506,
  "efc": 0.6543737636284362,
  "fber": 10546.812330989726,
  "fwhm_avg": 3.6358133333333336,
  "fwhm_x": 3.6838,
  "fwhm_y": 3.7886,
  "fwhm_z": 3.43504,
  "icvs_csf": 0.17121303375280492,
  "icvs_gm": 0.45055194673027293,
  "icvs_wm": 0.3782350195169222,
  "inu_med": 0.6484056711196899,
  "inu_range": 0.34807179868221283,
  "provenance": {
    "md5sum": "b1d64def90c2c7935f9a27682566b58a",
    "settings": {
      "testing": false
    },
    "software": "mriqc",
    "version": "23.0.0",
    "warnings": {
      "large_rot_frame": false,
      "small_air_mask": false
    },
    "webapi_port": null,
    "webapi_url": "https://mriqc.nimh.nih.gov/api/v1"
  },
  "qi_1": 0.0,
  "qi_2": 0.004456442916220039,
  "rpve_csf": 12.781591437453356,
  "rpve_gm": 5.257647393169018,
  "rpve_wm": 7.003814146506318,
  "size_x": 160,
  "size_y": 184,
  "size_z": 164,
  "snr_csf": 1.7932245875008785,
  "snr_gm": 9.586842519696456,
  "snr_total": 9.490335927733097,
  "snr_wm": 17.09094067600196,
  "snrd_csf": 11.048802947026129,
  "snrd_gm": 32.038450885387746,
  "snrd_total": 29.943717875410126,
  "snrd_wm": 46.743899793816496,
  "spacing_x": 1.0,
  "spacing_y": 1.0,
  "spacing_z": 1.0,
  "summary_bg_k": 50.789653821207125,
  "summary_bg_mad": 0.0,
  "summary_bg_mean": 7.776921890906695,
  "summary_bg_median": 0.0,
  "summary_bg_n": 972451.0,
  "summary_bg_p05": 0.0,
  "summary_bg_p95": 35.63786142319441,
  "summary_bg_stdv": 14.01601894335636,
  "summary_csf_k": 0.6421444120140021,
  "summary_csf_mad": 124.40436367389214,
  "summary_csf_mean": 253.65633368404428,
  "summary_csf_median": 236.37860971689224,
  "summary_csf_n": 16435.0,
  "summary_csf_p05": 65.50206007771195,
  "summary_csf_p95": 499.30043030902743,
  "summary_csf_stdv": 131.81361661971778,
  "summary_gm_k": 0.0731862351148842,
  "summary_gm_mad": 70.53037979745919,
  "summary_gm_mean": 684.2863306142037,
  "summary_gm_median": 685.4321245551109,
  "summary_gm_n": 30132.0,
  "summary_gm_p05": 564.5679224766791,
  "summary_gm_p95": 800.9012647021559,
  "summary_gm_stdv": 71.4959851722408,
  "summary_wm_k": 0.28566410274376297,
  "summary_wm_mad": 56.8635934007197,
  "summary_wm_mean": 1001.2030289373644,
  "summary_wm_median": 1000.0411898903549,
  "summary_wm_n": 197505.0,
  "summary_wm_p05": 907.7778119333088,
  "summary_wm_p95": 1099.3416051492095,
  "summary_wm_stdv": 58.512792078530126,
  "tpm_overlap_csf": 0.15668956939354087,
  "tpm_overlap_gm": 0.4674573842983003,
  "tpm_overlap_wm": 0.4996626993992783,
  "wm2max": 0.4581729750702599
}