{
  "aor": 0.0006586065573770492,
  "aqi": 0.009995898087431693,
  "bids_meta": {
    "AcquisitionMatrixPE": 64,
    "BandwidthPerPixelPhaseEncode": 30.637,
    "BaseResolution": 64,
    "DerivedVendorReportedEchoSpacing": 0.000510004,
    "DwellTime": 3.5e-06,
    "EchoTime": 0.03,
    "EffectiveEchoSpacing": 0.000510004,
    "FlipAngle": 78,
    "ImagingFrequency": 123.143,
    "InstitutionName": "Virginia_Tech_Carilion_Research_Institute",
    "MagneticFieldStrength": 3,
    "Manufacturer": "Siemens",
    "ManufacturersModelName": "TrioTim",
    "Modality": "MR",
    "PartialFourier": 1,
    "PercentPhaseFOV": 100,
    "PercentSampling": 100,
    "PhaseEncodingDirection": "j-",
    "PhaseEncodingSteps": 64,
    "PhaseResolution": 1,
    "PixelBandwidth": 2232,
    "ReceiveCoilName": "HeadMatrix",
    "ReconMatrixPE": 64,
    "RepetitionTime": 2,
    "SAR": 0.149361,
    "ShimSetting": [
      5774,
      -10010,
      1683,
      307,
      -116,
      -314,
      244,
      -382
    ],
    "SliceThickness": 3,
    "SliceTiming": [
      1.945,
      1.8825,
      1.82,
      1.7575,
      1.695,
      1.6325,
      1.5675,
      1.505,
      1.4425,
      1.38,
      1.3175,
      1.255,
      1.1925,
      1.13,
      1.0675,
      1.005,
      0.9425,
      0.8775,
      0.815,
      0.7525,
      0.69,
      0.6275,
      0.565,
      0.5025,
      0.44,
      0.3775,
      0.315,
      0.2525,
      0.1875,
      0.125,
      0.0625,
      0
    ],
    "SoftwareVersions": "syngo_MR_B17",
    "SpacingBetweenSlices": 3.15,
    "TaskName": "DG",
    "TotalReadoutTime": 0.0321303,
    "TxRefAmp": 322.857,
    "dataset": "ds004128",
    "modality": "bold",
    "run_id": 2,
    "subject_id": "EMBPMN",
    "task_id": "DG"
  },
  "dummy_trs": 0,
  "dvars_nstd": 22.79609247322843,
  "dvars_std": 1.1266388953488378,
  "dvars_vstd": 0.9973766926812574,
  "efc": 0.5992266935111729,
  "fber": 913.8287353515625,
  "fd_mean": 0.2282205930874074,
  "fd_num": 413,
  "fd_perc": 56.4207650273224,
  "fwhm_avg": 1.8469400346782547,
  "fwhm_x": 1.7851533333333334,
  "fwhm_y": 1.9490699999999999,
  "fwhm_z": 1.8065967707014305,
  "gcor": 0.112309,
  "gsr_x": -0.020664295181632042,
  "gsr_y": 0.03320951759815216,
  "provenance": {
    "md5sum": "1cca0468e85af2472d3019a198cd6b83",
    "settings": {
      "fd_thres": 0.2,
      "testing": false
    },
    "software": "mriqc",
    "version": "23.0.0",
    "webapi_port": null,
    "webapi_url": "https://mriqc.nimh.nih.gov/api/v1"
  },
  "size_t": 732,
  "size_x": 64,
  "size_y": 64,
  "size_z": 32,
  "snr": 6.60357470312928,
  "spacing_tr": 2.0,
  "spacing_x": 3.0,
  "spacing_y": 3.0,
  "spacing_z": 3.1500000953674316,
  "summary_bg_k": 18.73819859353925,
  "summary_bg_mad": 9.857683835567197,
  "summary_bg_mean": 51.46623229980469,
  "summary_bg_median": 26.81830596923828,
  "summary_bg_n": 67423.0,
  "summary_bg_p05": 18.62855091094971,
  "summary_bg_p95": 170.15669250488247,
  "summary_bg_stdv": 63.26250076293945,
  "summary_fg_k": 2.0341373775910983,
  "summary_fg_mad": 106.89418114961069,
  "summary_fg_mean": 857.610107421875,
  "summary_fg_median": 852.1693725585938,
  "summary_fg_n": 32520.0,
  "summary_fg_p05": 661.4273834228516,
  "summary_fg_p95": 1074.952899169922,
  "summary_fg_stdv": 129.04469299316406,
  "tsnr": 59.983257714193314
}