{
  "aor": 0.00028351506456241035,
  "aqi": 0.013977004605451936,
  "bids_meta": {
    "AcquisitionMatrixPE": 64,
    "BandwidthPerPixelPhaseEncode": 30.637,
    "BaseResolution": 64,
    "DerivedVendorReportedEchoSpacing": 0.000510004,
    "DwellTime": 3.5e-06,
    "EchoTime": 0.03,
    "EffectiveEchoSpacing": 0.000510004,
    "FlipAngle": 78,
    "ImagingFrequency": 123.143,
    "InstitutionName": "Virginia_Tech_Carilion_Research_Institute",
    "MagneticFieldStrength": 3,
    "Manufacturer": "Siemens",
    "ManufacturersModelName": "TrioTim",
    "Modality": "MR",
    "PartialFourier": 1,
    "PercentPhaseFOV": 100,
    "PercentSampling": 100,
    "PhaseEncodingDirection": "j-",
    "PhaseEncodingSteps": 64,
    "PhaseResolution": 1,
    "PixelBandwidth": 2232,
    "ReceiveCoilName": "HeadMatrix",
    "ReconMatrixPE": 64,
    "RepetitionTime": 2,
    "SAR": 0.149361,
    "ShimSetting": [
      5774,
      -10010,
      1683,
      307,
      -116,
      -314,
      244,
      -382
    ],
    "SliceThickness": 3,
    "SliceTiming": [
      1.945,
      1.8825,
      1.82,
      1.7575,
      1.695,
      1.6325,
      1.5675,
      1.505,
      1.4425,
      1.38,
      1.3175,
      1.255,
      1.1925,
      1.13,
      1.0675,
      1.005,
      0.9425,
      0.8775,
      0.815,
      0.7525,
      0.69,
      0.6275,
      0.565,
      0.5025,
      0.44,
      0.3775,
      0.315,
      0.2525,
      0.1875,
      0.125,
      0.0625,
      0
    ],
    "SoftwareVersions": "syngo_MR_B17",
    "SpacingBetweenSlices": 3.15,
    "TaskName": "DG",
    "TotalReadoutTime": 0.0321303,
    "TxRefAmp": 322.857,
    "dataset": "ds004128",
    "modality": "bold",
    "run_id": 1,
    "subject_id": "INZCYO",
    "task_id": "DG"
  },
  "dummy_trs": 0,
  "dvars_nstd": 25.054141814698262,
  "dvars_std": 1.1217527740086215,
  "dvars_vstd": 0.9382455982614938,
  "efc": 0.6367711932821188,
  "fber": 670.6807861328125,
  "fd_mean": 0.11560369354647647,
  "fd_num": 86,
  "fd_perc": 12.338593974175035,
  "fwhm_avg": 1.9613654299097252,
  "fwhm_x": 1.8535566666666667,
  "fwhm_y": 2.0660000000000003,
  "fwhm_z": 1.9645396230625085,
  "gcor": 0.0764292,
  "gsr_x": -0.01788264326751232,
  "gsr_y": 0.044039562344551086,
  "provenance": {
    "md5sum": "2c48e16ff0815943db0ea1781cbc1c8e",
    "settings": {
      "fd_thres": 0.2,
      "testing": false
    },
    "software": "mriqc",
    "version": "23.0.0",
    "webapi_port": null,
    "webapi_url": "https://mriqc.nimh.nih.gov/api/v1"
  },
  "size_t": 697,
  "size_x": 64,
  "size_y": 64,
  "size_z": 32,
  "snr": 6.47115750320447,
  "spacing_tr": 2.0,
  "spacing_x": 3.0,
  "spacing_y": 3.0,
  "spacing_z": 3.1500000953674316,
  "summary_bg_k": 14.275923472860661,
  "summary_bg_mad": 13.14666173488881,
  "summary_bg_mean": 66.58124542236328,
  "summary_bg_median": 32.13127899169922,
  "summary_bg_n": 62746.0,
  "summary_bg_p05": 22.51972770690918,
  "summary_bg_p95": 236.38773345947266,
  "summary_bg_stdv": 85.3414077758789,
  "summary_fg_k": 2.16247473085712,
  "summary_fg_mad": 121.49044704604455,
  "summary_fg_mean": 897.6915893554688,
  "summary_fg_median": 894.732421875,
  "summary_fg_n": 36520.0,
  "summary_fg_p05": 684.5336212158203,
  "summary_fg_p95": 1117.2186401367187,
  "summary_fg_stdv": 138.2627716064453,
  "tsnr": 48.00567929795943
}