{
  "aor": 0.0008223731138545953,
  "aqi": 0.012219452153635117,
  "bids_meta": {
    "AcquisitionMatrixPE": 64,
    "BandwidthPerPixelPhaseEncode": 30.637,
    "BaseResolution": 64,
    "DerivedVendorReportedEchoSpacing": 0.000510004,
    "DwellTime": 3.5e-06,
    "EchoTime": 0.03,
    "EffectiveEchoSpacing": 0.000510004,
    "FlipAngle": 78,
    "ImagingFrequency": 123.143,
    "InstitutionName": "Virginia_Tech_Carilion_Research_Institute",
    "MagneticFieldStrength": 3,
    "Manufacturer": "Siemens",
    "ManufacturersModelName": "TrioTim",
    "Modality": "MR",
    "PartialFourier": 1,
    "PercentPhaseFOV": 100,
    "PercentSampling": 100,
    "PhaseEncodingDirection": "j-",
    "PhaseEncodingSteps": 64,
    "PhaseResolution": 1,
    "PixelBandwidth": 2232,
    "ReceiveCoilName": "HeadMatrix",
    "ReconMatrixPE": 64,
    "RepetitionTime": 2,
    "SAR": 0.149361,
    "ShimSetting": [
      5774,
      -10010,
      1683,
      307,
      -116,
      -314,
      244,
      -382
    ],
    "SliceThickness": 3,
    "SliceTiming": [
      1.945,
      1.8825,
      1.82,
      1.7575,
      1.695,
      1.6325,
      1.5675,
      1.505,
      1.4425,
      1.38,
      1.3175,
      1.255,
      1.1925,
      1.13,
      1.0675,
      1.005,
      0.9425,
      0.8775,
      0.815,
      0.7525,
      0.69,
      0.6275,
      0.565,
      0.5025,
      0.44,
      0.3775,
      0.315,
      0.2525,
      0.1875,
      0.125,
      0.0625,
      0
    ],
    "SoftwareVersions": "syngo_MR_B17",
    "SpacingBetweenSlices": 3.15,
    "TaskName": "DG",
    "TotalReadoutTime": 0.0321303,
    "TxRefAmp": 322.857,
    "dataset": "ds004128",
    "modality": "bold",
    "run_id": 2,
    "subject_id": "INZCYO",
    "task_id": "DG"
  },
  "dummy_trs": 0,
  "dvars_nstd": 24.714232932142856,
  "dvars_std": 1.1894426750549454,
  "dvars_vstd": 1.0040909076785711,
  "efc": 0.6365867465301102,
  "fber": 662.7822265625,
  "fd_mean": 0.12746354852339714,
  "fd_num": 115,
  "fd_perc": 15.775034293552812,
  "fwhm_avg": 1.926834213498508,
  "fwhm_x": 1.8245833333333332,
  "fwhm_y": 2.0429066666666666,
  "fwhm_z": 1.9130126404955232,
  "gcor": 0.0907317,
  "gsr_x": -0.01885642483830452,
  "gsr_y": 0.04397331923246384,
  "provenance": {
    "md5sum": "09bfd41016c6deeb18d9c8e8023b9ef1",
    "settings": {
      "fd_thres": 0.2,
      "testing": false
    },
    "software": "mriqc",
    "version": "23.0.0",
    "webapi_port": null,
    "webapi_url": "https://mriqc.nimh.nih.gov/api/v1"
  },
  "size_t": 729,
  "size_x": 64,
  "size_y": 64,
  "size_z": 32,
  "snr": 6.457425954972092,
  "spacing_tr": 2.0,
  "spacing_x": 3.0,
  "spacing_y": 3.0,
  "spacing_z": 3.1500000953674316,
  "summary_bg_k": 13.857155424600851,
  "summary_bg_mad": 13.330202645594579,
  "summary_bg_mean": 67.71892547607422,
  "summary_bg_median": 32.54115295410156,
  "summary_bg_n": 63076.0,
  "summary_bg_p05": 23.071331024169922,
  "summary_bg_p95": 240.88854217529297,
  "summary_bg_stdv": 86.17201232910156,
  "summary_fg_k": 2.137514465029195,
  "summary_fg_mad": 123.27768673821953,
  "summary_fg_mean": 903.3370361328125,
  "summary_fg_median": 900.7579345703125,
  "summary_fg_n": 36206.0,
  "summary_fg_p05": 689.2853240966797,
  "summary_fg_p95": 1128.0184936523438,
  "summary_fg_stdv": 139.4898681640625,
  "tsnr": 53.638535496778786
}