{
  "aor": 0.0006337409024745269,
  "aqi": 0.010394954774381368,
  "bids_meta": {
    "AcquisitionMatrixPE": 64,
    "BandwidthPerPixelPhaseEncode": 30.637,
    "BaseResolution": 64,
    "DerivedVendorReportedEchoSpacing": 0.000510004,
    "DwellTime": 3.5e-06,
    "EchoTime": 0.03,
    "EffectiveEchoSpacing": 0.000510004,
    "FlipAngle": 78,
    "ImagingFrequency": 123.143,
    "InstitutionName": "Virginia_Tech_Carilion_Research_Institute",
    "MagneticFieldStrength": 3,
    "Manufacturer": "Siemens",
    "ManufacturersModelName": "TrioTim",
    "Modality": "MR",
    "PartialFourier": 1,
    "PercentPhaseFOV": 100,
    "PercentSampling": 100,
    "PhaseEncodingDirection": "j-",
    "PhaseEncodingSteps": 64,
    "PhaseResolution": 1,
    "PixelBandwidth": 2232,
    "ReceiveCoilName": "HeadMatrix",
    "ReconMatrixPE": 64,
    "RepetitionTime": 2,
    "SAR": 0.149361,
    "ShimSetting": [
      5774,
      -10010,
      1683,
      307,
      -116,
      -314,
      244,
      -382
    ],
    "SliceThickness": 3,
    "SliceTiming": [
      1.945,
      1.8825,
      1.82,
      1.7575,
      1.695,
      1.6325,
      1.5675,
      1.505,
      1.4425,
      1.38,
      1.3175,
      1.255,
      1.1925,
      1.13,
      1.0675,
      1.005,
      0.9425,
      0.8775,
      0.815,
      0.7525,
      0.69,
      0.6275,
      0.565,
      0.5025,
      0.44,
      0.3775,
      0.315,
      0.2525,
      0.1875,
      0.125,
      0.0625,
      0
    ],
    "SoftwareVersions": "syngo_MR_B17",
    "SpacingBetweenSlices": 3.15,
    "TaskName": "DG",
    "TotalReadoutTime": 0.0321303,
    "TxRefAmp": 322.857,
    "dataset": "ds004128",
    "modality": "bold",
    "run_id": 2,
    "subject_id": "CTOBJA",
    "task_id": "DG"
  },
  "dummy_trs": 1,
  "dvars_nstd": 24.93213636604956,
  "dvars_std": 1.2323436940962107,
  "dvars_vstd": 0.99309516793003,
  "efc": 0.5923258783873103,
  "fber": 906.23046875,
  "fd_mean": 0.12117966988985554,
  "fd_num": 21,
  "fd_perc": 3.056768558951965,
  "fwhm_avg": 1.8195325211158542,
  "fwhm_x": 1.7290400000000001,
  "fwhm_y": 1.8897766666666669,
  "fwhm_z": 1.8397808966808955,
  "gcor": 0.104479,
  "gsr_x": -0.012529999017715454,
  "gsr_y": 0.02742728777229786,
  "provenance": {
    "md5sum": "5bb8f472cbd5d1bdc59b81d5791232f4",
    "settings": {
      "fd_thres": 0.2,
      "testing": false
    },
    "software": "mriqc",
    "version": "23.0.0",
    "webapi_port": null,
    "webapi_url": "https://mriqc.nimh.nih.gov/api/v1"
  },
  "size_t": 687,
  "size_x": 64,
  "size_y": 64,
  "size_z": 32,
  "snr": 6.64139792429195,
  "spacing_tr": 2.0,
  "spacing_x": 3.0,
  "spacing_y": 3.0,
  "spacing_z": 3.1500000953674316,
  "summary_bg_k": 17.44659964770048,
  "summary_bg_mad": 9.152423538377336,
  "summary_bg_mean": 53.789005279541016,
  "summary_bg_median": 26.213973999023438,
  "summary_bg_n": 69424.0,
  "summary_bg_p05": 19.359535217285156,
  "summary_bg_p95": 195.08632278442334,
  "summary_bg_stdv": 74.72737121582031,
  "summary_fg_k": 1.9384491126846992,
  "summary_fg_mad": 106.90273253569765,
  "summary_fg_mean": 842.287109375,
  "summary_fg_median": 835.5633544921875,
  "summary_fg_n": 30933.0,
  "summary_fg_p05": 653.3298461914062,
  "summary_fg_p95": 1049.7205322265625,
  "summary_fg_stdv": 125.80933380126953,
  "tsnr": 58.94343455415219
}