{
  "bids_meta": {
    "AcquisitionMatrixPE": 230,
    "BaseResolution": 256,
    "DwellTime": 8.2e-06,
    "EchoTime": 0.00298,
    "FlipAngle": 9,
    "ImagingFrequency": 123.143,
    "InstitutionName": "Virginia_Tech_Carilion_Research_Institute",
    "InversionTime": 0.9,
    "MagneticFieldStrength": 3,
    "Manufacturer": "Siemens",
    "ManufacturersModelName": "TrioTim",
    "Modality": "MR",
    "ParallelReductionFactorInPlane": 2,
    "PartialFourier": 1,
    "PercentPhaseFOV": 93.75,
    "PercentSampling": 96,
    "PhaseEncodingSteps": 230,
    "PhaseResolution": 0.96,
    "PixelBandwidth": 238,
    "ReconMatrixPE": 240,
    "RefLinesPE": 24,
    "RepetitionTime": 2.3,
    "SAR": 0.103976,
    "ShimSetting": [
      5773,
      -10058,
      1620,
      121,
      -144,
      -489,
      193,
      -298
    ],
    "SliceThickness": 1,
    "SoftwareVersions": "syngo_MR_B17",
    "TxRefAmp": 322.857,
    "dataset": "ds004128",
    "modality": "T1w",
    "subject_id": "VUFSQF"
  },
  "cjv": 0.41593634144482167,
  "cnr": 3.2912016581448884,
  "efc": 0.585042878666467,
  "fber": 9082.634579591837,
  "fwhm_avg": 3.4844666666666666,
  "fwhm_x": 3.52475,
  "fwhm_y": 3.61201,
  "fwhm_z": 3.31664,
  "icvs_csf": 0.1946146578894321,
  "icvs_gm": 0.4520026490891269,
  "icvs_wm": 0.353382693021441,
  "inu_med": 0.6875925958156586,
  "inu_range": 0.3509501963853836,
  "provenance": {
    "md5sum": "c22963d7db00ac3f8dc112a454c0cddd",
    "settings": {
      "testing": false
    },
    "software": "mriqc",
    "version": "23.0.0",
    "warnings": {
      "large_rot_frame": false,
      "small_air_mask": false
    },
    "webapi_port": null,
    "webapi_url": "https://mriqc.nimh.nih.gov/api/v1"
  },
  "qi_1": 0.0,
  "qi_2": 0.0032645771284893943,
  "rpve_csf": 18.094393532290567,
  "rpve_gm": 8.323615521147362,
  "rpve_wm": 11.92636164853456,
  "size_x": 160,
  "size_y": 238,
  "size_z": 200,
  "snr_csf": 1.7961739870507485,
  "snr_gm": 9.647183005901468,
  "snr_total": 9.355384066775246,
  "snr_wm": 16.62279520737352,
  "snrd_csf": 10.732882361112845,
  "snrd_gm": 31.435259933404108,
  "snrd_total": 29.263174080819795,
  "snrd_wm": 45.62137994794243,
  "spacing_x": 1.0,
  "spacing_y": 1.0,
  "spacing_z": 1.0,
  "summary_bg_k": 8.41389172060587,
  "summary_bg_mad": 0.0,
  "summary_bg_mean": 9.093929643444847,
  "summary_bg_median": 0.0,
  "summary_bg_n": 2024745.0,
  "summary_bg_p05": 0.0,
  "summary_bg_p95": 38.9054961502552,
  "summary_bg_stdv": 14.360292899305483,
  "summary_csf_k": 1.0572165902033426,
  "summary_csf_mad": 122.74990561305492,
  "summary_csf_mean": 250.10034767626206,
  "summary_csf_median": 235.25991588830948,
  "summary_csf_n": 19174.0,
  "summary_csf_p05": 60.06684739142657,
  "summary_csf_p95": 488.4715833887457,
  "summary_csf_stdv": 130.9749404213635,
  "summary_gm_k": 0.09179364060749418,
  "summary_gm_mad": 70.54733793007068,
  "summary_gm_mean": 687.5025793929685,
  "summary_gm_median": 689.0466473996639,
  "summary_gm_n": 25393.0,
  "summary_gm_p05": 567.7046816051006,
  "summary_gm_p95": 802.2919517755507,
  "summary_gm_stdv": 71.42324129179313,
  "summary_wm_k": 0.21384485818872578,
  "summary_wm_mad": 58.7894482750589,
  "summary_wm_mean": 1001.1500534480515,
  "summary_wm_median": 999.9999672174454,
  "summary_wm_n": 175450.0,
  "summary_wm_p05": 904.5839264988899,
  "summary_wm_p95": 1102.1424651145935,
  "summary_wm_stdv": 60.15818067439936,
  "tpm_overlap_csf": 0.14880533195570775,
  "tpm_overlap_gm": 0.47064992866643235,
  "tpm_overlap_wm": 0.505793535918313,
  "wm2max": 0.45860308802457195
}