{
  "bids_meta": {
    "AcquisitionMatrixPE": 230,
    "BaseResolution": 256,
    "DwellTime": 8.2e-06,
    "EchoTime": 0.00298,
    "FlipAngle": 9,
    "ImagingFrequency": 123.143,
    "InstitutionName": "Virginia_Tech_Carilion_Research_Institute",
    "InversionTime": 0.9,
    "MagneticFieldStrength": 3,
    "Manufacturer": "Siemens",
    "ManufacturersModelName": "TrioTim",
    "Modality": "MR",
    "ParallelReductionFactorInPlane": 2,
    "PartialFourier": 1,
    "PercentPhaseFOV": 93.75,
    "PercentSampling": 96,
    "PhaseEncodingSteps": 230,
    "PhaseResolution": 0.96,
    "PixelBandwidth": 238,
    "ReconMatrixPE": 240,
    "RefLinesPE": 24,
    "RepetitionTime": 2.3,
    "SAR": 0.103976,
    "ShimSetting": [
      5773,
      -10058,
      1620,
      121,
      -144,
      -489,
      193,
      -298
    ],
    "SliceThickness": 1,
    "SoftwareVersions": "syngo_MR_B17",
    "TxRefAmp": 322.857,
    "dataset": "ds004128",
    "modality": "T1w",
    "subject_id": "AS4C6"
  },
  "cjv": 0.4102860294991018,
  "cnr": 3.2844317038159043,
  "efc": 0.6419962198471315,
  "fber": 5842.215843246453,
  "fwhm_avg": 3.48114,
  "fwhm_x": 3.53094,
  "fwhm_y": 3.63597,
  "fwhm_z": 3.27651,
  "icvs_csf": 0.194520960335737,
  "icvs_gm": 0.44115853463479776,
  "icvs_wm": 0.3643205050294653,
  "inu_med": 0.6605489253997803,
  "inu_range": 0.30356305241584775,
  "provenance": {
    "md5sum": "59b171d898148b3c29fc857cfaccf0be",
    "settings": {
      "testing": false
    },
    "software": "mriqc",
    "version": "23.0.0",
    "warnings": {
      "large_rot_frame": false,
      "small_air_mask": false
    },
    "webapi_port": null,
    "webapi_url": "https://mriqc.nimh.nih.gov/api/v1"
  },
  "qi_1": 0.0,
  "qi_2": 0.005005992761781617,
  "rpve_csf": 12.571080405894751,
  "rpve_gm": 5.771854022975431,
  "rpve_wm": 7.89852619901007,
  "size_x": 160,
  "size_y": 187,
  "size_z": 157,
  "snr_csf": 1.9439909374644175,
  "snr_gm": 8.940732128255938,
  "snr_total": 9.353127909100682,
  "snr_wm": 17.17466066158169,
  "snrd_csf": 13.600170215351088,
  "snrd_gm": 39.50677604253521,
  "snrd_total": 37.054326575904206,
  "snrd_wm": 58.05603346982633,
  "spacing_x": 1.0,
  "spacing_y": 1.0,
  "spacing_z": 1.0,
  "summary_bg_k": 6.907514144442482,
  "summary_bg_mad": 11.285030073868027,
  "summary_bg_mean": 11.889920636709403,
  "summary_bg_median": 7.611637115478516,
  "summary_bg_n": 1013452.0,
  "summary_bg_p05": 0.0,
  "summary_bg_p95": 45.75439643859863,
  "summary_bg_stdv": 16.74395349056217,
  "summary_csf_k": 0.6277298749767324,
  "summary_csf_mad": 112.12931270618316,
  "summary_csf_mean": 246.18950969555922,
  "summary_csf_median": 234.2692756652832,
  "summary_csf_n": 20064.0,
  "summary_csf_p05": 67.6357388019562,
  "summary_csf_p95": 468.929704904556,
  "summary_csf_stdv": 120.5064452861912,
  "summary_gm_k": 0.13374921618286617,
  "summary_gm_mad": 74.41850387600749,
  "summary_gm_mean": 678.417880206247,
  "summary_gm_median": 680.5226449966431,
  "summary_gm_n": 20007.0,
  "summary_gm_p05": 548.8117220878601,
  "summary_gm_p95": 799.9280879020691,
  "summary_gm_stdv": 76.11296568430285,
  "summary_wm_k": 0.23992744117145737,
  "summary_wm_mad": 56.6759288154261,
  "summary_wm_mean": 1001.1737118072198,
  "summary_wm_median": 1000.0422563552856,
  "summary_wm_n": 163417.0,
  "summary_wm_p05": 907.5608654022217,
  "summary_wm_p95": 1098.2746620178223,
  "summary_wm_stdv": 58.2275956578941,
  "tpm_overlap_csf": 0.16968432404074824,
  "tpm_overlap_gm": 0.48031941849467485,
  "tpm_overlap_wm": 0.5053611165266121,
  "wm2max": 0.4222863745700473
}