{
  "bids_meta": {
    "AcquisitionMatrixPE": 230,
    "BaseResolution": 256,
    "DwellTime": 8.2e-06,
    "EchoTime": 0.00298,
    "FlipAngle": 9,
    "ImagingFrequency": 123.143,
    "InstitutionName": "Virginia_Tech_Carilion_Research_Institute",
    "InversionTime": 0.9,
    "MagneticFieldStrength": 3,
    "Manufacturer": "Siemens",
    "ManufacturersModelName": "TrioTim",
    "Modality": "MR",
    "ParallelReductionFactorInPlane": 2,
    "PartialFourier": 1,
    "PercentPhaseFOV": 93.75,
    "PercentSampling": 96,
    "PhaseEncodingSteps": 230,
    "PhaseResolution": 0.96,
    "PixelBandwidth": 238,
    "ReconMatrixPE": 240,
    "RefLinesPE": 24,
    "RepetitionTime": 2.3,
    "SAR": 0.103976,
    "ShimSetting": [
      5773,
      -10058,
      1620,
      121,
      -144,
      -489,
      193,
      -298
    ],
    "SliceThickness": 1,
    "SoftwareVersions": "syngo_MR_B17",
    "TxRefAmp": 322.857,
    "dataset": "ds004128",
    "modality": "T1w",
    "subject_id": "INZCYO"
  },
  "cjv": 0.4386276937367621,
  "cnr": 3.1295473057980723,
  "efc": 0.6780621679653793,
  "fber": 7288.3543597383905,
  "fwhm_avg": 3.5471633333333337,
  "fwhm_x": 3.58007,
  "fwhm_y": 3.69766,
  "fwhm_z": 3.36376,
  "icvs_csf": 0.173919261793755,
  "icvs_gm": 0.43564120538645723,
  "icvs_wm": 0.39043953281978777,
  "inu_med": 0.6910263299942017,
  "inu_range": 0.3697450816631317,
  "provenance": {
    "md5sum": "5a747c5b0ae8ac7ea8d699d0c08a71ad",
    "settings": {
      "testing": false
    },
    "software": "mriqc",
    "version": "23.0.0",
    "warnings": {
      "large_rot_frame": false,
      "small_air_mask": false
    },
    "webapi_port": null,
    "webapi_url": "https://mriqc.nimh.nih.gov/api/v1"
  },
  "qi_1": 0.0,
  "qi_2": 0.004448553889464285,
  "rpve_csf": 13.31359920846684,
  "rpve_gm": 5.780973965010751,
  "rpve_wm": 7.379013227822673,
  "size_x": 160,
  "size_y": 198,
  "size_z": 186,
  "snr_csf": 1.906490758653304,
  "snr_gm": 9.033271350965016,
  "snr_total": 8.909017333978516,
  "snr_wm": 15.787289892317228,
  "snrd_csf": 10.434989916243214,
  "snrd_gm": 31.213417662475507,
  "snrd_total": 29.027855092748997,
  "snrd_wm": 45.435157699528276,
  "spacing_x": 1.0,
  "spacing_y": 1.0,
  "spacing_z": 1.0,
  "summary_bg_k": 9.398693883140899,
  "summary_bg_mad": 0.0,
  "summary_bg_mean": 8.177091300429705,
  "summary_bg_median": 0.0,
  "summary_bg_n": 1107806.0,
  "summary_bg_p05": 0.0,
  "summary_bg_p95": 38.97273100912571,
  "summary_bg_stdv": 14.419768872088646,
  "summary_csf_k": 1.7040892171242277,
  "summary_csf_mad": 108.79238705702386,
  "summary_csf_mean": 246.8981018885051,
  "summary_csf_median": 229.6775797754526,
  "summary_csf_n": 23510.0,
  "summary_csf_p05": 79.10306788980961,
  "summary_csf_p95": 468.38662906363595,
  "summary_csf_stdv": 120.46882157840298,
  "summary_gm_k": 0.014671065144522544,
  "summary_gm_mad": 75.45227194664757,
  "summary_gm_mean": 686.8397711432057,
  "summary_gm_median": 687.0176476240158,
  "summary_gm_n": 28167.0,
  "summary_gm_p05": 559.5523788779974,
  "summary_gm_p95": 811.2244702130556,
  "summary_gm_stdv": 76.05278590542511,
  "summary_wm_k": 0.2427578806976407,
  "summary_wm_mad": 61.84925071953503,
  "summary_wm_mean": 1001.3757708964728,
  "summary_wm_median": 1000.0428501516581,
  "summary_wm_n": 242520.0,
  "summary_wm_p05": 899.8885051161051,
  "summary_wm_p95": 1107.7430704981089,
  "summary_wm_stdv": 63.344677598035226,
  "tpm_overlap_csf": 0.18194191158201165,
  "tpm_overlap_gm": 0.4733346446119266,
  "tpm_overlap_wm": 0.5279024756517522,
  "wm2max": 0.4537761176607914
}