{
  "bids_meta": {
    "AcquisitionMatrixPE": 230,
    "BaseResolution": 256,
    "DwellTime": 8.2e-06,
    "EchoTime": 0.00298,
    "FlipAngle": 9,
    "ImagingFrequency": 123.143,
    "InstitutionName": "Virginia_Tech_Carilion_Research_Institute",
    "InversionTime": 0.9,
    "MagneticFieldStrength": 3,
    "Manufacturer": "Siemens",
    "ManufacturersModelName": "TrioTim",
    "Modality": "MR",
    "ParallelReductionFactorInPlane": 2,
    "PartialFourier": 1,
    "PercentPhaseFOV": 93.75,
    "PercentSampling": 96,
    "PhaseEncodingSteps": 230,
    "PhaseResolution": 0.96,
    "PixelBandwidth": 238,
    "ReconMatrixPE": 240,
    "RefLinesPE": 24,
    "RepetitionTime": 2.3,
    "SAR": 0.103976,
    "ShimSetting": [
      5773,
      -10058,
      1620,
      121,
      -144,
      -489,
      193,
      -298
    ],
    "SliceThickness": 1,
    "SoftwareVersions": "syngo_MR_B17",
    "TxRefAmp": 322.857,
    "dataset": "ds004128",
    "modality": "T1w",
    "subject_id": "OXTFCM"
  },
  "cjv": 0.4593457622083944,
  "cnr": 2.9582347897364825,
  "efc": 0.6709543537099001,
  "fber": 5185.200069444445,
  "fwhm_avg": 3.4163400000000004,
  "fwhm_x": 3.41581,
  "fwhm_y": 3.60792,
  "fwhm_z": 3.22529,
  "icvs_csf": 0.21035192509832226,
  "icvs_gm": 0.4112912044929356,
  "icvs_wm": 0.3783568704087421,
  "inu_med": 0.735045313835144,
  "inu_range": 0.3584487617015839,
  "provenance": {
    "md5sum": "5b5c852aab487842b57dd640f84bbad0",
    "settings": {
      "testing": false
    },
    "software": "mriqc",
    "version": "23.0.0",
    "warnings": {
      "large_rot_frame": false,
      "small_air_mask": false
    },
    "webapi_port": null,
    "webapi_url": "https://mriqc.nimh.nih.gov/api/v1"
  },
  "qi_1": 0.0,
  "qi_2": 0.00618407227054998,
  "rpve_csf": 15.619841534594896,
  "rpve_gm": 8.00395380231955,
  "rpve_wm": 9.930508114555009,
  "size_x": 160,
  "size_y": 238,
  "size_z": 200,
  "snr_csf": 1.9293611646014381,
  "snr_gm": 8.312356862823124,
  "snr_total": 8.2162123939467,
  "snr_wm": 14.406919154415538,
  "snrd_csf": 6.751762184858552,
  "snrd_gm": 21.440464825309366,
  "snrd_total": 19.946925692280686,
  "snrd_wm": 31.64855006667414,
  "spacing_x": 1.0,
  "spacing_y": 1.0,
  "spacing_z": 1.0,
  "summary_bg_k": 9.662873993801247,
  "summary_bg_mad": 0.0,
  "summary_bg_mean": 11.925212700054464,
  "summary_bg_median": 0.0,
  "summary_bg_n": 1613956.0,
  "summary_bg_p05": 0.0,
  "summary_bg_p95": 52.5312414765358,
  "summary_bg_stdv": 20.701236834193484,
  "summary_csf_k": 1.0165554506292,
  "summary_csf_mad": 98.92388940927066,
  "summary_csf_mean": 229.330198972801,
  "summary_csf_median": 213.34462264180183,
  "summary_csf_n": 40260.0,
  "summary_csf_p05": 75.23829424381256,
  "summary_csf_p95": 439.35605270415545,
  "summary_csf_stdv": 110.5764835294292,
  "summary_gm_k": -0.005575050864636832,
  "summary_gm_mad": 80.58371435688524,
  "summary_gm_mean": 678.1257808620854,
  "summary_gm_median": 677.4835594296455,
  "summary_gm_n": 16550.0,
  "summary_gm_p05": 542.2346763845533,
  "summary_gm_p95": 813.76188535206,
  "summary_gm_stdv": 81.50072266136044,
  "summary_wm_k": 0.3567891048010532,
  "summary_wm_mad": 67.5822888916668,
  "summary_wm_mean": 1001.0029053514613,
  "summary_wm_median": 1000.042327657342,
  "summary_wm_n": 215298.0,
  "summary_wm_p05": 889.2607176080346,
  "summary_wm_p95": 1116.4159730896354,
  "summary_wm_stdv": 69.41386943837695,
  "tpm_overlap_csf": 0.17672797690886088,
  "tpm_overlap_gm": 0.45194565376487694,
  "tpm_overlap_wm": 0.5090287934193293,
  "wm2max": 0.41315457854942594
}