{
  "aor": 0.006561399662731872,
  "aqi": 0.01563531907251265,
  "bids_meta": {
    "AcquisitionMatrixPE": 64,
    "BandwidthPerPixelPhaseEncode": 30.637,
    "BaseResolution": 64,
    "DerivedVendorReportedEchoSpacing": 0.000510004,
    "DwellTime": 3.5e-06,
    "EchoTime": 0.03,
    "EffectiveEchoSpacing": 0.000510004,
    "FlipAngle": 78,
    "ImagingFrequency": 123.143,
    "InstitutionName": "Virginia_Tech_Carilion_Research_Institute",
    "MagneticFieldStrength": 3,
    "Manufacturer": "Siemens",
    "ManufacturersModelName": "TrioTim",
    "Modality": "MR",
    "PartialFourier": 1,
    "PercentPhaseFOV": 100,
    "PercentSampling": 100,
    "PhaseEncodingDirection": "j-",
    "PhaseEncodingSteps": 64,
    "PhaseResolution": 1,
    "PixelBandwidth": 2232,
    "ReceiveCoilName": "HeadMatrix",
    "ReconMatrixPE": 64,
    "RepetitionTime": 2,
    "SAR": 0.149361,
    "ShimSetting": [
      5774,
      -10010,
      1683,
      307,
      -116,
      -314,
      244,
      -382
    ],
    "SliceThickness": 3,
    "SliceTiming": [
      1.945,
      1.8825,
      1.82,
      1.7575,
      1.695,
      1.6325,
      1.5675,
      1.505,
      1.4425,
      1.38,
      1.3175,
      1.255,
      1.1925,
      1.13,
      1.0675,
      1.005,
      0.9425,
      0.8775,
      0.815,
      0.7525,
      0.69,
      0.6275,
      0.565,
      0.5025,
      0.44,
      0.3775,
      0.315,
      0.2525,
      0.1875,
      0.125,
      0.0625,
      0
    ],
    "SoftwareVersions": "syngo_MR_B17",
    "SpacingBetweenSlices": 3.15,
    "TaskName": "DG",
    "TotalReadoutTime": 0.0321303,
    "TxRefAmp": 322.857,
    "dataset": "ds004128",
    "modality": "bold",
    "run_id": 1,
    "subject_id": "HCQVVC",
    "task_id": "DG"
  },
  "dummy_trs": 0,
  "dvars_nstd": 21.692110061875013,
  "dvars_std": 1.1055249247972962,
  "dvars_vstd": 0.9996743796283778,
  "efc": 0.5937059384011757,
  "fber": 927.4498291015625,
  "fd_mean": 0.18967469901791636,
  "fd_num": 201,
  "fd_perc": 33.895446880269816,
  "fwhm_avg": 1.91676357875174,
  "fwhm_x": 1.8762266666666667,
  "fwhm_y": 1.97828,
  "fwhm_z": 1.8957840695885533,
  "gcor": 0.0374369,
  "gsr_x": -0.008278722874820232,
  "gsr_y": 0.02258855290710926,
  "provenance": {
    "md5sum": "c50ac84ae459c08c714a064d76771b0a",
    "settings": {
      "fd_thres": 0.2,
      "testing": false
    },
    "software": "mriqc",
    "version": "23.0.0",
    "webapi_port": null,
    "webapi_url": "https://mriqc.nimh.nih.gov/api/v1"
  },
  "size_t": 593,
  "size_x": 64,
  "size_y": 64,
  "size_z": 32,
  "snr": 7.413648713485882,
  "spacing_tr": 2.0,
  "spacing_x": 3.0,
  "spacing_y": 3.0,
  "spacing_z": 3.1500000953674316,
  "summary_bg_k": 18.043246147244265,
  "summary_bg_mad": 10.17070302496467,
  "summary_bg_mean": 59.86280059814453,
  "summary_bg_median": 28.875211715698242,
  "summary_bg_n": 69277.0,
  "summary_bg_p05": 21.25295066833496,
  "summary_bg_p95": 216.27959594726556,
  "summary_bg_stdv": 81.96117401123047,
  "summary_fg_k": 1.941256533692954,
  "summary_fg_mad": 113.02900887199762,
  "summary_fg_mean": 922.4557495117188,
  "summary_fg_median": 918.1770629882812,
  "summary_fg_n": 30824.0,
  "summary_fg_p05": 730.0090454101562,
  "summary_fg_p95": 1122.9567626953124,
  "summary_fg_stdv": 123.84754180908203,
  "tsnr": 49.665131536952686
}