{
  "aor": 0.0005266129032258064,
  "aqi": 0.006522512544802867,
  "bids_meta": {
    "AcquisitionMatrixPE": 64,
    "BandwidthPerPixelPhaseEncode": 30.637,
    "BaseResolution": 64,
    "DerivedVendorReportedEchoSpacing": 0.000510004,
    "DwellTime": 3.5e-06,
    "EchoTime": 0.03,
    "EffectiveEchoSpacing": 0.000510004,
    "FlipAngle": 78,
    "ImagingFrequency": 123.143,
    "InstitutionName": "Virginia_Tech_Carilion_Research_Institute",
    "MagneticFieldStrength": 3,
    "Manufacturer": "Siemens",
    "ManufacturersModelName": "TrioTim",
    "Modality": "MR",
    "PartialFourier": 1,
    "PercentPhaseFOV": 100,
    "PercentSampling": 100,
    "PhaseEncodingDirection": "j-",
    "PhaseEncodingSteps": 64,
    "PhaseResolution": 1,
    "PixelBandwidth": 2232,
    "ReceiveCoilName": "HeadMatrix",
    "ReconMatrixPE": 64,
    "RepetitionTime": 2,
    "SAR": 0.149361,
    "ShimSetting": [
      5774,
      -10010,
      1683,
      307,
      -116,
      -314,
      244,
      -382
    ],
    "SliceThickness": 3,
    "SliceTiming": [
      1.945,
      1.8825,
      1.82,
      1.7575,
      1.695,
      1.6325,
      1.5675,
      1.505,
      1.4425,
      1.38,
      1.3175,
      1.255,
      1.1925,
      1.13,
      1.0675,
      1.005,
      0.9425,
      0.8775,
      0.815,
      0.7525,
      0.69,
      0.6275,
      0.565,
      0.5025,
      0.44,
      0.3775,
      0.315,
      0.2525,
      0.1875,
      0.125,
      0.0625,
      0
    ],
    "SoftwareVersions": "syngo_MR_B17",
    "SpacingBetweenSlices": 3.15,
    "TaskName": "DG",
    "TotalReadoutTime": 0.0321303,
    "TxRefAmp": 322.857,
    "dataset": "ds004128",
    "modality": "bold",
    "run_id": 2,
    "subject_id": "HCQVVC",
    "task_id": "DG"
  },
  "dummy_trs": 1,
  "dvars_nstd": 20.17339690662477,
  "dvars_std": 1.0869777832495513,
  "dvars_vstd": 1.0022024335008977,
  "efc": 0.5965505846010184,
  "fber": 914.3591918945312,
  "fd_mean": 0.18859953688621278,
  "fd_num": 174,
  "fd_perc": 31.182795698924732,
  "fwhm_avg": 1.8821926792749135,
  "fwhm_x": 1.8259766666666666,
  "fwhm_y": 1.9242299999999999,
  "fwhm_z": 1.8963713711580739,
  "gcor": 0.118806,
  "gsr_x": -0.008082030341029167,
  "gsr_y": 0.02309958077967167,
  "provenance": {
    "md5sum": "70caf898680e318a44633b29a9969564",
    "settings": {
      "fd_thres": 0.2,
      "testing": false
    },
    "software": "mriqc",
    "version": "23.0.0",
    "webapi_port": null,
    "webapi_url": "https://mriqc.nimh.nih.gov/api/v1"
  },
  "size_t": 558,
  "size_x": 64,
  "size_y": 64,
  "size_z": 32,
  "snr": 7.410622526853837,
  "spacing_tr": 2.0,
  "spacing_x": 3.0,
  "spacing_y": 3.0,
  "spacing_z": 3.1500000953674316,
  "summary_bg_k": 18.339866435012844,
  "summary_bg_mad": 10.379544614017016,
  "summary_bg_mean": 59.86164855957031,
  "summary_bg_median": 29.06361961364746,
  "summary_bg_n": 69008.0,
  "summary_bg_p05": 20.84587860107422,
  "summary_bg_p95": 214.25251007079967,
  "summary_bg_stdv": 82.11300659179688,
  "summary_fg_k": 2.1899171421395254,
  "summary_fg_mad": 112.19952442156234,
  "summary_fg_mean": 925.8414916992188,
  "summary_fg_median": 922.094970703125,
  "summary_fg_n": 31067.0,
  "summary_fg_p05": 732.6401428222656,
  "summary_fg_p95": 1124.3840576171874,
  "summary_fg_stdv": 124.42681121826172,
  "tsnr": 69.50015607045498
}