{
  "bids_meta": {
    "AcquisitionMatrixPE": 230,
    "BaseResolution": 256,
    "DwellTime": 8.2e-06,
    "EchoTime": 0.00298,
    "FlipAngle": 9,
    "ImagingFrequency": 123.143,
    "InstitutionName": "Virginia_Tech_Carilion_Research_Institute",
    "InversionTime": 0.9,
    "MagneticFieldStrength": 3,
    "Manufacturer": "Siemens",
    "ManufacturersModelName": "TrioTim",
    "Modality": "MR",
    "ParallelReductionFactorInPlane": 2,
    "PartialFourier": 1,
    "PercentPhaseFOV": 93.75,
    "PercentSampling": 96,
    "PhaseEncodingSteps": 230,
    "PhaseResolution": 0.96,
    "PixelBandwidth": 238,
    "ReconMatrixPE": 240,
    "RefLinesPE": 24,
    "RepetitionTime": 2.3,
    "SAR": 0.103976,
    "ShimSetting": [
      5773,
      -10058,
      1620,
      121,
      -144,
      -489,
      193,
      -298
    ],
    "SliceThickness": 1,
    "SoftwareVersions": "syngo_MR_B17",
    "TxRefAmp": 322.857,
    "dataset": "ds004128",
    "modality": "T1w",
    "subject_id": "UYWGQY"
  },
  "cjv": 0.37082081211589357,
  "cnr": 3.6454488457094594,
  "efc": 0.554995907042019,
  "fber": 9004.122036128396,
  "fwhm_avg": 3.6788866666666666,
  "fwhm_x": 3.7282,
  "fwhm_y": 3.7817,
  "fwhm_z": 3.52676,
  "icvs_csf": 0.22084509673338273,
  "icvs_gm": 0.4448193084044823,
  "icvs_wm": 0.334335594862135,
  "inu_med": 0.6842633187770844,
  "inu_range": 0.30221726596355436,
  "provenance": {
    "md5sum": "44b84d1b20e89dc8ff3cab2af184f2c6",
    "settings": {
      "testing": false
    },
    "software": "mriqc",
    "version": "23.0.0",
    "warnings": {
      "large_rot_frame": false,
      "small_air_mask": false
    },
    "webapi_port": null,
    "webapi_url": "https://mriqc.nimh.nih.gov/api/v1"
  },
  "qi_1": 0.00021153546452693978,
  "qi_2": 0.010669064442679529,
  "rpve_csf": 18.938193908150883,
  "rpve_gm": 9.706033663907776,
  "rpve_wm": 14.319378022186404,
  "size_x": 160,
  "size_y": 238,
  "size_z": 200,
  "snr_csf": 2.1377398039372166,
  "snr_gm": 9.97244090704892,
  "snr_total": 10.141337898085363,
  "snr_wm": 18.31383298326995,
  "snrd_csf": 11.53931487526183,
  "snrd_gm": 29.964572683889124,
  "snrd_total": 28.5738533639344,
  "snrd_wm": 44.217672532652244,
  "spacing_x": 1.0,
  "spacing_y": 1.0,
  "spacing_z": 1.0,
  "summary_bg_k": 42.885453528893606,
  "summary_bg_mad": 0.0,
  "summary_bg_mean": 8.901982402808544,
  "summary_bg_median": 0.0,
  "summary_bg_n": 2044923.0,
  "summary_bg_p05": 0.0,
  "summary_bg_p95": 36.64766248315573,
  "summary_bg_stdv": 14.816714313090047,
  "summary_csf_k": -0.13593031505163555,
  "summary_csf_mad": 127.49258883073423,
  "summary_csf_mean": 272.4932330776639,
  "summary_csf_median": 260.97577828913927,
  "summary_csf_n": 29003.0,
  "summary_csf_p05": 88.0284256413579,
  "summary_csf_p95": 484.1156214024871,
  "summary_csf_stdv": 122.07813067462685,
  "summary_gm_k": 0.04585860126443775,
  "summary_gm_mad": 66.51787243342656,
  "summary_gm_mean": 677.4370628517013,
  "summary_gm_median": 677.6856132112443,
  "summary_gm_n": 26451.0,
  "summary_gm_p05": 564.9107609335333,
  "summary_gm_p95": 789.2573856599629,
  "summary_gm_stdv": 67.95455688319572,
  "summary_wm_k": 0.2634279128561481,
  "summary_wm_mad": 53.016720107830075,
  "summary_wm_mean": 1000.9690525734333,
  "summary_wm_median": 1000.0369716994464,
  "summary_wm_n": 155696.0,
  "summary_wm_p05": 913.1560991257429,
  "summary_wm_p95": 1092.285431202501,
  "summary_wm_stdv": 54.605377317944246,
  "tpm_overlap_csf": 0.1714341464379956,
  "tpm_overlap_gm": 0.49775175741965,
  "tpm_overlap_wm": 0.5199112782400284,
  "wm2max": 0.48935784802101256
}