{
  "bids_meta": {
    "AcquisitionMatrixPE": 230,
    "BaseResolution": 256,
    "DwellTime": 8.2e-06,
    "EchoTime": 0.00298,
    "FlipAngle": 9,
    "ImagingFrequency": 123.143,
    "InstitutionName": "Virginia_Tech_Carilion_Research_Institute",
    "InversionTime": 0.9,
    "MagneticFieldStrength": 3,
    "Manufacturer": "Siemens",
    "ManufacturersModelName": "TrioTim",
    "Modality": "MR",
    "ParallelReductionFactorInPlane": 2,
    "PartialFourier": 1,
    "PercentPhaseFOV": 93.75,
    "PercentSampling": 96,
    "PhaseEncodingSteps": 230,
    "PhaseResolution": 0.96,
    "PixelBandwidth": 238,
    "ReconMatrixPE": 240,
    "RefLinesPE": 24,
    "RepetitionTime": 2.3,
    "SAR": 0.103976,
    "ShimSetting": [
      5773,
      -10058,
      1620,
      121,
      -144,
      -489,
      193,
      -298
    ],
    "SliceThickness": 1,
    "SoftwareVersions": "syngo_MR_B17",
    "TxRefAmp": 322.857,
    "dataset": "ds004128",
    "modality": "T1w",
    "subject_id": "VZNZGP"
  },
  "cjv": 0.38571055242949887,
  "cnr": 3.4622452504486474,
  "efc": 0.619113788436664,
  "fber": 7402.6904012345685,
  "fwhm_avg": 3.793083333333333,
  "fwhm_x": 3.86063,
  "fwhm_y": 3.90111,
  "fwhm_z": 3.61751,
  "icvs_csf": 0.2567240593122701,
  "icvs_gm": 0.41268158071948446,
  "icvs_wm": 0.33059435996824543,
  "inu_med": 0.6571837961673737,
  "inu_range": 0.2852106600999832,
  "provenance": {
    "md5sum": "650691e3cbaf03e8102a01a316f4d87b",
    "settings": {
      "testing": false
    },
    "software": "mriqc",
    "version": "23.0.0",
    "warnings": {
      "large_rot_frame": false,
      "small_air_mask": false
    },
    "webapi_port": null,
    "webapi_url": "https://mriqc.nimh.nih.gov/api/v1"
  },
  "qi_1": 0.00014887495808095576,
  "qi_2": 0.002341594514195499,
  "rpve_csf": 12.205399947729926,
  "rpve_gm": 7.331984177175948,
  "rpve_wm": 10.490913730868936,
  "size_x": 160,
  "size_y": 189,
  "size_z": 200,
  "snr_csf": 1.6744273694548324,
  "snr_gm": 8.282471337096506,
  "snr_total": 9.52776954574866,
  "snr_wm": 18.62640993069464,
  "snrd_csf": 6.545051944253484,
  "snrd_gm": 24.632331216434697,
  "snrd_total": 22.807659071286107,
  "snrd_wm": 37.24559405317014,
  "spacing_x": 1.0,
  "spacing_y": 1.0,
  "spacing_z": 1.0,
  "summary_bg_k": 141.75783110369355,
  "summary_bg_mad": 0.0,
  "summary_bg_mean": 8.348579836656805,
  "summary_bg_median": 0.0,
  "summary_bg_n": 1149060.0,
  "summary_bg_p05": 0.0,
  "summary_bg_p95": 36.81250657141209,
  "summary_bg_stdv": 17.589634439114764,
  "summary_csf_k": 0.8131654024697723,
  "summary_csf_mad": 100.28689429463795,
  "summary_csf_mean": 191.558965086117,
  "summary_csf_median": 175.7268731892109,
  "summary_csf_n": 51013.0,
  "summary_csf_p05": 49.37582138180733,
  "summary_csf_p95": 387.62811632454395,
  "summary_csf_stdv": 104.94641571974394,
  "summary_gm_k": 0.09980268149052351,
  "summary_gm_mad": 78.17174189711756,
  "summary_gm_mean": 659.9893509453968,
  "summary_gm_median": 661.3488450348377,
  "summary_gm_n": 21837.0,
  "summary_gm_p05": 526.3829487860203,
  "summary_gm_p95": 790.1806529730559,
  "summary_gm_stdv": 79.84738794677003,
  "summary_wm_k": 0.21239374415653423,
  "summary_wm_mad": 52.44957266470747,
  "summary_wm_mean": 1000.3623970371647,
  "summary_wm_median": 999.9999753683805,
  "summary_wm_n": 171014.0,
  "summary_wm_p05": 912.7607161603868,
  "summary_wm_p95": 1088.8206169009209,
  "summary_wm_stdv": 53.68705270353982,
  "tpm_overlap_csf": 0.16957581224141965,
  "tpm_overlap_gm": 0.46763121113817946,
  "tpm_overlap_wm": 0.5261938465036768,
  "wm2max": 0.4874506630688926
}