{
  "bids_meta": {
    "AcquisitionMatrixPE": 230,
    "BaseResolution": 256,
    "DwellTime": 8.2e-06,
    "EchoTime": 0.00298,
    "FlipAngle": 9,
    "ImagingFrequency": 123.143,
    "InstitutionName": "Virginia_Tech_Carilion_Research_Institute",
    "InversionTime": 0.9,
    "MagneticFieldStrength": 3,
    "Manufacturer": "Siemens",
    "ManufacturersModelName": "TrioTim",
    "Modality": "MR",
    "ParallelReductionFactorInPlane": 2,
    "PartialFourier": 1,
    "PercentPhaseFOV": 93.75,
    "PercentSampling": 96,
    "PhaseEncodingSteps": 230,
    "PhaseResolution": 0.96,
    "PixelBandwidth": 238,
    "ReconMatrixPE": 240,
    "RefLinesPE": 24,
    "RepetitionTime": 2.3,
    "SAR": 0.103976,
    "ShimSetting": [
      5773,
      -10058,
      1620,
      121,
      -144,
      -489,
      193,
      -298
    ],
    "SliceThickness": 1,
    "SoftwareVersions": "syngo_MR_B17",
    "TxRefAmp": 322.857,
    "dataset": "ds004128",
    "modality": "T1w",
    "subject_id": "ZKYEJO"
  },
  "cjv": 0.4227518656343039,
  "cnr": 3.2132204870588272,
  "efc": 0.6638919437440656,
  "fber": 5863.069131876868,
  "fwhm_avg": 3.46046,
  "fwhm_x": 3.49285,
  "fwhm_y": 3.63912,
  "fwhm_z": 3.24941,
  "icvs_csf": 0.19127673285663588,
  "icvs_gm": 0.4671786543110861,
  "icvs_wm": 0.34154461283227805,
  "inu_med": 0.7962245345115662,
  "inu_range": 0.46494892537593835,
  "provenance": {
    "md5sum": "c139d48d4c11cc44138b56ffc4b5ab81",
    "settings": {
      "testing": false
    },
    "software": "mriqc",
    "version": "23.0.0",
    "warnings": {
      "large_rot_frame": false,
      "small_air_mask": false
    },
    "webapi_port": null,
    "webapi_url": "https://mriqc.nimh.nih.gov/api/v1"
  },
  "qi_1": 0.0,
  "qi_2": 0.004161370076909187,
  "rpve_csf": 12.814155670522583,
  "rpve_gm": 5.482099767184304,
  "rpve_wm": 7.987666881442362,
  "size_x": 160,
  "size_y": 196,
  "size_z": 178,
  "snr_csf": 2.341844075390431,
  "snr_gm": 9.460006160281502,
  "snr_total": 8.879495754408415,
  "snr_wm": 14.83663702755331,
  "snrd_csf": 7.975221858065774,
  "snrd_gm": 25.410591819736766,
  "snrd_total": 23.608040900786055,
  "snrd_wm": 37.43830902455563,
  "spacing_x": 1.0,
  "spacing_y": 1.0,
  "spacing_z": 1.0,
  "summary_bg_k": 7.549893683975558,
  "summary_bg_mad": 0.0,
  "summary_bg_mean": 10.224989627418763,
  "summary_bg_median": 0.0,
  "summary_bg_n": 954068.0,
  "summary_bg_p05": 0.0,
  "summary_bg_p95": 45.55583029985428,
  "summary_bg_stdv": 17.49909149257548,
  "summary_csf_k": 4.250055864232297,
  "summary_csf_mad": 73.12066344364669,
  "summary_csf_mean": 223.72507081546004,
  "summary_csf_median": 213.02302385866642,
  "summary_csf_n": 50837.0,
  "summary_csf_p05": 98.98489648848772,
  "summary_csf_p95": 387.38301261067375,
  "summary_csf_stdv": 90.96290010492822,
  "summary_gm_k": 0.0353734544069737,
  "summary_gm_mad": 70.771405180397,
  "summary_gm_mean": 677.9965609735516,
  "summary_gm_median": 678.7323542609811,
  "summary_gm_n": 35022.0,
  "summary_gm_p05": 556.8705082088709,
  "summary_gm_p95": 793.8598601818085,
  "summary_gm_stdv": 71.74653510860222,
  "summary_wm_k": 0.333349429769342,
  "summary_wm_mad": 65.04508816372588,
  "summary_wm_mean": 1002.1071017180008,
  "summary_wm_median": 999.9999922886491,
  "summary_wm_n": 170051.0,
  "summary_wm_p05": 895.2215825989842,
  "summary_wm_p95": 1116.1178423464298,
  "summary_wm_stdv": 67.40052008638207,
  "tpm_overlap_csf": 0.1680191938174242,
  "tpm_overlap_gm": 0.4884492418428336,
  "tpm_overlap_wm": 0.48357175082886245,
  "wm2max": 0.3887023521794974
}