{
  "bids_meta": {
    "AcquisitionMatrixPE": 230,
    "BaseResolution": 256,
    "DwellTime": 8.2e-06,
    "EchoTime": 0.00298,
    "FlipAngle": 9,
    "ImagingFrequency": 123.143,
    "InstitutionName": "Virginia_Tech_Carilion_Research_Institute",
    "InversionTime": 0.9,
    "MagneticFieldStrength": 3,
    "Manufacturer": "Siemens",
    "ManufacturersModelName": "TrioTim",
    "Modality": "MR",
    "ParallelReductionFactorInPlane": 2,
    "PartialFourier": 1,
    "PercentPhaseFOV": 93.75,
    "PercentSampling": 96,
    "PhaseEncodingSteps": 230,
    "PhaseResolution": 0.96,
    "PixelBandwidth": 238,
    "ReconMatrixPE": 240,
    "RefLinesPE": 24,
    "RepetitionTime": 2.3,
    "SAR": 0.103976,
    "ShimSetting": [
      5773,
      -10058,
      1620,
      121,
      -144,
      -489,
      193,
      -298
    ],
    "SliceThickness": 1,
    "SoftwareVersions": "syngo_MR_B17",
    "TxRefAmp": 322.857,
    "dataset": "ds004128",
    "modality": "T1w",
    "subject_id": "HCQVVC"
  },
  "cjv": 0.4104211965069357,
  "cnr": 3.3354954619470503,
  "efc": 0.6628417331873845,
  "fber": 8239.365313192473,
  "fwhm_avg": 3.7432833333333337,
  "fwhm_x": 3.69088,
  "fwhm_y": 3.98051,
  "fwhm_z": 3.55846,
  "icvs_csf": 0.17549630831397442,
  "icvs_gm": 0.4463638216207542,
  "icvs_wm": 0.37813987006527133,
  "inu_med": 0.6824919283390045,
  "inu_range": 0.3511818125844002,
  "provenance": {
    "md5sum": "b8336f50186f660d564eff9a455f3870",
    "settings": {
      "testing": false
    },
    "software": "mriqc",
    "version": "23.0.0",
    "warnings": {
      "large_rot_frame": false,
      "small_air_mask": false
    },
    "webapi_port": null,
    "webapi_url": "https://mriqc.nimh.nih.gov/api/v1"
  },
  "qi_1": 0.0,
  "qi_2": 0.003617014477087961,
  "rpve_csf": 13.50462307626812,
  "rpve_gm": 5.715212590203574,
  "rpve_wm": 7.637581598746933,
  "size_x": 160,
  "size_y": 187,
  "size_z": 172,
  "snr_csf": 1.733405984767572,
  "snr_gm": 9.023473247215176,
  "snr_total": 8.836687807027198,
  "snr_wm": 15.75318418909885,
  "snrd_csf": 9.141460650582284,
  "snrd_gm": 26.655163614348456,
  "snrd_total": 25.200058926103157,
  "snrd_wm": 39.80355251337874,
  "spacing_x": 1.0,
  "spacing_y": 1.0,
  "spacing_z": 1.0,
  "summary_bg_k": 8.013969719541944,
  "summary_bg_mad": 0.0,
  "summary_bg_mean": 9.81308629942917,
  "summary_bg_median": 0.0,
  "summary_bg_n": 960312.0,
  "summary_bg_p05": 0.0,
  "summary_bg_p95": 43.48398931324482,
  "summary_bg_stdv": 16.459967118579073,
  "summary_csf_k": 1.6493675535447085,
  "summary_csf_mad": 125.09679877533672,
  "summary_csf_mean": 243.56938729684637,
  "summary_csf_median": 229.674525372684,
  "summary_csf_n": 13827.0,
  "summary_csf_p05": 54.899634588509805,
  "summary_csf_p95": 482.45266526937485,
  "summary_csf_stdv": 132.49418886829224,
  "summary_gm_k": -0.06224154757194844,
  "summary_gm_mad": 74.23755887760743,
  "summary_gm_mean": 669.7420127855808,
  "summary_gm_median": 669.6973586454988,
  "summary_gm_n": 26441.0,
  "summary_gm_p05": 546.3609525933862,
  "summary_gm_p95": 791.0572197288275,
  "summary_gm_stdv": 74.2158452941508,
  "summary_wm_k": 0.44382442768667696,
  "summary_wm_mad": 61.34366707254929,
  "summary_wm_mean": 1002.8096108045464,
  "summary_wm_median": 1000.0439077615738,
  "summary_wm_n": 184669.0,
  "summary_wm_p05": 904.3791312724352,
  "summary_wm_p95": 1111.5649672225118,
  "summary_wm_stdv": 63.48184519952699,
  "tpm_overlap_csf": 0.17086469442772576,
  "tpm_overlap_gm": 0.4850510124660243,
  "tpm_overlap_wm": 0.5216107437600446,
  "wm2max": 0.4168616471657795
}