{
  "bids_meta": {
    "AcquisitionMatrixPE": 230,
    "BaseResolution": 256,
    "DwellTime": 8.2e-06,
    "EchoTime": 0.00298,
    "FlipAngle": 9,
    "ImagingFrequency": 123.143,
    "InstitutionName": "Virginia_Tech_Carilion_Research_Institute",
    "InversionTime": 0.9,
    "MagneticFieldStrength": 3,
    "Manufacturer": "Siemens",
    "ManufacturersModelName": "TrioTim",
    "Modality": "MR",
    "ParallelReductionFactorInPlane": 2,
    "PartialFourier": 1,
    "PercentPhaseFOV": 93.75,
    "PercentSampling": 96,
    "PhaseEncodingSteps": 230,
    "PhaseResolution": 0.96,
    "PixelBandwidth": 238,
    "ReconMatrixPE": 240,
    "RefLinesPE": 24,
    "RepetitionTime": 2.3,
    "SAR": 0.103976,
    "ShimSetting": [
      5773,
      -10058,
      1620,
      121,
      -144,
      -489,
      193,
      -298
    ],
    "SliceThickness": 1,
    "SoftwareVersions": "syngo_MR_B17",
    "TxRefAmp": 322.857,
    "dataset": "ds004128",
    "modality": "T1w",
    "subject_id": "HWWOES"
  },
  "cjv": 0.3746898185844464,
  "cnr": 3.6205209880369975,
  "efc": 0.5764060063116643,
  "fber": 13473.08517445143,
  "fwhm_avg": 3.752993333333334,
  "fwhm_x": 3.79978,
  "fwhm_y": 3.74942,
  "fwhm_z": 3.70978,
  "icvs_csf": 0.18856626775930785,
  "icvs_gm": 0.4325970748099597,
  "icvs_wm": 0.3788366574307324,
  "inu_med": 0.6423776149749756,
  "inu_range": 0.2719824969768524,
  "provenance": {
    "md5sum": "bd96a75e6bb465a511bbba5714379b6c",
    "settings": {
      "testing": false
    },
    "software": "mriqc",
    "version": "23.0.0",
    "warnings": {
      "large_rot_frame": false,
      "small_air_mask": false
    },
    "webapi_port": null,
    "webapi_url": "https://mriqc.nimh.nih.gov/api/v1"
  },
  "qi_1": 0.002815198507495671,
  "qi_2": 0.004004270268236143,
  "rpve_csf": 20.320296676842798,
  "rpve_gm": 9.230157153836569,
  "rpve_wm": 11.896581340837464,
  "size_x": 160,
  "size_y": 238,
  "size_z": 200,
  "snr_csf": 1.7974557083305287,
  "snr_gm": 9.184425154186854,
  "snr_total": 9.593092769704539,
  "snr_wm": 17.797397446596236,
  "snrd_csf": 7.373773848533637,
  "snrd_gm": 22.36148064561347,
  "snrd_total": 21.174521472300388,
  "snrd_wm": 33.78830992275405,
  "spacing_x": 1.0,
  "spacing_y": 1.0,
  "spacing_z": 1.0,
  "summary_bg_k": 288.33825241219836,
  "summary_bg_mad": 0.0,
  "summary_bg_mean": 9.072128860273306,
  "summary_bg_median": 0.0,
  "summary_bg_n": 2583525.0,
  "summary_bg_p05": 0.0,
  "summary_bg_p95": 39.8385401442647,
  "summary_bg_stdv": 19.389439913548102,
  "summary_csf_k": 0.3777002486659793,
  "summary_csf_mad": 120.21099161215433,
  "summary_csf_mean": 230.34641877896772,
  "summary_csf_median": 218.23446990922093,
  "summary_csf_n": 25684.0,
  "summary_csf_p05": 55.10705552995205,
  "summary_csf_p95": 455.02632851824154,
  "summary_csf_stdv": 121.4106252547388,
  "summary_gm_k": -0.01203732817544978,
  "summary_gm_mad": 71.4500828932848,
  "summary_gm_mean": 662.8250997434931,
  "summary_gm_median": 661.8111668899655,
  "summary_gm_n": 33011.0,
  "summary_gm_p05": 544.6823488622904,
  "summary_gm_p95": 781.8181878179312,
  "summary_gm_stdv": 72.05689322992654,
  "summary_wm_k": 0.17493983243449396,
  "summary_wm_mad": 55.26583250740602,
  "summary_wm_mean": 1000.5095006322524,
  "summary_wm_median": 1000.000007674098,
  "summary_wm_n": 195480.0,
  "summary_wm_p05": 909.0558160319924,
  "summary_wm_p95": 1093.5065018981695,
  "summary_wm_stdv": 56.18784728862883,
  "tpm_overlap_csf": 0.14224535031627825,
  "tpm_overlap_gm": 0.4458690058438479,
  "tpm_overlap_wm": 0.4746056527036341,
  "wm2max": 0.52190001170657
}