{
  "bids_meta": {
    "AcquisitionMatrixPE": 230,
    "BaseResolution": 256,
    "DwellTime": 8.2e-06,
    "EchoTime": 0.00298,
    "FlipAngle": 9,
    "ImagingFrequency": 123.143,
    "InstitutionName": "Virginia_Tech_Carilion_Research_Institute",
    "InversionTime": 0.9,
    "MagneticFieldStrength": 3,
    "Manufacturer": "Siemens",
    "ManufacturersModelName": "TrioTim",
    "Modality": "MR",
    "ParallelReductionFactorInPlane": 2,
    "PartialFourier": 1,
    "PercentPhaseFOV": 93.75,
    "PercentSampling": 96,
    "PhaseEncodingSteps": 230,
    "PhaseResolution": 0.96,
    "PixelBandwidth": 238,
    "ReconMatrixPE": 240,
    "RefLinesPE": 24,
    "RepetitionTime": 2.3,
    "SAR": 0.103976,
    "ShimSetting": [
      5773,
      -10058,
      1620,
      121,
      -144,
      -489,
      193,
      -298
    ],
    "SliceThickness": 1,
    "SoftwareVersions": "syngo_MR_B17",
    "TxRefAmp": 322.857,
    "dataset": "ds004128",
    "modality": "T1w",
    "subject_id": "GSNICS"
  },
  "cjv": 0.4241368371927418,
  "cnr": 3.2331254094935282,
  "efc": 0.5939269795904695,
  "fber": 7628.050208116545,
  "fwhm_avg": 3.7222266666666664,
  "fwhm_x": 3.80395,
  "fwhm_y": 3.82335,
  "fwhm_z": 3.53938,
  "icvs_csf": 0.18335765743527432,
  "icvs_gm": 0.4468842155346617,
  "icvs_wm": 0.369758127030064,
  "inu_med": 0.7468741536140442,
  "inu_range": 0.4391713500022888,
  "provenance": {
    "md5sum": "7e420b8efa21ae4af51b122924e52dbd",
    "settings": {
      "testing": false
    },
    "software": "mriqc",
    "version": "23.0.0",
    "warnings": {
      "large_rot_frame": false,
      "small_air_mask": false
    },
    "webapi_port": null,
    "webapi_url": "https://mriqc.nimh.nih.gov/api/v1"
  },
  "qi_1": 0.0,
  "qi_2": 0.004413613422555009,
  "rpve_csf": 18.778148743388545,
  "rpve_gm": 8.193892625404992,
  "rpve_wm": 10.922512315342372,
  "size_x": 160,
  "size_y": 238,
  "size_z": 200,
  "snr_csf": 1.622851370271621,
  "snr_gm": 9.338403152684883,
  "snr_total": 8.648315059599588,
  "snr_wm": 14.983690655842258,
  "snrd_csf": 9.038041728560474,
  "snrd_gm": 25.391592179074966,
  "snrd_total": 23.986609075720835,
  "snrd_wm": 37.53019331952707,
  "spacing_x": 1.0,
  "spacing_y": 1.0,
  "spacing_z": 1.0,
  "summary_bg_k": 8.310698080736937,
  "summary_bg_mad": 0.0,
  "summary_bg_mean": 10.793549355844377,
  "summary_bg_median": 0.0,
  "summary_bg_n": 1969209.0,
  "summary_bg_p05": 0.0,
  "summary_bg_p95": 46.93358697742224,
  "summary_bg_stdv": 17.45700163655826,
  "summary_csf_k": 5.385238274221992,
  "summary_csf_mad": 150.6691415362792,
  "summary_csf_mean": 258.51905908531677,
  "summary_csf_median": 240.8309311568737,
  "summary_csf_n": 24601.0,
  "summary_csf_p05": 52.75180023908615,
  "summary_csf_p95": 509.4168944656849,
  "summary_csf_stdv": 148.3968530822214,
  "summary_gm_k": 0.04155327017520971,
  "summary_gm_mad": 72.01192642552445,
  "summary_gm_mean": 676.2189656347444,
  "summary_gm_median": 676.5935555174947,
  "summary_gm_n": 31593.0,
  "summary_gm_p05": 555.9626005589962,
  "summary_gm_p95": 794.5093442872167,
  "summary_gm_stdv": 72.4516639948217,
  "summary_wm_k": 0.23647095512162686,
  "summary_wm_mad": 65.1749467205279,
  "summary_wm_mean": 1002.1918704643014,
  "summary_wm_median": 1000.043114989996,
  "summary_wm_n": 203198.0,
  "summary_wm_p05": 896.435821056366,
  "summary_wm_p95": 1115.329933322966,
  "summary_wm_stdv": 66.74194477158493,
  "tpm_overlap_csf": 0.16041135878879131,
  "tpm_overlap_gm": 0.47568656322169667,
  "tpm_overlap_wm": 0.5065203238487769,
  "wm2max": 0.4355105105105105
}