{
  "aor": 0.0009405840455840455,
  "aqi": 0.017169432051282053,
  "bids_meta": {
    "AcquisitionMatrixPE": 64,
    "BandwidthPerPixelPhaseEncode": 30.637,
    "BaseResolution": 64,
    "DerivedVendorReportedEchoSpacing": 0.000510004,
    "DwellTime": 3.5e-06,
    "EchoTime": 0.03,
    "EffectiveEchoSpacing": 0.000510004,
    "FlipAngle": 78,
    "ImagingFrequency": 123.143,
    "InstitutionName": "Virginia_Tech_Carilion_Research_Institute",
    "MagneticFieldStrength": 3,
    "Manufacturer": "Siemens",
    "ManufacturersModelName": "TrioTim",
    "Modality": "MR",
    "PartialFourier": 1,
    "PercentPhaseFOV": 100,
    "PercentSampling": 100,
    "PhaseEncodingDirection": "j-",
    "PhaseEncodingSteps": 64,
    "PhaseResolution": 1,
    "PixelBandwidth": 2232,
    "ReceiveCoilName": "HeadMatrix",
    "ReconMatrixPE": 64,
    "RepetitionTime": 2,
    "SAR": 0.149361,
    "ShimSetting": [
      5774,
      -10010,
      1683,
      307,
      -116,
      -314,
      244,
      -382
    ],
    "SliceThickness": 3,
    "SliceTiming": [
      1.945,
      1.8825,
      1.82,
      1.7575,
      1.695,
      1.6325,
      1.5675,
      1.505,
      1.4425,
      1.38,
      1.3175,
      1.255,
      1.1925,
      1.13,
      1.0675,
      1.005,
      0.9425,
      0.8775,
      0.815,
      0.7525,
      0.69,
      0.6275,
      0.565,
      0.5025,
      0.44,
      0.3775,
      0.315,
      0.2525,
      0.1875,
      0.125,
      0.0625,
      0
    ],
    "SoftwareVersions": "syngo_MR_B17",
    "SpacingBetweenSlices": 3.15,
    "TaskName": "DG",
    "TotalReadoutTime": 0.0321303,
    "TxRefAmp": 322.857,
    "dataset": "ds004128",
    "modality": "bold",
    "run_id": 1,
    "subject_id": "OXTFCM",
    "task_id": "DG"
  },
  "dummy_trs": 0,
  "dvars_nstd": 37.88897103489301,
  "dvars_std": 1.119740943138375,
  "dvars_vstd": 0.9871069264764624,
  "efc": 0.6549651513807326,
  "fber": 295.2725830078125,
  "fd_mean": 0.5119684621053278,
  "fd_num": 642,
  "fd_perc": 91.45299145299145,
  "fwhm_avg": 2.1116743700704648,
  "fwhm_x": 2.0122166666666668,
  "fwhm_y": 2.195936666666667,
  "fwhm_z": 2.1268697768780607,
  "gcor": 0.0483728,
  "gsr_x": -0.011648925952613354,
  "gsr_y": 0.050563447177410126,
  "provenance": {
    "md5sum": "117c22ed73426e7f0c841a2e66399340",
    "settings": {
      "fd_thres": 0.2,
      "testing": false
    },
    "software": "mriqc",
    "version": "23.0.0",
    "webapi_port": null,
    "webapi_url": "https://mriqc.nimh.nih.gov/api/v1"
  },
  "size_t": 702,
  "size_x": 64,
  "size_y": 64,
  "size_z": 32,
  "snr": 4.617162667861291,
  "spacing_tr": 2.0,
  "spacing_x": 3.0,
  "spacing_y": 3.0,
  "spacing_z": 3.1500000953674316,
  "summary_bg_k": 10.064783054356868,
  "summary_bg_mad": 20.166137983138057,
  "summary_bg_mean": 68.40272521972656,
  "summary_bg_median": 35.703704833984375,
  "summary_bg_n": 62920.0,
  "summary_bg_p05": 19.678062438964844,
  "summary_bg_p95": 226.08126373291014,
  "summary_bg_stdv": 77.83478546142578,
  "summary_fg_k": 1.2927695981954743,
  "summary_fg_mad": 113.30183880905781,
  "summary_fg_mean": 665.7332763671875,
  "summary_fg_median": 649.965087890625,
  "summary_fg_n": 36760.0,
  "summary_fg_p05": 452.1488540649414,
  "summary_fg_p95": 921.0061767578117,
  "summary_fg_stdv": 140.76962280273438,
  "tsnr": 36.354222921771
}