{
  "aor": 0.004401246719160105,
  "aqi": 0.014195070314960631,
  "bids_meta": {
    "AcquisitionMatrixPE": 64,
    "BandwidthPerPixelPhaseEncode": 30.637,
    "BaseResolution": 64,
    "DerivedVendorReportedEchoSpacing": 0.000510004,
    "DwellTime": 3.5e-06,
    "EchoTime": 0.03,
    "EffectiveEchoSpacing": 0.000510004,
    "FlipAngle": 78,
    "ImagingFrequency": 123.143,
    "InstitutionName": "Virginia_Tech_Carilion_Research_Institute",
    "MagneticFieldStrength": 3,
    "Manufacturer": "Siemens",
    "ManufacturersModelName": "TrioTim",
    "Modality": "MR",
    "PartialFourier": 1,
    "PercentPhaseFOV": 100,
    "PercentSampling": 100,
    "PhaseEncodingDirection": "j-",
    "PhaseEncodingSteps": 64,
    "PhaseResolution": 1,
    "PixelBandwidth": 2232,
    "ReceiveCoilName": "HeadMatrix",
    "ReconMatrixPE": 64,
    "RepetitionTime": 2,
    "SAR": 0.149361,
    "ShimSetting": [
      5774,
      -10010,
      1683,
      307,
      -116,
      -314,
      244,
      -382
    ],
    "SliceThickness": 3,
    "SliceTiming": [
      1.945,
      1.8825,
      1.82,
      1.7575,
      1.695,
      1.6325,
      1.5675,
      1.505,
      1.4425,
      1.38,
      1.3175,
      1.255,
      1.1925,
      1.13,
      1.0675,
      1.005,
      0.9425,
      0.8775,
      0.815,
      0.7525,
      0.69,
      0.6275,
      0.565,
      0.5025,
      0.44,
      0.3775,
      0.315,
      0.2525,
      0.1875,
      0.125,
      0.0625,
      0
    ],
    "SoftwareVersions": "syngo_MR_B17",
    "SpacingBetweenSlices": 3.15,
    "TaskName": "DG",
    "TotalReadoutTime": 0.0321303,
    "TxRefAmp": 322.857,
    "dataset": "ds004128",
    "modality": "bold",
    "run_id": 1,
    "subject_id": "INTQZE",
    "task_id": "DG"
  },
  "dummy_trs": 1,
  "dvars_nstd": 24.031788453653096,
  "dvars_std": 1.0739605411169517,
  "dvars_vstd": 1.017756851550592,
  "efc": 0.6067090624339531,
  "fber": 586.46728515625,
  "fd_mean": 0.2810902789789611,
  "fd_num": 486,
  "fd_perc": 63.77952755905512,
  "fwhm_avg": 1.8284281821323116,
  "fwhm_x": 1.7518533333333333,
  "fwhm_y": 1.8580566666666665,
  "fwhm_z": 1.8753745463969351,
  "gcor": 0.0475018,
  "gsr_x": -0.015065408311784267,
  "gsr_y": 0.023213963955640793,
  "provenance": {
    "md5sum": "e8a22ff2e6ca2e7eaf243493905336b0",
    "settings": {
      "fd_thres": 0.2,
      "testing": false
    },
    "software": "mriqc",
    "version": "23.0.0",
    "webapi_port": null,
    "webapi_url": "https://mriqc.nimh.nih.gov/api/v1"
  },
  "size_t": 762,
  "size_x": 64,
  "size_y": 64,
  "size_z": 32,
  "snr": 6.091731391339245,
  "spacing_tr": 2.0,
  "spacing_x": 3.0,
  "spacing_y": 3.0,
  "spacing_z": 3.1500000953674316,
  "summary_bg_k": 18.279347303545386,
  "summary_bg_mad": 12.78014830917948,
  "summary_bg_mean": 50.636070251464844,
  "summary_bg_median": 29.739501953125,
  "summary_bg_n": 67714.0,
  "summary_bg_p05": 20.5,
  "summary_bg_p95": 154.2328094482422,
  "summary_bg_stdv": 55.2387809753418,
  "summary_fg_k": 1.9503142925993018,
  "summary_fg_mad": 106.30567385419742,
  "summary_fg_mean": 770.2801513671875,
  "summary_fg_median": 760.33203125,
  "summary_fg_n": 32207.0,
  "summary_fg_p05": 585.2736267089844,
  "summary_fg_p95": 979.0330688476561,
  "summary_fg_stdv": 124.81184387207031,
  "tsnr": 48.62285826180596
}