{
  "aor": 0.00020625739644970415,
  "aqi": 0.007082736553254439,
  "bids_meta": {
    "AcquisitionMatrixPE": 64,
    "BandwidthPerPixelPhaseEncode": 30.637,
    "BaseResolution": 64,
    "DerivedVendorReportedEchoSpacing": 0.000510004,
    "DwellTime": 3.5e-06,
    "EchoTime": 0.03,
    "EffectiveEchoSpacing": 0.000510004,
    "FlipAngle": 78,
    "ImagingFrequency": 123.143,
    "InstitutionName": "Virginia_Tech_Carilion_Research_Institute",
    "MagneticFieldStrength": 3,
    "Manufacturer": "Siemens",
    "ManufacturersModelName": "TrioTim",
    "Modality": "MR",
    "PartialFourier": 1,
    "PercentPhaseFOV": 100,
    "PercentSampling": 100,
    "PhaseEncodingDirection": "j-",
    "PhaseEncodingSteps": 64,
    "PhaseResolution": 1,
    "PixelBandwidth": 2232,
    "ReceiveCoilName": "HeadMatrix",
    "ReconMatrixPE": 64,
    "RepetitionTime": 2,
    "SAR": 0.149361,
    "ShimSetting": [
      5774,
      -10010,
      1683,
      307,
      -116,
      -314,
      244,
      -382
    ],
    "SliceThickness": 3,
    "SliceTiming": [
      1.945,
      1.8825,
      1.82,
      1.7575,
      1.695,
      1.6325,
      1.5675,
      1.505,
      1.4425,
      1.38,
      1.3175,
      1.255,
      1.1925,
      1.13,
      1.0675,
      1.005,
      0.9425,
      0.8775,
      0.815,
      0.7525,
      0.69,
      0.6275,
      0.565,
      0.5025,
      0.44,
      0.3775,
      0.315,
      0.2525,
      0.1875,
      0.125,
      0.0625,
      0
    ],
    "SoftwareVersions": "syngo_MR_B17",
    "SpacingBetweenSlices": 3.15,
    "TaskName": "DG",
    "TotalReadoutTime": 0.0321303,
    "TxRefAmp": 322.857,
    "dataset": "ds004128",
    "modality": "bold",
    "run_id": 1,
    "subject_id": "HWWOES",
    "task_id": "DG"
  },
  "dummy_trs": 0,
  "dvars_nstd": 21.984266046607416,
  "dvars_std": 1.0914630712,
  "dvars_vstd": 0.9765311825185179,
  "efc": 0.5880203086115209,
  "fber": 875.833251953125,
  "fd_mean": 0.12986837615106225,
  "fd_num": 60,
  "fd_perc": 8.875739644970414,
  "fwhm_avg": 1.9028372821125472,
  "fwhm_x": 1.7779333333333334,
  "fwhm_y": 2.0008166666666667,
  "fwhm_z": 1.9297618463376411,
  "gcor": 0.127763,
  "gsr_x": -0.00953881349414587,
  "gsr_y": 0.019670363515615463,
  "provenance": {
    "md5sum": "19f2bb168be821fcf998a046fca9580f",
    "settings": {
      "fd_thres": 0.2,
      "testing": false
    },
    "software": "mriqc",
    "version": "23.0.0",
    "webapi_port": null,
    "webapi_url": "https://mriqc.nimh.nih.gov/api/v1"
  },
  "size_t": 676,
  "size_x": 64,
  "size_y": 64,
  "size_z": 32,
  "snr": 6.732766214484564,
  "spacing_tr": 2.0,
  "spacing_x": 3.0,
  "spacing_y": 3.0,
  "spacing_z": 3.1500000953674316,
  "summary_bg_k": 22.82711815524655,
  "summary_bg_mad": 9.443914387073736,
  "summary_bg_mean": 51.678001403808594,
  "summary_bg_median": 26.8624267578125,
  "summary_bg_n": 69591.0,
  "summary_bg_p05": 19.8505916595459,
  "summary_bg_p95": 174.8121337890625,
  "summary_bg_stdv": 70.298583984375,
  "summary_fg_k": 1.5084809402690045,
  "summary_fg_mad": 106.77590959812224,
  "summary_fg_mean": 837.9423828125,
  "summary_fg_median": 830.0643310546875,
  "summary_fg_n": 31032.0,
  "summary_fg_p05": 650.6957092285156,
  "summary_fg_p95": 1051.6991638183592,
  "summary_fg_stdv": 123.2852783203125,
  "tsnr": 63.84198627679143
}