{
  "aor": 0.0016925091575091572,
  "aqi": 0.016777168058608058,
  "bids_meta": {
    "AcquisitionMatrixPE": 64,
    "BandwidthPerPixelPhaseEncode": 30.637,
    "BaseResolution": 64,
    "DerivedVendorReportedEchoSpacing": 0.000510004,
    "DwellTime": 3.5e-06,
    "EchoTime": 0.03,
    "EffectiveEchoSpacing": 0.000510004,
    "FlipAngle": 78,
    "ImagingFrequency": 123.143,
    "InstitutionName": "Virginia_Tech_Carilion_Research_Institute",
    "MagneticFieldStrength": 3,
    "Manufacturer": "Siemens",
    "ManufacturersModelName": "TrioTim",
    "Modality": "MR",
    "PartialFourier": 1,
    "PercentPhaseFOV": 100,
    "PercentSampling": 100,
    "PhaseEncodingDirection": "j-",
    "PhaseEncodingSteps": 64,
    "PhaseResolution": 1,
    "PixelBandwidth": 2232,
    "ReceiveCoilName": "HeadMatrix",
    "ReconMatrixPE": 64,
    "RepetitionTime": 2,
    "SAR": 0.149361,
    "ShimSetting": [
      5774,
      -10010,
      1683,
      307,
      -116,
      -314,
      244,
      -382
    ],
    "SliceThickness": 3,
    "SliceTiming": [
      1.945,
      1.8825,
      1.82,
      1.7575,
      1.695,
      1.6325,
      1.5675,
      1.505,
      1.4425,
      1.38,
      1.3175,
      1.255,
      1.1925,
      1.13,
      1.0675,
      1.005,
      0.9425,
      0.8775,
      0.815,
      0.7525,
      0.69,
      0.6275,
      0.565,
      0.5025,
      0.44,
      0.3775,
      0.315,
      0.2525,
      0.1875,
      0.125,
      0.0625,
      0
    ],
    "SoftwareVersions": "syngo_MR_B17",
    "SpacingBetweenSlices": 3.15,
    "TaskName": "DG",
    "TotalReadoutTime": 0.0321303,
    "TxRefAmp": 322.857,
    "dataset": "ds004128",
    "modality": "bold",
    "run_id": 2,
    "subject_id": "FPAEIY",
    "task_id": "DG"
  },
  "dummy_trs": 1,
  "dvars_nstd": 26.653154761486196,
  "dvars_std": 1.101933392660552,
  "dvars_vstd": 0.9888592700183487,
  "efc": 0.6877818511133016,
  "fber": 167.50656127929688,
  "fd_mean": 0.23326980312667786,
  "fd_num": 222,
  "fd_perc": 40.65934065934066,
  "fwhm_avg": 1.8421605105218617,
  "fwhm_x": 1.7160966666666668,
  "fwhm_y": 1.9694166666666666,
  "fwhm_z": 1.8409681982322512,
  "gcor": 0.0422307,
  "gsr_x": -0.002569482894614339,
  "gsr_y": 0.040492136031389236,
  "provenance": {
    "md5sum": "e60d7c0a90518ac0106c0339957172c3",
    "settings": {
      "fd_thres": 0.2,
      "testing": false
    },
    "software": "mriqc",
    "version": "23.0.0",
    "webapi_port": null,
    "webapi_url": "https://mriqc.nimh.nih.gov/api/v1"
  },
  "size_t": 546,
  "size_x": 64,
  "size_y": 64,
  "size_z": 32,
  "snr": 6.679823469534518,
  "spacing_tr": 2.0,
  "spacing_x": 3.0,
  "spacing_y": 3.0,
  "spacing_z": 3.1500000953674316,
  "summary_bg_k": 10.086065025881132,
  "summary_bg_mad": 41.629629259130006,
  "summary_bg_mean": 95.15776824951172,
  "summary_bg_median": 66.61538696289062,
  "summary_bg_n": 57559.0,
  "summary_bg_p05": 27.871429252624512,
  "summary_bg_p95": 268.4254455566406,
  "summary_bg_stdv": 86.85320281982422,
  "summary_fg_k": 1.9686886216872095,
  "summary_fg_mad": 118.19273395108053,
  "summary_fg_mean": 905.5115966796875,
  "summary_fg_median": 898.6904907226562,
  "summary_fg_n": 40707.0,
  "summary_fg_p05": 705.4014892578125,
  "summary_fg_p95": 1129.2463989257812,
  "summary_fg_stdv": 134.53640747070312,
  "tsnr": 42.26311554433778
}