{
  "aor": 0.0007690476190476191,
  "aqi": 0.02424334386724387,
  "bids_meta": {
    "AcquisitionMatrixPE": 64,
    "BandwidthPerPixelPhaseEncode": 30.637,
    "BaseResolution": 64,
    "DerivedVendorReportedEchoSpacing": 0.000510004,
    "DwellTime": 3.5e-06,
    "EchoTime": 0.03,
    "EffectiveEchoSpacing": 0.000510004,
    "FlipAngle": 78,
    "ImagingFrequency": 123.143,
    "InstitutionName": "Virginia_Tech_Carilion_Research_Institute",
    "MagneticFieldStrength": 3,
    "Manufacturer": "Siemens",
    "ManufacturersModelName": "TrioTim",
    "Modality": "MR",
    "PartialFourier": 1,
    "PercentPhaseFOV": 100,
    "PercentSampling": 100,
    "PhaseEncodingDirection": "j-",
    "PhaseEncodingSteps": 64,
    "PhaseResolution": 1,
    "PixelBandwidth": 2232,
    "ReceiveCoilName": "HeadMatrix",
    "ReconMatrixPE": 64,
    "RepetitionTime": 2,
    "SAR": 0.149361,
    "ShimSetting": [
      5774,
      -10010,
      1683,
      307,
      -116,
      -314,
      244,
      -382
    ],
    "SliceThickness": 3,
    "SliceTiming": [
      1.945,
      1.8825,
      1.82,
      1.7575,
      1.695,
      1.6325,
      1.5675,
      1.505,
      1.4425,
      1.38,
      1.3175,
      1.255,
      1.1925,
      1.13,
      1.0675,
      1.005,
      0.9425,
      0.8775,
      0.815,
      0.7525,
      0.69,
      0.6275,
      0.565,
      0.5025,
      0.44,
      0.3775,
      0.315,
      0.2525,
      0.1875,
      0.125,
      0.0625,
      0
    ],
    "SoftwareVersions": "syngo_MR_B17",
    "SpacingBetweenSlices": 3.15,
    "TaskName": "DG",
    "TotalReadoutTime": 0.0321303,
    "TxRefAmp": 322.857,
    "dataset": "ds004128",
    "modality": "bold",
    "run_id": 1,
    "subject_id": "FPAEIY",
    "task_id": "DG"
  },
  "dummy_trs": 1,
  "dvars_nstd": 25.883839458410407,
  "dvars_std": 1.0516085339884402,
  "dvars_vstd": 0.9307552963439307,
  "efc": 0.6856799707820037,
  "fber": 170.6011505126953,
  "fd_mean": 0.16628380384995245,
  "fd_num": 157,
  "fd_perc": 22.655122655122653,
  "fwhm_avg": 1.875538922719433,
  "fwhm_x": 1.73792,
  "fwhm_y": 1.9981,
  "fwhm_z": 1.890596768158299,
  "gcor": 0.0148045,
  "gsr_x": -0.003164794063195586,
  "gsr_y": 0.03873809054493904,
  "provenance": {
    "md5sum": "9787ad2615a53dca951a8bb9817a9d50",
    "settings": {
      "fd_thres": 0.2,
      "testing": false
    },
    "software": "mriqc",
    "version": "23.0.0",
    "webapi_port": null,
    "webapi_url": "https://mriqc.nimh.nih.gov/api/v1"
  },
  "size_t": 693,
  "size_x": 64,
  "size_y": 64,
  "size_z": 32,
  "snr": 6.691099099468215,
  "spacing_tr": 2.0,
  "spacing_x": 3.0,
  "spacing_y": 3.0,
  "spacing_z": 3.1500000953674316,
  "summary_bg_k": 9.742403402666584,
  "summary_bg_mad": 41.44868147707561,
  "summary_bg_mean": 95.9388198852539,
  "summary_bg_median": 66.85281372070312,
  "summary_bg_n": 57762.0,
  "summary_bg_p05": 28.45743179321289,
  "summary_bg_p95": 274.8650192260742,
  "summary_bg_stdv": 87.47357177734375,
  "summary_fg_k": 1.7106230872857022,
  "summary_fg_mad": 119.47679922699572,
  "summary_fg_mean": 912.5094604492188,
  "summary_fg_median": 904.9365234375,
  "summary_fg_n": 40355.0,
  "summary_fg_p05": 711.4499206542969,
  "summary_fg_p95": 1139.885009765625,
  "summary_fg_stdv": 135.24314880371094,
  "tsnr": 37.47284851537552
}