{
  "bids_meta": {
    "AcquisitionMatrixPE": 230,
    "BaseResolution": 256,
    "DwellTime": 8.2e-06,
    "EchoTime": 0.00298,
    "FlipAngle": 9,
    "ImagingFrequency": 123.143,
    "InstitutionName": "Virginia_Tech_Carilion_Research_Institute",
    "InversionTime": 0.9,
    "MagneticFieldStrength": 3,
    "Manufacturer": "Siemens",
    "ManufacturersModelName": "TrioTim",
    "Modality": "MR",
    "ParallelReductionFactorInPlane": 2,
    "PartialFourier": 1,
    "PercentPhaseFOV": 93.75,
    "PercentSampling": 96,
    "PhaseEncodingSteps": 230,
    "PhaseResolution": 0.96,
    "PixelBandwidth": 238,
    "ReconMatrixPE": 240,
    "RefLinesPE": 24,
    "RepetitionTime": 2.3,
    "SAR": 0.103976,
    "ShimSetting": [
      5773,
      -10058,
      1620,
      121,
      -144,
      -489,
      193,
      -298
    ],
    "SliceThickness": 1,
    "SoftwareVersions": "syngo_MR_B17",
    "TxRefAmp": 322.857,
    "dataset": "ds004128",
    "modality": "T1w",
    "subject_id": "WAMSNL"
  },
  "cjv": 0.39301778485479255,
  "cnr": 3.441161510245332,
  "efc": 0.6707120989148445,
  "fber": 10663.02097505669,
  "fwhm_avg": 3.75074,
  "fwhm_x": 3.84366,
  "fwhm_y": 3.88009,
  "fwhm_z": 3.52847,
  "icvs_csf": 0.22536778689712667,
  "icvs_gm": 0.4099993667827535,
  "icvs_wm": 0.36463284632011983,
  "inu_med": 0.6848772764205933,
  "inu_range": 0.32397434711456297,
  "provenance": {
    "md5sum": "4a255e23545a6ce19b970198dcc73199",
    "settings": {
      "testing": false
    },
    "software": "mriqc",
    "version": "23.0.0",
    "warnings": {
      "large_rot_frame": false,
      "small_air_mask": false
    },
    "webapi_port": null,
    "webapi_url": "https://mriqc.nimh.nih.gov/api/v1"
  },
  "qi_1": 0.0,
  "qi_2": 0.0029825997113305533,
  "rpve_csf": 11.340053430439925,
  "rpve_gm": 6.09510533114183,
  "rpve_wm": 7.856613942893485,
  "size_x": 160,
  "size_y": 184,
  "size_z": 167,
  "snr_csf": 1.692522460629777,
  "snr_gm": 9.10478385854466,
  "snr_total": 8.940625668909156,
  "snr_wm": 16.02457068755303,
  "snrd_csf": 7.514980285794062,
  "snrd_gm": 25.983623267597785,
  "snrd_total": 24.19925162945546,
  "snrd_wm": 39.09915133497454,
  "spacing_x": 1.0,
  "spacing_y": 1.0,
  "spacing_z": 1.0,
  "summary_bg_k": 7.350463146265769,
  "summary_bg_mad": 0.0,
  "summary_bg_mean": 9.823234727333226,
  "summary_bg_median": 0.0,
  "summary_bg_n": 879978.0,
  "summary_bg_p05": 0.0,
  "summary_bg_p95": 45.4766754694283,
  "summary_bg_stdv": 16.756450832876105,
  "summary_csf_k": 1.31781951535456,
  "summary_csf_mad": 101.28609525516282,
  "summary_csf_mean": 209.30718374439076,
  "summary_csf_median": 192.21096197515726,
  "summary_csf_n": 33761.0,
  "summary_csf_p05": 54.64503287896514,
  "summary_csf_p95": 427.58622609078884,
  "summary_csf_stdv": 113.56311055425847,
  "summary_gm_k": 0.10007061909544124,
  "summary_gm_mad": 71.45361114200323,
  "summary_gm_mean": 664.4295029863898,
  "summary_gm_median": 664.5842083320022,
  "summary_gm_n": 18878.0,
  "summary_gm_p05": 543.0020527727902,
  "summary_gm_p95": 783.9756944216788,
  "summary_gm_stdv": 72.99092612651107,
  "summary_wm_k": 0.32063150563478704,
  "summary_wm_mad": 60.38672187421822,
  "summary_wm_mean": 1001.5335442213456,
  "summary_wm_median": 1000.0406128428876,
  "summary_wm_n": 183133.0,
  "summary_wm_p05": 901.9067341983318,
  "summary_wm_p95": 1106.4097859747708,
  "summary_wm_stdv": 62.40653194215657,
  "tpm_overlap_csf": 0.1770782989349085,
  "tpm_overlap_gm": 0.4553591788519798,
  "tpm_overlap_wm": 0.5116484452764827,
  "wm2max": 0.4317347134412789
}