{
  "bids_meta": {
    "AcquisitionMatrixPE": 230,
    "BaseResolution": 256,
    "DwellTime": 8.2e-06,
    "EchoTime": 0.00298,
    "FlipAngle": 9,
    "ImagingFrequency": 123.143,
    "InstitutionName": "Virginia_Tech_Carilion_Research_Institute",
    "InversionTime": 0.9,
    "MagneticFieldStrength": 3,
    "Manufacturer": "Siemens",
    "ManufacturersModelName": "TrioTim",
    "Modality": "MR",
    "ParallelReductionFactorInPlane": 2,
    "PartialFourier": 1,
    "PercentPhaseFOV": 93.75,
    "PercentSampling": 96,
    "PhaseEncodingSteps": 230,
    "PhaseResolution": 0.96,
    "PixelBandwidth": 238,
    "ReconMatrixPE": 240,
    "RefLinesPE": 24,
    "RepetitionTime": 2.3,
    "SAR": 0.103976,
    "ShimSetting": [
      5773,
      -10058,
      1620,
      121,
      -144,
      -489,
      193,
      -298
    ],
    "SliceThickness": 1,
    "SoftwareVersions": "syngo_MR_B17",
    "TxRefAmp": 322.857,
    "dataset": "ds004128",
    "modality": "T1w",
    "subject_id": "CYZNJD"
  },
  "cjv": 0.3911186524809196,
  "cnr": 3.465799452739115,
  "efc": 0.6830205614375416,
  "fber": 6120.9666972257655,
  "fwhm_avg": 3.58568,
  "fwhm_x": 3.66519,
  "fwhm_y": 3.71109,
  "fwhm_z": 3.38076,
  "icvs_csf": 0.2130466290681555,
  "icvs_gm": 0.4348626233489947,
  "icvs_wm": 0.3520907475828498,
  "inu_med": 0.7460018396377563,
  "inu_range": 0.4120564818382262,
  "provenance": {
    "md5sum": "5c12c066f25555cde111819605d31160",
    "settings": {
      "testing": false
    },
    "software": "mriqc",
    "version": "23.0.0",
    "warnings": {
      "large_rot_frame": false,
      "small_air_mask": false
    },
    "webapi_port": null,
    "webapi_url": "https://mriqc.nimh.nih.gov/api/v1"
  },
  "qi_1": 0.0,
  "qi_2": 0.004627904106162134,
  "rpve_csf": 11.860657100639793,
  "rpve_gm": 6.057994809441575,
  "rpve_wm": 8.617226720786567,
  "size_x": 160,
  "size_y": 199,
  "size_z": 200,
  "snr_csf": 1.7859545288680512,
  "snr_gm": 7.690734468007864,
  "snr_total": 8.481349282868353,
  "snr_wm": 15.967358851729143,
  "snrd_csf": 10.593781151753847,
  "snrd_gm": 31.36495495857486,
  "snrd_total": 30.395764566430035,
  "snrd_wm": 49.22855758896141,
  "spacing_x": 1.0,
  "spacing_y": 1.0,
  "spacing_z": 1.0,
  "summary_bg_k": 9.069752149341285,
  "summary_bg_mad": 0.0,
  "summary_bg_mean": 7.77390886227736,
  "summary_bg_median": 0.0,
  "summary_bg_n": 1035188.0,
  "summary_bg_p05": 0.0,
  "summary_bg_p95": 34.92213364690542,
  "summary_bg_stdv": 13.308056191172927,
  "summary_csf_k": 0.7138404420884279,
  "summary_csf_mad": 117.43703826706353,
  "summary_csf_mean": 226.26384874251224,
  "summary_csf_median": 215.1958505809307,
  "summary_csf_n": 26634.0,
  "summary_csf_p05": 46.23552548792213,
  "summary_csf_p95": 441.82851842325164,
  "summary_csf_stdv": 120.49120355172717,
  "summary_gm_k": 0.13022977017174142,
  "summary_gm_mad": 80.46213208490374,
  "summary_gm_mean": 635.7585642569323,
  "summary_gm_median": 637.1292802877724,
  "summary_gm_n": 30064.0,
  "summary_gm_p05": 495.70371441636235,
  "summary_gm_p95": 770.6828454509377,
  "summary_gm_stdv": 82.84237177006752,
  "summary_wm_k": 0.17001909282895422,
  "summary_wm_mad": 61.46338116452179,
  "summary_wm_mean": 1000.0380883547066,
  "summary_wm_median": 1000.0000161863863,
  "summary_wm_n": 225694.0,
  "summary_wm_p05": 897.4117108993232,
  "summary_wm_p95": 1102.951337415725,
  "summary_wm_stdv": 62.6276274041794,
  "tpm_overlap_csf": 0.17932831082606593,
  "tpm_overlap_gm": 0.4686334693522394,
  "tpm_overlap_wm": 0.5163564838587279,
  "wm2max": 0.5520883382226187
}