{
  "aor": 0.0007036742934051144,
  "aqi": 0.008783712395693135,
  "bids_meta": {
    "AcquisitionMatrixPE": 64,
    "BandwidthPerPixelPhaseEncode": 30.637,
    "BaseResolution": 64,
    "DerivedVendorReportedEchoSpacing": 0.000510004,
    "DwellTime": 3.5e-06,
    "EchoTime": 0.03,
    "EffectiveEchoSpacing": 0.000510004,
    "FlipAngle": 78,
    "ImagingFrequency": 123.143,
    "InstitutionName": "Virginia_Tech_Carilion_Research_Institute",
    "MagneticFieldStrength": 3,
    "Manufacturer": "Siemens",
    "ManufacturersModelName": "TrioTim",
    "Modality": "MR",
    "PartialFourier": 1,
    "PercentPhaseFOV": 100,
    "PercentSampling": 100,
    "PhaseEncodingDirection": "j-",
    "PhaseEncodingSteps": 64,
    "PhaseResolution": 1,
    "PixelBandwidth": 2232,
    "ReceiveCoilName": "HeadMatrix",
    "ReconMatrixPE": 64,
    "RepetitionTime": 2,
    "SAR": 0.149361,
    "ShimSetting": [
      5774,
      -10010,
      1683,
      307,
      -116,
      -314,
      244,
      -382
    ],
    "SliceThickness": 3,
    "SliceTiming": [
      1.945,
      1.8825,
      1.82,
      1.7575,
      1.695,
      1.6325,
      1.5675,
      1.505,
      1.4425,
      1.38,
      1.3175,
      1.255,
      1.1925,
      1.13,
      1.0675,
      1.005,
      0.9425,
      0.8775,
      0.815,
      0.7525,
      0.69,
      0.6275,
      0.565,
      0.5025,
      0.44,
      0.3775,
      0.315,
      0.2525,
      0.1875,
      0.125,
      0.0625,
      0
    ],
    "SoftwareVersions": "syngo_MR_B17",
    "SpacingBetweenSlices": 3.15,
    "TaskName": "DG",
    "TotalReadoutTime": 0.0321303,
    "TxRefAmp": 322.857,
    "dataset": "ds004128",
    "modality": "bold",
    "run_id": 1,
    "subject_id": "VUFSQF",
    "task_id": "DG"
  },
  "dummy_trs": 0,
  "dvars_nstd": 21.83319839198112,
  "dvars_std": 1.1699732701347714,
  "dvars_vstd": 1.006063223692721,
  "efc": 0.5987223978925876,
  "fber": 944.1915283203125,
  "fd_mean": 0.09255363957025062,
  "fd_num": 32,
  "fd_perc": 4.306864064602961,
  "fwhm_avg": 1.7689663844091845,
  "fwhm_x": 1.6710333333333331,
  "fwhm_y": 1.8812499999999999,
  "fwhm_z": 1.754615819894221,
  "gcor": 0.0816627,
  "gsr_x": -0.027509178966283798,
  "gsr_y": 0.038857247680425644,
  "provenance": {
    "md5sum": "ebd82a5ceb46f47ca83e4112fc4309c8",
    "settings": {
      "fd_thres": 0.2,
      "testing": false
    },
    "software": "mriqc",
    "version": "23.0.0",
    "webapi_port": null,
    "webapi_url": "https://mriqc.nimh.nih.gov/api/v1"
  },
  "size_t": 743,
  "size_x": 64,
  "size_y": 64,
  "size_z": 32,
  "snr": 6.8535580753265135,
  "spacing_tr": 2.0,
  "spacing_x": 3.0,
  "spacing_y": 3.0,
  "spacing_z": 3.1500000953674316,
  "summary_bg_k": 14.92493585228031,
  "summary_bg_mad": 8.743959116437823,
  "summary_bg_mean": 55.37615966796875,
  "summary_bg_median": 26.923282623291016,
  "summary_bg_n": 68467.0,
  "summary_bg_p05": 20.16056537628174,
  "summary_bg_p95": 206.8228790283203,
  "summary_bg_stdv": 75.57501983642578,
  "summary_fg_k": 3.2710441120710696,
  "summary_fg_mad": 108.10024330587551,
  "summary_fg_mean": 882.8988037109375,
  "summary_fg_median": 878.3377685546875,
  "summary_fg_n": 31900.0,
  "summary_fg_p05": 695.3535400390625,
  "summary_fg_p95": 1085.60048828125,
  "summary_fg_stdv": 128.15591430664062,
  "tsnr": 64.09146356210113
}