{
  "bids_meta": {
    "AcquisitionMatrixPE": 230,
    "BaseResolution": 256,
    "DwellTime": 8.2e-06,
    "EchoTime": 0.00298,
    "FlipAngle": 9,
    "ImagingFrequency": 123.143,
    "InstitutionName": "Virginia_Tech_Carilion_Research_Institute",
    "InversionTime": 0.9,
    "MagneticFieldStrength": 3,
    "Manufacturer": "Siemens",
    "ManufacturersModelName": "TrioTim",
    "Modality": "MR",
    "ParallelReductionFactorInPlane": 2,
    "PartialFourier": 1,
    "PercentPhaseFOV": 93.75,
    "PercentSampling": 96,
    "PhaseEncodingSteps": 230,
    "PhaseResolution": 0.96,
    "PixelBandwidth": 238,
    "ReconMatrixPE": 240,
    "RefLinesPE": 24,
    "RepetitionTime": 2.3,
    "SAR": 0.103976,
    "ShimSetting": [
      5773,
      -10058,
      1620,
      121,
      -144,
      -489,
      193,
      -298
    ],
    "SliceThickness": 1,
    "SoftwareVersions": "syngo_MR_B17",
    "TxRefAmp": 322.857,
    "dataset": "ds004128",
    "modality": "T1w",
    "subject_id": "OZVPEC"
  },
  "cjv": 0.49911548541564543,
  "cnr": 2.7486123257572013,
  "efc": 0.637568786536803,
  "fber": 6113.237011332476,
  "fwhm_avg": 3.534983333333333,
  "fwhm_x": 3.62005,
  "fwhm_y": 3.63109,
  "fwhm_z": 3.35381,
  "icvs_csf": 0.2330456715220722,
  "icvs_gm": 0.3967786048617429,
  "icvs_wm": 0.37017572361618495,
  "inu_med": 0.8016280233860016,
  "inu_range": 0.40598110258579256,
  "provenance": {
    "md5sum": "841ae9679a059e31bcc7f9eefc8a816b",
    "settings": {
      "testing": false
    },
    "software": "mriqc",
    "version": "23.0.0",
    "warnings": {
      "large_rot_frame": false,
      "small_air_mask": false
    },
    "webapi_port": null,
    "webapi_url": "https://mriqc.nimh.nih.gov/api/v1"
  },
  "qi_1": 0.0,
  "qi_2": 0.003957267944986194,
  "rpve_csf": 12.15797454707385,
  "rpve_gm": 6.756181728068726,
  "rpve_wm": 8.252779267288432,
  "size_x": 160,
  "size_y": 193,
  "size_z": 170,
  "snr_csf": 2.012150218301082,
  "snr_gm": 8.729463031873786,
  "snr_total": 8.001983296824385,
  "snr_wm": 13.264336640298287,
  "snrd_csf": 6.349504680899428,
  "snrd_gm": 20.117160213615872,
  "snrd_total": 18.501254470950823,
  "snrd_wm": 29.03709851833717,
  "spacing_x": 1.0,
  "spacing_y": 1.0,
  "spacing_z": 1.0,
  "summary_bg_k": 6.1693161940738985,
  "summary_bg_mad": 0.0,
  "summary_bg_mean": 14.443306936053144,
  "summary_bg_median": 0.0,
  "summary_bg_n": 1130536.0,
  "summary_bg_p05": 0.0,
  "summary_bg_p95": 62.34187841415405,
  "summary_bg_stdv": 22.562586324293207,
  "summary_csf_k": 1.3284307270761966,
  "summary_csf_mad": 100.00080921427107,
  "summary_csf_mean": 229.14280736964295,
  "summary_csf_median": 218.67392420768738,
  "summary_csf_n": 42766.0,
  "summary_csf_p05": 70.31361937522888,
  "summary_csf_p95": 425.21123081445694,
  "summary_csf_stdv": 108.67546844712422,
  "summary_gm_k": -0.11089068495775711,
  "summary_gm_mad": 80.32619848421632,
  "summary_gm_mean": 692.740802558109,
  "summary_gm_median": 692.8254389762878,
  "summary_gm_n": 10619.0,
  "summary_gm_p05": 560.2033556699753,
  "summary_gm_p95": 823.3376363515854,
  "summary_gm_stdv": 79.3625923732957,
  "summary_wm_k": 0.36328808755949016,
  "summary_wm_mad": 73.00129844622832,
  "summary_wm_mean": 1003.3079417170505,
  "summary_wm_median": 1000.0238758325577,
  "summary_wm_n": 156152.0,
  "summary_wm_p05": 884.8155117034912,
  "summary_wm_p95": 1132.2258913516998,
  "summary_wm_stdv": 75.39168379551867,
  "tpm_overlap_csf": 0.18001600641248436,
  "tpm_overlap_gm": 0.4359291461876726,
  "tpm_overlap_wm": 0.49406328536818095,
  "wm2max": 0.372546819560802
}