{
  "aor": 0.00025647239263803677,
  "aqi": 0.00992951523006135,
  "bids_meta": {
    "AcquisitionMatrixPE": 64,
    "BandwidthPerPixelPhaseEncode": 30.637,
    "BaseResolution": 64,
    "DerivedVendorReportedEchoSpacing": 0.000510004,
    "DwellTime": 3.5e-06,
    "EchoTime": 0.03,
    "EffectiveEchoSpacing": 0.000510004,
    "FlipAngle": 78,
    "ImagingFrequency": 123.143,
    "InstitutionName": "Virginia_Tech_Carilion_Research_Institute",
    "MagneticFieldStrength": 3,
    "Manufacturer": "Siemens",
    "ManufacturersModelName": "TrioTim",
    "Modality": "MR",
    "PartialFourier": 1,
    "PercentPhaseFOV": 100,
    "PercentSampling": 100,
    "PhaseEncodingDirection": "j-",
    "PhaseEncodingSteps": 64,
    "PhaseResolution": 1,
    "PixelBandwidth": 2232,
    "ReceiveCoilName": "HeadMatrix",
    "ReconMatrixPE": 64,
    "RepetitionTime": 2,
    "SAR": 0.149361,
    "ShimSetting": [
      5774,
      -10010,
      1683,
      307,
      -116,
      -314,
      244,
      -382
    ],
    "SliceThickness": 3,
    "SliceTiming": [
      1.945,
      1.8825,
      1.82,
      1.7575,
      1.695,
      1.6325,
      1.5675,
      1.505,
      1.4425,
      1.38,
      1.3175,
      1.255,
      1.1925,
      1.13,
      1.0675,
      1.005,
      0.9425,
      0.8775,
      0.815,
      0.7525,
      0.69,
      0.6275,
      0.565,
      0.5025,
      0.44,
      0.3775,
      0.315,
      0.2525,
      0.1875,
      0.125,
      0.0625,
      0
    ],
    "SoftwareVersions": "syngo_MR_B17",
    "SpacingBetweenSlices": 3.15,
    "TaskName": "DG",
    "TotalReadoutTime": 0.0321303,
    "TxRefAmp": 322.857,
    "dataset": "ds004128",
    "modality": "bold",
    "run_id": 1,
    "subject_id": "ZKYEJO",
    "task_id": "DG"
  },
  "dummy_trs": 1,
  "dvars_nstd": 23.550537261612916,
  "dvars_std": 1.1174853252227341,
  "dvars_vstd": 0.9538060209677419,
  "efc": 0.6110222435712123,
  "fber": 835.4154663085938,
  "fd_mean": 0.14429666863322446,
  "fd_num": 118,
  "fd_perc": 18.098159509202453,
  "fwhm_avg": 2.0935982857639086,
  "fwhm_x": 1.97631,
  "fwhm_y": 2.21225,
  "fwhm_z": 2.0922348572917255,
  "gcor": 0.0727926,
  "gsr_x": -0.014345376752316952,
  "gsr_y": 0.028770405799150467,
  "provenance": {
    "md5sum": "834ebe6b49cc527412eea48a4e28449d",
    "settings": {
      "fd_thres": 0.2,
      "testing": false
    },
    "software": "mriqc",
    "version": "23.0.0",
    "webapi_port": null,
    "webapi_url": "https://mriqc.nimh.nih.gov/api/v1"
  },
  "size_t": 652,
  "size_x": 64,
  "size_y": 64,
  "size_z": 32,
  "snr": 5.99713989688921,
  "spacing_tr": 2.0,
  "spacing_x": 3.0,
  "spacing_y": 3.0,
  "spacing_z": 3.1500000953674316,
  "summary_bg_k": 18.137084615211386,
  "summary_bg_mad": 12.139374059716825,
  "summary_bg_mean": 58.827972412109375,
  "summary_bg_median": 31.704753875732422,
  "summary_bg_n": 64722.0,
  "summary_bg_p05": 22.650306701660156,
  "summary_bg_p95": 188.07515640258762,
  "summary_bg_stdv": 70.52761840820312,
  "summary_fg_k": 1.133073679483834,
  "summary_fg_mad": 138.9598429314104,
  "summary_fg_mean": 979.7996215820312,
  "summary_fg_median": 968.8189697265625,
  "summary_fg_n": 34739.0,
  "summary_fg_p05": 733.1171752929688,
  "summary_fg_p95": 1271.0288330078124,
  "summary_fg_stdv": 161.5445098876953,
  "tsnr": 60.66076404461637
}