{
  "bids_meta": {
    "AcquisitionMatrixPE": 230,
    "BaseResolution": 256,
    "DwellTime": 8.2e-06,
    "EchoTime": 0.00298,
    "FlipAngle": 9,
    "ImagingFrequency": 123.143,
    "InstitutionName": "Virginia_Tech_Carilion_Research_Institute",
    "InversionTime": 0.9,
    "MagneticFieldStrength": 3,
    "Manufacturer": "Siemens",
    "ManufacturersModelName": "TrioTim",
    "Modality": "MR",
    "ParallelReductionFactorInPlane": 2,
    "PartialFourier": 1,
    "PercentPhaseFOV": 93.75,
    "PercentSampling": 96,
    "PhaseEncodingSteps": 230,
    "PhaseResolution": 0.96,
    "PixelBandwidth": 238,
    "ReconMatrixPE": 240,
    "RefLinesPE": 24,
    "RepetitionTime": 2.3,
    "SAR": 0.103976,
    "ShimSetting": [
      5773,
      -10058,
      1620,
      121,
      -144,
      -489,
      193,
      -298
    ],
    "SliceThickness": 1,
    "SoftwareVersions": "syngo_MR_B17",
    "TxRefAmp": 322.857,
    "dataset": "ds004128",
    "modality": "T1w",
    "subject_id": "LLRNNM"
  },
  "cjv": 0.4247878036804525,
  "cnr": 3.191228573507647,
  "efc": 0.687474367772832,
  "fber": 4532.733910221742,
  "fwhm_avg": 3.5081100000000003,
  "fwhm_x": 3.5602,
  "fwhm_y": 3.68059,
  "fwhm_z": 3.28354,
  "icvs_csf": 0.2012899599819365,
  "icvs_gm": 0.4251957621119807,
  "icvs_wm": 0.3735142779060828,
  "inu_med": 0.7424868941307068,
  "inu_range": 0.3792542934417725,
  "provenance": {
    "md5sum": "d20bebec7e01b24d4089947bef5e18e3",
    "settings": {
      "testing": false
    },
    "software": "mriqc",
    "version": "23.0.0",
    "warnings": {
      "large_rot_frame": false,
      "small_air_mask": false
    },
    "webapi_port": null,
    "webapi_url": "https://mriqc.nimh.nih.gov/api/v1"
  },
  "qi_1": 0.0,
  "qi_2": 0.003085170804889857,
  "rpve_csf": 13.388478129080395,
  "rpve_gm": 6.511584872620979,
  "rpve_wm": 8.400005274949411,
  "size_x": 160,
  "size_y": 204,
  "size_z": 178,
  "snr_csf": 1.8503321826201757,
  "snr_gm": 8.550232553082363,
  "snr_total": 8.48012384048029,
  "snr_wm": 15.039806785738332,
  "snrd_csf": 17.510634656265207,
  "snrd_gm": 50.39110537445598,
  "snrd_total": 47.836785000355015,
  "snrd_wm": 75.60861497034387,
  "spacing_x": 1.0,
  "spacing_y": 1.0,
  "spacing_z": 1.0,
  "summary_bg_k": 8.940201900685322,
  "summary_bg_mad": 8.665152686066557,
  "summary_bg_mean": 12.953930632930668,
  "summary_bg_median": 5.844556670635939,
  "summary_bg_n": 1309108.0,
  "summary_bg_p05": 0.0,
  "summary_bg_p95": 55.14212163165212,
  "summary_bg_stdv": 20.653200001105805,
  "summary_csf_k": 4.029135743633032,
  "summary_csf_mad": 119.5898712325459,
  "summary_csf_mean": 244.486562904211,
  "summary_csf_median": 231.6041711717844,
  "summary_csf_n": 29815.0,
  "summary_csf_p05": 63.45518670976162,
  "summary_csf_p95": 465.2775332145393,
  "summary_csf_stdv": 125.1668696537909,
  "summary_gm_k": 0.07293976810914993,
  "summary_gm_mad": 76.29101821428165,
  "summary_gm_mean": 667.6353932996439,
  "summary_gm_median": 666.4972700178623,
  "summary_gm_n": 26202.0,
  "summary_gm_p05": 538.4996638512239,
  "summary_gm_p95": 795.8761518448591,
  "summary_gm_stdv": 77.94928936916057,
  "summary_wm_k": 0.14217210072241038,
  "summary_wm_mad": 65.39230132652712,
  "summary_wm_mean": 1001.2846740255852,
  "summary_wm_median": 1000.0363177806139,
  "summary_wm_n": 214568.0,
  "summary_wm_p05": 894.1445674188435,
  "summary_wm_p95": 1112.680164668709,
  "summary_wm_stdv": 66.49247571304991,
  "tpm_overlap_csf": 0.1768943321755681,
  "tpm_overlap_gm": 0.46584249440710485,
  "tpm_overlap_wm": 0.515089992447918,
  "wm2max": 0.5302889088009226
}