{
  "bids_meta": {
    "AcquisitionMatrixPE": 230,
    "BaseResolution": 256,
    "DwellTime": 8.2e-06,
    "EchoTime": 0.00298,
    "FlipAngle": 9,
    "ImagingFrequency": 123.143,
    "InstitutionName": "Virginia_Tech_Carilion_Research_Institute",
    "InversionTime": 0.9,
    "MagneticFieldStrength": 3,
    "Manufacturer": "Siemens",
    "ManufacturersModelName": "TrioTim",
    "Modality": "MR",
    "ParallelReductionFactorInPlane": 2,
    "PartialFourier": 1,
    "PercentPhaseFOV": 93.75,
    "PercentSampling": 96,
    "PhaseEncodingSteps": 230,
    "PhaseResolution": 0.96,
    "PixelBandwidth": 238,
    "ReconMatrixPE": 240,
    "RefLinesPE": 24,
    "RepetitionTime": 2.3,
    "SAR": 0.103976,
    "ShimSetting": [
      5773,
      -10058,
      1620,
      121,
      -144,
      -489,
      193,
      -298
    ],
    "SliceThickness": 1,
    "SoftwareVersions": "syngo_MR_B17",
    "TxRefAmp": 322.857,
    "dataset": "ds004128",
    "modality": "T1w",
    "subject_id": "BQEOSS"
  },
  "cjv": 0.3696596255602134,
  "cnr": 3.6294967105962113,
  "efc": 0.6558184633987898,
  "fber": 7212.255625,
  "fwhm_avg": 3.696236666666666,
  "fwhm_x": 3.76104,
  "fwhm_y": 3.84684,
  "fwhm_z": 3.48083,
  "icvs_csf": 0.20196167138968715,
  "icvs_gm": 0.4340973350152921,
  "icvs_wm": 0.36394099359502075,
  "inu_med": 0.6875295639038086,
  "inu_range": 0.33454020023345943,
  "provenance": {
    "md5sum": "e24add3bcfef7ea72996330fd317075c",
    "settings": {
      "testing": false
    },
    "software": "mriqc",
    "version": "23.0.0",
    "warnings": {
      "large_rot_frame": false,
      "small_air_mask": false
    },
    "webapi_port": null,
    "webapi_url": "https://mriqc.nimh.nih.gov/api/v1"
  },
  "qi_1": 0.0,
  "qi_2": 0.0037966249448897816,
  "rpve_csf": 12.690499532718844,
  "rpve_gm": 6.071212356928547,
  "rpve_wm": 8.177598564453977,
  "size_x": 160,
  "size_y": 197,
  "size_z": 178,
  "snr_csf": 1.7223899842663302,
  "snr_gm": 8.673308296029438,
  "snr_total": 9.171756627283358,
  "snr_wm": 17.11957160155431,
  "snrd_csf": 8.734778518678072,
  "snrd_gm": 25.726809635357892,
  "snrd_total": 24.68129897710365,
  "snrd_wm": 39.582308777274996,
  "spacing_x": 1.0,
  "spacing_y": 1.0,
  "spacing_z": 1.0,
  "summary_bg_k": 7.378713965146623,
  "summary_bg_mad": 0.0,
  "summary_bg_mean": 10.014632714368226,
  "summary_bg_median": 0.0,
  "summary_bg_n": 1113893.0,
  "summary_bg_p05": 0.0,
  "summary_bg_p95": 44.2283426001668,
  "summary_bg_stdv": 16.551242356082604,
  "summary_csf_k": 0.47336006263300634,
  "summary_csf_mad": 130.21104358689033,
  "summary_csf_mean": 234.16989074334944,
  "summary_csf_median": 220.67379585281014,
  "summary_csf_n": 30424.0,
  "summary_csf_p05": 49.639906138181686,
  "summary_csf_p95": 468.1083837278186,
  "summary_csf_stdv": 128.1185859176493,
  "summary_gm_k": 0.14640139100144323,
  "summary_gm_mad": 72.57071365996251,
  "summary_gm_mean": 650.0914383395816,
  "summary_gm_median": 649.9572628289461,
  "summary_gm_n": 28458.0,
  "summary_gm_p05": 526.0609397217631,
  "summary_gm_p95": 773.2025707736611,
  "summary_gm_stdv": 74.93632429027119,
  "summary_wm_k": 0.24828461423991754,
  "summary_wm_mad": 56.82594535967139,
  "summary_wm_mean": 1000.9825624053741,
  "summary_wm_median": 999.9999779984355,
  "summary_wm_n": 205917.0,
  "summary_wm_p05": 906.9861866608262,
  "summary_wm_p95": 1098.0591368451715,
  "summary_wm_stdv": 58.412533508837704,
  "tpm_overlap_csf": 0.15256887712849937,
  "tpm_overlap_gm": 0.4728267201360009,
  "tpm_overlap_wm": 0.511900138811368,
  "wm2max": 0.4462541308058249
}