{
  "aor": 0.0012351872399445215,
  "aqi": 0.009935048252427183,
  "bids_meta": {
    "AcquisitionMatrixPE": 64,
    "BandwidthPerPixelPhaseEncode": 30.637,
    "BaseResolution": 64,
    "DerivedVendorReportedEchoSpacing": 0.000510004,
    "DwellTime": 3.5e-06,
    "EchoTime": 0.03,
    "EffectiveEchoSpacing": 0.000510004,
    "FlipAngle": 78,
    "ImagingFrequency": 123.143,
    "InstitutionName": "Virginia_Tech_Carilion_Research_Institute",
    "MagneticFieldStrength": 3,
    "Manufacturer": "Siemens",
    "ManufacturersModelName": "TrioTim",
    "Modality": "MR",
    "PartialFourier": 1,
    "PercentPhaseFOV": 100,
    "PercentSampling": 100,
    "PhaseEncodingDirection": "j-",
    "PhaseEncodingSteps": 64,
    "PhaseResolution": 1,
    "PixelBandwidth": 2232,
    "ReceiveCoilName": "HeadMatrix",
    "ReconMatrixPE": 64,
    "RepetitionTime": 2,
    "SAR": 0.149361,
    "ShimSetting": [
      5774,
      -10010,
      1683,
      307,
      -116,
      -314,
      244,
      -382
    ],
    "SliceThickness": 3,
    "SliceTiming": [
      1.945,
      1.8825,
      1.82,
      1.7575,
      1.695,
      1.6325,
      1.5675,
      1.505,
      1.4425,
      1.38,
      1.3175,
      1.255,
      1.1925,
      1.13,
      1.0675,
      1.005,
      0.9425,
      0.8775,
      0.815,
      0.7525,
      0.69,
      0.6275,
      0.565,
      0.5025,
      0.44,
      0.3775,
      0.315,
      0.2525,
      0.1875,
      0.125,
      0.0625,
      0
    ],
    "SoftwareVersions": "syngo_MR_B17",
    "SpacingBetweenSlices": 3.15,
    "TaskName": "DG",
    "TotalReadoutTime": 0.0321303,
    "TxRefAmp": 322.857,
    "dataset": "ds004128",
    "modality": "bold",
    "run_id": 1,
    "subject_id": "EMBPMN",
    "task_id": "DG"
  },
  "dummy_trs": 0,
  "dvars_nstd": 22.662371600722263,
  "dvars_std": 1.1548862515416662,
  "dvars_vstd": 1.0190770110972223,
  "efc": 0.5986045076322284,
  "fber": 939.2257080078125,
  "fd_mean": 0.20165548974037578,
  "fd_num": 328,
  "fd_perc": 45.49237170596394,
  "fwhm_avg": 1.8480565954063408,
  "fwhm_x": 1.7825466666666667,
  "fwhm_y": 1.9432866666666666,
  "fwhm_z": 1.8183364528856898,
  "gcor": 0.155,
  "gsr_x": -0.020113961771130562,
  "gsr_y": 0.033897239714860916,
  "provenance": {
    "md5sum": "bd3756e4f7ec7a938d09bf3295102504",
    "settings": {
      "fd_thres": 0.2,
      "testing": false
    },
    "software": "mriqc",
    "version": "23.0.0",
    "webapi_port": null,
    "webapi_url": "https://mriqc.nimh.nih.gov/api/v1"
  },
  "size_t": 721,
  "size_x": 64,
  "size_y": 64,
  "size_z": 32,
  "snr": 6.616614091035881,
  "spacing_tr": 2.0,
  "spacing_x": 3.0,
  "spacing_y": 3.0,
  "spacing_z": 3.1500000953674316,
  "summary_bg_k": 19.449025291544675,
  "summary_bg_mad": 8.239647908773616,
  "summary_bg_mean": 49.6472282409668,
  "summary_bg_median": 26.12343978881836,
  "summary_bg_n": 67197.0,
  "summary_bg_p05": 19.941747665405273,
  "summary_bg_p95": 162.50819091796865,
  "summary_bg_stdv": 60.18733596801758,
  "summary_fg_k": 1.9864988546187234,
  "summary_fg_mad": 105.61848627806634,
  "summary_fg_mean": 852.4696655273438,
  "summary_fg_median": 846.03125,
  "summary_fg_n": 32674.0,
  "summary_fg_p05": 657.1852478027344,
  "summary_fg_p95": 1067.7869995117187,
  "summary_fg_stdv": 127.86272430419922,
  "tsnr": 56.207272394152824
}