{
  "bids_meta": {
    "AcquisitionMatrixPE": 230,
    "BaseResolution": 256,
    "DwellTime": 8.2e-06,
    "EchoTime": 0.00298,
    "FlipAngle": 9,
    "ImagingFrequency": 123.143,
    "InstitutionName": "Virginia_Tech_Carilion_Research_Institute",
    "InversionTime": 0.9,
    "MagneticFieldStrength": 3,
    "Manufacturer": "Siemens",
    "ManufacturersModelName": "TrioTim",
    "Modality": "MR",
    "ParallelReductionFactorInPlane": 2,
    "PartialFourier": 1,
    "PercentPhaseFOV": 93.75,
    "PercentSampling": 96,
    "PhaseEncodingSteps": 230,
    "PhaseResolution": 0.96,
    "PixelBandwidth": 238,
    "ReconMatrixPE": 240,
    "RefLinesPE": 24,
    "RepetitionTime": 2.3,
    "SAR": 0.103976,
    "ShimSetting": [
      5773,
      -10058,
      1620,
      121,
      -144,
      -489,
      193,
      -298
    ],
    "SliceThickness": 1,
    "SoftwareVersions": "syngo_MR_B17",
    "TxRefAmp": 322.857,
    "dataset": "ds004128",
    "modality": "T1w",
    "subject_id": "FPEVMB"
  },
  "cjv": 0.41977825452847745,
  "cnr": 3.2551587994093945,
  "efc": 0.6609492171093687,
  "fber": 9427.885142439736,
  "fwhm_avg": 3.642673333333333,
  "fwhm_x": 3.72364,
  "fwhm_y": 3.71727,
  "fwhm_z": 3.48711,
  "icvs_csf": 0.205289073539156,
  "icvs_gm": 0.4094795100362639,
  "icvs_wm": 0.3852314164245801,
  "inu_med": 0.6695639193058014,
  "inu_range": 0.32089931964874274,
  "provenance": {
    "md5sum": "d8fdac78371ad47d0bc4f07a9fb37faf",
    "settings": {
      "testing": false
    },
    "software": "mriqc",
    "version": "23.0.0",
    "warnings": {
      "large_rot_frame": false,
      "small_air_mask": false
    },
    "webapi_port": null,
    "webapi_url": "https://mriqc.nimh.nih.gov/api/v1"
  },
  "qi_1": 0.0,
  "qi_2": 0.0028927973640135766,
  "rpve_csf": 14.315158189127775,
  "rpve_gm": 7.215892466774979,
  "rpve_wm": 8.803459218839746,
  "size_x": 160,
  "size_y": 194,
  "size_z": 200,
  "snr_csf": 1.7994299956964992,
  "snr_gm": 8.941664500554483,
  "snr_total": 9.218888070510618,
  "snr_wm": 16.915569715280874,
  "snrd_csf": 9.976080712596161,
  "snrd_gm": 28.434209064455327,
  "snrd_total": 26.704916006113937,
  "snrd_wm": 41.70445824129032,
  "spacing_x": 1.0,
  "spacing_y": 1.0,
  "spacing_z": 1.0,
  "summary_bg_k": 7.757781225292632,
  "summary_bg_mad": 0.0,
  "summary_bg_mean": 9.55450835749982,
  "summary_bg_median": 0.0,
  "summary_bg_n": 1190190.0,
  "summary_bg_p05": 0.0,
  "summary_bg_p95": 42.44314134120941,
  "summary_bg_stdv": 15.709622400949385,
  "summary_csf_k": 0.5453812360675974,
  "summary_csf_mad": 133.69018518002284,
  "summary_csf_mean": 254.72330052515267,
  "summary_csf_median": 239.2180636525154,
  "summary_csf_n": 31590.0,
  "summary_csf_p05": 62.00844068080187,
  "summary_csf_p95": 493.9358605071902,
  "summary_csf_stdv": 132.9389183799954,
  "summary_gm_k": 0.060002066620305605,
  "summary_gm_mad": 75.16196408476189,
  "summary_gm_mean": 682.2095486627065,
  "summary_gm_median": 681.8285286426544,
  "summary_gm_n": 21628.0,
  "summary_gm_p05": 555.628639832139,
  "summary_gm_p95": 807.9789765179157,
  "summary_gm_stdv": 76.25121315873805,
  "summary_wm_k": 0.13405877654163456,
  "summary_wm_mad": 58.41544995634907,
  "summary_wm_mean": 1000.8886274645581,
  "summary_wm_median": 1000.037994235754,
  "summary_wm_n": 222673.0,
  "summary_wm_p05": 905.2254930138588,
  "summary_wm_p95": 1099.14805367589,
  "summary_wm_stdv": 59.11924726953834,
  "tpm_overlap_csf": 0.1644771003286154,
  "tpm_overlap_gm": 0.45824722606738216,
  "tpm_overlap_wm": 0.5078002078928677,
  "wm2max": 0.4856045311491938
}