{
  "aor": 0.0004800665557404326,
  "aqi": 0.009211306239600666,
  "bids_meta": {
    "AcquisitionMatrixPE": 64,
    "BandwidthPerPixelPhaseEncode": 30.637,
    "BaseResolution": 64,
    "DerivedVendorReportedEchoSpacing": 0.000510004,
    "DwellTime": 3.5e-06,
    "EchoTime": 0.03,
    "EffectiveEchoSpacing": 0.000510004,
    "FlipAngle": 78,
    "ImagingFrequency": 123.143,
    "InstitutionName": "Virginia_Tech_Carilion_Research_Institute",
    "MagneticFieldStrength": 3,
    "Manufacturer": "Siemens",
    "ManufacturersModelName": "TrioTim",
    "Modality": "MR",
    "PartialFourier": 1,
    "PercentPhaseFOV": 100,
    "PercentSampling": 100,
    "PhaseEncodingDirection": "j-",
    "PhaseEncodingSteps": 64,
    "PhaseResolution": 1,
    "PixelBandwidth": 2232,
    "ReceiveCoilName": "HeadMatrix",
    "ReconMatrixPE": 64,
    "RepetitionTime": 2,
    "SAR": 0.149361,
    "ShimSetting": [
      5774,
      -10010,
      1683,
      307,
      -116,
      -314,
      244,
      -382
    ],
    "SliceThickness": 3,
    "SliceTiming": [
      1.945,
      1.8825,
      1.82,
      1.7575,
      1.695,
      1.6325,
      1.5675,
      1.505,
      1.4425,
      1.38,
      1.3175,
      1.255,
      1.1925,
      1.13,
      1.0675,
      1.005,
      0.9425,
      0.8775,
      0.815,
      0.7525,
      0.69,
      0.6275,
      0.565,
      0.5025,
      0.44,
      0.3775,
      0.315,
      0.2525,
      0.1875,
      0.125,
      0.0625,
      0
    ],
    "SoftwareVersions": "syngo_MR_B17",
    "SpacingBetweenSlices": 3.15,
    "TaskName": "DG",
    "TotalReadoutTime": 0.0321303,
    "TxRefAmp": 322.857,
    "dataset": "ds004128",
    "modality": "bold",
    "run_id": 2,
    "subject_id": "TEXUQV",
    "task_id": "DG"
  },
  "dummy_trs": 4,
  "dvars_nstd": 22.035338980400002,
  "dvars_std": 1.046142538666666,
  "dvars_vstd": 0.9662902450833326,
  "efc": 0.6025498826028233,
  "fber": 726.1280517578125,
  "fd_mean": 0.1720239957035117,
  "fd_num": 97,
  "fd_perc": 16.139767054908486,
  "fwhm_avg": 1.8771556422934932,
  "fwhm_x": 1.84038,
  "fwhm_y": 1.9002266666666667,
  "fwhm_z": 1.8908602602138136,
  "gcor": 0.0650866,
  "gsr_x": -0.009404640644788742,
  "gsr_y": 0.02048562653362751,
  "provenance": {
    "md5sum": "65c9365143671257c6f158489d6443e9",
    "settings": {
      "fd_thres": 0.2,
      "testing": false
    },
    "software": "mriqc",
    "version": "23.0.0",
    "webapi_port": null,
    "webapi_url": "https://mriqc.nimh.nih.gov/api/v1"
  },
  "size_t": 601,
  "size_x": 64,
  "size_y": 64,
  "size_z": 32,
  "snr": 6.319938051752296,
  "spacing_tr": 2.0,
  "spacing_x": 3.0,
  "spacing_y": 3.0,
  "spacing_z": 3.1500000953674316,
  "summary_bg_k": 13.423432538227086,
  "summary_bg_mad": 10.548431661395194,
  "summary_bg_mean": 54.98201370239258,
  "summary_bg_median": 29.46921730041504,
  "summary_bg_n": 68103.0,
  "summary_bg_p05": 21.544092178344727,
  "summary_bg_p95": 194.2053131103511,
  "summary_bg_stdv": 63.19319534301758,
  "summary_fg_k": 2.1241959189750235,
  "summary_fg_mad": 113.49182436556127,
  "summary_fg_mean": 841.8136596679688,
  "summary_fg_median": 834.6522216796875,
  "summary_fg_n": 31957.0,
  "summary_fg_p05": 644.1836547851562,
  "summary_fg_p95": 1058.1992675781248,
  "summary_fg_stdv": 132.064453125,
  "tsnr": 58.71422308054753
}