{
  "aor": 0.000861593984962406,
  "aqi": 0.008101766857142857,
  "bids_meta": {
    "AcquisitionMatrixPE": 64,
    "BandwidthPerPixelPhaseEncode": 30.637,
    "BaseResolution": 64,
    "DerivedVendorReportedEchoSpacing": 0.000510004,
    "DwellTime": 3.5e-06,
    "EchoTime": 0.03,
    "EffectiveEchoSpacing": 0.000510004,
    "FlipAngle": 78,
    "ImagingFrequency": 123.143,
    "InstitutionName": "Virginia_Tech_Carilion_Research_Institute",
    "MagneticFieldStrength": 3,
    "Manufacturer": "Siemens",
    "ManufacturersModelName": "TrioTim",
    "Modality": "MR",
    "PartialFourier": 1,
    "PercentPhaseFOV": 100,
    "PercentSampling": 100,
    "PhaseEncodingDirection": "j-",
    "PhaseEncodingSteps": 64,
    "PhaseResolution": 1,
    "PixelBandwidth": 2232,
    "ReceiveCoilName": "HeadMatrix",
    "ReconMatrixPE": 64,
    "RepetitionTime": 2,
    "SAR": 0.149361,
    "ShimSetting": [
      5774,
      -10010,
      1683,
      307,
      -116,
      -314,
      244,
      -382
    ],
    "SliceThickness": 3,
    "SliceTiming": [
      1.945,
      1.8825,
      1.82,
      1.7575,
      1.695,
      1.6325,
      1.5675,
      1.505,
      1.4425,
      1.38,
      1.3175,
      1.255,
      1.1925,
      1.13,
      1.0675,
      1.005,
      0.9425,
      0.8775,
      0.815,
      0.7525,
      0.69,
      0.6275,
      0.565,
      0.5025,
      0.44,
      0.3775,
      0.315,
      0.2525,
      0.1875,
      0.125,
      0.0625,
      0
    ],
    "SoftwareVersions": "syngo_MR_B17",
    "SpacingBetweenSlices": 3.15,
    "TaskName": "DG",
    "TotalReadoutTime": 0.0321303,
    "TxRefAmp": 322.857,
    "dataset": "ds004128",
    "modality": "bold",
    "run_id": 1,
    "subject_id": "TEXUQV",
    "task_id": "DG"
  },
  "dummy_trs": 0,
  "dvars_nstd": 22.445694159593362,
  "dvars_std": 1.0648346204518073,
  "dvars_vstd": 0.9774058524096381,
  "efc": 0.6002876486261242,
  "fber": 740.1266479492188,
  "fd_mean": 0.17542442224493954,
  "fd_num": 119,
  "fd_perc": 17.894736842105264,
  "fwhm_avg": 1.885959557488403,
  "fwhm_x": 1.8511600000000001,
  "fwhm_y": 1.9010933333333335,
  "fwhm_z": 1.905625339131875,
  "gcor": 0.0569147,
  "gsr_x": -0.010921373032033443,
  "gsr_y": 0.020304860547184944,
  "provenance": {
    "md5sum": "a0332c8e3ac3472dba8bd686f4efbe35",
    "settings": {
      "fd_thres": 0.2,
      "testing": false
    },
    "software": "mriqc",
    "version": "23.0.0",
    "webapi_port": null,
    "webapi_url": "https://mriqc.nimh.nih.gov/api/v1"
  },
  "size_t": 665,
  "size_x": 64,
  "size_y": 64,
  "size_z": 32,
  "snr": 6.292610246232328,
  "spacing_tr": 2.0,
  "spacing_x": 3.0,
  "spacing_y": 3.0,
  "spacing_z": 3.1500000953674316,
  "summary_bg_k": 13.80700072821707,
  "summary_bg_mad": 10.244450246446771,
  "summary_bg_mean": 54.11064910888672,
  "summary_bg_median": 29.175939559936523,
  "summary_bg_n": 68415.0,
  "summary_bg_p05": 21.601503372192383,
  "summary_bg_p95": 190.5675201416014,
  "summary_bg_stdv": 62.33143997192383,
  "summary_fg_k": 2.263618936580939,
  "summary_fg_mad": 113.4135497733367,
  "summary_fg_mean": 838.9319458007812,
  "summary_fg_median": 832.613525390625,
  "summary_fg_n": 31725.0,
  "summary_fg_p05": 639.3010498046875,
  "summary_fg_p95": 1054.3380615234375,
  "summary_fg_stdv": 132.31399536132812,
  "tsnr": 58.488029026659206
}