{
  "bids_meta": {
    "AcquisitionMatrixPE": 230,
    "BaseResolution": 256,
    "DwellTime": 8.2e-06,
    "EchoTime": 0.00298,
    "FlipAngle": 9,
    "ImagingFrequency": 123.143,
    "InstitutionName": "Virginia_Tech_Carilion_Research_Institute",
    "InversionTime": 0.9,
    "MagneticFieldStrength": 3,
    "Manufacturer": "Siemens",
    "ManufacturersModelName": "TrioTim",
    "Modality": "MR",
    "ParallelReductionFactorInPlane": 2,
    "PartialFourier": 1,
    "PercentPhaseFOV": 93.75,
    "PercentSampling": 96,
    "PhaseEncodingSteps": 230,
    "PhaseResolution": 0.96,
    "PixelBandwidth": 238,
    "ReconMatrixPE": 240,
    "RefLinesPE": 24,
    "RepetitionTime": 2.3,
    "SAR": 0.103976,
    "ShimSetting": [
      5773,
      -10058,
      1620,
      121,
      -144,
      -489,
      193,
      -298
    ],
    "SliceThickness": 1,
    "SoftwareVersions": "syngo_MR_B17",
    "TxRefAmp": 322.857,
    "dataset": "ds004128",
    "modality": "T1w",
    "subject_id": "PGZSVR"
  },
  "cjv": 0.4013312461290947,
  "cnr": 3.42245239771879,
  "efc": 0.6516817593876715,
  "fber": 7066.816022938927,
  "fwhm_avg": 3.5794633333333334,
  "fwhm_x": 3.64625,
  "fwhm_y": 3.68607,
  "fwhm_z": 3.40607,
  "icvs_csf": 0.17199987347327975,
  "icvs_gm": 0.462580768843538,
  "icvs_wm": 0.36541935768318223,
  "inu_med": 0.6529586017131805,
  "inu_range": 0.342579935491085,
  "provenance": {
    "md5sum": "cba35746f27c68e00f3cf7a690f043c3",
    "settings": {
      "testing": false
    },
    "software": "mriqc",
    "version": "23.0.0",
    "warnings": {
      "large_rot_frame": false,
      "small_air_mask": false
    },
    "webapi_port": null,
    "webapi_url": "https://mriqc.nimh.nih.gov/api/v1"
  },
  "qi_1": 0.0,
  "qi_2": 0.003767775259547467,
  "rpve_csf": 13.255669157163455,
  "rpve_gm": 5.34202278245885,
  "rpve_wm": 7.47329352563766,
  "size_x": 160,
  "size_y": 191,
  "size_z": 161,
  "snr_csf": 2.103650615927375,
  "snr_gm": 9.600503072780914,
  "snr_total": 9.72782837366881,
  "snr_wm": 17.479331432298142,
  "snrd_csf": 11.861778406829702,
  "snrd_gm": 30.303195787263896,
  "snrd_total": 28.835830365028198,
  "snrd_wm": 44.342516900990994,
  "spacing_x": 1.0,
  "spacing_y": 1.0,
  "spacing_z": 1.0,
  "summary_bg_k": 7.578579439044468,
  "summary_bg_mad": 0.0,
  "summary_bg_mean": 9.275985752773373,
  "summary_bg_median": 0.0,
  "summary_bg_n": 1066295.0,
  "summary_bg_p05": 0.0,
  "summary_bg_p95": 38.92964521050453,
  "summary_bg_stdv": 14.77445169753084,
  "summary_csf_k": 1.7568036341178157,
  "summary_csf_mad": 108.07824574268069,
  "summary_csf_mean": 278.1221026557292,
  "summary_csf_median": 267.5034880042076,
  "summary_csf_n": 19114.0,
  "summary_csf_p05": 83.41461016237736,
  "summary_csf_p95": 508.84396444782595,
  "summary_csf_stdv": 127.15823070018868,
  "summary_gm_k": -0.011917392623109535,
  "summary_gm_mad": 71.1090726788667,
  "summary_gm_mean": 683.565519349971,
  "summary_gm_median": 683.3891422301531,
  "summary_gm_n": 28156.0,
  "summary_gm_p05": 564.6812889017165,
  "summary_gm_p95": 800.0508567988873,
  "summary_gm_stdv": 71.18137468190504,
  "summary_wm_k": 0.20215677972440593,
  "summary_wm_mad": 55.95674154216743,
  "summary_wm_mean": 1001.5058510812931,
  "summary_wm_median": 999.9999604672194,
  "summary_wm_n": 174962.0,
  "summary_wm_p05": 910.1818901449442,
  "summary_wm_p95": 1097.8753647655249,
  "summary_wm_stdv": 57.21026039085589,
  "tpm_overlap_csf": 0.1618321965121378,
  "tpm_overlap_gm": 0.47753404360962787,
  "tpm_overlap_wm": 0.48979114322649175,
  "wm2max": 0.4375609512746905
}