{
  "bids_meta": {
    "AcquisitionMatrixPE": 230,
    "BaseResolution": 256,
    "DwellTime": 8.2e-06,
    "EchoTime": 0.00298,
    "FlipAngle": 9,
    "ImagingFrequency": 123.143,
    "InstitutionName": "Virginia_Tech_Carilion_Research_Institute",
    "InversionTime": 0.9,
    "MagneticFieldStrength": 3,
    "Manufacturer": "Siemens",
    "ManufacturersModelName": "TrioTim",
    "Modality": "MR",
    "ParallelReductionFactorInPlane": 2,
    "PartialFourier": 1,
    "PercentPhaseFOV": 93.75,
    "PercentSampling": 96,
    "PhaseEncodingSteps": 230,
    "PhaseResolution": 0.96,
    "PixelBandwidth": 238,
    "ReconMatrixPE": 240,
    "RefLinesPE": 24,
    "RepetitionTime": 2.3,
    "SAR": 0.103976,
    "ShimSetting": [
      5773,
      -10058,
      1620,
      121,
      -144,
      -489,
      193,
      -298
    ],
    "SliceThickness": 1,
    "SoftwareVersions": "syngo_MR_B17",
    "TxRefAmp": 322.857,
    "dataset": "ds004128",
    "modality": "T1w",
    "subject_id": "TEXUQV"
  },
  "cjv": 0.41109977198264214,
  "cnr": 3.324839913460452,
  "efc": 0.6086761019370216,
  "fber": 6886.68391563007,
  "fwhm_avg": 3.5832833333333336,
  "fwhm_x": 3.70727,
  "fwhm_y": 3.6856,
  "fwhm_z": 3.35698,
  "icvs_csf": 0.1912021982051993,
  "icvs_gm": 0.4269381099569947,
  "icvs_wm": 0.381859691837806,
  "inu_med": 0.7211616635322571,
  "inu_range": 0.32840026915073384,
  "provenance": {
    "md5sum": "0e67d9239d9922c660c4b443cc2c82bc",
    "settings": {
      "testing": false
    },
    "software": "mriqc",
    "version": "23.0.0",
    "warnings": {
      "large_rot_frame": false,
      "small_air_mask": false
    },
    "webapi_port": null,
    "webapi_url": "https://mriqc.nimh.nih.gov/api/v1"
  },
  "qi_1": 0.0,
  "qi_2": 0.009656926302195279,
  "rpve_csf": 18.873192636282038,
  "rpve_gm": 8.901043322533361,
  "rpve_wm": 11.315074248808537,
  "size_x": 160,
  "size_y": 238,
  "size_z": 200,
  "snr_csf": 1.751338675083408,
  "snr_gm": 8.723709199988658,
  "snr_total": 8.928858705712265,
  "snr_wm": 16.311528242064732,
  "snrd_csf": 7.356908660106151,
  "snrd_gm": 24.993190406467335,
  "snrd_total": 23.24488601533911,
  "snrd_wm": 37.38455897944385,
  "spacing_x": 1.0,
  "spacing_y": 1.0,
  "spacing_z": 1.0,
  "summary_bg_k": 7.152880957712593,
  "summary_bg_mad": 0.0,
  "summary_bg_mean": 11.49818421924234,
  "summary_bg_median": 0.0,
  "summary_bg_n": 1717679.0,
  "summary_bg_p05": 0.0,
  "summary_bg_p95": 46.955481827259064,
  "summary_bg_stdv": 17.525651184071815,
  "summary_csf_k": 11.372718109219246,
  "summary_csf_mad": 97.02476037801503,
  "summary_csf_mean": 212.3614162449772,
  "summary_csf_median": 196.80575674027205,
  "summary_csf_n": 28750.0,
  "summary_csf_p05": 62.84687788784504,
  "summary_csf_p95": 411.69895673543215,
  "summary_csf_stdv": 112.37251640795472,
  "summary_gm_k": 0.03212379459353354,
  "summary_gm_mad": 75.95043780658528,
  "summary_gm_mean": 669.5667563073816,
  "summary_gm_median": 668.5965503379703,
  "summary_gm_n": 30779.0,
  "summary_gm_p05": 544.1804947480559,
  "summary_gm_p95": 796.8896274290978,
  "summary_gm_stdv": 76.64007060266532,
  "summary_wm_k": 0.1837766583181084,
  "summary_wm_mad": 60.32228848395199,
  "summary_wm_mean": 1001.0065532589066,
  "summary_wm_median": 1000.0798922851682,
  "summary_wm_n": 211206.0,
  "summary_wm_p05": 902.0962592884898,
  "summary_wm_p95": 1102.894829109311,
  "summary_wm_stdv": 61.31108685188735,
  "tpm_overlap_csf": 0.16733459164882022,
  "tpm_overlap_gm": 0.4536746343724703,
  "tpm_overlap_wm": 0.49566678553542837,
  "wm2max": 0.4620876645442427
}