{
  "aor": 0.0013016927453769558,
  "aqi": 0.013599853485064014,
  "bids_meta": {
    "AcquisitionMatrixPE": 64,
    "BandwidthPerPixelPhaseEncode": 30.637,
    "BaseResolution": 64,
    "DerivedVendorReportedEchoSpacing": 0.000510004,
    "DwellTime": 3.5e-06,
    "EchoTime": 0.03,
    "EffectiveEchoSpacing": 0.000510004,
    "FlipAngle": 78,
    "ImagingFrequency": 123.143,
    "InstitutionName": "Virginia_Tech_Carilion_Research_Institute",
    "MagneticFieldStrength": 3,
    "Manufacturer": "Siemens",
    "ManufacturersModelName": "TrioTim",
    "Modality": "MR",
    "PartialFourier": 1,
    "PercentPhaseFOV": 100,
    "PercentSampling": 100,
    "PhaseEncodingDirection": "j-",
    "PhaseEncodingSteps": 64,
    "PhaseResolution": 1,
    "PixelBandwidth": 2232,
    "ReceiveCoilName": "HeadMatrix",
    "ReconMatrixPE": 64,
    "RepetitionTime": 2,
    "SAR": 0.149361,
    "ShimSetting": [
      5774,
      -10010,
      1683,
      307,
      -116,
      -314,
      244,
      -382
    ],
    "SliceThickness": 3,
    "SliceTiming": [
      1.945,
      1.8825,
      1.82,
      1.7575,
      1.695,
      1.6325,
      1.5675,
      1.505,
      1.4425,
      1.38,
      1.3175,
      1.255,
      1.1925,
      1.13,
      1.0675,
      1.005,
      0.9425,
      0.8775,
      0.815,
      0.7525,
      0.69,
      0.6275,
      0.565,
      0.5025,
      0.44,
      0.3775,
      0.315,
      0.2525,
      0.1875,
      0.125,
      0.0625,
      0
    ],
    "SoftwareVersions": "syngo_MR_B17",
    "SpacingBetweenSlices": 3.15,
    "TaskName": "DG",
    "TotalReadoutTime": 0.0321303,
    "TxRefAmp": 322.857,
    "dataset": "ds004128",
    "modality": "bold",
    "run_id": 1,
    "subject_id": "CYZNJD",
    "task_id": "DG"
  },
  "dummy_trs": 0,
  "dvars_nstd": 27.873742635982904,
  "dvars_std": 1.1677282183903137,
  "dvars_vstd": 0.9695842987891744,
  "efc": 0.6728860161189414,
  "fber": 189.74586486816406,
  "fd_mean": 0.09326072392348743,
  "fd_num": 59,
  "fd_perc": 8.392603129445234,
  "fwhm_avg": 1.9165713527399,
  "fwhm_x": 1.7641633333333333,
  "fwhm_y": 2.004496666666667,
  "fwhm_z": 1.9810540582197003,
  "gcor": 0.038376,
  "gsr_x": -0.023640017956495285,
  "gsr_y": 0.04875251650810242,
  "provenance": {
    "md5sum": "4c5e272366b67d821ca539cffcaa4fde",
    "settings": {
      "fd_thres": 0.2,
      "testing": false
    },
    "software": "mriqc",
    "version": "23.0.0",
    "webapi_port": null,
    "webapi_url": "https://mriqc.nimh.nih.gov/api/v1"
  },
  "size_t": 703,
  "size_x": 64,
  "size_y": 64,
  "size_z": 32,
  "snr": 5.961696635975676,
  "spacing_tr": 2.0,
  "spacing_x": 3.0,
  "spacing_y": 3.0,
  "spacing_z": 3.1499998569488525,
  "summary_bg_k": 9.571453692421564,
  "summary_bg_mad": 39.07805853432517,
  "summary_bg_mean": 88.6224594116211,
  "summary_bg_median": 64.61380004882812,
  "summary_bg_n": 59790.0,
  "summary_bg_p05": 27.789331340789797,
  "summary_bg_p95": 239.5942428588867,
  "summary_bg_stdv": 74.23988342285156,
  "summary_fg_k": 0.7842349020936883,
  "summary_fg_mad": 149.04477758996714,
  "summary_fg_mean": 942.963623046875,
  "summary_fg_median": 933.6343994140625,
  "summary_fg_n": 39133.0,
  "summary_fg_p05": 708.1595947265625,
  "summary_fg_p95": 1210.0110595703125,
  "summary_fg_stdv": 156.60348510742188,
  "tsnr": 42.64347267150879
}