{
  "bids_meta": {
    "AcquisitionMatrixPE": 230,
    "BaseResolution": 256,
    "DwellTime": 8.2e-06,
    "EchoTime": 0.00298,
    "FlipAngle": 9,
    "ImagingFrequency": 123.143,
    "InstitutionName": "Virginia_Tech_Carilion_Research_Institute",
    "InversionTime": 0.9,
    "MagneticFieldStrength": 3,
    "Manufacturer": "Siemens",
    "ManufacturersModelName": "TrioTim",
    "Modality": "MR",
    "ParallelReductionFactorInPlane": 2,
    "PartialFourier": 1,
    "PercentPhaseFOV": 93.75,
    "PercentSampling": 96,
    "PhaseEncodingSteps": 230,
    "PhaseResolution": 0.96,
    "PixelBandwidth": 238,
    "ReconMatrixPE": 240,
    "RefLinesPE": 24,
    "RepetitionTime": 2.3,
    "SAR": 0.103976,
    "ShimSetting": [
      5773,
      -10058,
      1620,
      121,
      -144,
      -489,
      193,
      -298
    ],
    "SliceThickness": 1,
    "SoftwareVersions": "syngo_MR_B17",
    "TxRefAmp": 322.857,
    "dataset": "ds004128",
    "modality": "T1w",
    "subject_id": "BVQQZV"
  },
  "cjv": 0.40099056352960427,
  "cnr": 3.3887359077339254,
  "efc": 0.6687826933231598,
  "fber": 7638.9469530155275,
  "fwhm_avg": 3.4667966666666667,
  "fwhm_x": 3.50129,
  "fwhm_y": 3.63351,
  "fwhm_z": 3.26559,
  "icvs_csf": 0.1912500181505212,
  "icvs_gm": 0.45764619243613064,
  "icvs_wm": 0.3511037894133482,
  "inu_med": 0.7109382152557373,
  "inu_range": 0.3514595776796341,
  "provenance": {
    "md5sum": "8b12fa9f35e0c7b080bb292b6c7e8652",
    "settings": {
      "testing": false
    },
    "software": "mriqc",
    "version": "23.0.0",
    "warnings": {
      "large_rot_frame": false,
      "small_air_mask": false
    },
    "webapi_port": null,
    "webapi_url": "https://mriqc.nimh.nih.gov/api/v1"
  },
  "qi_1": 0.0,
  "qi_2": 0.0037910042581591006,
  "rpve_csf": 12.986462592415402,
  "rpve_gm": 5.757673533686114,
  "rpve_wm": 8.288460841060637,
  "size_x": 160,
  "size_y": 195,
  "size_z": 171,
  "snr_csf": 1.8901157455006516,
  "snr_gm": 9.117196954470568,
  "snr_total": 9.117351439152804,
  "snr_wm": 16.34474161748719,
  "snrd_csf": 8.710277433510258,
  "snrd_gm": 24.331342983054103,
  "snrd_total": 23.115556184863006,
  "snrd_wm": 36.30504813802466,
  "spacing_x": 1.0,
  "spacing_y": 1.0,
  "spacing_z": 1.0,
  "summary_bg_k": 7.826478276208373,
  "summary_bg_mad": 0.0,
  "summary_bg_mean": 11.191481871952874,
  "summary_bg_median": 0.0,
  "summary_bg_n": 1063718.0,
  "summary_bg_p05": 0.0,
  "summary_bg_p95": 47.717306949198246,
  "summary_bg_stdv": 18.0453251051177,
  "summary_csf_k": 2.5689314365038447,
  "summary_csf_mad": 111.85482245739607,
  "summary_csf_mean": 254.00108209526957,
  "summary_csf_median": 239.91918025538325,
  "summary_csf_n": 26659.0,
  "summary_csf_p05": 70.6603039931506,
  "summary_csf_p95": 482.73578977957345,
  "summary_csf_stdv": 126.9312109620676,
  "summary_gm_k": 0.02037334623572873,
  "summary_gm_mad": 72.91277315741374,
  "summary_gm_mean": 669.8819505127574,
  "summary_gm_median": 670.1917255297303,
  "summary_gm_n": 27963.0,
  "summary_gm_p05": 548.1471900083125,
  "summary_gm_p95": 790.1728099398315,
  "summary_gm_stdv": 73.50721337101189,
  "summary_wm_k": 0.3748376918925507,
  "summary_wm_mad": 59.33723060275541,
  "summary_wm_mean": 1001.5522096170868,
  "summary_wm_median": 999.9999948218465,
  "summary_wm_n": 171361.0,
  "summary_wm_p05": 904.3934266641736,
  "summary_wm_p95": 1104.6341615915298,
  "summary_wm_stdv": 61.18157756198103,
  "tpm_overlap_csf": 0.17088124137563876,
  "tpm_overlap_gm": 0.4710421713506556,
  "tpm_overlap_wm": 0.49534014636867657,
  "wm2max": 0.43209646015719677
}