{
  "aor": 0.0014866402535657687,
  "aqi": 0.005106534453248811,
  "bids_meta": {
    "AcquisitionMatrixPE": 64,
    "BandwidthPerPixelPhaseEncode": 30.637,
    "BaseResolution": 64,
    "DerivedVendorReportedEchoSpacing": 0.000510004,
    "DwellTime": 3.5e-06,
    "EchoTime": 0.03,
    "EffectiveEchoSpacing": 0.000510004,
    "FlipAngle": 78,
    "ImagingFrequency": 123.143,
    "InstitutionName": "Virginia_Tech_Carilion_Research_Institute",
    "MagneticFieldStrength": 3,
    "Manufacturer": "Siemens",
    "ManufacturersModelName": "TrioTim",
    "Modality": "MR",
    "PartialFourier": 1,
    "PercentPhaseFOV": 100,
    "PercentSampling": 100,
    "PhaseEncodingDirection": "j-",
    "PhaseEncodingSteps": 64,
    "PhaseResolution": 1,
    "PixelBandwidth": 2232,
    "ReceiveCoilName": "HeadMatrix",
    "ReconMatrixPE": 64,
    "RepetitionTime": 2,
    "SAR": 0.149361,
    "ShimSetting": [
      5774,
      -10010,
      1683,
      307,
      -116,
      -314,
      244,
      -382
    ],
    "SliceThickness": 3,
    "SliceTiming": [
      1.945,
      1.8825,
      1.82,
      1.7575,
      1.695,
      1.6325,
      1.5675,
      1.505,
      1.4425,
      1.38,
      1.3175,
      1.255,
      1.1925,
      1.13,
      1.0675,
      1.005,
      0.9425,
      0.8775,
      0.815,
      0.7525,
      0.69,
      0.6275,
      0.565,
      0.5025,
      0.44,
      0.3775,
      0.315,
      0.2525,
      0.1875,
      0.125,
      0.0625,
      0
    ],
    "SoftwareVersions": "syngo_MR_B17",
    "SpacingBetweenSlices": 3.15,
    "TaskName": "DG",
    "TotalReadoutTime": 0.0321303,
    "TxRefAmp": 322.857,
    "dataset": "ds004128",
    "modality": "bold",
    "run_id": 1,
    "subject_id": "VZNZGP",
    "task_id": "DG"
  },
  "dummy_trs": 0,
  "dvars_nstd": 19.763510932571428,
  "dvars_std": 1.0829125265555548,
  "dvars_vstd": 1.007529048507937,
  "efc": 0.5746298063397283,
  "fber": 1064.9742431640625,
  "fd_mean": 0.10529822140136398,
  "fd_num": 17,
  "fd_perc": 2.6941362916006337,
  "fwhm_avg": 1.9863615668485057,
  "fwhm_x": 1.9034433333333334,
  "fwhm_y": 2.0289366666666666,
  "fwhm_z": 2.0267047005455168,
  "gcor": 0.0879686,
  "gsr_x": -0.01570267230272293,
  "gsr_y": 0.028827928006649017,
  "provenance": {
    "md5sum": "cb0706660a2dc0752e47c58d861e2c15",
    "settings": {
      "fd_thres": 0.2,
      "testing": false
    },
    "software": "mriqc",
    "version": "23.0.0",
    "webapi_port": null,
    "webapi_url": "https://mriqc.nimh.nih.gov/api/v1"
  },
  "size_t": 631,
  "size_x": 64,
  "size_y": 64,
  "size_z": 32,
  "snr": 5.5777360750827185,
  "spacing_tr": 2.0,
  "spacing_x": 3.0,
  "spacing_y": 3.0,
  "spacing_z": 3.1500000953674316,
  "summary_bg_k": 29.04366911420297,
  "summary_bg_mad": 6.678759786686186,
  "summary_bg_mean": 43.3648567199707,
  "summary_bg_median": 24.657686233520508,
  "summary_bg_n": 69644.0,
  "summary_bg_p05": 19.885896682739258,
  "summary_bg_p95": 124.37052688598622,
  "summary_bg_stdv": 51.18535232543945,
  "summary_fg_k": 1.4736589428435414,
  "summary_fg_mad": 128.9699236738199,
  "summary_fg_mean": 855.55029296875,
  "summary_fg_median": 843.7195434570312,
  "summary_fg_n": 30641.0,
  "summary_fg_p05": 628.7179565429688,
  "summary_fg_p95": 1117.576904296875,
  "summary_fg_stdv": 151.26312255859375,
  "tsnr": 65.6587975770235
}