{
  "aor": 0.00044791245791245786,
  "aqi": 0.005918603569023568,
  "bids_meta": {
    "AcquisitionMatrixPE": 64,
    "BandwidthPerPixelPhaseEncode": 30.637,
    "BaseResolution": 64,
    "DerivedVendorReportedEchoSpacing": 0.000510004,
    "DwellTime": 3.5e-06,
    "EchoTime": 0.03,
    "EffectiveEchoSpacing": 0.000510004,
    "FlipAngle": 78,
    "ImagingFrequency": 123.143,
    "InstitutionName": "Virginia_Tech_Carilion_Research_Institute",
    "MagneticFieldStrength": 3,
    "Manufacturer": "Siemens",
    "ManufacturersModelName": "TrioTim",
    "Modality": "MR",
    "PartialFourier": 1,
    "PercentPhaseFOV": 100,
    "PercentSampling": 100,
    "PhaseEncodingDirection": "j-",
    "PhaseEncodingSteps": 64,
    "PhaseResolution": 1,
    "PixelBandwidth": 2232,
    "ReceiveCoilName": "HeadMatrix",
    "ReconMatrixPE": 64,
    "RepetitionTime": 2,
    "SAR": 0.149361,
    "ShimSetting": [
      5774,
      -10010,
      1683,
      307,
      -116,
      -314,
      244,
      -382
    ],
    "SliceThickness": 3,
    "SliceTiming": [
      1.945,
      1.8825,
      1.82,
      1.7575,
      1.695,
      1.6325,
      1.5675,
      1.505,
      1.4425,
      1.38,
      1.3175,
      1.255,
      1.1925,
      1.13,
      1.0675,
      1.005,
      0.9425,
      0.8775,
      0.815,
      0.7525,
      0.69,
      0.6275,
      0.565,
      0.5025,
      0.44,
      0.3775,
      0.315,
      0.2525,
      0.1875,
      0.125,
      0.0625,
      0
    ],
    "SoftwareVersions": "syngo_MR_B17",
    "SpacingBetweenSlices": 3.15,
    "TaskName": "DG",
    "TotalReadoutTime": 0.0321303,
    "TxRefAmp": 322.857,
    "dataset": "ds004128",
    "modality": "bold",
    "run_id": 2,
    "subject_id": "VZNZGP",
    "task_id": "DG"
  },
  "dummy_trs": 1,
  "dvars_nstd": 20.113970796593595,
  "dvars_std": 1.057955003170322,
  "dvars_vstd": 0.9856382691568293,
  "efc": 0.5753573494853335,
  "fber": 1061.6290283203125,
  "fd_mean": 0.11274934024058944,
  "fd_num": 46,
  "fd_perc": 7.744107744107744,
  "fwhm_avg": 1.9735783924728285,
  "fwhm_x": 1.8843833333333333,
  "fwhm_y": 2.03219,
  "fwhm_z": 2.004161844085153,
  "gcor": 0.0659786,
  "gsr_x": -0.014928783290088177,
  "gsr_y": 0.02856907621026039,
  "provenance": {
    "md5sum": "54899195355928272e0a70d2f6d65b62",
    "settings": {
      "fd_thres": 0.2,
      "testing": false
    },
    "software": "mriqc",
    "version": "23.0.0",
    "webapi_port": null,
    "webapi_url": "https://mriqc.nimh.nih.gov/api/v1"
  },
  "size_t": 594,
  "size_x": 64,
  "size_y": 64,
  "size_z": 32,
  "snr": 5.627222887648757,
  "spacing_tr": 2.0,
  "spacing_x": 3.0,
  "spacing_y": 3.0,
  "spacing_z": 3.1500000953674316,
  "summary_bg_k": 29.878496098499284,
  "summary_bg_mad": 6.871386545109352,
  "summary_bg_mean": 43.847442626953125,
  "summary_bg_median": 24.867002487182617,
  "summary_bg_n": 69697.0,
  "summary_bg_p05": 19.836700439453125,
  "summary_bg_p95": 125.03636016845697,
  "summary_bg_stdv": 52.27241897583008,
  "summary_fg_k": 1.5190318190420014,
  "summary_fg_mad": 128.5146641669045,
  "summary_fg_mean": 859.3052978515625,
  "summary_fg_median": 847.5925903320312,
  "summary_fg_n": 30753.0,
  "summary_fg_p05": 634.3252319335937,
  "summary_fg_p95": 1122.61376953125,
  "summary_fg_stdv": 150.62115478515625,
  "tsnr": 63.63431345822755
}