{
  "aor": 0.0005659630200308166,
  "aqi": 0.011852875053929122,
  "bids_meta": {
    "AcquisitionMatrixPE": 64,
    "BandwidthPerPixelPhaseEncode": 30.637,
    "BaseResolution": 64,
    "DerivedVendorReportedEchoSpacing": 0.000510004,
    "DwellTime": 3.5e-06,
    "EchoTime": 0.03,
    "EffectiveEchoSpacing": 0.000510004,
    "FlipAngle": 78,
    "ImagingFrequency": 123.143,
    "InstitutionName": "Virginia_Tech_Carilion_Research_Institute",
    "MagneticFieldStrength": 3,
    "Manufacturer": "Siemens",
    "ManufacturersModelName": "TrioTim",
    "Modality": "MR",
    "PartialFourier": 1,
    "PercentPhaseFOV": 100,
    "PercentSampling": 100,
    "PhaseEncodingDirection": "j-",
    "PhaseEncodingSteps": 64,
    "PhaseResolution": 1,
    "PixelBandwidth": 2232,
    "ReceiveCoilName": "HeadMatrix",
    "ReconMatrixPE": 64,
    "RepetitionTime": 2,
    "SAR": 0.149361,
    "ShimSetting": [
      5774,
      -10010,
      1683,
      307,
      -116,
      -314,
      244,
      -382
    ],
    "SliceThickness": 3,
    "SliceTiming": [
      1.945,
      1.8825,
      1.82,
      1.7575,
      1.695,
      1.6325,
      1.5675,
      1.505,
      1.4425,
      1.38,
      1.3175,
      1.255,
      1.1925,
      1.13,
      1.0675,
      1.005,
      0.9425,
      0.8775,
      0.815,
      0.7525,
      0.69,
      0.6275,
      0.565,
      0.5025,
      0.44,
      0.3775,
      0.315,
      0.2525,
      0.1875,
      0.125,
      0.0625,
      0
    ],
    "SoftwareVersions": "syngo_MR_B17",
    "SpacingBetweenSlices": 3.15,
    "TaskName": "DG",
    "TotalReadoutTime": 0.0321303,
    "TxRefAmp": 322.857,
    "dataset": "ds004128",
    "modality": "bold",
    "run_id": 2,
    "subject_id": "VUFSQF",
    "task_id": "DG"
  },
  "dummy_trs": 0,
  "dvars_nstd": 19.872765785354925,
  "dvars_std": 1.0477219018364203,
  "dvars_vstd": 0.9696365159104948,
  "efc": 0.5982487194047268,
  "fber": 940.6060180664062,
  "fd_mean": 0.09682400592981871,
  "fd_num": 54,
  "fd_perc": 8.320493066255779,
  "fwhm_avg": 1.7780946384012744,
  "fwhm_x": 1.69493,
  "fwhm_y": 1.8871,
  "fwhm_z": 1.7522539152038235,
  "gcor": 0.0755873,
  "gsr_x": -0.026147017255425453,
  "gsr_y": 0.03767447918653488,
  "provenance": {
    "md5sum": "a7127e3eb1e0863349df63216a62ea53",
    "settings": {
      "fd_thres": 0.2,
      "testing": false
    },
    "software": "mriqc",
    "version": "23.0.0",
    "webapi_port": null,
    "webapi_url": "https://mriqc.nimh.nih.gov/api/v1"
  },
  "size_t": 649,
  "size_x": 64,
  "size_y": 64,
  "size_z": 32,
  "snr": 6.83404993692439,
  "spacing_tr": 2.0,
  "spacing_x": 3.0,
  "spacing_y": 3.0,
  "spacing_z": 3.1500000953674316,
  "summary_bg_k": 15.739730943348889,
  "summary_bg_mad": 8.128041574549371,
  "summary_bg_mean": 55.14045333862305,
  "summary_bg_median": 27.04314422607422,
  "summary_bg_n": 68518.0,
  "summary_bg_p05": 21.11248207092285,
  "summary_bg_p95": 202.2561683654782,
  "summary_bg_stdv": 75.04505920410156,
  "summary_fg_k": 3.297936140200412,
  "summary_fg_mad": 108.83195238417362,
  "summary_fg_mean": 885.61474609375,
  "summary_fg_median": 881.9730224609375,
  "summary_fg_n": 31886.0,
  "summary_fg_p05": 696.2596435546875,
  "summary_fg_p95": 1090.1110229492188,
  "summary_fg_stdv": 129.0536651611328,
  "tsnr": 59.48387191584334
}