{
  "bids_meta": {
    "AcquisitionMatrixPE": 230,
    "BaseResolution": 256,
    "DwellTime": 8.2e-06,
    "EchoTime": 0.00298,
    "FlipAngle": 9,
    "ImagingFrequency": 123.143,
    "InstitutionName": "Virginia_Tech_Carilion_Research_Institute",
    "InversionTime": 0.9,
    "MagneticFieldStrength": 3,
    "Manufacturer": "Siemens",
    "ManufacturersModelName": "TrioTim",
    "Modality": "MR",
    "ParallelReductionFactorInPlane": 2,
    "PartialFourier": 1,
    "PercentPhaseFOV": 93.75,
    "PercentSampling": 96,
    "PhaseEncodingSteps": 230,
    "PhaseResolution": 0.96,
    "PixelBandwidth": 238,
    "ReconMatrixPE": 240,
    "RefLinesPE": 24,
    "RepetitionTime": 2.3,
    "SAR": 0.103976,
    "ShimSetting": [
      5773,
      -10058,
      1620,
      121,
      -144,
      -489,
      193,
      -298
    ],
    "SliceThickness": 1,
    "SoftwareVersions": "syngo_MR_B17",
    "TxRefAmp": 322.857,
    "dataset": "ds004128",
    "modality": "T1w",
    "subject_id": "AIMMAY"
  },
  "cjv": 0.36471934152009244,
  "cnr": 3.7263964396898537,
  "efc": 0.6984114332429674,
  "fber": 4429.689228225255,
  "fwhm_avg": 3.58424,
  "fwhm_x": 3.68071,
  "fwhm_y": 3.74717,
  "fwhm_z": 3.32484,
  "icvs_csf": 0.19016167403437373,
  "icvs_gm": 0.46303894244324867,
  "icvs_wm": 0.3467993835223776,
  "inu_med": 0.6931944489479065,
  "inu_range": 0.37155118286609645,
  "provenance": {
    "md5sum": "ce8f487dc8f27999831cc9e62d984a35",
    "settings": {
      "testing": false
    },
    "software": "mriqc",
    "version": "23.0.0",
    "warnings": {
      "large_rot_frame": false,
      "small_air_mask": false
    },
    "webapi_port": null,
    "webapi_url": "https://mriqc.nimh.nih.gov/api/v1"
  },
  "qi_1": 0.0,
  "qi_2": 0.004579424552713357,
  "rpve_csf": 11.289093952958723,
  "rpve_gm": 5.015451570184851,
  "rpve_wm": 7.526261096487375,
  "size_x": 160,
  "size_y": 195,
  "size_z": 173,
  "snr_csf": 2.175955014625834,
  "snr_gm": 8.826079262673689,
  "snr_total": 9.363632843192738,
  "snr_wm": 17.08886425227869,
  "snrd_csf": 22.02727549628151,
  "snrd_gm": 58.84308873171889,
  "snrd_total": 57.28971568959408,
  "snrd_wm": 90.99878284078183,
  "spacing_x": 1.0,
  "spacing_y": 1.0,
  "spacing_z": 1.0,
  "summary_bg_k": 8.65197736276244,
  "summary_bg_mad": 7.199397657187462,
  "summary_bg_mean": 9.28441171647877,
  "summary_bg_median": 4.855919927358627,
  "summary_bg_n": 953223.0,
  "summary_bg_p05": 0.0,
  "summary_bg_p95": 37.56948575377464,
  "summary_bg_stdv": 14.157414912584287,
  "summary_csf_k": 1.404336102741266,
  "summary_csf_mad": 99.41799791076633,
  "summary_csf_mean": 252.6494725997776,
  "summary_csf_median": 242.0612190105021,
  "summary_csf_n": 27121.0,
  "summary_csf_p05": 88.71637919917703,
  "summary_csf_p95": 453.48541690036654,
  "summary_csf_stdv": 111.24161792239639,
  "summary_gm_k": 0.10311218796914101,
  "summary_gm_mad": 71.99397657187463,
  "summary_gm_mean": 647.2105530202546,
  "summary_gm_median": 646.6360213793814,
  "summary_gm_n": 32040.0,
  "summary_gm_p05": 525.0447448035702,
  "summary_gm_p95": 768.5132221877575,
  "summary_gm_stdv": 73.26310029429395,
  "summary_wm_k": 0.25948263860110643,
  "summary_wm_mad": 56.884714383435146,
  "summary_wm_mean": 1000.4111709077984,
  "summary_wm_median": 1000.0000366196036,
  "summary_wm_n": 203635.0,
  "summary_wm_p05": 905.3415448777378,
  "summary_wm_p95": 1097.5017972663045,
  "summary_wm_stdv": 58.517498089995705,
  "tpm_overlap_csf": 0.16520394945892872,
  "tpm_overlap_gm": 0.47250957171450797,
  "tpm_overlap_wm": 0.500054054726239,
  "wm2max": 0.5550866043364311
}