{
  "aor": 0.0010800617283950617,
  "aqi": 0.023201259537037035,
  "bids_meta": {
    "AcquisitionMatrixPE": 64,
    "BandwidthPerPixelPhaseEncode": 30.637,
    "BaseResolution": 64,
    "DerivedVendorReportedEchoSpacing": 0.000510004,
    "DwellTime": 3.5e-06,
    "EchoTime": 0.03,
    "EffectiveEchoSpacing": 0.000510004,
    "FlipAngle": 78,
    "ImagingFrequency": 123.143,
    "InstitutionName": "Virginia_Tech_Carilion_Research_Institute",
    "MagneticFieldStrength": 3,
    "Manufacturer": "Siemens",
    "ManufacturersModelName": "TrioTim",
    "Modality": "MR",
    "PartialFourier": 1,
    "PercentPhaseFOV": 100,
    "PercentSampling": 100,
    "PhaseEncodingDirection": "j-",
    "PhaseEncodingSteps": 64,
    "PhaseResolution": 1,
    "PixelBandwidth": 2232,
    "ReceiveCoilName": "HeadMatrix",
    "ReconMatrixPE": 64,
    "RepetitionTime": 2,
    "SAR": 0.149361,
    "ShimSetting": [
      5774,
      -10010,
      1683,
      307,
      -116,
      -314,
      244,
      -382
    ],
    "SliceThickness": 3,
    "SliceTiming": [
      1.945,
      1.8825,
      1.82,
      1.7575,
      1.695,
      1.6325,
      1.5675,
      1.505,
      1.4425,
      1.38,
      1.3175,
      1.255,
      1.1925,
      1.13,
      1.0675,
      1.005,
      0.9425,
      0.8775,
      0.815,
      0.7525,
      0.69,
      0.6275,
      0.565,
      0.5025,
      0.44,
      0.3775,
      0.315,
      0.2525,
      0.1875,
      0.125,
      0.0625,
      0
    ],
    "SoftwareVersions": "syngo_MR_B17",
    "SpacingBetweenSlices": 3.15,
    "TaskName": "DG",
    "TotalReadoutTime": 0.0321303,
    "TxRefAmp": 322.857,
    "dataset": "ds004128",
    "modality": "bold",
    "run_id": 2,
    "subject_id": "3E6MS",
    "task_id": "DG"
  },
  "dummy_trs": 1,
  "dvars_nstd": 23.712005296908796,
  "dvars_std": 1.0316260177279761,
  "dvars_vstd": 0.9296413780680057,
  "efc": 0.5731567503680552,
  "fber": 864.8409423828125,
  "fd_mean": 0.1730725444961354,
  "fd_num": 172,
  "fd_perc": 26.54320987654321,
  "fwhm_avg": 1.7890383942314916,
  "fwhm_x": 1.73757,
  "fwhm_y": 1.79965,
  "fwhm_z": 1.829895182694475,
  "gcor": 0.0151653,
  "gsr_x": -0.01433595921844244,
  "gsr_y": 0.019685829058289528,
  "provenance": {
    "md5sum": "fa1b2ecbe615d67f1037212cebd3095e",
    "settings": {
      "fd_thres": 0.2,
      "testing": false
    },
    "software": "mriqc",
    "version": "23.0.0",
    "webapi_port": null,
    "webapi_url": "https://mriqc.nimh.nih.gov/api/v1"
  },
  "size_t": 648,
  "size_x": 64,
  "size_y": 64,
  "size_z": 32,
  "snr": 6.411708101051028,
  "spacing_tr": 2.0,
  "spacing_x": 3.0,
  "spacing_y": 3.0,
  "spacing_z": 3.1500000953674316,
  "summary_bg_k": 29.100981468079652,
  "summary_bg_mad": 8.65080160590119,
  "summary_bg_mean": 39.91262435913086,
  "summary_bg_median": 24.890432357788086,
  "summary_bg_n": 70784.0,
  "summary_bg_p05": 17.498456954956055,
  "summary_bg_p95": 107.03974075317363,
  "summary_bg_stdv": 43.33555221557617,
  "summary_fg_k": 2.9656104988018255,
  "summary_fg_mad": 95.72851417320652,
  "summary_fg_mean": 768.3012084960938,
  "summary_fg_median": 758.3734741210938,
  "summary_fg_n": 29760.0,
  "summary_fg_p05": 599.6694732666016,
  "summary_fg_p95": 964.0295623779297,
  "summary_fg_stdv": 118.2774887084961,
  "tsnr": 42.396963155828416
}