{
  "bids_meta": {
    "AcquisitionMatrixPE": 230,
    "BaseResolution": 256,
    "DwellTime": 8.2e-06,
    "EchoTime": 0.00298,
    "FlipAngle": 9,
    "ImagingFrequency": 123.143,
    "InstitutionName": "Virginia_Tech_Carilion_Research_Institute",
    "InversionTime": 0.9,
    "MagneticFieldStrength": 3,
    "Manufacturer": "Siemens",
    "ManufacturersModelName": "TrioTim",
    "Modality": "MR",
    "ParallelReductionFactorInPlane": 2,
    "PartialFourier": 1,
    "PercentPhaseFOV": 93.75,
    "PercentSampling": 96,
    "PhaseEncodingSteps": 230,
    "PhaseResolution": 0.96,
    "PixelBandwidth": 238,
    "ReconMatrixPE": 240,
    "RefLinesPE": 24,
    "RepetitionTime": 2.3,
    "SAR": 0.103976,
    "ShimSetting": [
      5773,
      -10058,
      1620,
      121,
      -144,
      -489,
      193,
      -298
    ],
    "SliceThickness": 1,
    "SoftwareVersions": "syngo_MR_B17",
    "TxRefAmp": 322.857,
    "dataset": "ds004128",
    "modality": "T1w",
    "subject_id": "IHNESY"
  },
  "cjv": 0.5203757984320058,
  "cnr": 2.597242160091944,
  "efc": 0.6834613735679623,
  "fber": 5223.906292440018,
  "fwhm_avg": 3.9154966666666664,
  "fwhm_x": 3.83403,
  "fwhm_y": 4.12088,
  "fwhm_z": 3.79158,
  "icvs_csf": 0.188387382506734,
  "icvs_gm": 0.40030179106667646,
  "icvs_wm": 0.4113108264265895,
  "inu_med": 0.8142847418785095,
  "inu_range": 0.48491978645324707,
  "provenance": {
    "md5sum": "d42970bfdafa70ca90277555706b0853",
    "settings": {
      "testing": false
    },
    "software": "mriqc",
    "version": "23.0.0",
    "warnings": {
      "large_rot_frame": false,
      "small_air_mask": false
    },
    "webapi_port": null,
    "webapi_url": "https://mriqc.nimh.nih.gov/api/v1"
  },
  "qi_1": 0.0,
  "qi_2": 0.002599899944363807,
  "rpve_csf": 12.979830280375651,
  "rpve_gm": 5.962206384203,
  "rpve_wm": 6.733345824547141,
  "size_x": 160,
  "size_y": 201,
  "size_z": 168,
  "snr_csf": 1.8993108737288735,
  "snr_gm": 9.121126344716224,
  "snr_total": 7.7404066742198765,
  "snr_wm": 12.200782804214532,
  "snrd_csf": 6.948151522976765,
  "snrd_gm": 19.875503741868997,
  "snrd_total": 18.38025868688597,
  "snrd_wm": 28.317120795812144,
  "spacing_x": 1.0,
  "spacing_y": 1.0,
  "spacing_z": 1.0,
  "summary_bg_k": 8.295863961221606,
  "summary_bg_mad": 0.0,
  "summary_bg_mean": 13.799038896819903,
  "summary_bg_median": 0.0,
  "summary_bg_n": 1066247.0,
  "summary_bg_p05": 0.0,
  "summary_bg_p95": 62.07579306140542,
  "summary_bg_stdv": 23.1367905236583,
  "summary_csf_k": 0.8577653995169765,
  "summary_csf_mad": 127.32377896900923,
  "summary_csf_mean": 256.53179159654235,
  "summary_csf_median": 245.38084941357374,
  "summary_csf_n": 28813.0,
  "summary_csf_p05": 64.6021882839501,
  "summary_csf_p95": 485.69005468636743,
  "summary_csf_stdv": 129.19243216503057,
  "summary_gm_k": 0.08152273134901256,
  "summary_gm_mad": 76.24052846058675,
  "summary_gm_mean": 701.415394937668,
  "summary_gm_median": 701.9230905622244,
  "summary_gm_n": 19840.0,
  "summary_gm_p05": 574.0950337797403,
  "summary_gm_p95": 827.2648162255061,
  "summary_gm_stdv": 76.95380748145278,
  "summary_wm_k": 0.5479488973476094,
  "summary_wm_mad": 78.89601891109298,
  "summary_wm_mean": 1007.7905855901207,
  "summary_wm_median": 1000.0471536703408,
  "summary_wm_n": 208415.0,
  "summary_wm_p05": 887.207784961909,
  "summary_wm_p95": 1153.9404447451234,
  "summary_wm_stdv": 81.96562225083812,
  "tpm_overlap_csf": 0.17914180429948934,
  "tpm_overlap_gm": 0.44605167288415676,
  "tpm_overlap_wm": 0.5033144337129861,
  "wm2max": 0.38699498404012767
}