{
  "aor": 0.0024556701030927835,
  "aqi": 0.01921205590574374,
  "bids_meta": {
    "AcquisitionMatrixPE": 64,
    "BandwidthPerPixelPhaseEncode": 30.637,
    "BaseResolution": 64,
    "DerivedVendorReportedEchoSpacing": 0.000510004,
    "DwellTime": 3.5e-06,
    "EchoTime": 0.03,
    "EffectiveEchoSpacing": 0.000510004,
    "FlipAngle": 78,
    "ImagingFrequency": 123.143,
    "InstitutionName": "Virginia_Tech_Carilion_Research_Institute",
    "MagneticFieldStrength": 3,
    "Manufacturer": "Siemens",
    "ManufacturersModelName": "TrioTim",
    "Modality": "MR",
    "PartialFourier": 1,
    "PercentPhaseFOV": 100,
    "PercentSampling": 100,
    "PhaseEncodingDirection": "j-",
    "PhaseEncodingSteps": 64,
    "PhaseResolution": 1,
    "PixelBandwidth": 2232,
    "ReceiveCoilName": "HeadMatrix",
    "ReconMatrixPE": 64,
    "RepetitionTime": 2,
    "SAR": 0.149361,
    "ShimSetting": [
      5774,
      -10010,
      1683,
      307,
      -116,
      -314,
      244,
      -382
    ],
    "SliceThickness": 3,
    "SliceTiming": [
      1.945,
      1.8825,
      1.82,
      1.7575,
      1.695,
      1.6325,
      1.5675,
      1.505,
      1.4425,
      1.38,
      1.3175,
      1.255,
      1.1925,
      1.13,
      1.0675,
      1.005,
      0.9425,
      0.8775,
      0.815,
      0.7525,
      0.69,
      0.6275,
      0.565,
      0.5025,
      0.44,
      0.3775,
      0.315,
      0.2525,
      0.1875,
      0.125,
      0.0625,
      0
    ],
    "SoftwareVersions": "syngo_MR_B17",
    "SpacingBetweenSlices": 3.15,
    "TaskName": "DG",
    "TotalReadoutTime": 0.0321303,
    "TxRefAmp": 322.857,
    "dataset": "ds004128",
    "modality": "bold",
    "run_id": 1,
    "subject_id": "BQEOSS",
    "task_id": "DG"
  },
  "dummy_trs": 1,
  "dvars_nstd": 28.088501519660785,
  "dvars_std": 1.0642435132595878,
  "dvars_vstd": 0.9302661629056043,
  "efc": 0.6055849272959742,
  "fber": 777.458251953125,
  "fd_mean": 0.27745922046511295,
  "fd_num": 366,
  "fd_perc": 53.90279823269514,
  "fwhm_avg": 1.862994636802062,
  "fwhm_x": 1.7570633333333332,
  "fwhm_y": 1.9212,
  "fwhm_z": 1.9107205770728526,
  "gcor": 0.0428823,
  "gsr_x": -0.010146981105208397,
  "gsr_y": 0.026147931814193726,
  "provenance": {
    "md5sum": "6c8107f85de8cf00584c9601cc49b9ba",
    "settings": {
      "fd_thres": 0.2,
      "testing": false
    },
    "software": "mriqc",
    "version": "23.0.0",
    "webapi_port": null,
    "webapi_url": "https://mriqc.nimh.nih.gov/api/v1"
  },
  "size_t": 679,
  "size_x": 64,
  "size_y": 64,
  "size_z": 32,
  "snr": 6.267960840310743,
  "spacing_tr": 2.0,
  "spacing_x": 3.0,
  "spacing_y": 3.0,
  "spacing_z": 3.1500000953674316,
  "summary_bg_k": 26.59524483786584,
  "summary_bg_mad": 8.323532934198097,
  "summary_bg_mean": 46.990150451660156,
  "summary_bg_median": 25.37113380432129,
  "summary_bg_n": 67067.0,
  "summary_bg_p05": 19.204713821411133,
  "summary_bg_p95": 147.51103973388666,
  "summary_bg_stdv": 56.890289306640625,
  "summary_fg_k": 0.9407877382938792,
  "summary_fg_mad": 113.31319541174474,
  "summary_fg_mean": 757.3229370117188,
  "summary_fg_median": 747.0103149414062,
  "summary_fg_n": 32955.0,
  "summary_fg_p05": 580.2346130371094,
  "summary_fg_p95": 957.0808410644531,
  "summary_fg_stdv": 119.17735290527344,
  "tsnr": 44.48481984855607
}