{
  "bids_meta": {
    "AcquisitionMatrixPE": 230,
    "BaseResolution": 256,
    "DwellTime": 8.2e-06,
    "EchoTime": 0.00298,
    "FlipAngle": 9,
    "ImagingFrequency": 123.143,
    "InstitutionName": "Virginia_Tech_Carilion_Research_Institute",
    "InversionTime": 0.9,
    "MagneticFieldStrength": 3,
    "Manufacturer": "Siemens",
    "ManufacturersModelName": "TrioTim",
    "Modality": "MR",
    "ParallelReductionFactorInPlane": 2,
    "PartialFourier": 1,
    "PercentPhaseFOV": 93.75,
    "PercentSampling": 96,
    "PhaseEncodingSteps": 230,
    "PhaseResolution": 0.96,
    "PixelBandwidth": 238,
    "ReconMatrixPE": 240,
    "RefLinesPE": 24,
    "RepetitionTime": 2.3,
    "SAR": 0.103976,
    "ShimSetting": [
      5773,
      -10058,
      1620,
      121,
      -144,
      -489,
      193,
      -298
    ],
    "SliceThickness": 1,
    "SoftwareVersions": "syngo_MR_B17",
    "TxRefAmp": 322.857,
    "dataset": "ds004128",
    "modality": "T1w",
    "subject_id": "YKAOLD"
  },
  "cjv": 0.4387080229186488,
  "cnr": 3.079953450987021,
  "efc": 0.6857151959401868,
  "fber": 6709.590146117618,
  "fwhm_avg": 3.4456,
  "fwhm_x": 3.49471,
  "fwhm_y": 3.5975,
  "fwhm_z": 3.24459,
  "icvs_csf": 0.20653072165830788,
  "icvs_gm": 0.4261896968221596,
  "icvs_wm": 0.3672795815195325,
  "inu_med": 0.797684371471405,
  "inu_range": 0.4296848893165588,
  "provenance": {
    "md5sum": "df45e2010a089f2964fd96ced0efdc3e",
    "settings": {
      "testing": false
    },
    "software": "mriqc",
    "version": "23.0.0",
    "warnings": {
      "large_rot_frame": false,
      "small_air_mask": false
    },
    "webapi_port": null,
    "webapi_url": "https://mriqc.nimh.nih.gov/api/v1"
  },
  "qi_1": 0.0,
  "qi_2": 0.0036010632573455848,
  "rpve_csf": 12.934467555689178,
  "rpve_gm": 6.465313643897627,
  "rpve_wm": 8.573753839535609,
  "size_x": 160,
  "size_y": 207,
  "size_z": 200,
  "snr_csf": 2.101041390377015,
  "snr_gm": 8.544577451401931,
  "snr_total": 8.515348772419989,
  "snr_wm": 14.900427475481017,
  "snrd_csf": 8.780647179069323,
  "snrd_gm": 25.675202454005667,
  "snrd_total": 24.144384846308444,
  "snrd_wm": 37.97730490585034,
  "spacing_x": 1.0,
  "spacing_y": 1.0,
  "spacing_z": 1.0,
  "summary_bg_k": 8.08404371809113,
  "summary_bg_mad": 0.0,
  "summary_bg_mean": 9.469408000043636,
  "summary_bg_median": 0.0,
  "summary_bg_n": 1078619.0,
  "summary_bg_p05": 0.0,
  "summary_bg_p95": 45.20457935333252,
  "summary_bg_stdv": 17.251604093556438,
  "summary_csf_k": 1.0787126670061022,
  "summary_csf_mad": 102.25100443328701,
  "summary_csf_mean": 243.5428757909542,
  "summary_csf_median": 231.21940533071756,
  "summary_csf_n": 40024.0,
  "summary_csf_p05": 83.90847784765066,
  "summary_csf_p95": 441.29961562901735,
  "summary_csf_stdv": 110.04853015376537,
  "summary_gm_k": 0.15255357801487923,
  "summary_gm_mad": 76.74435299820956,
  "summary_gm_mean": 675.256105997876,
  "summary_gm_median": 676.1010802611709,
  "summary_gm_n": 24936.0,
  "summary_gm_p05": 541.244115293026,
  "summary_gm_p95": 804.638989912346,
  "summary_gm_stdv": 79.12474633692969,
  "summary_wm_k": 0.35770076503671877,
  "summary_wm_mad": 65.37481922069703,
  "summary_wm_mean": 1001.400594122499,
  "summary_wm_median": 1000.0504151135683,
  "summary_wm_n": 227517.0,
  "summary_wm_p05": 894.1526337936521,
  "summary_wm_p95": 1113.3645727336407,
  "summary_wm_stdv": 67.11540450822515,
  "tpm_overlap_csf": 0.1935537827570983,
  "tpm_overlap_gm": 0.4662787834173677,
  "tpm_overlap_wm": 0.5125876071096226,
  "wm2max": 0.40231377712285527
}