{
  "aor": 0.0006997560975609757,
  "aqi": 0.011432949932249322,
  "bids_meta": {
    "AcquisitionMatrixPE": 64,
    "BandwidthPerPixelPhaseEncode": 30.637,
    "BaseResolution": 64,
    "DerivedVendorReportedEchoSpacing": 0.000510004,
    "DwellTime": 3.5e-06,
    "EchoTime": 0.03,
    "EffectiveEchoSpacing": 0.000510004,
    "FlipAngle": 78,
    "ImagingFrequency": 123.143,
    "InstitutionName": "Virginia_Tech_Carilion_Research_Institute",
    "MagneticFieldStrength": 3,
    "Manufacturer": "Siemens",
    "ManufacturersModelName": "TrioTim",
    "Modality": "MR",
    "PartialFourier": 1,
    "PercentPhaseFOV": 100,
    "PercentSampling": 100,
    "PhaseEncodingDirection": "j-",
    "PhaseEncodingSteps": 64,
    "PhaseResolution": 1,
    "PixelBandwidth": 2232,
    "ReceiveCoilName": "HeadMatrix",
    "ReconMatrixPE": 64,
    "RepetitionTime": 2,
    "SAR": 0.149361,
    "ShimSetting": [
      5774,
      -10010,
      1683,
      307,
      -116,
      -314,
      244,
      -382
    ],
    "SliceThickness": 3,
    "SliceTiming": [
      1.945,
      1.8825,
      1.82,
      1.7575,
      1.695,
      1.6325,
      1.5675,
      1.505,
      1.4425,
      1.38,
      1.3175,
      1.255,
      1.1925,
      1.13,
      1.0675,
      1.005,
      0.9425,
      0.8775,
      0.815,
      0.7525,
      0.69,
      0.6275,
      0.565,
      0.5025,
      0.44,
      0.3775,
      0.315,
      0.2525,
      0.1875,
      0.125,
      0.0625,
      0
    ],
    "SoftwareVersions": "syngo_MR_B17",
    "SpacingBetweenSlices": 3.15,
    "TaskName": "DG",
    "TotalReadoutTime": 0.0321303,
    "TxRefAmp": 322.857,
    "dataset": "ds004128",
    "modality": "bold",
    "run_id": 2,
    "subject_id": "UYWGQY",
    "task_id": "DG"
  },
  "dummy_trs": 0,
  "dvars_nstd": 22.776158502320207,
  "dvars_std": 1.114967011763907,
  "dvars_vstd": 0.9824418269877898,
  "efc": 0.561860230924682,
  "fber": 1230.4024658203125,
  "fd_mean": 0.15436429196295123,
  "fd_num": 130,
  "fd_perc": 17.615176151761517,
  "fwhm_avg": 1.8961372297454002,
  "fwhm_x": 1.8167233333333332,
  "fwhm_y": 1.9957233333333333,
  "fwhm_z": 1.8759650225695348,
  "gcor": 0.13567,
  "gsr_x": -0.01928546465933323,
  "gsr_y": 0.024151133373379707,
  "provenance": {
    "md5sum": "d5110f4a900943c31f35d9d58c078a8b",
    "settings": {
      "fd_thres": 0.2,
      "testing": false
    },
    "software": "mriqc",
    "version": "23.0.0",
    "webapi_port": null,
    "webapi_url": "https://mriqc.nimh.nih.gov/api/v1"
  },
  "size_t": 738,
  "size_x": 64,
  "size_y": 64,
  "size_z": 32,
  "snr": 6.734285090352926,
  "spacing_tr": 2.0,
  "spacing_x": 3.0,
  "spacing_y": 3.0,
  "spacing_z": 3.1500000953674316,
  "summary_bg_k": 30.544414956841905,
  "summary_bg_mad": 5.273482006395491,
  "summary_bg_mean": 41.52378463745117,
  "summary_bg_median": 23.149051666259766,
  "summary_bg_n": 72626.0,
  "summary_bg_p05": 19.314363479614258,
  "summary_bg_p95": 124.46917724609375,
  "summary_bg_stdv": 50.64699935913086,
  "summary_fg_k": 1.6861011445839136,
  "summary_fg_mad": 113.9374013506639,
  "summary_fg_mean": 848.2808227539062,
  "summary_fg_median": 844.0325317382812,
  "summary_fg_n": 28111.0,
  "summary_fg_p05": 649.7811889648438,
  "summary_fg_p95": 1047.4519653320312,
  "summary_fg_stdv": 125.3314208984375,
  "tsnr": 54.55668599746423
}