{
  "aor": 0.0006654365733113673,
  "aqi": 0.010005137397034597,
  "bids_meta": {
    "AcquisitionMatrixPE": 64,
    "BandwidthPerPixelPhaseEncode": 30.637,
    "BaseResolution": 64,
    "DerivedVendorReportedEchoSpacing": 0.000510004,
    "DwellTime": 3.5e-06,
    "EchoTime": 0.03,
    "EffectiveEchoSpacing": 0.000510004,
    "FlipAngle": 78,
    "ImagingFrequency": 123.143,
    "InstitutionName": "Virginia_Tech_Carilion_Research_Institute",
    "MagneticFieldStrength": 3,
    "Manufacturer": "Siemens",
    "ManufacturersModelName": "TrioTim",
    "Modality": "MR",
    "PartialFourier": 1,
    "PercentPhaseFOV": 100,
    "PercentSampling": 100,
    "PhaseEncodingDirection": "j-",
    "PhaseEncodingSteps": 64,
    "PhaseResolution": 1,
    "PixelBandwidth": 2232,
    "ReceiveCoilName": "HeadMatrix",
    "ReconMatrixPE": 64,
    "RepetitionTime": 2,
    "SAR": 0.149361,
    "ShimSetting": [
      5774,
      -10010,
      1683,
      307,
      -116,
      -314,
      244,
      -382
    ],
    "SliceThickness": 3,
    "SliceTiming": [
      1.945,
      1.8825,
      1.82,
      1.7575,
      1.695,
      1.6325,
      1.5675,
      1.505,
      1.4425,
      1.38,
      1.3175,
      1.255,
      1.1925,
      1.13,
      1.0675,
      1.005,
      0.9425,
      0.8775,
      0.815,
      0.7525,
      0.69,
      0.6275,
      0.565,
      0.5025,
      0.44,
      0.3775,
      0.315,
      0.2525,
      0.1875,
      0.125,
      0.0625,
      0
    ],
    "SoftwareVersions": "syngo_MR_B17",
    "SpacingBetweenSlices": 3.15,
    "TaskName": "DG",
    "TotalReadoutTime": 0.0321303,
    "TxRefAmp": 322.857,
    "dataset": "ds004128",
    "modality": "bold",
    "run_id": 2,
    "subject_id": "OZVPEC",
    "task_id": "DG"
  },
  "dummy_trs": 1,
  "dvars_nstd": 28.63361879552807,
  "dvars_std": 1.116747523448845,
  "dvars_vstd": 0.9843658634488452,
  "efc": 0.616712508851687,
  "fber": 311.0987243652344,
  "fd_mean": 0.4280092941879496,
  "fd_num": 492,
  "fd_perc": 81.05436573311367,
  "fwhm_avg": 1.834261780129098,
  "fwhm_x": 1.70781,
  "fwhm_y": 1.9308166666666666,
  "fwhm_z": 1.8641586737206268,
  "gcor": 0.0911501,
  "gsr_x": -0.017608005553483963,
  "gsr_y": 0.03223026171326637,
  "provenance": {
    "md5sum": "52f71c5dcba30f9c3a840f5fdf207e33",
    "settings": {
      "fd_thres": 0.2,
      "testing": false
    },
    "software": "mriqc",
    "version": "23.0.0",
    "webapi_port": null,
    "webapi_url": "https://mriqc.nimh.nih.gov/api/v1"
  },
  "size_t": 607,
  "size_x": 64,
  "size_y": 64,
  "size_z": 32,
  "snr": 6.2932489623219565,
  "spacing_tr": 2.0,
  "spacing_x": 3.0,
  "spacing_y": 3.0,
  "spacing_z": 3.1500000953674316,
  "summary_bg_k": 20.327271707897907,
  "summary_bg_mad": 30.504473908744938,
  "summary_bg_mean": 71.19873046875,
  "summary_bg_median": 48.30807113647461,
  "summary_bg_n": 68707.0,
  "summary_bg_p05": 22.7879732131958,
  "summary_bg_p95": 200.73821716308584,
  "summary_bg_stdv": 72.32978057861328,
  "summary_fg_k": 2.9023191024671577,
  "summary_fg_mad": 109.60515152089366,
  "summary_fg_mean": 887.9735717773438,
  "summary_fg_median": 887.85498046875,
  "summary_fg_n": 31139.0,
  "summary_fg_p05": 664.0037902832031,
  "summary_fg_p95": 1113.835864257812,
  "summary_fg_stdv": 141.07827758789062,
  "tsnr": 54.15776539919898
}