{
  "aor": 0.001270702614379085,
  "aqi": 0.012883086372549018,
  "bids_meta": {
    "AcquisitionMatrixPE": 64,
    "BandwidthPerPixelPhaseEncode": 30.637,
    "BaseResolution": 64,
    "DerivedVendorReportedEchoSpacing": 0.000510004,
    "DwellTime": 3.5e-06,
    "EchoTime": 0.03,
    "EffectiveEchoSpacing": 0.000510004,
    "FlipAngle": 78,
    "ImagingFrequency": 123.143,
    "InstitutionName": "Virginia_Tech_Carilion_Research_Institute",
    "MagneticFieldStrength": 3,
    "Manufacturer": "Siemens",
    "ManufacturersModelName": "TrioTim",
    "Modality": "MR",
    "PartialFourier": 1,
    "PercentPhaseFOV": 100,
    "PercentSampling": 100,
    "PhaseEncodingDirection": "j-",
    "PhaseEncodingSteps": 64,
    "PhaseResolution": 1,
    "PixelBandwidth": 2232,
    "ReceiveCoilName": "HeadMatrix",
    "ReconMatrixPE": 64,
    "RepetitionTime": 2,
    "SAR": 0.149361,
    "ShimSetting": [
      5774,
      -10010,
      1683,
      307,
      -116,
      -314,
      244,
      -382
    ],
    "SliceThickness": 3,
    "SliceTiming": [
      1.945,
      1.8825,
      1.82,
      1.7575,
      1.695,
      1.6325,
      1.5675,
      1.505,
      1.4425,
      1.38,
      1.3175,
      1.255,
      1.1925,
      1.13,
      1.0675,
      1.005,
      0.9425,
      0.8775,
      0.815,
      0.7525,
      0.69,
      0.6275,
      0.565,
      0.5025,
      0.44,
      0.3775,
      0.315,
      0.2525,
      0.1875,
      0.125,
      0.0625,
      0
    ],
    "SoftwareVersions": "syngo_MR_B17",
    "SpacingBetweenSlices": 3.15,
    "TaskName": "DG",
    "TotalReadoutTime": 0.0321303,
    "TxRefAmp": 322.857,
    "dataset": "ds004128",
    "modality": "bold",
    "run_id": 1,
    "subject_id": "OZVPEC",
    "task_id": "DG"
  },
  "dummy_trs": 0,
  "dvars_nstd": 31.685228307119484,
  "dvars_std": 1.1088308860720122,
  "dvars_vstd": 0.9857634126186576,
  "efc": 0.6172993276525237,
  "fber": 307.7692565917969,
  "fd_mean": 0.5318051765034779,
  "fd_num": 508,
  "fd_perc": 83.00653594771242,
  "fwhm_avg": 1.8374930500471613,
  "fwhm_x": 1.7152733333333332,
  "fwhm_y": 1.9406566666666667,
  "fwhm_z": 1.8565491501414846,
  "gcor": 0.0736924,
  "gsr_x": -0.015837088227272034,
  "gsr_y": 0.031145436689257622,
  "provenance": {
    "md5sum": "6fb4cf90fa8797e683583d6e85a76408",
    "settings": {
      "fd_thres": 0.2,
      "testing": false
    },
    "software": "mriqc",
    "version": "23.0.0",
    "webapi_port": null,
    "webapi_url": "https://mriqc.nimh.nih.gov/api/v1"
  },
  "size_t": 612,
  "size_x": 64,
  "size_y": 64,
  "size_z": 32,
  "snr": 6.282528744469897,
  "spacing_tr": 2.0,
  "spacing_x": 3.0,
  "spacing_y": 3.0,
  "spacing_z": 3.1500000953674316,
  "summary_bg_k": 21.988985190962854,
  "summary_bg_mad": 30.497513182272368,
  "summary_bg_mean": 71.25102996826172,
  "summary_bg_median": 48.44281005859375,
  "summary_bg_n": 68582.0,
  "summary_bg_p05": 22.30555534362793,
  "summary_bg_p95": 201.04820938110348,
  "summary_bg_stdv": 73.59375,
  "summary_fg_k": 2.9037880454113623,
  "summary_fg_mad": 109.2910577525567,
  "summary_fg_mean": 883.4569091796875,
  "summary_fg_median": 883.3839721679688,
  "summary_fg_n": 31136.0,
  "summary_fg_p05": 662.9501800537109,
  "summary_fg_p95": 1109.3517761230469,
  "summary_fg_stdv": 140.60736083984375,
  "tsnr": 47.48039829323534
}