{
  "aor": 0.0005021111111111112,
  "aqi": 0.013543186652777778,
  "bids_meta": {
    "AcquisitionMatrixPE": 64,
    "BandwidthPerPixelPhaseEncode": 30.637,
    "BaseResolution": 64,
    "DerivedVendorReportedEchoSpacing": 0.000510004,
    "DwellTime": 3.5e-06,
    "EchoTime": 0.03,
    "EffectiveEchoSpacing": 0.000510004,
    "FlipAngle": 78,
    "ImagingFrequency": 123.143,
    "InstitutionName": "Virginia_Tech_Carilion_Research_Institute",
    "MagneticFieldStrength": 3,
    "Manufacturer": "Siemens",
    "ManufacturersModelName": "TrioTim",
    "Modality": "MR",
    "PartialFourier": 1,
    "PercentPhaseFOV": 100,
    "PercentSampling": 100,
    "PhaseEncodingDirection": "j-",
    "PhaseEncodingSteps": 64,
    "PhaseResolution": 1,
    "PixelBandwidth": 2232,
    "ReceiveCoilName": "HeadMatrix",
    "ReconMatrixPE": 64,
    "RepetitionTime": 2,
    "SAR": 0.149361,
    "ShimSetting": [
      5774,
      -10010,
      1683,
      307,
      -116,
      -314,
      244,
      -382
    ],
    "SliceThickness": 3,
    "SliceTiming": [
      1.945,
      1.8825,
      1.82,
      1.7575,
      1.695,
      1.6325,
      1.5675,
      1.505,
      1.4425,
      1.38,
      1.3175,
      1.255,
      1.1925,
      1.13,
      1.0675,
      1.005,
      0.9425,
      0.8775,
      0.815,
      0.7525,
      0.69,
      0.6275,
      0.565,
      0.5025,
      0.44,
      0.3775,
      0.315,
      0.2525,
      0.1875,
      0.125,
      0.0625,
      0
    ],
    "SoftwareVersions": "syngo_MR_B17",
    "SpacingBetweenSlices": 3.15,
    "TaskName": "DG",
    "TotalReadoutTime": 0.0321303,
    "TxRefAmp": 322.857,
    "dataset": "ds004128",
    "modality": "bold",
    "run_id": 1,
    "subject_id": "MFYQGO",
    "task_id": "DG"
  },
  "dummy_trs": 0,
  "dvars_nstd": 21.632248198122376,
  "dvars_std": 1.0900832557301807,
  "dvars_vstd": 0.9571845377051448,
  "efc": 0.6001373099300252,
  "fber": 695.8634643554688,
  "fd_mean": 0.10697698974451239,
  "fd_num": 60,
  "fd_perc": 8.333333333333334,
  "fwhm_avg": 1.8949588170674598,
  "fwhm_x": 1.85315,
  "fwhm_y": 1.9577900000000001,
  "fwhm_z": 1.8739364512023788,
  "gcor": 0.059153,
  "gsr_x": -0.008352905511856079,
  "gsr_y": 0.02414408139884472,
  "provenance": {
    "md5sum": "66b0661125e514a9ad11f49de41ea7b5",
    "settings": {
      "fd_thres": 0.2,
      "testing": false
    },
    "software": "mriqc",
    "version": "23.0.0",
    "webapi_port": null,
    "webapi_url": "https://mriqc.nimh.nih.gov/api/v1"
  },
  "size_t": 720,
  "size_x": 64,
  "size_y": 64,
  "size_z": 32,
  "snr": 7.180614427868476,
  "spacing_tr": 2.0,
  "spacing_x": 3.0,
  "spacing_y": 3.0,
  "spacing_z": 3.1500000953674316,
  "summary_bg_k": 26.947512226251956,
  "summary_bg_mad": 12.402378669078898,
  "summary_bg_mean": 56.76392364501953,
  "summary_bg_median": 30.118057250976562,
  "summary_bg_n": 69496.0,
  "summary_bg_p05": 21.030555725097656,
  "summary_bg_p95": 192.81250762939453,
  "summary_bg_stdv": 73.10507202148438,
  "summary_fg_k": 1.7844218190424117,
  "summary_fg_mad": 102.80711629976238,
  "summary_fg_mean": 841.2754516601562,
  "summary_fg_median": 838.7923583984375,
  "summary_fg_n": 30650.0,
  "summary_fg_p05": 654.9163787841796,
  "summary_fg_p95": 1031.9376892089842,
  "summary_fg_stdv": 116.8115463256836,
  "tsnr": 57.61788484524004
}