{
  "aor": 0.0004670860927152318,
  "aqi": 0.01392617509933775,
  "bids_meta": {
    "AcquisitionMatrixPE": 64,
    "BandwidthPerPixelPhaseEncode": 30.637,
    "BaseResolution": 64,
    "DerivedVendorReportedEchoSpacing": 0.000510004,
    "DwellTime": 3.5e-06,
    "EchoTime": 0.03,
    "EffectiveEchoSpacing": 0.000510004,
    "FlipAngle": 78,
    "ImagingFrequency": 123.143,
    "InstitutionName": "Virginia_Tech_Carilion_Research_Institute",
    "MagneticFieldStrength": 3,
    "Manufacturer": "Siemens",
    "ManufacturersModelName": "TrioTim",
    "Modality": "MR",
    "PartialFourier": 1,
    "PercentPhaseFOV": 100,
    "PercentSampling": 100,
    "PhaseEncodingDirection": "j-",
    "PhaseEncodingSteps": 64,
    "PhaseResolution": 1,
    "PixelBandwidth": 2232,
    "ReceiveCoilName": "HeadMatrix",
    "ReconMatrixPE": 64,
    "RepetitionTime": 2,
    "SAR": 0.149361,
    "ShimSetting": [
      5774,
      -10010,
      1683,
      307,
      -116,
      -314,
      244,
      -382
    ],
    "SliceThickness": 3,
    "SliceTiming": [
      1.945,
      1.8825,
      1.82,
      1.7575,
      1.695,
      1.6325,
      1.5675,
      1.505,
      1.4425,
      1.38,
      1.3175,
      1.255,
      1.1925,
      1.13,
      1.0675,
      1.005,
      0.9425,
      0.8775,
      0.815,
      0.7525,
      0.69,
      0.6275,
      0.565,
      0.5025,
      0.44,
      0.3775,
      0.315,
      0.2525,
      0.1875,
      0.125,
      0.0625,
      0
    ],
    "SoftwareVersions": "syngo_MR_B17",
    "SpacingBetweenSlices": 3.15,
    "TaskName": "DG",
    "TotalReadoutTime": 0.0321303,
    "TxRefAmp": 322.857,
    "dataset": "ds004128",
    "modality": "bold",
    "run_id": 1,
    "subject_id": "3E6MS",
    "task_id": "DG"
  },
  "dummy_trs": 1,
  "dvars_nstd": 24.18589237394694,
  "dvars_std": 1.0632412135489213,
  "dvars_vstd": 0.9321439513930355,
  "efc": 0.57435528227228,
  "fber": 864.888427734375,
  "fd_mean": 0.18111591347538603,
  "fd_num": 218,
  "fd_perc": 36.09271523178808,
  "fwhm_avg": 1.7795255901443294,
  "fwhm_x": 1.72095,
  "fwhm_y": 1.8021633333333333,
  "fwhm_z": 1.8154634370996554,
  "gcor": 0.0590193,
  "gsr_x": -0.01645735092461109,
  "gsr_y": 0.01955355517566204,
  "provenance": {
    "md5sum": "786525dd30bbd5a01c85d97a66208053",
    "settings": {
      "fd_thres": 0.2,
      "testing": false
    },
    "software": "mriqc",
    "version": "23.0.0",
    "webapi_port": null,
    "webapi_url": "https://mriqc.nimh.nih.gov/api/v1"
  },
  "size_t": 604,
  "size_x": 64,
  "size_y": 64,
  "size_z": 32,
  "snr": 6.410166293698679,
  "spacing_tr": 2.0,
  "spacing_x": 3.0,
  "spacing_y": 3.0,
  "spacing_z": 3.1500000953674316,
  "summary_bg_k": 28.913177924424126,
  "summary_bg_mad": 8.110130040331509,
  "summary_bg_mean": 39.86640548706055,
  "summary_bg_median": 24.61258316040039,
  "summary_bg_n": 70730.0,
  "summary_bg_p05": 18.178808212280273,
  "summary_bg_p95": 106.81969985961925,
  "summary_bg_stdv": 43.750816345214844,
  "summary_fg_k": 2.8637915495281963,
  "summary_fg_mad": 94.37721418975045,
  "summary_fg_mean": 763.4854125976562,
  "summary_fg_median": 753.9263305664062,
  "summary_fg_n": 29840.0,
  "summary_fg_p05": 593.1705993652344,
  "summary_fg_p95": 957.4641418457031,
  "summary_fg_stdv": 117.61219024658203,
  "tsnr": 54.736959231086075
}