{
  "aor": 0.0009791839762611277,
  "aqi": 0.0062587591988130555,
  "bids_meta": {
    "AcquisitionMatrixPE": 64,
    "BandwidthPerPixelPhaseEncode": 30.637,
    "BaseResolution": 64,
    "DerivedVendorReportedEchoSpacing": 0.000510004,
    "DwellTime": 3.5e-06,
    "EchoTime": 0.03,
    "EffectiveEchoSpacing": 0.000510004,
    "FlipAngle": 78,
    "ImagingFrequency": 123.143,
    "InstitutionName": "Virginia_Tech_Carilion_Research_Institute",
    "MagneticFieldStrength": 3,
    "Manufacturer": "Siemens",
    "ManufacturersModelName": "TrioTim",
    "Modality": "MR",
    "PartialFourier": 1,
    "PercentPhaseFOV": 100,
    "PercentSampling": 100,
    "PhaseEncodingDirection": "j-",
    "PhaseEncodingSteps": 64,
    "PhaseResolution": 1,
    "PixelBandwidth": 2232,
    "ReceiveCoilName": "HeadMatrix",
    "ReconMatrixPE": 64,
    "RepetitionTime": 2,
    "SAR": 0.149361,
    "ShimSetting": [
      5774,
      -10010,
      1683,
      307,
      -116,
      -314,
      244,
      -382
    ],
    "SliceThickness": 3,
    "SliceTiming": [
      1.945,
      1.8825,
      1.82,
      1.7575,
      1.695,
      1.6325,
      1.5675,
      1.505,
      1.4425,
      1.38,
      1.3175,
      1.255,
      1.1925,
      1.13,
      1.0675,
      1.005,
      0.9425,
      0.8775,
      0.815,
      0.7525,
      0.69,
      0.6275,
      0.565,
      0.5025,
      0.44,
      0.3775,
      0.315,
      0.2525,
      0.1875,
      0.125,
      0.0625,
      0
    ],
    "SoftwareVersions": "syngo_MR_B17",
    "SpacingBetweenSlices": 3.15,
    "TaskName": "DG",
    "TotalReadoutTime": 0.0321303,
    "TxRefAmp": 322.857,
    "dataset": "ds004128",
    "modality": "bold",
    "run_id": 2,
    "subject_id": "IHNESY",
    "task_id": "DG"
  },
  "dummy_trs": 1,
  "dvars_nstd": 21.341418318841036,
  "dvars_std": 1.108562286597325,
  "dvars_vstd": 0.990147062540862,
  "efc": 0.608731052083959,
  "fber": 632.9126586914062,
  "fd_mean": 0.0883849449748368,
  "fd_num": 9,
  "fd_perc": 1.3353115727002967,
  "fwhm_avg": 1.9645612492857325,
  "fwhm_x": 1.8755899999999999,
  "fwhm_y": 1.9812366666666668,
  "fwhm_z": 2.0368570811905307,
  "gcor": 0.0760859,
  "gsr_x": -0.01487185899168253,
  "gsr_y": 0.04200159013271332,
  "provenance": {
    "md5sum": "28649e5cf538145036f5d50fcd88e672",
    "settings": {
      "fd_thres": 0.2,
      "testing": false
    },
    "software": "mriqc",
    "version": "23.0.0",
    "webapi_port": null,
    "webapi_url": "https://mriqc.nimh.nih.gov/api/v1"
  },
  "size_t": 674,
  "size_x": 64,
  "size_y": 64,
  "size_z": 32,
  "snr": 6.22859699073131,
  "spacing_tr": 2.0,
  "spacing_x": 3.0,
  "spacing_y": 3.0,
  "spacing_z": 3.1500000953674316,
  "summary_bg_k": 13.040813976316105,
  "summary_bg_mad": 15.092186904852015,
  "summary_bg_mean": 66.36985778808594,
  "summary_bg_median": 33.52670669555664,
  "summary_bg_n": 68485.0,
  "summary_bg_p05": 22.964391708374023,
  "summary_bg_p95": 217.3418365478514,
  "summary_bg_stdv": 76.53331756591797,
  "summary_fg_k": 1.6245763575907874,
  "summary_fg_mad": 128.48923623578878,
  "summary_fg_mean": 903.3534545898438,
  "summary_fg_median": 898.8323364257812,
  "summary_fg_n": 31609.0,
  "summary_fg_p05": 681.0990966796875,
  "summary_fg_p95": 1136.860498046875,
  "summary_fg_stdv": 144.30506896972656,
  "tsnr": 64.87805449124426
}