{
  "aor": 0.0007698415213946117,
  "aqi": 0.005618679952456418,
  "bids_meta": {
    "AcquisitionMatrixPE": 64,
    "BandwidthPerPixelPhaseEncode": 30.637,
    "BaseResolution": 64,
    "DerivedVendorReportedEchoSpacing": 0.000510004,
    "DwellTime": 3.5e-06,
    "EchoTime": 0.03,
    "EffectiveEchoSpacing": 0.000510004,
    "FlipAngle": 78,
    "ImagingFrequency": 123.143,
    "InstitutionName": "Virginia_Tech_Carilion_Research_Institute",
    "MagneticFieldStrength": 3,
    "Manufacturer": "Siemens",
    "ManufacturersModelName": "TrioTim",
    "Modality": "MR",
    "PartialFourier": 1,
    "PercentPhaseFOV": 100,
    "PercentSampling": 100,
    "PhaseEncodingDirection": "j-",
    "PhaseEncodingSteps": 64,
    "PhaseResolution": 1,
    "PixelBandwidth": 2232,
    "ReceiveCoilName": "HeadMatrix",
    "ReconMatrixPE": 64,
    "RepetitionTime": 2,
    "SAR": 0.149361,
    "ShimSetting": [
      5774,
      -10010,
      1683,
      307,
      -116,
      -314,
      244,
      -382
    ],
    "SliceThickness": 3,
    "SliceTiming": [
      1.945,
      1.8825,
      1.82,
      1.7575,
      1.695,
      1.6325,
      1.5675,
      1.505,
      1.4425,
      1.38,
      1.3175,
      1.255,
      1.1925,
      1.13,
      1.0675,
      1.005,
      0.9425,
      0.8775,
      0.815,
      0.7525,
      0.69,
      0.6275,
      0.565,
      0.5025,
      0.44,
      0.3775,
      0.315,
      0.2525,
      0.1875,
      0.125,
      0.0625,
      0
    ],
    "SoftwareVersions": "syngo_MR_B17",
    "SpacingBetweenSlices": 3.15,
    "TaskName": "DG",
    "TotalReadoutTime": 0.0321303,
    "TxRefAmp": 322.857,
    "dataset": "ds004128",
    "modality": "bold",
    "run_id": 1,
    "subject_id": "IHNESY",
    "task_id": "DG"
  },
  "dummy_trs": 0,
  "dvars_nstd": 23.039267449158732,
  "dvars_std": 1.1625376528730158,
  "dvars_vstd": 0.9903442175396827,
  "efc": 0.6073881904532166,
  "fber": 652.8718872070312,
  "fd_mean": 0.0898475886833351,
  "fd_num": 17,
  "fd_perc": 2.6941362916006337,
  "fwhm_avg": 1.9787412490677498,
  "fwhm_x": 1.8666533333333335,
  "fwhm_y": 2.0111133333333333,
  "fwhm_z": 2.0584570805365825,
  "gcor": 0.146258,
  "gsr_x": -0.015448914840817451,
  "gsr_y": 0.04172876849770546,
  "provenance": {
    "md5sum": "4fbbeef9599a666691d609c5f13a9265",
    "settings": {
      "fd_thres": 0.2,
      "testing": false
    },
    "software": "mriqc",
    "version": "23.0.0",
    "webapi_port": null,
    "webapi_url": "https://mriqc.nimh.nih.gov/api/v1"
  },
  "size_t": 631,
  "size_x": 64,
  "size_y": 64,
  "size_z": 32,
  "snr": 6.207140890224004,
  "spacing_tr": 2.0,
  "spacing_x": 3.0,
  "spacing_y": 3.0,
  "spacing_z": 3.1500000953674316,
  "summary_bg_k": 13.675646194540612,
  "summary_bg_mad": 14.58871273762489,
  "summary_bg_mean": 65.5738754272461,
  "summary_bg_median": 32.94928741455078,
  "summary_bg_n": 68588.0,
  "summary_bg_p05": 22.670919132232665,
  "summary_bg_p95": 215.58772430419913,
  "summary_bg_stdv": 76.45020294189453,
  "summary_fg_k": 1.5278383129743967,
  "summary_fg_mad": 128.08180114735973,
  "summary_fg_mean": 900.56787109375,
  "summary_fg_median": 895.47705078125,
  "summary_fg_n": 31536.0,
  "summary_fg_p05": 675.7116088867188,
  "summary_fg_p95": 1131.8697204589844,
  "summary_fg_stdv": 144.26333618164062,
  "tsnr": 64.22785465791821
}