{
  "aor": 0.0007232718894009217,
  "aqi": 0.014791914362519204,
  "bids_meta": {
    "AcquisitionMatrixPE": 64,
    "BandwidthPerPixelPhaseEncode": 30.637,
    "BaseResolution": 64,
    "DerivedVendorReportedEchoSpacing": 0.000510004,
    "DwellTime": 3.5e-06,
    "EchoTime": 0.03,
    "EffectiveEchoSpacing": 0.000510004,
    "FlipAngle": 78,
    "ImagingFrequency": 123.143,
    "InstitutionName": "Virginia_Tech_Carilion_Research_Institute",
    "MagneticFieldStrength": 3,
    "Manufacturer": "Siemens",
    "ManufacturersModelName": "TrioTim",
    "Modality": "MR",
    "PartialFourier": 1,
    "PercentPhaseFOV": 100,
    "PercentSampling": 100,
    "PhaseEncodingDirection": "j-",
    "PhaseEncodingSteps": 64,
    "PhaseResolution": 1,
    "PixelBandwidth": 2232,
    "ReceiveCoilName": "HeadMatrix",
    "ReconMatrixPE": 64,
    "RepetitionTime": 2,
    "SAR": 0.149361,
    "ShimSetting": [
      5774,
      -10010,
      1683,
      307,
      -116,
      -314,
      244,
      -382
    ],
    "SliceThickness": 3,
    "SliceTiming": [
      1.945,
      1.8825,
      1.82,
      1.7575,
      1.695,
      1.6325,
      1.5675,
      1.505,
      1.4425,
      1.38,
      1.3175,
      1.255,
      1.1925,
      1.13,
      1.0675,
      1.005,
      0.9425,
      0.8775,
      0.815,
      0.7525,
      0.69,
      0.6275,
      0.565,
      0.5025,
      0.44,
      0.3775,
      0.315,
      0.2525,
      0.1875,
      0.125,
      0.0625,
      0
    ],
    "SoftwareVersions": "syngo_MR_B17",
    "SpacingBetweenSlices": 3.15,
    "TaskName": "DG",
    "TotalReadoutTime": 0.0321303,
    "TxRefAmp": 322.857,
    "dataset": "ds004128",
    "modality": "bold",
    "run_id": 2,
    "subject_id": "OXTFCM",
    "task_id": "DG"
  },
  "dummy_trs": 0,
  "dvars_nstd": 38.322494004892256,
  "dvars_std": 1.1037162296615384,
  "dvars_vstd": 0.9765433655076924,
  "efc": 0.6562923896905632,
  "fber": 288.5096435546875,
  "fd_mean": 0.5463959453896426,
  "fd_num": 578,
  "fd_perc": 88.78648233486943,
  "fwhm_avg": 2.1077813013252324,
  "fwhm_x": 2.0114366666666665,
  "fwhm_y": 2.1887866666666667,
  "fwhm_z": 2.1231205706423633,
  "gcor": 0.0420156,
  "gsr_x": -0.01119049359112978,
  "gsr_y": 0.05360264331102371,
  "provenance": {
    "md5sum": "76a41e4c89be00f785738cbeec20253a",
    "settings": {
      "fd_thres": 0.2,
      "testing": false
    },
    "software": "mriqc",
    "version": "23.0.0",
    "webapi_port": null,
    "webapi_url": "https://mriqc.nimh.nih.gov/api/v1"
  },
  "size_t": 651,
  "size_x": 64,
  "size_y": 64,
  "size_z": 32,
  "snr": 4.619277546384166,
  "spacing_tr": 2.0,
  "spacing_x": 3.0,
  "spacing_y": 3.0,
  "spacing_z": 3.1500000953674316,
  "summary_bg_k": 9.80237006186463,
  "summary_bg_mad": 20.28500479480221,
  "summary_bg_mean": 69.46556854248047,
  "summary_bg_median": 36.0476188659668,
  "summary_bg_n": 62993.0,
  "summary_bg_p05": 20.21505355834961,
  "summary_bg_p95": 229.95176391601515,
  "summary_bg_stdv": 79.03595733642578,
  "summary_fg_k": 1.3486118234120692,
  "summary_fg_mad": 113.23347296579117,
  "summary_fg_mean": 661.8797607421875,
  "summary_fg_median": 646.7066040039062,
  "summary_fg_n": 36725.0,
  "summary_fg_p05": 449.16160278320314,
  "summary_fg_p95": 912.0601928710934,
  "summary_fg_stdv": 139.99977111816406,
  "tsnr": 36.82659327914007
}