{
  "aor": 0.0006795213675213675,
  "aqi": 0.006805534974358975,
  "bids_meta": {
    "AcquisitionMatrixPE": 64,
    "BandwidthPerPixelPhaseEncode": 30.637,
    "BaseResolution": 64,
    "DerivedVendorReportedEchoSpacing": 0.000510004,
    "DwellTime": 3.5e-06,
    "EchoTime": 0.03,
    "EffectiveEchoSpacing": 0.000510004,
    "FlipAngle": 78,
    "ImagingFrequency": 123.143,
    "InstitutionName": "Virginia_Tech_Carilion_Research_Institute",
    "MagneticFieldStrength": 3,
    "Manufacturer": "Siemens",
    "ManufacturersModelName": "TrioTim",
    "Modality": "MR",
    "PartialFourier": 1,
    "PercentPhaseFOV": 100,
    "PercentSampling": 100,
    "PhaseEncodingDirection": "j-",
    "PhaseEncodingSteps": 64,
    "PhaseResolution": 1,
    "PixelBandwidth": 2232,
    "ReceiveCoilName": "HeadMatrix",
    "ReconMatrixPE": 64,
    "RepetitionTime": 2,
    "SAR": 0.149361,
    "ShimSetting": [
      5774,
      -10010,
      1683,
      307,
      -116,
      -314,
      244,
      -382
    ],
    "SliceThickness": 3,
    "SliceTiming": [
      1.945,
      1.8825,
      1.82,
      1.7575,
      1.695,
      1.6325,
      1.5675,
      1.505,
      1.4425,
      1.38,
      1.3175,
      1.255,
      1.1925,
      1.13,
      1.0675,
      1.005,
      0.9425,
      0.8775,
      0.815,
      0.7525,
      0.69,
      0.6275,
      0.565,
      0.5025,
      0.44,
      0.3775,
      0.315,
      0.2525,
      0.1875,
      0.125,
      0.0625,
      0
    ],
    "SoftwareVersions": "syngo_MR_B17",
    "SpacingBetweenSlices": 3.15,
    "TaskName": "DG",
    "TotalReadoutTime": 0.0321303,
    "TxRefAmp": 322.857,
    "dataset": "ds004128",
    "modality": "bold",
    "run_id": 1,
    "subject_id": "AIMMAY",
    "task_id": "DG"
  },
  "dummy_trs": 0,
  "dvars_nstd": 25.88985896791096,
  "dvars_std": 1.1894333807534254,
  "dvars_vstd": 0.9918318839212328,
  "efc": 0.6356722385881003,
  "fber": 600.4003295898438,
  "fd_mean": 0.14276039135826413,
  "fd_num": 50,
  "fd_perc": 8.547008547008547,
  "fwhm_avg": 1.882515637739831,
  "fwhm_x": 1.8132133333333333,
  "fwhm_y": 1.90047,
  "fwhm_z": 1.9338635798861599,
  "gcor": 0.0547543,
  "gsr_x": -0.0176133681088686,
  "gsr_y": 0.03518719598650932,
  "provenance": {
    "md5sum": "9dd1bf08e4eed4056780bfc09e709a93",
    "settings": {
      "fd_thres": 0.2,
      "testing": false
    },
    "software": "mriqc",
    "version": "23.0.0",
    "webapi_port": null,
    "webapi_url": "https://mriqc.nimh.nih.gov/api/v1"
  },
  "size_t": 585,
  "size_x": 64,
  "size_y": 64,
  "size_z": 32,
  "snr": 6.0341120002489825,
  "spacing_tr": 2.0,
  "spacing_x": 3.0,
  "spacing_y": 3.0,
  "spacing_z": 3.1499998569488525,
  "summary_bg_k": 13.046009688730237,
  "summary_bg_mad": 15.005960428475152,
  "summary_bg_mean": 66.50835418701172,
  "summary_bg_median": 32.79999923706055,
  "summary_bg_n": 63374.0,
  "summary_bg_p05": 22.070085525512695,
  "summary_bg_p95": 234.39786300659168,
  "summary_bg_stdv": 78.13778686523438,
  "summary_fg_k": 1.5392348146740717,
  "summary_fg_mad": 136.06232565623037,
  "summary_fg_mean": 874.3356323242188,
  "summary_fg_median": 866.4906005859375,
  "summary_fg_n": 35651.0,
  "summary_fg_p05": 661.3153686523438,
  "summary_fg_p95": 1108.6640625,
  "summary_fg_stdv": 143.5966796875,
  "tsnr": 62.06654840649571
}