{
  "bids_meta": {
    "AcquisitionMatrixPE": 230,
    "BaseResolution": 256,
    "DwellTime": 8.2e-06,
    "EchoTime": 0.00298,
    "FlipAngle": 9,
    "ImagingFrequency": 123.143,
    "InstitutionName": "Virginia_Tech_Carilion_Research_Institute",
    "InversionTime": 0.9,
    "MagneticFieldStrength": 3,
    "Manufacturer": "Siemens",
    "ManufacturersModelName": "TrioTim",
    "Modality": "MR",
    "ParallelReductionFactorInPlane": 2,
    "PartialFourier": 1,
    "PercentPhaseFOV": 93.75,
    "PercentSampling": 96,
    "PhaseEncodingSteps": 230,
    "PhaseResolution": 0.96,
    "PixelBandwidth": 238,
    "ReconMatrixPE": 240,
    "RefLinesPE": 24,
    "RepetitionTime": 2.3,
    "SAR": 0.103976,
    "ShimSetting": [
      5773,
      -10058,
      1620,
      121,
      -144,
      -489,
      193,
      -298
    ],
    "SliceThickness": 1,
    "SoftwareVersions": "syngo_MR_B17",
    "TxRefAmp": 322.857,
    "dataset": "ds004128",
    "modality": "T1w",
    "subject_id": "MFYQGO"
  },
  "cjv": 0.4088848391779059,
  "cnr": 3.358938867979963,
  "efc": 0.6806494194374502,
  "fber": 7070.729328302688,
  "fwhm_avg": 3.4862633333333335,
  "fwhm_x": 3.64316,
  "fwhm_y": 3.58002,
  "fwhm_z": 3.23561,
  "icvs_csf": 0.20127961500875122,
  "icvs_gm": 0.43368617043818236,
  "icvs_wm": 0.36503421455306645,
  "inu_med": 0.6784232258796692,
  "inu_range": 0.31172341108322144,
  "provenance": {
    "md5sum": "8207cecbbfc04b0253d3eb500690e6c9",
    "settings": {
      "testing": false
    },
    "software": "mriqc",
    "version": "23.0.0",
    "warnings": {
      "large_rot_frame": false,
      "small_air_mask": false
    },
    "webapi_port": null,
    "webapi_url": "https://mriqc.nimh.nih.gov/api/v1"
  },
  "qi_1": 0.0,
  "qi_2": 0.003341907791369933,
  "rpve_csf": 14.693617746148314,
  "rpve_gm": 7.018956998906421,
  "rpve_wm": 9.452328314633773,
  "size_x": 160,
  "size_y": 184,
  "size_z": 200,
  "snr_csf": 1.9904949779461616,
  "snr_gm": 9.073751455715161,
  "snr_total": 9.363134102665553,
  "snr_wm": 17.025155874335333,
  "snrd_csf": 10.538610624553154,
  "snrd_gm": 28.27068332261407,
  "snrd_total": 26.860323887850644,
  "snrd_wm": 41.7716777163847,
  "spacing_x": 1.0,
  "spacing_y": 1.0,
  "spacing_z": 1.0,
  "summary_bg_k": 10.166382260102331,
  "summary_bg_mad": 0.0,
  "summary_bg_mean": 8.512790451336704,
  "summary_bg_median": 0.0,
  "summary_bg_n": 901547.0,
  "summary_bg_p05": 0.0,
  "summary_bg_p95": 40.55495639815726,
  "summary_bg_stdv": 15.683745758910174,
  "summary_csf_k": 0.48745127545281663,
  "summary_csf_mad": 120.89793032185635,
  "summary_csf_mean": 263.1489749496998,
  "summary_csf_median": 252.29080491885543,
  "summary_csf_n": 21890.0,
  "summary_csf_p05": 70.65820317827165,
  "summary_csf_p95": 493.16625216267994,
  "summary_csf_stdv": 126.74487750677281,
  "summary_gm_k": -0.014110407867586883,
  "summary_gm_mad": 74.56063336652602,
  "summary_gm_mean": 676.1195323294265,
  "summary_gm_median": 676.7906800210476,
  "summary_gm_n": 18824.0,
  "summary_gm_p05": 550.1462455321104,
  "summary_gm_p95": 796.3002470880747,
  "summary_gm_stdv": 74.58576601775941,
  "summary_wm_k": 0.2122882103489072,
  "summary_wm_mad": 57.59474074420274,
  "summary_wm_mean": 1001.2000787984655,
  "summary_wm_median": 999.9999591335654,
  "summary_wm_n": 176424.0,
  "summary_wm_p05": 906.7756136208773,
  "summary_wm_p95": 1099.376165010035,
  "summary_wm_stdv": 58.73644461344319,
  "tpm_overlap_csf": 0.1639078529524744,
  "tpm_overlap_gm": 0.46043312218918925,
  "tpm_overlap_wm": 0.49429383546724526,
  "wm2max": 0.4357320936510019
}