{
  "aor": 0.0005888013136288999,
  "aqi": 0.008803652660098523,
  "bids_meta": {
    "AcquisitionMatrixPE": 64,
    "BandwidthPerPixelPhaseEncode": 30.637,
    "BaseResolution": 64,
    "DerivedVendorReportedEchoSpacing": 0.000510004,
    "DwellTime": 3.5e-06,
    "EchoTime": 0.03,
    "EffectiveEchoSpacing": 0.000510004,
    "FlipAngle": 78,
    "ImagingFrequency": 123.143,
    "InstitutionName": "Virginia_Tech_Carilion_Research_Institute",
    "MagneticFieldStrength": 3,
    "Manufacturer": "Siemens",
    "ManufacturersModelName": "TrioTim",
    "Modality": "MR",
    "PartialFourier": 1,
    "PercentPhaseFOV": 100,
    "PercentSampling": 100,
    "PhaseEncodingDirection": "j-",
    "PhaseEncodingSteps": 64,
    "PhaseResolution": 1,
    "PixelBandwidth": 2232,
    "ReceiveCoilName": "HeadMatrix",
    "ReconMatrixPE": 64,
    "RepetitionTime": 2,
    "SAR": 0.149361,
    "ShimSetting": [
      5774,
      -10010,
      1683,
      307,
      -116,
      -314,
      244,
      -382
    ],
    "SliceThickness": 3,
    "SliceTiming": [
      1.945,
      1.8825,
      1.82,
      1.7575,
      1.695,
      1.6325,
      1.5675,
      1.505,
      1.4425,
      1.38,
      1.3175,
      1.255,
      1.1925,
      1.13,
      1.0675,
      1.005,
      0.9425,
      0.8775,
      0.815,
      0.7525,
      0.69,
      0.6275,
      0.565,
      0.5025,
      0.44,
      0.3775,
      0.315,
      0.2525,
      0.1875,
      0.125,
      0.0625,
      0
    ],
    "SoftwareVersions": "syngo_MR_B17",
    "SpacingBetweenSlices": 3.15,
    "TaskName": "DG",
    "TotalReadoutTime": 0.0321303,
    "TxRefAmp": 322.857,
    "dataset": "ds004128",
    "modality": "bold",
    "run_id": 2,
    "subject_id": "XMPFLT",
    "task_id": "DG"
  },
  "dummy_trs": 1,
  "dvars_nstd": 22.413677500953956,
  "dvars_std": 1.1350132305098677,
  "dvars_vstd": 0.9748495580592106,
  "efc": 0.6136899971522344,
  "fber": 970.7293701171875,
  "fd_mean": 0.1337341574361052,
  "fd_num": 92,
  "fd_perc": 15.106732348111658,
  "fwhm_avg": 1.8843796571916596,
  "fwhm_x": 1.8203933333333333,
  "fwhm_y": 2.01199,
  "fwhm_z": 1.8207556382416454,
  "gcor": 0.0975332,
  "gsr_x": -0.010249918326735497,
  "gsr_y": 0.027511566877365112,
  "provenance": {
    "md5sum": "88a3de34f3abea794d54386db87faf3b",
    "settings": {
      "fd_thres": 0.2,
      "testing": false
    },
    "software": "mriqc",
    "version": "23.0.0",
    "webapi_port": null,
    "webapi_url": "https://mriqc.nimh.nih.gov/api/v1"
  },
  "size_t": 609,
  "size_x": 64,
  "size_y": 64,
  "size_z": 32,
  "snr": 7.033716997757565,
  "spacing_tr": 2.0,
  "spacing_x": 3.0,
  "spacing_y": 3.0,
  "spacing_z": 3.1499998569488525,
  "summary_bg_k": 21.061798414084084,
  "summary_bg_mad": 9.61865506183287,
  "summary_bg_mean": 57.68989181518555,
  "summary_bg_median": 29.330049514770508,
  "summary_bg_n": 64215.0,
  "summary_bg_p05": 22.41494312286377,
  "summary_bg_p95": 183.6210189819335,
  "summary_bg_stdv": 78.15245819091797,
  "summary_fg_k": 2.0032602580821983,
  "summary_fg_mad": 118.73359780972359,
  "summary_fg_mean": 959.0203247070312,
  "summary_fg_median": 956.2225341796875,
  "summary_fg_n": 35358.0,
  "summary_fg_p05": 742.5178344726563,
  "summary_fg_p95": 1174.9133239746097,
  "summary_fg_stdv": 135.94647216796875,
  "tsnr": 63.710412344837096
}