{
  "aor": 0.0020194590417310664,
  "aqi": 0.009665998268933539,
  "bids_meta": {
    "AcquisitionMatrixPE": 64,
    "BandwidthPerPixelPhaseEncode": 30.637,
    "BaseResolution": 64,
    "DerivedVendorReportedEchoSpacing": 0.000510004,
    "DwellTime": 3.5e-06,
    "EchoTime": 0.03,
    "EffectiveEchoSpacing": 0.000510004,
    "FlipAngle": 78,
    "ImagingFrequency": 123.143,
    "InstitutionName": "Virginia_Tech_Carilion_Research_Institute",
    "MagneticFieldStrength": 3,
    "Manufacturer": "Siemens",
    "ManufacturersModelName": "TrioTim",
    "Modality": "MR",
    "PartialFourier": 1,
    "PercentPhaseFOV": 100,
    "PercentSampling": 100,
    "PhaseEncodingDirection": "j-",
    "PhaseEncodingSteps": 64,
    "PhaseResolution": 1,
    "PixelBandwidth": 2232,
    "ReceiveCoilName": "HeadMatrix",
    "ReconMatrixPE": 64,
    "RepetitionTime": 2,
    "SAR": 0.149361,
    "ShimSetting": [
      5774,
      -10010,
      1683,
      307,
      -116,
      -314,
      244,
      -382
    ],
    "SliceThickness": 3,
    "SliceTiming": [
      1.945,
      1.8825,
      1.82,
      1.7575,
      1.695,
      1.6325,
      1.5675,
      1.505,
      1.4425,
      1.38,
      1.3175,
      1.255,
      1.1925,
      1.13,
      1.0675,
      1.005,
      0.9425,
      0.8775,
      0.815,
      0.7525,
      0.69,
      0.6275,
      0.565,
      0.5025,
      0.44,
      0.3775,
      0.315,
      0.2525,
      0.1875,
      0.125,
      0.0625,
      0
    ],
    "SoftwareVersions": "syngo_MR_B17",
    "SpacingBetweenSlices": 3.15,
    "TaskName": "DG",
    "TotalReadoutTime": 0.0321303,
    "TxRefAmp": 322.857,
    "dataset": "ds004128",
    "modality": "bold",
    "run_id": 1,
    "subject_id": "XMPFLT",
    "task_id": "DG"
  },
  "dummy_trs": 0,
  "dvars_nstd": 23.201859297198133,
  "dvars_std": 1.1430989266099092,
  "dvars_vstd": 0.978750130882353,
  "efc": 0.6125757625069945,
  "fber": 988.9205322265625,
  "fd_mean": 0.1656666431516986,
  "fd_num": 168,
  "fd_perc": 25.965996908809892,
  "fwhm_avg": 1.8943580172156385,
  "fwhm_x": 1.8372466666666665,
  "fwhm_y": 2.0095066666666668,
  "fwhm_z": 1.8363207183135828,
  "gcor": 0.0581754,
  "gsr_x": -0.009592153131961823,
  "gsr_y": 0.028078338131308556,
  "provenance": {
    "md5sum": "b857afba2e5c0733f7176c9f3844fffc",
    "settings": {
      "fd_thres": 0.2,
      "testing": false
    },
    "software": "mriqc",
    "version": "23.0.0",
    "webapi_port": null,
    "webapi_url": "https://mriqc.nimh.nih.gov/api/v1"
  },
  "size_t": 647,
  "size_x": 64,
  "size_y": 64,
  "size_z": 32,
  "snr": 7.067029774061644,
  "spacing_tr": 2.0,
  "spacing_x": 3.0,
  "spacing_y": 3.0,
  "spacing_z": 3.1499998569488525,
  "summary_bg_k": 21.254845421041917,
  "summary_bg_mad": 9.977202464193333,
  "summary_bg_mean": 56.978050231933594,
  "summary_bg_median": 29.19783592224121,
  "summary_bg_n": 64239.0,
  "summary_bg_p05": 21.607418060302734,
  "summary_bg_p95": 183.0421844482421,
  "summary_bg_stdv": 77.12682342529297,
  "summary_fg_k": 1.8321631944282304,
  "summary_fg_mad": 119.07330049089242,
  "summary_fg_mean": 955.69775390625,
  "summary_fg_median": 952.9365844726562,
  "summary_fg_n": 35391.0,
  "summary_fg_p05": 741.8670654296875,
  "summary_fg_p95": 1170.640625,
  "summary_fg_stdv": 134.84068298339844,
  "tsnr": 62.27006139792502
}