{
  "bids_meta": {
    "AcquisitionMatrixPE": 230,
    "BaseResolution": 256,
    "DwellTime": 8.2e-06,
    "EchoTime": 0.00298,
    "FlipAngle": 9,
    "ImagingFrequency": 123.143,
    "InstitutionName": "Virginia_Tech_Carilion_Research_Institute",
    "InversionTime": 0.9,
    "MagneticFieldStrength": 3,
    "Manufacturer": "Siemens",
    "ManufacturersModelName": "TrioTim",
    "Modality": "MR",
    "ParallelReductionFactorInPlane": 2,
    "PartialFourier": 1,
    "PercentPhaseFOV": 93.75,
    "PercentSampling": 96,
    "PhaseEncodingSteps": 230,
    "PhaseResolution": 0.96,
    "PixelBandwidth": 238,
    "ReconMatrixPE": 240,
    "RefLinesPE": 24,
    "RepetitionTime": 2.3,
    "SAR": 0.103976,
    "ShimSetting": [
      5773,
      -10058,
      1620,
      121,
      -144,
      -489,
      193,
      -298
    ],
    "SliceThickness": 1,
    "SoftwareVersions": "syngo_MR_B17",
    "TxRefAmp": 322.857,
    "dataset": "ds004128",
    "modality": "T1w",
    "subject_id": "XMPFLT"
  },
  "cjv": 0.38967367871581593,
  "cnr": 3.5166316522820322,
  "efc": 0.6683898904980052,
  "fber": 9177.196999565638,
  "fwhm_avg": 3.49893,
  "fwhm_x": 3.58499,
  "fwhm_y": 3.55267,
  "fwhm_z": 3.35913,
  "icvs_csf": 0.2104425136484233,
  "icvs_gm": 0.4520354351666796,
  "icvs_wm": 0.3375220511848971,
  "inu_med": 0.6823511719703674,
  "inu_range": 0.34907050728797917,
  "provenance": {
    "md5sum": "66ad7e78bc96bd1176db5721f4d9ede1",
    "settings": {
      "testing": false
    },
    "software": "mriqc",
    "version": "23.0.0",
    "warnings": {
      "large_rot_frame": false,
      "small_air_mask": false
    },
    "webapi_port": null,
    "webapi_url": "https://mriqc.nimh.nih.gov/api/v1"
  },
  "qi_1": 0.0,
  "qi_2": 0.0037161899007059555,
  "rpve_csf": 10.173083621953952,
  "rpve_gm": 4.846392380976953,
  "rpve_wm": 7.163719030253706,
  "size_x": 160,
  "size_y": 189,
  "size_z": 154,
  "snr_csf": 2.158378786747001,
  "snr_gm": 10.21634278006136,
  "snr_total": 9.799155183209333,
  "snr_wm": 17.022743982819637,
  "snrd_csf": 10.758472199851774,
  "snrd_gm": 31.309862363450414,
  "snrd_total": 29.302870224988464,
  "snrd_wm": 45.84027611166321,
  "spacing_x": 1.0,
  "spacing_y": 1.0,
  "spacing_z": 1.0,
  "summary_bg_k": 8.133122884949207,
  "summary_bg_mad": 0.0,
  "summary_bg_mean": 8.682181031580145,
  "summary_bg_median": 0.0,
  "summary_bg_n": 1006227.0,
  "summary_bg_p05": 0.0,
  "summary_bg_p95": 38.232650458812714,
  "summary_bg_stdv": 14.292332348301125,
  "summary_csf_k": 1.1793898324787122,
  "summary_csf_mad": 99.87903560471659,
  "summary_csf_mean": 244.65871705640524,
  "summary_csf_median": 234.70480382442474,
  "summary_csf_n": 41686.0,
  "summary_csf_p05": 82.39500090479851,
  "summary_csf_p95": 441.8803867697716,
  "summary_csf_stdv": 108.73994411789822,
  "summary_gm_k": 0.11021305784272473,
  "summary_gm_mad": 66.20516945390493,
  "summary_gm_mean": 682.0267865619767,
  "summary_gm_median": 683.0500620603561,
  "summary_gm_n": 25102.0,
  "summary_gm_p05": 568.9129703938961,
  "summary_gm_p95": 789.1852697730064,
  "summary_gm_stdv": 66.85723757889714,
  "summary_wm_k": 0.25071675294822393,
  "summary_wm_mad": 57.31856952720628,
  "summary_wm_mean": 1001.1963320586967,
  "summary_wm_median": 1000.042832493782,
  "summary_wm_n": 170279.0,
  "summary_wm_p05": 906.8373677134514,
  "summary_wm_p95": 1099.4991001486778,
  "summary_wm_stdv": 58.747279346714535,
  "tpm_overlap_csf": 0.17767080968993623,
  "tpm_overlap_gm": 0.4731546774334677,
  "tpm_overlap_wm": 0.49736284991466645,
  "wm2max": 0.4297143400428937
}