{
  "aor": 0.001308010118043845,
  "aqi": 0.01206026836424958,
  "bids_meta": {
    "AcquisitionMatrixPE": 64,
    "BandwidthPerPixelPhaseEncode": 30.637,
    "BaseResolution": 64,
    "DerivedVendorReportedEchoSpacing": 0.000510004,
    "DwellTime": 3.5e-06,
    "EchoTime": 0.03,
    "EffectiveEchoSpacing": 0.000510004,
    "FlipAngle": 78,
    "ImagingFrequency": 123.143,
    "InstitutionName": "Virginia_Tech_Carilion_Research_Institute",
    "MagneticFieldStrength": 3,
    "Manufacturer": "Siemens",
    "ManufacturersModelName": "TrioTim",
    "Modality": "MR",
    "PartialFourier": 1,
    "PercentPhaseFOV": 100,
    "PercentSampling": 100,
    "PhaseEncodingDirection": "j-",
    "PhaseEncodingSteps": 64,
    "PhaseResolution": 1,
    "PixelBandwidth": 2232,
    "ReceiveCoilName": "HeadMatrix",
    "ReconMatrixPE": 64,
    "RepetitionTime": 2,
    "SAR": 0.149361,
    "ShimSetting": [
      5774,
      -10010,
      1683,
      307,
      -116,
      -314,
      244,
      -382
    ],
    "SliceThickness": 3,
    "SliceTiming": [
      1.945,
      1.8825,
      1.82,
      1.7575,
      1.695,
      1.6325,
      1.5675,
      1.505,
      1.4425,
      1.38,
      1.3175,
      1.255,
      1.1925,
      1.13,
      1.0675,
      1.005,
      0.9425,
      0.8775,
      0.815,
      0.7525,
      0.69,
      0.6275,
      0.565,
      0.5025,
      0.44,
      0.3775,
      0.315,
      0.2525,
      0.1875,
      0.125,
      0.0625,
      0
    ],
    "SoftwareVersions": "syngo_MR_B17",
    "SpacingBetweenSlices": 3.15,
    "TaskName": "DG",
    "TotalReadoutTime": 0.0321303,
    "TxRefAmp": 322.857,
    "dataset": "ds004128",
    "modality": "bold",
    "run_id": 1,
    "subject_id": "FPEVMB",
    "task_id": "DG"
  },
  "dummy_trs": 0,
  "dvars_nstd": 22.233349129898652,
  "dvars_std": 1.0939778060472973,
  "dvars_vstd": 0.9768326343749995,
  "efc": 0.6006939694263914,
  "fber": 831.6414794921875,
  "fd_mean": 0.22196888361274358,
  "fd_num": 344,
  "fd_perc": 58.010118043844855,
  "fwhm_avg": 1.9491271759532927,
  "fwhm_x": 1.8771433333333334,
  "fwhm_y": 2.0068699999999997,
  "fwhm_z": 1.9633681945265453,
  "gcor": 0.0292314,
  "gsr_x": -0.02041500434279442,
  "gsr_y": 0.023316726088523865,
  "provenance": {
    "md5sum": "322a0ee880b9cd81da8d6bed2dbca5fc",
    "settings": {
      "fd_thres": 0.2,
      "testing": false
    },
    "software": "mriqc",
    "version": "23.0.0",
    "webapi_port": null,
    "webapi_url": "https://mriqc.nimh.nih.gov/api/v1"
  },
  "size_t": 593,
  "size_x": 64,
  "size_y": 64,
  "size_z": 32,
  "snr": 6.861954406009631,
  "spacing_tr": 2.0,
  "spacing_x": 3.0,
  "spacing_y": 3.0,
  "spacing_z": 3.1500000953674316,
  "summary_bg_k": 15.170598670310131,
  "summary_bg_mad": 12.330849887539001,
  "summary_bg_mean": 60.507816314697266,
  "summary_bg_median": 29.70657730102539,
  "summary_bg_n": 68398.0,
  "summary_bg_p05": 19.153204727172852,
  "summary_bg_p95": 235.99367828369085,
  "summary_bg_stdv": 81.8213882446289,
  "summary_fg_k": 1.8567927121385628,
  "summary_fg_mad": 112.55026698741486,
  "summary_fg_mean": 901.6359252929688,
  "summary_fg_median": 897.273193359375,
  "summary_fg_n": 31763.0,
  "summary_fg_p05": 698.0381164550781,
  "summary_fg_p95": 1117.4582275390626,
  "summary_fg_stdv": 130.75852966308594,
  "tsnr": 58.743042432004586
}