{
  "aor": 0.0014116299559471365,
  "aqi": 0.012377422863436124,
  "bids_meta": {
    "AcquisitionMatrixPE": 64,
    "BandwidthPerPixelPhaseEncode": 30.637,
    "BaseResolution": 64,
    "DerivedVendorReportedEchoSpacing": 0.000510004,
    "DwellTime": 3.5e-06,
    "EchoTime": 0.03,
    "EffectiveEchoSpacing": 0.000510004,
    "FlipAngle": 78,
    "ImagingFrequency": 123.143,
    "InstitutionName": "Virginia_Tech_Carilion_Research_Institute",
    "MagneticFieldStrength": 3,
    "Manufacturer": "Siemens",
    "ManufacturersModelName": "TrioTim",
    "Modality": "MR",
    "PartialFourier": 1,
    "PercentPhaseFOV": 100,
    "PercentSampling": 100,
    "PhaseEncodingDirection": "j-",
    "PhaseEncodingSteps": 64,
    "PhaseResolution": 1,
    "PixelBandwidth": 2232,
    "ReceiveCoilName": "HeadMatrix",
    "ReconMatrixPE": 64,
    "RepetitionTime": 2,
    "SAR": 0.149361,
    "ShimSetting": [
      5774,
      -10010,
      1683,
      307,
      -116,
      -314,
      244,
      -382
    ],
    "SliceThickness": 3,
    "SliceTiming": [
      1.945,
      1.8825,
      1.82,
      1.7575,
      1.695,
      1.6325,
      1.5675,
      1.505,
      1.4425,
      1.38,
      1.3175,
      1.255,
      1.1925,
      1.13,
      1.0675,
      1.005,
      0.9425,
      0.8775,
      0.815,
      0.7525,
      0.69,
      0.6275,
      0.565,
      0.5025,
      0.44,
      0.3775,
      0.315,
      0.2525,
      0.1875,
      0.125,
      0.0625,
      0
    ],
    "SoftwareVersions": "syngo_MR_B17",
    "SpacingBetweenSlices": 3.15,
    "TaskName": "DG",
    "TotalReadoutTime": 0.0321303,
    "TxRefAmp": 322.857,
    "dataset": "ds004128",
    "modality": "bold",
    "run_id": 1,
    "subject_id": "BVQQZV",
    "task_id": "DG"
  },
  "dummy_trs": 0,
  "dvars_nstd": 24.791073280264712,
  "dvars_std": 1.1774349673529425,
  "dvars_vstd": 0.9881323835000004,
  "efc": 0.5989007212184514,
  "fber": 907.25048828125,
  "fd_mean": 0.26085270930313753,
  "fd_num": 441,
  "fd_perc": 64.75770925110132,
  "fwhm_avg": 1.8258031033185327,
  "fwhm_x": 1.7925833333333332,
  "fwhm_y": 1.8640800000000002,
  "fwhm_z": 1.8207459766222645,
  "gcor": 0.106343,
  "gsr_x": -0.00883554294705391,
  "gsr_y": 0.02604898437857628,
  "provenance": {
    "md5sum": "533c2822b916a99633dcdc3af151e1d0",
    "settings": {
      "fd_thres": 0.2,
      "testing": false
    },
    "software": "mriqc",
    "version": "23.0.0",
    "webapi_port": null,
    "webapi_url": "https://mriqc.nimh.nih.gov/api/v1"
  },
  "size_t": 681,
  "size_x": 64,
  "size_y": 64,
  "size_z": 32,
  "snr": 7.233081035263856,
  "spacing_tr": 2.0,
  "spacing_x": 3.0,
  "spacing_y": 3.0,
  "spacing_z": 3.1500000953674316,
  "summary_bg_k": 28.578660229263612,
  "summary_bg_mad": 8.399234192646496,
  "summary_bg_mean": 45.37534713745117,
  "summary_bg_median": 25.157121658325195,
  "summary_bg_n": 67040.0,
  "summary_bg_p05": 18.600587844848633,
  "summary_bg_p95": 132.5086593627929,
  "summary_bg_stdv": 55.64339065551758,
  "summary_fg_k": 2.2873374282214396,
  "summary_fg_mad": 96.43230682179217,
  "summary_fg_mean": 799.4803466796875,
  "summary_fg_median": 795.299560546875,
  "summary_fg_n": 32384.0,
  "summary_fg_p05": 630.0569763183594,
  "summary_fg_p95": 974.8216583251954,
  "summary_fg_stdv": 109.95138549804688,
  "tsnr": 55.84917106607463
}