{
  "aor": 0.0023614223512336725,
  "aqi": 0.012828637039187227,
  "bids_meta": {
    "AcquisitionMatrixPE": 64,
    "BandwidthPerPixelPhaseEncode": 30.637,
    "BaseResolution": 64,
    "DerivedVendorReportedEchoSpacing": 0.000510004,
    "DwellTime": 3.5e-06,
    "EchoTime": 0.03,
    "EffectiveEchoSpacing": 0.000510004,
    "FlipAngle": 78,
    "ImagingFrequency": 123.143,
    "InstitutionName": "Virginia_Tech_Carilion_Research_Institute",
    "MagneticFieldStrength": 3,
    "Manufacturer": "Siemens",
    "ManufacturersModelName": "TrioTim",
    "Modality": "MR",
    "PartialFourier": 1,
    "PercentPhaseFOV": 100,
    "PercentSampling": 100,
    "PhaseEncodingDirection": "j-",
    "PhaseEncodingSteps": 64,
    "PhaseResolution": 1,
    "PixelBandwidth": 2232,
    "ReceiveCoilName": "HeadMatrix",
    "ReconMatrixPE": 64,
    "RepetitionTime": 2,
    "SAR": 0.149361,
    "ShimSetting": [
      5774,
      -10010,
      1683,
      307,
      -116,
      -314,
      244,
      -382
    ],
    "SliceThickness": 3,
    "SliceTiming": [
      1.945,
      1.8825,
      1.82,
      1.7575,
      1.695,
      1.6325,
      1.5675,
      1.505,
      1.4425,
      1.38,
      1.3175,
      1.255,
      1.1925,
      1.13,
      1.0675,
      1.005,
      0.9425,
      0.8775,
      0.815,
      0.7525,
      0.69,
      0.6275,
      0.565,
      0.5025,
      0.44,
      0.3775,
      0.315,
      0.2525,
      0.1875,
      0.125,
      0.0625,
      0
    ],
    "SoftwareVersions": "syngo_MR_B17",
    "SpacingBetweenSlices": 3.15,
    "TaskName": "DG",
    "TotalReadoutTime": 0.0321303,
    "TxRefAmp": 322.857,
    "dataset": "ds004128",
    "modality": "bold",
    "run_id": 2,
    "subject_id": "BVQQZV",
    "task_id": "DG"
  },
  "dummy_trs": 1,
  "dvars_nstd": 22.81004190726743,
  "dvars_std": 1.1222803034738371,
  "dvars_vstd": 1.0082314849273255,
  "efc": 0.5991115502083365,
  "fber": 890.7232666015625,
  "fd_mean": 0.2962158415073636,
  "fd_num": 477,
  "fd_perc": 69.23076923076923,
  "fwhm_avg": 1.7949820985469822,
  "fwhm_x": 1.77259,
  "fwhm_y": 1.8430833333333334,
  "fwhm_z": 1.7692729623076133,
  "gcor": 0.108826,
  "gsr_x": -0.007843418046832085,
  "gsr_y": 0.025795966386795044,
  "provenance": {
    "md5sum": "91a859687547034827ca5be29d50e32a",
    "settings": {
      "fd_thres": 0.2,
      "testing": false
    },
    "software": "mriqc",
    "version": "23.0.0",
    "webapi_port": null,
    "webapi_url": "https://mriqc.nimh.nih.gov/api/v1"
  },
  "size_t": 689,
  "size_x": 64,
  "size_y": 64,
  "size_z": 32,
  "snr": 7.396642971726912,
  "spacing_tr": 2.0,
  "spacing_x": 3.0,
  "spacing_y": 3.0,
  "spacing_z": 3.1500000953674316,
  "summary_bg_k": 28.199135637548547,
  "summary_bg_mad": 9.347493549968204,
  "summary_bg_mean": 45.6702880859375,
  "summary_bg_median": 25.579099655151367,
  "summary_bg_n": 66984.0,
  "summary_bg_p05": 17.724455165863038,
  "summary_bg_p95": 133.38098678588864,
  "summary_bg_stdv": 55.702247619628906,
  "summary_fg_k": 2.3217543521442856,
  "summary_fg_mad": 96.19268702964112,
  "summary_fg_mean": 803.5706787109375,
  "summary_fg_median": 799.9324951171875,
  "summary_fg_n": 32382.0,
  "summary_fg_p05": 639.1677886962891,
  "summary_fg_p95": 975.1574890136717,
  "summary_fg_stdv": 108.14637756347656,
  "tsnr": 51.69105270237196
}