{
  "aor": 0.00044598200899550225,
  "aqi": 0.01059038899550225,
  "bids_meta": {
    "AcquisitionMatrixPE": 64,
    "BandwidthPerPixelPhaseEncode": 30.637,
    "BaseResolution": 64,
    "DerivedVendorReportedEchoSpacing": 0.000510004,
    "DwellTime": 3.5e-06,
    "EchoTime": 0.03,
    "EffectiveEchoSpacing": 0.000510004,
    "FlipAngle": 78,
    "ImagingFrequency": 123.143,
    "InstitutionName": "Virginia_Tech_Carilion_Research_Institute",
    "MagneticFieldStrength": 3,
    "Manufacturer": "Siemens",
    "ManufacturersModelName": "TrioTim",
    "Modality": "MR",
    "PartialFourier": 1,
    "PercentPhaseFOV": 100,
    "PercentSampling": 100,
    "PhaseEncodingDirection": "j-",
    "PhaseEncodingSteps": 64,
    "PhaseResolution": 1,
    "PixelBandwidth": 2232,
    "ReceiveCoilName": "HeadMatrix",
    "ReconMatrixPE": 64,
    "RepetitionTime": 2,
    "SAR": 0.149361,
    "ShimSetting": [
      5774,
      -10010,
      1683,
      307,
      -116,
      -314,
      244,
      -382
    ],
    "SliceThickness": 3,
    "SliceTiming": [
      1.945,
      1.8825,
      1.82,
      1.7575,
      1.695,
      1.6325,
      1.5675,
      1.505,
      1.4425,
      1.38,
      1.3175,
      1.255,
      1.1925,
      1.13,
      1.0675,
      1.005,
      0.9425,
      0.8775,
      0.815,
      0.7525,
      0.69,
      0.6275,
      0.565,
      0.5025,
      0.44,
      0.3775,
      0.315,
      0.2525,
      0.1875,
      0.125,
      0.0625,
      0
    ],
    "SoftwareVersions": "syngo_MR_B17",
    "SpacingBetweenSlices": 3.15,
    "TaskName": "DG",
    "TotalReadoutTime": 0.0321303,
    "TxRefAmp": 322.857,
    "dataset": "ds004128",
    "modality": "bold",
    "run_id": 2,
    "subject_id": "FPEVMB",
    "task_id": "DG"
  },
  "dummy_trs": 2,
  "dvars_nstd": 20.715017515120117,
  "dvars_std": 1.0636792329579576,
  "dvars_vstd": 0.9658477410660653,
  "efc": 0.6030510306659134,
  "fber": 815.2284545898438,
  "fd_mean": 0.18439344381278122,
  "fd_num": 271,
  "fd_perc": 40.62968515742129,
  "fwhm_avg": 1.9339449537425082,
  "fwhm_x": 1.8534,
  "fwhm_y": 1.9862,
  "fwhm_z": 1.9622348612275242,
  "gcor": 0.0221541,
  "gsr_x": -0.01957462728023529,
  "gsr_y": 0.024411823600530624,
  "provenance": {
    "md5sum": "44205cc42f0d4a8df0c35b1a5f8ab660",
    "settings": {
      "fd_thres": 0.2,
      "testing": false
    },
    "software": "mriqc",
    "version": "23.0.0",
    "webapi_port": null,
    "webapi_url": "https://mriqc.nimh.nih.gov/api/v1"
  },
  "size_t": 667,
  "size_x": 64,
  "size_y": 64,
  "size_z": 32,
  "snr": 6.9319786654535855,
  "spacing_tr": 2.0,
  "spacing_x": 3.0,
  "spacing_y": 3.0,
  "spacing_z": 3.1500000953674316,
  "summary_bg_k": 14.152750194991995,
  "summary_bg_mad": 12.225357341912643,
  "summary_bg_mean": 60.07527542114258,
  "summary_bg_median": 29.782609939575195,
  "summary_bg_n": 67971.0,
  "summary_bg_p05": 19.52923583984375,
  "summary_bg_p95": 233.40330505371094,
  "summary_bg_stdv": 79.70970916748047,
  "summary_fg_k": 2.0490638487871973,
  "summary_fg_mad": 110.80397440851343,
  "summary_fg_mean": 898.9909057617188,
  "summary_fg_median": 894.3748168945312,
  "summary_fg_n": 32017.0,
  "summary_fg_p05": 698.1199584960938,
  "summary_fg_p95": 1108.9838134765623,
  "summary_fg_stdv": 129.01956176757812,
  "tsnr": 60.53789621964097
}