{
  "aor": 0.0009711915535444948,
  "aqi": 0.010414606847662142,
  "bids_meta": {
    "AcquisitionMatrixPE": 64,
    "BandwidthPerPixelPhaseEncode": 30.637,
    "BaseResolution": 64,
    "DerivedVendorReportedEchoSpacing": 0.000510004,
    "DwellTime": 3.5e-06,
    "EchoTime": 0.03,
    "EffectiveEchoSpacing": 0.000510004,
    "FlipAngle": 78,
    "ImagingFrequency": 123.143,
    "InstitutionName": "Virginia_Tech_Carilion_Research_Institute",
    "MagneticFieldStrength": 3,
    "Manufacturer": "Siemens",
    "ManufacturersModelName": "TrioTim",
    "Modality": "MR",
    "PartialFourier": 1,
    "PercentPhaseFOV": 100,
    "PercentSampling": 100,
    "PhaseEncodingDirection": "j-",
    "PhaseEncodingSteps": 64,
    "PhaseResolution": 1,
    "PixelBandwidth": 2232,
    "ReceiveCoilName": "HeadMatrix",
    "ReconMatrixPE": 64,
    "RepetitionTime": 2,
    "SAR": 0.149361,
    "ShimSetting": [
      5774,
      -10010,
      1683,
      307,
      -116,
      -314,
      244,
      -382
    ],
    "SliceThickness": 3,
    "SliceTiming": [
      1.945,
      1.8825,
      1.82,
      1.7575,
      1.695,
      1.6325,
      1.5675,
      1.505,
      1.4425,
      1.38,
      1.3175,
      1.255,
      1.1925,
      1.13,
      1.0675,
      1.005,
      0.9425,
      0.8775,
      0.815,
      0.7525,
      0.69,
      0.6275,
      0.565,
      0.5025,
      0.44,
      0.3775,
      0.315,
      0.2525,
      0.1875,
      0.125,
      0.0625,
      0
    ],
    "SoftwareVersions": "syngo_MR_B17",
    "SpacingBetweenSlices": 3.15,
    "TaskName": "DG",
    "TotalReadoutTime": 0.0321303,
    "TxRefAmp": 322.857,
    "dataset": "ds004128",
    "modality": "bold",
    "run_id": 1,
    "subject_id": "CTOBJA",
    "task_id": "DG"
  },
  "dummy_trs": 1,
  "dvars_nstd": 24.984356295256802,
  "dvars_std": 1.1961664043202411,
  "dvars_vstd": 0.982558690120847,
  "efc": 0.5905803585663313,
  "fber": 906.2589111328125,
  "fd_mean": 0.14044893724007673,
  "fd_num": 81,
  "fd_perc": 12.217194570135746,
  "fwhm_avg": 1.8465155364995622,
  "fwhm_x": 1.76115,
  "fwhm_y": 1.89013,
  "fwhm_z": 1.8882666094986866,
  "gcor": 0.102973,
  "gsr_x": -0.012633319944143295,
  "gsr_y": 0.027516325935721397,
  "provenance": {
    "md5sum": "5977f60a69677728d6ae44c0174b9977",
    "settings": {
      "fd_thres": 0.2,
      "testing": false
    },
    "software": "mriqc",
    "version": "23.0.0",
    "webapi_port": null,
    "webapi_url": "https://mriqc.nimh.nih.gov/api/v1"
  },
  "size_t": 663,
  "size_x": 64,
  "size_y": 64,
  "size_z": 32,
  "snr": 6.724727413783863,
  "spacing_tr": 2.0,
  "spacing_x": 3.0,
  "spacing_y": 3.0,
  "spacing_z": 3.1500000953674316,
  "summary_bg_k": 16.76693002430354,
  "summary_bg_mad": 9.327200975047557,
  "summary_bg_mean": 54.70806884765625,
  "summary_bg_median": 26.441177368164062,
  "summary_bg_n": 69940.0,
  "summary_bg_p05": 19.53997039794922,
  "summary_bg_p95": 202.79449691772467,
  "summary_bg_stdv": 75.64671325683594,
  "summary_fg_k": 2.108676743537089,
  "summary_fg_mad": 105.66612971483656,
  "summary_fg_mean": 847.1515502929688,
  "summary_fg_median": 840.4306640625,
  "summary_fg_n": 30526.0,
  "summary_fg_p05": 661.4441833496094,
  "summary_fg_p95": 1052.9683532714844,
  "summary_fg_stdv": 124.97412109375,
  "tsnr": 58.38921076722909
}