{
  "aor": 0.0011340683229813665,
  "aqi": 0.007261127251552794,
  "bids_meta": {
    "AcquisitionMatrixPE": 64,
    "BandwidthPerPixelPhaseEncode": 30.637,
    "BaseResolution": 64,
    "DerivedVendorReportedEchoSpacing": 0.000510004,
    "DwellTime": 3.5e-06,
    "EchoTime": 0.03,
    "EffectiveEchoSpacing": 0.000510004,
    "FlipAngle": 78,
    "ImagingFrequency": 123.143,
    "InstitutionName": "Virginia_Tech_Carilion_Research_Institute",
    "MagneticFieldStrength": 3,
    "Manufacturer": "Siemens",
    "ManufacturersModelName": "TrioTim",
    "Modality": "MR",
    "PartialFourier": 1,
    "PercentPhaseFOV": 100,
    "PercentSampling": 100,
    "PhaseEncodingDirection": "j-",
    "PhaseEncodingSteps": 64,
    "PhaseResolution": 1,
    "PixelBandwidth": 2232,
    "ReceiveCoilName": "HeadMatrix",
    "ReconMatrixPE": 64,
    "RepetitionTime": 2,
    "SAR": 0.149361,
    "ShimSetting": [
      5774,
      -10010,
      1683,
      307,
      -116,
      -314,
      244,
      -382
    ],
    "SliceThickness": 3,
    "SliceTiming": [
      1.945,
      1.8825,
      1.82,
      1.7575,
      1.695,
      1.6325,
      1.5675,
      1.505,
      1.4425,
      1.38,
      1.3175,
      1.255,
      1.1925,
      1.13,
      1.0675,
      1.005,
      0.9425,
      0.8775,
      0.815,
      0.7525,
      0.69,
      0.6275,
      0.565,
      0.5025,
      0.44,
      0.3775,
      0.315,
      0.2525,
      0.1875,
      0.125,
      0.0625,
      0
    ],
    "SoftwareVersions": "syngo_MR_B17",
    "SpacingBetweenSlices": 3.15,
    "TaskName": "DG",
    "TotalReadoutTime": 0.0321303,
    "TxRefAmp": 322.857,
    "dataset": "ds004128",
    "modality": "bold",
    "run_id": 2,
    "subject_id": "AZGVME",
    "task_id": "DG"
  },
  "dummy_trs": 0,
  "dvars_nstd": 21.926156060295487,
  "dvars_std": 1.0928790086469675,
  "dvars_vstd": 1.0034217072628309,
  "efc": 0.6216720834310616,
  "fber": 683.0010986328125,
  "fd_mean": 0.12959084047097585,
  "fd_num": 70,
  "fd_perc": 10.869565217391305,
  "fwhm_avg": 1.881390662909644,
  "fwhm_x": 1.8421866666666666,
  "fwhm_y": 1.9530233333333333,
  "fwhm_z": 1.8489619887289315,
  "gcor": 0.161462,
  "gsr_x": -0.01046913955360651,
  "gsr_y": 0.03495953232049942,
  "provenance": {
    "md5sum": "a44824e5abe98bf89e521c786071fbf5",
    "settings": {
      "fd_thres": 0.2,
      "testing": false
    },
    "software": "mriqc",
    "version": "23.0.0",
    "webapi_port": null,
    "webapi_url": "https://mriqc.nimh.nih.gov/api/v1"
  },
  "size_t": 644,
  "size_x": 64,
  "size_y": 64,
  "size_z": 32,
  "snr": 6.514612454262264,
  "spacing_tr": 2.0,
  "spacing_x": 3.0,
  "spacing_y": 3.0,
  "spacing_z": 3.1499998569488525,
  "summary_bg_k": 10.916940760050162,
  "summary_bg_mad": 13.07176216888606,
  "summary_bg_mean": 72.20325469970703,
  "summary_bg_median": 33.383541107177734,
  "summary_bg_n": 66176.0,
  "summary_bg_p05": 24.026397705078125,
  "summary_bg_p95": 266.34899139404297,
  "summary_bg_stdv": 88.37132263183594,
  "summary_fg_k": 1.9696878088130552,
  "summary_fg_mad": 123.67408194196487,
  "summary_fg_mean": 935.5277099609375,
  "summary_fg_median": 927.50927734375,
  "summary_fg_n": 33378.0,
  "summary_fg_p05": 720.541650390625,
  "summary_fg_p95": 1169.0905456542969,
  "summary_fg_stdv": 142.3715362548828,
  "tsnr": 57.80316312471405
}