{
  "aor": 0.0012955758426966293,
  "aqi": 0.008998244367977528,
  "bids_meta": {
    "AcquisitionMatrixPE": 64,
    "BandwidthPerPixelPhaseEncode": 30.637,
    "BaseResolution": 64,
    "DerivedVendorReportedEchoSpacing": 0.000510004,
    "DwellTime": 3.5e-06,
    "EchoTime": 0.03,
    "EffectiveEchoSpacing": 0.000510004,
    "FlipAngle": 78,
    "ImagingFrequency": 123.143,
    "InstitutionName": "Virginia_Tech_Carilion_Research_Institute",
    "MagneticFieldStrength": 3,
    "Manufacturer": "Siemens",
    "ManufacturersModelName": "TrioTim",
    "Modality": "MR",
    "PartialFourier": 1,
    "PercentPhaseFOV": 100,
    "PercentSampling": 100,
    "PhaseEncodingDirection": "j-",
    "PhaseEncodingSteps": 64,
    "PhaseResolution": 1,
    "PixelBandwidth": 2232,
    "ReceiveCoilName": "HeadMatrix",
    "ReconMatrixPE": 64,
    "RepetitionTime": 2,
    "SAR": 0.149361,
    "ShimSetting": [
      5774,
      -10010,
      1683,
      307,
      -116,
      -314,
      244,
      -382
    ],
    "SliceThickness": 3,
    "SliceTiming": [
      1.945,
      1.8825,
      1.82,
      1.7575,
      1.695,
      1.6325,
      1.5675,
      1.505,
      1.4425,
      1.38,
      1.3175,
      1.255,
      1.1925,
      1.13,
      1.0675,
      1.005,
      0.9425,
      0.8775,
      0.815,
      0.7525,
      0.69,
      0.6275,
      0.565,
      0.5025,
      0.44,
      0.3775,
      0.315,
      0.2525,
      0.1875,
      0.125,
      0.0625,
      0
    ],
    "SoftwareVersions": "syngo_MR_B17",
    "SpacingBetweenSlices": 3.15,
    "TaskName": "DG",
    "TotalReadoutTime": 0.0321303,
    "TxRefAmp": 322.857,
    "dataset": "ds004128",
    "modality": "bold",
    "run_id": 2,
    "subject_id": "PGZSVR",
    "task_id": "DG"
  },
  "dummy_trs": 2,
  "dvars_nstd": 24.727013948790457,
  "dvars_std": 1.225358676962025,
  "dvars_vstd": 1.0023726888185651,
  "efc": 0.5864060704688254,
  "fber": 992.012451171875,
  "fd_mean": 0.1972377251401817,
  "fd_num": 276,
  "fd_perc": 38.764044943820224,
  "fwhm_avg": 1.9420370174706232,
  "fwhm_x": 1.8570566666666668,
  "fwhm_y": 2.03021,
  "fwhm_z": 1.9388443857452033,
  "gcor": 0.112031,
  "gsr_x": -0.01469020638614893,
  "gsr_y": 0.029540643095970154,
  "provenance": {
    "md5sum": "15765f93daa1e6ab6a44177cf486a1d9",
    "settings": {
      "fd_thres": 0.2,
      "testing": false
    },
    "software": "mriqc",
    "version": "23.0.0",
    "webapi_port": null,
    "webapi_url": "https://mriqc.nimh.nih.gov/api/v1"
  },
  "size_t": 712,
  "size_x": 64,
  "size_y": 64,
  "size_z": 32,
  "snr": 7.365173752631963,
  "spacing_tr": 2.0,
  "spacing_x": 3.0,
  "spacing_y": 3.0,
  "spacing_z": 3.1500000953674316,
  "summary_bg_k": 19.793198630753395,
  "summary_bg_mad": 10.379257588326597,
  "summary_bg_mean": 57.90993118286133,
  "summary_bg_median": 29.941011428833008,
  "summary_bg_n": 69894.0,
  "summary_bg_p05": 22.411516189575195,
  "summary_bg_p95": 193.46018676757788,
  "summary_bg_stdv": 72.77879333496094,
  "summary_fg_k": 2.018818954594992,
  "summary_fg_mad": 119.93468296879493,
  "summary_fg_mean": 994.4065551757812,
  "summary_fg_median": 998.677001953125,
  "summary_fg_n": 30287.0,
  "summary_fg_p05": 767.455078125,
  "summary_fg_p95": 1203.5725952148437,
  "summary_fg_stdv": 135.59225463867188,
  "tsnr": 63.59640391950961
}