{
  "aor": 0.0006898045112781955,
  "aqi": 0.013455360045112781,
  "bids_meta": {
    "AcquisitionMatrixPE": 64,
    "BandwidthPerPixelPhaseEncode": 30.637,
    "BaseResolution": 64,
    "DerivedVendorReportedEchoSpacing": 0.000510004,
    "DwellTime": 3.5e-06,
    "EchoTime": 0.03,
    "EffectiveEchoSpacing": 0.000510004,
    "FlipAngle": 78,
    "ImagingFrequency": 123.143,
    "InstitutionName": "Virginia_Tech_Carilion_Research_Institute",
    "MagneticFieldStrength": 3,
    "Manufacturer": "Siemens",
    "ManufacturersModelName": "TrioTim",
    "Modality": "MR",
    "PartialFourier": 1,
    "PercentPhaseFOV": 100,
    "PercentSampling": 100,
    "PhaseEncodingDirection": "j-",
    "PhaseEncodingSteps": 64,
    "PhaseResolution": 1,
    "PixelBandwidth": 2232,
    "ReceiveCoilName": "HeadMatrix",
    "ReconMatrixPE": 64,
    "RepetitionTime": 2,
    "SAR": 0.149361,
    "ShimSetting": [
      5774,
      -10010,
      1683,
      307,
      -116,
      -314,
      244,
      -382
    ],
    "SliceThickness": 3,
    "SliceTiming": [
      1.945,
      1.8825,
      1.82,
      1.7575,
      1.695,
      1.6325,
      1.5675,
      1.505,
      1.4425,
      1.38,
      1.3175,
      1.255,
      1.1925,
      1.13,
      1.0675,
      1.005,
      0.9425,
      0.8775,
      0.815,
      0.7525,
      0.69,
      0.6275,
      0.565,
      0.5025,
      0.44,
      0.3775,
      0.315,
      0.2525,
      0.1875,
      0.125,
      0.0625,
      0
    ],
    "SoftwareVersions": "syngo_MR_B17",
    "SpacingBetweenSlices": 3.15,
    "TaskName": "DG",
    "TotalReadoutTime": 0.0321303,
    "TxRefAmp": 322.857,
    "dataset": "ds004128",
    "modality": "bold",
    "run_id": 1,
    "subject_id": "PGZSVR",
    "task_id": "DG"
  },
  "dummy_trs": 0,
  "dvars_nstd": 24.038061940617457,
  "dvars_std": 1.1441515817018078,
  "dvars_vstd": 0.9540734809186748,
  "efc": 0.5853868919995354,
  "fber": 990.9981689453125,
  "fd_mean": 0.18880952117501826,
  "fd_num": 203,
  "fd_perc": 30.526315789473685,
  "fwhm_avg": 1.9872098210747249,
  "fwhm_x": 1.8964933333333331,
  "fwhm_y": 2.0639933333333333,
  "fwhm_z": 2.0011427965575086,
  "gcor": 0.0358277,
  "gsr_x": -0.01472274586558342,
  "gsr_y": 0.02929617278277874,
  "provenance": {
    "md5sum": "9fd6b80b38094c1af53414afa285aeb8",
    "settings": {
      "fd_thres": 0.2,
      "testing": false
    },
    "software": "mriqc",
    "version": "23.0.0",
    "webapi_port": null,
    "webapi_url": "https://mriqc.nimh.nih.gov/api/v1"
  },
  "size_t": 665,
  "size_x": 64,
  "size_y": 64,
  "size_z": 32,
  "snr": 7.368944776700504,
  "spacing_tr": 2.0,
  "spacing_x": 3.0,
  "spacing_y": 3.0,
  "spacing_z": 3.1500000953674316,
  "summary_bg_k": 20.14211067710909,
  "summary_bg_mad": 10.523130983048617,
  "summary_bg_mean": 57.389591217041016,
  "summary_bg_median": 29.911277770996094,
  "summary_bg_n": 70019.0,
  "summary_bg_p05": 22.22556495666504,
  "summary_bg_p95": 191.4793991088866,
  "summary_bg_stdv": 71.66360473632812,
  "summary_fg_k": 1.791640017070808,
  "summary_fg_mad": 118.91584639786265,
  "summary_fg_mean": 989.9345092773438,
  "summary_fg_median": 994.3638916015625,
  "summary_fg_n": 30213.0,
  "summary_fg_p05": 763.616552734375,
  "summary_fg_p95": 1198.5864501953124,
  "summary_fg_stdv": 134.93756103515625,
  "tsnr": 54.54795712977648
}