{
  "aor": 0.0009966720257234727,
  "aqi": 0.007213924389067524,
  "bids_meta": {
    "AcquisitionMatrixPE": 64,
    "BandwidthPerPixelPhaseEncode": 30.637,
    "BaseResolution": 64,
    "DerivedVendorReportedEchoSpacing": 0.000510004,
    "DwellTime": 3.5e-06,
    "EchoTime": 0.03,
    "EffectiveEchoSpacing": 0.000510004,
    "FlipAngle": 78,
    "ImagingFrequency": 123.143,
    "InstitutionName": "Virginia_Tech_Carilion_Research_Institute",
    "MagneticFieldStrength": 3,
    "Manufacturer": "Siemens",
    "ManufacturersModelName": "TrioTim",
    "Modality": "MR",
    "PartialFourier": 1,
    "PercentPhaseFOV": 100,
    "PercentSampling": 100,
    "PhaseEncodingDirection": "j-",
    "PhaseEncodingSteps": 64,
    "PhaseResolution": 1,
    "PixelBandwidth": 2232,
    "ReceiveCoilName": "HeadMatrix",
    "ReconMatrixPE": 64,
    "RepetitionTime": 2,
    "SAR": 0.149361,
    "ShimSetting": [
      5774,
      -10010,
      1683,
      307,
      -116,
      -314,
      244,
      -382
    ],
    "SliceThickness": 3,
    "SliceTiming": [
      1.945,
      1.8825,
      1.82,
      1.7575,
      1.695,
      1.6325,
      1.5675,
      1.505,
      1.4425,
      1.38,
      1.3175,
      1.255,
      1.1925,
      1.13,
      1.0675,
      1.005,
      0.9425,
      0.8775,
      0.815,
      0.7525,
      0.69,
      0.6275,
      0.565,
      0.5025,
      0.44,
      0.3775,
      0.315,
      0.2525,
      0.1875,
      0.125,
      0.0625,
      0
    ],
    "SoftwareVersions": "syngo_MR_B17",
    "SpacingBetweenSlices": 3.15,
    "TaskName": "DG",
    "TotalReadoutTime": 0.0321303,
    "TxRefAmp": 322.857,
    "dataset": "ds004128",
    "modality": "bold",
    "run_id": 1,
    "subject_id": "AZGVME",
    "task_id": "DG"
  },
  "dummy_trs": 1,
  "dvars_nstd": 21.996725994557156,
  "dvars_std": 1.099266736811594,
  "dvars_vstd": 0.9972006757165869,
  "efc": 0.619285091800196,
  "fber": 686.6986694335938,
  "fd_mean": 0.11238960286180308,
  "fd_num": 48,
  "fd_perc": 7.717041800643087,
  "fwhm_avg": 1.9114174357202665,
  "fwhm_x": 1.8735600000000001,
  "fwhm_y": 1.9903366666666666,
  "fwhm_z": 1.8703556404941333,
  "gcor": 0.120796,
  "gsr_x": -0.012213543988764286,
  "gsr_y": 0.03538012504577637,
  "provenance": {
    "md5sum": "80cd775eb4026d29a4b82cef447cf61d",
    "settings": {
      "fd_thres": 0.2,
      "testing": false
    },
    "software": "mriqc",
    "version": "23.0.0",
    "webapi_port": null,
    "webapi_url": "https://mriqc.nimh.nih.gov/api/v1"
  },
  "size_t": 622,
  "size_x": 64,
  "size_y": 64,
  "size_z": 32,
  "snr": 6.472785617359072,
  "spacing_tr": 2.0,
  "spacing_x": 3.0,
  "spacing_y": 3.0,
  "spacing_z": 3.1499998569488525,
  "summary_bg_k": 11.37470342712328,
  "summary_bg_mad": 13.290983342142173,
  "summary_bg_mean": 70.55886840820312,
  "summary_bg_median": 33.35369873046875,
  "summary_bg_n": 66432.0,
  "summary_bg_p05": 23.675241470336914,
  "summary_bg_p95": 259.38070068359366,
  "summary_bg_stdv": 86.61046600341797,
  "summary_fg_k": 1.776795080307882,
  "summary_fg_mad": 124.79603284566004,
  "summary_fg_mean": 932.9462280273438,
  "summary_fg_median": 925.4887084960938,
  "summary_fg_n": 33061.0,
  "summary_fg_p05": 714.9356689453125,
  "summary_fg_p95": 1165.86328125,
  "summary_fg_stdv": 142.97935485839844,
  "tsnr": 59.922907678526826
}