{
  "bids_meta": {
    "AcquisitionMatrixPE": 230,
    "BaseResolution": 256,
    "DwellTime": 8.2e-06,
    "EchoTime": 0.00298,
    "FlipAngle": 9,
    "ImagingFrequency": 123.143,
    "InstitutionName": "Virginia_Tech_Carilion_Research_Institute",
    "InversionTime": 0.9,
    "MagneticFieldStrength": 3,
    "Manufacturer": "Siemens",
    "ManufacturersModelName": "TrioTim",
    "Modality": "MR",
    "ParallelReductionFactorInPlane": 2,
    "PartialFourier": 1,
    "PercentPhaseFOV": 93.75,
    "PercentSampling": 96,
    "PhaseEncodingSteps": 230,
    "PhaseResolution": 0.96,
    "PixelBandwidth": 238,
    "ReconMatrixPE": 240,
    "RefLinesPE": 24,
    "RepetitionTime": 2.3,
    "SAR": 0.103976,
    "ShimSetting": [
      5773,
      -10058,
      1620,
      121,
      -144,
      -489,
      193,
      -298
    ],
    "SliceThickness": 1,
    "SoftwareVersions": "syngo_MR_B17",
    "TxRefAmp": 322.857,
    "dataset": "ds004128",
    "modality": "T1w",
    "subject_id": "AZGVME"
  },
  "cjv": 0.4232911351004443,
  "cnr": 3.185216767270884,
  "efc": 0.6855911587514515,
  "fber": 6228.910166891783,
  "fwhm_avg": 3.5267766666666667,
  "fwhm_x": 3.57861,
  "fwhm_y": 3.67642,
  "fwhm_z": 3.3253,
  "icvs_csf": 0.20949636205414654,
  "icvs_gm": 0.424712181997614,
  "icvs_wm": 0.3657914559482394,
  "inu_med": 0.724811851978302,
  "inu_range": 0.3835533738136291,
  "provenance": {
    "md5sum": "d66a11cea2a3ebcba00e46a09a77dbb5",
    "settings": {
      "testing": false
    },
    "software": "mriqc",
    "version": "23.0.0",
    "warnings": {
      "large_rot_frame": false,
      "small_air_mask": false
    },
    "webapi_port": null,
    "webapi_url": "https://mriqc.nimh.nih.gov/api/v1"
  },
  "qi_1": 0.0,
  "qi_2": 0.0035161406870551446,
  "rpve_csf": 11.507700923465519,
  "rpve_gm": 5.779532498287894,
  "rpve_wm": 7.698107180553927,
  "size_x": 160,
  "size_y": 193,
  "size_z": 164,
  "snr_csf": 2.01954872086337,
  "snr_gm": 8.806993463747158,
  "snr_total": 8.896260965774518,
  "snr_wm": 15.862240712713026,
  "snrd_csf": 7.8950806496073165,
  "snrd_gm": 23.94756594952663,
  "snrd_total": 22.393170763075133,
  "snrd_wm": 35.33686569009145,
  "spacing_x": 1.0,
  "spacing_y": 1.0,
  "spacing_z": 1.0,
  "summary_bg_k": 6.664964317153052,
  "summary_bg_mad": 0.0,
  "summary_bg_mean": 11.989130184033733,
  "summary_bg_median": 0.0,
  "summary_bg_n": 1096621.0,
  "summary_bg_p05": 0.0,
  "summary_bg_p95": 51.493675231933594,
  "summary_bg_stdv": 18.53974269383362,
  "summary_csf_k": 1.8702960772696438,
  "summary_csf_mad": 99.81994803479569,
  "summary_csf_mean": 235.44284442013904,
  "summary_csf_median": 223.42334175109863,
  "summary_csf_n": 34537.0,
  "summary_csf_p05": 76.55871505737305,
  "summary_csf_p95": 435.28303413391103,
  "summary_csf_stdv": 110.62872852191636,
  "summary_gm_k": 0.13691857041228017,
  "summary_gm_mad": 75.18084693759928,
  "summary_gm_mean": 676.7805323056912,
  "summary_gm_median": 677.6935472488403,
  "summary_gm_n": 22796.0,
  "summary_gm_p05": 547.3557887077332,
  "summary_gm_p95": 801.6058101654053,
  "summary_gm_stdv": 76.94778990889768,
  "summary_wm_k": 0.27245400910397244,
  "summary_wm_mad": 61.248615682909275,
  "summary_wm_mean": 1001.5828977971945,
  "summary_wm_median": 999.9999961853027,
  "summary_wm_n": 194230.0,
  "summary_wm_p05": 900.7804756164551,
  "summary_wm_p95": 1107.6971340179443,
  "summary_wm_stdv": 63.04263313271469,
  "tpm_overlap_csf": 0.17122074530915815,
  "tpm_overlap_gm": 0.46083654193363516,
  "tpm_overlap_wm": 0.5075151838545287,
  "wm2max": 0.456070060003981
}