{
  "bids_meta": {
    "AcquisitionMatrixPE": 230,
    "BaseResolution": 256,
    "DwellTime": 8.2e-06,
    "EchoTime": 0.00298,
    "FlipAngle": 9,
    "ImagingFrequency": 123.143,
    "InstitutionName": "Virginia_Tech_Carilion_Research_Institute",
    "InversionTime": 0.9,
    "MagneticFieldStrength": 3,
    "Manufacturer": "Siemens",
    "ManufacturersModelName": "TrioTim",
    "Modality": "MR",
    "ParallelReductionFactorInPlane": 2,
    "PartialFourier": 1,
    "PercentPhaseFOV": 93.75,
    "PercentSampling": 96,
    "PhaseEncodingSteps": 230,
    "PhaseResolution": 0.96,
    "PixelBandwidth": 238,
    "ReconMatrixPE": 240,
    "RefLinesPE": 24,
    "RepetitionTime": 2.3,
    "SAR": 0.103976,
    "ShimSetting": [
      5773,
      -10058,
      1620,
      121,
      -144,
      -489,
      193,
      -298
    ],
    "SliceThickness": 1,
    "SoftwareVersions": "syngo_MR_B17",
    "TxRefAmp": 322.857,
    "dataset": "ds004128",
    "modality": "T1w",
    "subject_id": "3E6MS"
  },
  "cjv": 0.4077640381220716,
  "cnr": 3.3489743887138412,
  "efc": 0.5629263961905713,
  "fber": 8134.065592435831,
  "fwhm_avg": 3.67498,
  "fwhm_x": 3.73692,
  "fwhm_y": 3.81666,
  "fwhm_z": 3.47136,
  "icvs_csf": 0.22456398600311514,
  "icvs_gm": 0.4319217772965037,
  "icvs_wm": 0.3435142367003811,
  "inu_med": 0.6588996052742004,
  "inu_range": 0.27764570415019996,
  "provenance": {
    "md5sum": "0141ddbadecfa805c7277441ebdbce7f",
    "settings": {
      "testing": false
    },
    "software": "mriqc",
    "version": "23.0.0",
    "warnings": {
      "large_rot_frame": false,
      "small_air_mask": false
    },
    "webapi_port": null,
    "webapi_url": "https://mriqc.nimh.nih.gov/api/v1"
  },
  "qi_1": 0.0,
  "qi_2": 0.010306529330221489,
  "rpve_csf": 18.487151454876525,
  "rpve_gm": 9.663943477651639,
  "rpve_wm": 13.603099185048393,
  "size_x": 160,
  "size_y": 239,
  "size_z": 200,
  "snr_csf": 1.537326171550928,
  "snr_gm": 9.50746608457607,
  "snr_total": 9.500584537771052,
  "snr_wm": 17.456961357186163,
  "snrd_csf": 7.704130226185849,
  "snrd_gm": 30.240877975510237,
  "snrd_total": 27.31796378370322,
  "snrd_wm": 44.008883149413585,
  "spacing_x": 1.0,
  "spacing_y": 1.0,
  "spacing_z": 1.0,
  "summary_bg_k": 18.13000553586064,
  "summary_bg_mad": 0.0,
  "summary_bg_mean": 9.65588400750693,
  "summary_bg_median": 0.0,
  "summary_bg_n": 1931740.0,
  "summary_bg_p05": 0.0,
  "summary_bg_p95": 39.87365314736962,
  "summary_bg_stdv": 14.887011493142433,
  "summary_csf_k": 1.1548972937487703,
  "summary_csf_mad": 101.59489062469424,
  "summary_csf_mean": 197.75472251740254,
  "summary_csf_median": 175.06503259763122,
  "summary_csf_n": 31935.0,
  "summary_csf_p05": 51.727982461452484,
  "summary_csf_p95": 418.7662603147328,
  "summary_csf_stdv": 113.87452764227363,
  "summary_gm_k": 0.11041890386586983,
  "summary_gm_mad": 71.65084341508398,
  "summary_gm_mean": 686.5092365142905,
  "summary_gm_median": 687.179491147399,
  "summary_gm_n": 19780.0,
  "summary_gm_p05": 565.8862908929586,
  "summary_gm_p95": 804.0914204735309,
  "summary_gm_stdv": 72.276052762276,
  "summary_wm_k": 0.2308499304979632,
  "summary_wm_mad": 55.9212657180394,
  "summary_wm_mean": 1001.1325227868625,
  "summary_wm_median": 1000.0371666811407,
  "summary_wm_n": 156275.0,
  "summary_wm_p05": 909.1044273972511,
  "summary_wm_p95": 1097.027133796364,
  "summary_wm_stdv": 57.28568372280675,
  "tpm_overlap_csf": 0.15095076638690344,
  "tpm_overlap_gm": 0.4817078220119675,
  "tpm_overlap_wm": 0.5181514720367791,
  "wm2max": 0.4868918601074705
}