{
  "aor": 0.002481938911022576,
  "aqi": 0.013924205537848604,
  "bids_meta": {
    "AcquisitionMatrixPE": 64,
    "BandwidthPerPixelPhaseEncode": 30.637,
    "BaseResolution": 64,
    "DerivedVendorReportedEchoSpacing": 0.000510004,
    "DwellTime": 3.5e-06,
    "EchoTime": 0.03,
    "EffectiveEchoSpacing": 0.000510004,
    "FlipAngle": 78,
    "ImagingFrequency": 123.143,
    "InstitutionName": "Virginia_Tech_Carilion_Research_Institute",
    "MagneticFieldStrength": 3,
    "Manufacturer": "Siemens",
    "ManufacturersModelName": "TrioTim",
    "Modality": "MR",
    "PartialFourier": 1,
    "PercentPhaseFOV": 100,
    "PercentSampling": 100,
    "PhaseEncodingDirection": "j-",
    "PhaseEncodingSteps": 64,
    "PhaseResolution": 1,
    "PixelBandwidth": 2232,
    "ReceiveCoilName": "HeadMatrix",
    "ReconMatrixPE": 64,
    "RepetitionTime": 2,
    "SAR": 0.149361,
    "ShimSetting": [
      5774,
      -10010,
      1683,
      307,
      -116,
      -314,
      244,
      -382
    ],
    "SliceThickness": 3,
    "SliceTiming": [
      1.945,
      1.8825,
      1.82,
      1.7575,
      1.695,
      1.6325,
      1.5675,
      1.505,
      1.4425,
      1.38,
      1.3175,
      1.255,
      1.1925,
      1.13,
      1.0675,
      1.005,
      0.9425,
      0.8775,
      0.815,
      0.7525,
      0.69,
      0.6275,
      0.565,
      0.5025,
      0.44,
      0.3775,
      0.315,
      0.2525,
      0.1875,
      0.125,
      0.0625,
      0
    ],
    "SoftwareVersions": "syngo_MR_B17",
    "SpacingBetweenSlices": 3.15,
    "TaskName": "DG",
    "TotalReadoutTime": 0.0321303,
    "TxRefAmp": 322.857,
    "dataset": "ds004128",
    "modality": "bold",
    "run_id": 1,
    "subject_id": "YLXWJX",
    "task_id": "DG"
  },
  "dummy_trs": 0,
  "dvars_nstd": 25.15077319805854,
  "dvars_std": 1.2367637144813828,
  "dvars_vstd": 0.9834558084973407,
  "efc": 0.5878386660453169,
  "fber": 1002.6524658203125,
  "fd_mean": 0.09198372503529938,
  "fd_num": 13,
  "fd_perc": 1.7264276228419655,
  "fwhm_avg": 1.8760955362001723,
  "fwhm_x": 1.78327,
  "fwhm_y": 1.9270833333333333,
  "fwhm_z": 1.9179332752671838,
  "gcor": 0.0749723,
  "gsr_x": -0.01675589010119438,
  "gsr_y": 0.02364140748977661,
  "provenance": {
    "md5sum": "f88d8ed70407d1be3518e45f87028458",
    "settings": {
      "fd_thres": 0.2,
      "testing": false
    },
    "software": "mriqc",
    "version": "23.0.0",
    "webapi_port": null,
    "webapi_url": "https://mriqc.nimh.nih.gov/api/v1"
  },
  "size_t": 753,
  "size_x": 64,
  "size_y": 64,
  "size_z": 32,
  "snr": 7.16022066117487,
  "spacing_tr": 2.0,
  "spacing_x": 3.0,
  "spacing_y": 3.0,
  "spacing_z": 3.1500000953674316,
  "summary_bg_k": 28.33155121502506,
  "summary_bg_mad": 7.9820317472252675,
  "summary_bg_mean": 49.276649475097656,
  "summary_bg_median": 26.156707763671875,
  "summary_bg_n": 69552.0,
  "summary_bg_p05": 20.07569694519043,
  "summary_bg_p95": 157.4129501342773,
  "summary_bg_stdv": 64.69921112060547,
  "summary_fg_k": 1.6511842990188415,
  "summary_fg_mad": 109.92227673297575,
  "summary_fg_mean": 870.131103515625,
  "summary_fg_median": 867.9920654296875,
  "summary_fg_n": 30422.0,
  "summary_fg_p05": 678.907177734375,
  "summary_fg_p95": 1061.1894104003907,
  "summary_fg_stdv": 121.22221374511719,
  "tsnr": 54.07037702942034
}